{
  "aor": 0.0005919572107765451,
  "aqi": 0.006902136133122027,
  "bids_meta": {
    "AcquisitionMatrixPE": 90,
    "AcquisitionNumber": 1,
    "AcquisitionTime": "20:47:44.985000",
    "BandwidthPerPixelPhaseEncode": 22.222,
    "BaseResolution": 90,
    "BodyPartExamined": "HEAD",
    "CoilCombinationMethod": "Sum of Squares",
    "ConsistencyInfo": "N4_VE11C_LATEST_20160120",
    "ConversionSoftware": "dcm2niix",
    "ConversionSoftwareVersion": "v1.0.20220720",
    "DerivedVendorReportedEchoSpacing": 0.000500005,
    "DeviceSerialNumber": "167076",
    "DwellTime": 2.1e-6,
    "EchoTime": 0.03,
    "EchoTrainLength": 90,
    "EffectiveEchoSpacing": 0.000500005,
    "FileSize": 0.5509478868916631,
    "FileSizeUnits": "GB",
    "FlipAngle": 60,
    "ImageOrientationPatientDICOM": [
      0.998128,
      0.0476342,
      0.0383569,
      -0.0435792,
      0.993994,
      -0.100384
    ],
    "ImageOrientationText": "Tra>Cor(-5.7)>Sag(2.5)",
    "ImageType": [
      "ORIGINAL",
      "PRIMARY",
      "M",
      "ND",
      "MOSAIC"
    ],
    "ImagingFrequency": 123.249,
    "InPlanePhaseEncodingDirectionDICOM": "COL",
    "InstitutionAddress": "Tian Sheng 2,Chong Qing//759083/,Chong Qing,CN,400715",
    "InstitutionName": "Chong Qing Southwest Normal University Hospital",
    "InstitutionalDepartmentName": "Department",
    "MRAcquisitionType": "2D",
    "MagneticFieldStrength": 3,
    "Manufacturer": "Siemens",
    "ManufacturersModelName": "Prisma_fit",
    "Modality": "MR",
    "MultibandAccelerationFactor": 6,
    "NonlinearGradientCorrection": false,
    "NumberOfVolumes": 1264,
    "PartialFourier": 1,
    "PatientPosition": "HFS",
    "PercentPhaseFOV": 100,
    "PercentSampling": 100,
    "PhaseEncodingDirection": "j",
    "PhaseEncodingSteps": 90,
    "PhaseResolution": 1,
    "PixelBandwidth": 2645,
    "ProcedureStepDescription": "SWU-fMRI^HeQingHua",
    "ProtocolName": "BOLD_PA_RUN2",
    "PulseSequenceDetails": "%SiemensSeq%\\ep2d_bold",
    "ReceiveCoilActiveElements": "HC1-7",
    "ReceiveCoilName": "HeadNeck_64",
    "ReconMatrixPE": 90,
    "RefLinesPE": 32,
    "RepetitionTime": 0.75,
    "SAR": 0.0720068,
    "ScanOptions": "FS",
    "ScanningSequence": "EP",
    "SequenceName": "*epfid2d1_90",
    "SequenceVariant": "SK",
    "SeriesDescription": "BOLD_PA_RUN2",
    "SeriesNumber": 7,
    "ShimSetting": [
      2942,
      4347,
      -6606,
      517,
      -43,
      -320,
      -18,
      42
    ],
    "SliceThickness": 2.4,
    "SliceTiming": [
      0.5125,
      0,
      0.365,
      0.075,
      0.44,
      0.22,
      0.585,
      0.2925,
      0.6575,
      0.1475,
      0.5125,
      0,
      0.365,
      0.075,
      0.44,
      0.22,
      0.585,
      0.2925,
      0.6575,
      0.1475,
      0.5125,
      0,
      0.365,
      0.075,
      0.44,
      0.22,
      0.585,
      0.2925,
      0.6575,
      0.1475,
      0.5125,
      0,
      0.365,
      0.075,
      0.44,
      0.22,
      0.585,
      0.2925,
      0.6575,
      0.1475,
      0.5125,
      0,
      0.365,
      0.075,
      0.44,
      0.22,
      0.585,
      0.2925,
      0.6575,
      0.1475,
      0.5125,
      0,
      0.365,
      0.075,
      0.44,
      0.22,
      0.585,
      0.2925,
      0.6575,
      0.1475
    ],
    "SoftwareVersions": "syngo MR E11",
    "SpacingBetweenSlices": 2.4,
    "StationName": "MRC35409",
    "TaskName": "run2",
    "TotalReadoutTime": 0.0445004,
    "TxRefAmp": 220.268,
    "acquisition": "multiband",
    "dataset": "<unset>",
    "datatype": "func",
    "extension": ".nii.gz",
    "modality": "bold",
    "subject": "31",
    "suffix": "bold",
    "task": "run2"
  },
  "dummy_trs": 2,
  "dvars_nstd": 29.810591243092794,
  "dvars_std": 1.0136629322839008,
  "dvars_vstd": 0.988473007232354,
  "efc": 0.4924,
  "fber": 725.9472,
  "fd_mean": 0.08980813801076899,
  "fd_num": 3,
  "fd_perc": 0.23771790808240886,
  "fwhm_avg": 3.4411109743736463,
  "fwhm_x": 3.242187371167049,
  "fwhm_y": 3.5088748605698403,
  "fwhm_z": 3.572270691384049,
  "gcor": 0.00339314,
  "gsr_x": -0.017439287155866623,
  "gsr_y": 0.05321350321173668,
  "provenance": {
    "md5sum": "4a30b98e0ac2ad4bc39826cee1197976",
    "settings": {
      "fd_thres": 0.2,
      "testing": false
    },
    "software": "mriqc",
    "version": "24.1.0.dev0+gd5b13cb5.d20240826"
  },
  "size_t": 1262,
  "size_x": 90,
  "size_y": 90,
  "size_z": 60,
  "snr": 1.9801422291269724,
  "spacing_tr": 0.75,
  "spacing_x": 2.4000000953674316,
  "spacing_y": 2.4000000953674316,
  "spacing_z": 2.4000000953674316,
  "summary_bg_k": 27.5006,
  "summary_bg_mad": 6.9407,
  "summary_bg_mean": 25.726,
  "summary_bg_median": 11.0,
  "summary_bg_n": 390695.0,
  "summary_bg_p05": 6.0,
  "summary_bg_p95": 107.0,
  "summary_bg_stdv": 42.9095,
  "summary_fg_k": 0.4852,
  "summary_fg_mad": 136.363,
  "summary_fg_mean": 298.9883,
  "summary_fg_median": 285.0,
  "summary_fg_n": 95305.0,
  "summary_fg_p05": 72.0,
  "summary_fg_p95": 558.0,
  "summary_fg_stdv": 143.9283,
  "tsnr": 38.62923422618769
}
