{
  "aor": 0.005385126455238859,
  "aqi": 0.01490583714171016,
  "bids_meta": {
    "AcquisitionMatrixPE": 90,
    "AcquisitionNumber": 1,
    "AcquisitionTime": "20:08:48.510000",
    "BandwidthPerPixelPhaseEncode": 22.222,
    "BaseResolution": 90,
    "BodyPartExamined": "HEAD",
    "CoilCombinationMethod": "Sum of Squares",
    "ConsistencyInfo": "N4_VE11C_LATEST_20160120",
    "ConversionSoftware": "dcm2niix",
    "ConversionSoftwareVersion": "v1.0.20220720",
    "DerivedVendorReportedEchoSpacing": 0.000500005,
    "DeviceSerialNumber": "167076",
    "DwellTime": 2.1e-6,
    "EchoTime": 0.03,
    "EchoTrainLength": 90,
    "EffectiveEchoSpacing": 0.000500005,
    "FileSize": 1.0793171217665076,
    "FileSizeUnits": "GB",
    "FlipAngle": 60,
    "ImageOrientationPatientDICOM": [
      0.998128,
      0.0476342,
      0.0383569,
      -0.0435792,
      0.993994,
      -0.100384
    ],
    "ImageOrientationText": "Tra>Cor(-5.7)>Sag(2.5)",
    "ImageType": [
      "ORIGINAL",
      "PRIMARY",
      "M",
      "ND",
      "MOSAIC"
    ],
    "ImagingFrequency": 123.249,
    "InPlanePhaseEncodingDirectionDICOM": "COL",
    "InstitutionAddress": "Tian Sheng 2,Chong Qing//759083/,Chong Qing,CN,400715",
    "InstitutionName": "Chong Qing Southwest Normal University Hospital",
    "InstitutionalDepartmentName": "Department",
    "MRAcquisitionType": "2D",
    "MagneticFieldStrength": 3,
    "Manufacturer": "Siemens",
    "ManufacturersModelName": "Prisma_fit",
    "Modality": "MR",
    "MultibandAccelerationFactor": 6,
    "NonlinearGradientCorrection": false,
    "NumberOfVolumes": 2492,
    "PartialFourier": 1,
    "PatientPosition": "HFS",
    "PercentPhaseFOV": 100,
    "PercentSampling": 100,
    "PhaseEncodingDirection": "j",
    "PhaseEncodingSteps": 90,
    "PhaseResolution": 1,
    "PixelBandwidth": 2645,
    "ProcedureStepDescription": "SWU-fMRI^HeQingHua",
    "ProtocolName": "BOLD_PA_RUN1",
    "PulseSequenceDetails": "%SiemensSeq%\\ep2d_bold",
    "ReceiveCoilActiveElements": "HC1-7",
    "ReceiveCoilName": "HeadNeck_64",
    "ReconMatrixPE": 90,
    "RefLinesPE": 32,
    "RepetitionTime": 0.75,
    "SAR": 0.0721049,
    "ScanOptions": "FS",
    "ScanningSequence": "EP",
    "SequenceName": "*epfid2d1_90",
    "SequenceVariant": "SK",
    "SeriesDescription": "BOLD_PA_RUN1",
    "SeriesNumber": 4,
    "ShimSetting": [
      2942,
      4347,
      -6606,
      517,
      -43,
      -320,
      -18,
      42
    ],
    "SliceThickness": 2.4,
    "SliceTiming": [
      0.51,
      0,
      0.365,
      0.0725,
      0.4375,
      0.22,
      0.585,
      0.2925,
      0.6575,
      0.145,
      0.51,
      0,
      0.365,
      0.0725,
      0.4375,
      0.22,
      0.585,
      0.2925,
      0.6575,
      0.145,
      0.51,
      0,
      0.365,
      0.0725,
      0.4375,
      0.22,
      0.585,
      0.2925,
      0.6575,
      0.145,
      0.51,
      0,
      0.365,
      0.0725,
      0.4375,
      0.22,
      0.585,
      0.2925,
      0.6575,
      0.145,
      0.51,
      0,
      0.365,
      0.0725,
      0.4375,
      0.22,
      0.585,
      0.2925,
      0.6575,
      0.145,
      0.51,
      0,
      0.365,
      0.0725,
      0.4375,
      0.22,
      0.585,
      0.2925,
      0.6575,
      0.145
    ],
    "SoftwareVersions": "syngo MR E11",
    "SpacingBetweenSlices": 2.4,
    "StationName": "MRC35409",
    "TaskName": "run1",
    "TotalReadoutTime": 0.0445004,
    "TxRefAmp": 220.268,
    "acquisition": "multiband",
    "dataset": "<unset>",
    "datatype": "func",
    "extension": ".nii.gz",
    "modality": "bold",
    "subject": "31",
    "suffix": "bold",
    "task": "run1"
  },
  "dummy_trs": 1,
  "dvars_nstd": 29.86531667438949,
  "dvars_std": 1.0155445987148577,
  "dvars_vstd": 1.012336983048193,
  "efc": 0.4907,
  "fber": 735.9164,
  "fd_mean": 0.10161433916401585,
  "fd_num": 19,
  "fd_perc": 0.762745885186672,
  "fwhm_avg": 3.5411429148431783,
  "fwhm_x": 3.2998748688747535,
  "fwhm_y": 3.620033189486138,
  "fwhm_z": 3.703520686168644,
  "gcor": 0.00296384,
  "gsr_x": -0.016293704509735107,
  "gsr_y": 0.05242380499839783,
  "provenance": {
    "md5sum": "37e2765f4368f672593a7a676e67e3ed",
    "settings": {
      "fd_thres": 0.2,
      "testing": false
    },
    "software": "mriqc",
    "version": "24.1.0.dev0+gd5b13cb5.d20240826"
  },
  "size_t": 2491,
  "size_x": 90,
  "size_y": 90,
  "size_z": 60,
  "snr": 1.9997613257737115,
  "spacing_tr": 0.75,
  "spacing_x": 2.4000000953674316,
  "spacing_y": 2.4000000953674316,
  "spacing_z": 2.4000000953674316,
  "summary_bg_k": 23.8263,
  "summary_bg_mad": 5.7977,
  "summary_bg_mean": 24.8892,
  "summary_bg_median": 10.0,
  "summary_bg_n": 391055.0,
  "summary_bg_p05": 6.0,
  "summary_bg_p95": 102.0,
  "summary_bg_stdv": 40.7018,
  "summary_fg_k": 0.489,
  "summary_fg_mad": 134.2442,
  "summary_fg_mean": 298.2963,
  "summary_fg_median": 284.0,
  "summary_fg_n": 94945.0,
  "summary_fg_p05": 75.0,
  "summary_fg_p95": 552.0,
  "summary_fg_stdv": 142.0162,
  "tsnr": 30.857013000524603
}
