{
  "aor": 0.00032806,
  "aqi": 0.006669672000000001,
  "bids_meta": {
    "AcquisitionMatrixPE": 90,
    "AcquisitionNumber": 1,
    "AcquisitionTime": "19:32:2.827500",
    "BandwidthPerPixelPhaseEncode": 22.222,
    "BaseResolution": 90,
    "BodyPartExamined": "HEAD",
    "CoilCombinationMethod": "Sum of Squares",
    "ConsistencyInfo": "N4_VE11C_LATEST_20160120",
    "ConversionSoftware": "dcm2niix",
    "ConversionSoftwareVersion": "v1.0.20220720",
    "DerivedVendorReportedEchoSpacing": 0.000500005,
    "DeviceSerialNumber": "167076",
    "DwellTime": 2.1e-6,
    "EchoTime": 0.03,
    "EchoTrainLength": 90,
    "EffectiveEchoSpacing": 0.000500005,
    "FileSize": 0.21792487800121307,
    "FileSizeUnits": "GB",
    "FlipAngle": 60,
    "ImageOrientationPatientDICOM": [
      0.999048,
      0.0436024,
      -0.00121792,
      -0.0436194,
      0.998659,
      -0.0278951
    ],
    "ImageOrientationText": "Tra>Cor(-1.6)",
    "ImageType": [
      "ORIGINAL",
      "PRIMARY",
      "M",
      "ND",
      "MOSAIC"
    ],
    "ImagingFrequency": 123.249,
    "InPlanePhaseEncodingDirectionDICOM": "COL",
    "InstitutionAddress": "Tian Sheng 2,Chong Qing//464ed4/,Chong Qing,CN,400715",
    "InstitutionName": "Chong Qing Southwest Normal University Hospital",
    "InstitutionalDepartmentName": "Department",
    "MRAcquisitionType": "2D",
    "MagneticFieldStrength": 3,
    "Manufacturer": "Siemens",
    "ManufacturersModelName": "Prisma_fit",
    "Modality": "MR",
    "MultibandAccelerationFactor": 6,
    "NonlinearGradientCorrection": false,
    "NumberOfVolumes": 500,
    "PartialFourier": 1,
    "PatientPosition": "HFS",
    "PercentPhaseFOV": 100,
    "PercentSampling": 100,
    "PhaseEncodingDirection": "j",
    "PhaseEncodingSteps": 90,
    "PhaseResolution": 1,
    "PixelBandwidth": 2645,
    "ProcedureStepDescription": "SWU-fMRI^HeQingHua",
    "ProtocolName": "CCBD_BOLD_PA_REST1",
    "PulseSequenceDetails": "%SiemensSeq%\\ep2d_bold",
    "ReceiveCoilActiveElements": "HC1-7",
    "ReceiveCoilName": "HeadNeck_64",
    "ReconMatrixPE": 90,
    "RefLinesPE": 32,
    "RepetitionTime": 0.75,
    "SAR": 0.0859226,
    "ScanOptions": "FS",
    "ScanningSequence": "EP",
    "SequenceName": "*epfid2d1_90",
    "SequenceVariant": "SK",
    "SeriesDescription": "CCBD_BOLD_PA_REST1",
    "SeriesNumber": 3,
    "ShimSetting": [
      2966,
      4328,
      -6565,
      494,
      112,
      -48,
      -44,
      -25
    ],
    "SliceThickness": 2.4,
    "SliceTiming": [
      0.51,
      0,
      0.365,
      0.0725,
      0.4375,
      0.2175,
      0.5825,
      0.2925,
      0.655,
      0.145,
      0.51,
      0,
      0.365,
      0.0725,
      0.4375,
      0.2175,
      0.5825,
      0.2925,
      0.655,
      0.145,
      0.51,
      0,
      0.365,
      0.0725,
      0.4375,
      0.2175,
      0.5825,
      0.2925,
      0.655,
      0.145,
      0.51,
      0,
      0.365,
      0.0725,
      0.4375,
      0.2175,
      0.5825,
      0.2925,
      0.655,
      0.145,
      0.51,
      0,
      0.365,
      0.0725,
      0.4375,
      0.2175,
      0.5825,
      0.2925,
      0.655,
      0.145,
      0.51,
      0,
      0.365,
      0.0725,
      0.4375,
      0.2175,
      0.5825,
      0.2925,
      0.655,
      0.145
    ],
    "SoftwareVersions": "syngo MR E11",
    "SpacingBetweenSlices": 2.4,
    "StationName": "MRC35409",
    "TaskName": "rest",
    "TotalReadoutTime": 0.0445004,
    "TxRefAmp": 217.441,
    "acquisition": "multiband",
    "dataset": "<unset>",
    "datatype": "func",
    "extension": ".nii.gz",
    "modality": "bold",
    "subject": "03",
    "suffix": "bold",
    "task": "rest"
  },
  "dummy_trs": 0,
  "dvars_nstd": 36.3417280269339,
  "dvars_std": 1.0933474413627255,
  "dvars_vstd": 0.9765925887575149,
  "efc": 0.5072,
  "fber": 723.1805,
  "fd_mean": 0.07564715918020479,
  "fd_num": 7,
  "fd_perc": 1.4,
  "fwhm_avg": 3.2929665358159332,
  "fwhm_x": 3.2180290387936816,
  "fwhm_y": 3.28927486929596,
  "fwhm_z": 3.3715956993581573,
  "gcor": 0.00328128,
  "gsr_x": -0.016892068088054657,
  "gsr_y": 0.05313151329755783,
  "provenance": {
    "md5sum": "3cde114b81da20ebe4a291e3157938a2",
    "settings": {
      "fd_thres": 0.2,
      "testing": false
    },
    "software": "mriqc",
    "version": "24.1.0.dev0+gd5b13cb5.d20240826"
  },
  "size_t": 500,
  "size_x": 90,
  "size_y": 90,
  "size_z": 60,
  "snr": 2.162729723585711,
  "spacing_tr": 0.75,
  "spacing_x": 2.4000000953674316,
  "spacing_y": 2.4000000953674316,
  "spacing_z": 2.4000000953674316,
  "summary_bg_k": 20.0891,
  "summary_bg_mad": 5.9452,
  "summary_bg_mean": 25.3894,
  "summary_bg_median": 10.0,
  "summary_bg_n": 384727.0,
  "summary_bg_p05": 6.0,
  "summary_bg_p95": 109.0,
  "summary_bg_stdv": 42.4459,
  "summary_fg_k": 0.4032,
  "summary_fg_mad": 118.1871,
  "summary_fg_mean": 289.9996,
  "summary_fg_median": 279.0,
  "summary_fg_n": 101273.0,
  "summary_fg_p05": 79.0,
  "summary_fg_p95": 522.0,
  "summary_fg_stdv": 129.003,
  "tsnr": 40.092113877646625
}
