{
  "aor": 0.000529167327517843,
  "aqi": 0.011053433941316417,
  "bids_meta": {
    "AcquisitionMatrixPE": 90,
    "AcquisitionNumber": 1,
    "AcquisitionTime": "16:51:29.250000",
    "BandwidthPerPixelPhaseEncode": 22.222,
    "BaseResolution": 90,
    "BodyPartExamined": "HEAD",
    "CoilCombinationMethod": "Sum of Squares",
    "ConsistencyInfo": "N4_VE11C_LATEST_20160120",
    "ConversionSoftware": "dcm2niix",
    "ConversionSoftwareVersion": "v1.0.20220720",
    "DerivedVendorReportedEchoSpacing": 0.000500005,
    "DeviceSerialNumber": "167076",
    "DwellTime": 2.1e-6,
    "EchoTime": 0.03,
    "EchoTrainLength": 90,
    "EffectiveEchoSpacing": 0.000500005,
    "FileSize": 0.552400222979486,
    "FileSizeUnits": "GB",
    "FlipAngle": 60,
    "ImageOrientationPatientDICOM": [
      0.999048,
      0.0436194,
      5.42e-13,
      -0.0436194,
      0.999048,
      1.2425e-11
    ],
    "ImageOrientationText": "Tra",
    "ImageType": [
      "ORIGINAL",
      "PRIMARY",
      "M",
      "ND",
      "MOSAIC"
    ],
    "ImagingFrequency": 123.249,
    "InPlanePhaseEncodingDirectionDICOM": "COL",
    "InstitutionAddress": "Tian Sheng 2,Chong Qing//759083/,Chong Qing,CN,400715",
    "InstitutionName": "Chong Qing Southwest Normal University Hospital",
    "InstitutionalDepartmentName": "Department",
    "MRAcquisitionType": "2D",
    "MagneticFieldStrength": 3,
    "Manufacturer": "Siemens",
    "ManufacturersModelName": "Prisma_fit",
    "Modality": "MR",
    "MultibandAccelerationFactor": 6,
    "NonlinearGradientCorrection": false,
    "NumberOfVolumes": 1262,
    "PartialFourier": 1,
    "PatientPosition": "HFS",
    "PercentPhaseFOV": 100,
    "PercentSampling": 100,
    "PhaseEncodingDirection": "j",
    "PhaseEncodingSteps": 90,
    "PhaseResolution": 1,
    "PixelBandwidth": 2645,
    "ProcedureStepDescription": "SWU-fMRI^HeQingHua",
    "ProtocolName": "CCBD_BOLD_PA_RUN2",
    "PulseSequenceDetails": "%SiemensSeq%\\ep2d_bold",
    "ReceiveCoilActiveElements": "HC3-7",
    "ReceiveCoilName": "HeadNeck_64",
    "ReconMatrixPE": 90,
    "RefLinesPE": 32,
    "RepetitionTime": 0.75,
    "SAR": 0.0915731,
    "ScanOptions": "FS",
    "ScanningSequence": "EP",
    "SequenceName": "*epfid2d1_90",
    "SequenceVariant": "SK",
    "SeriesDescription": "CCBD_BOLD_PA_RUN2",
    "SeriesNumber": 7,
    "ShimSetting": [
      2943,
      4321,
      -6537,
      539,
      79,
      -205,
      74,
      -33
    ],
    "SliceThickness": 2.4,
    "SliceTiming": [
      0.51,
      0,
      0.3625,
      0.0725,
      0.4375,
      0.2175,
      0.5825,
      0.29,
      0.655,
      0.145,
      0.51,
      0,
      0.3625,
      0.0725,
      0.4375,
      0.2175,
      0.5825,
      0.29,
      0.655,
      0.145,
      0.51,
      0,
      0.3625,
      0.0725,
      0.4375,
      0.2175,
      0.5825,
      0.29,
      0.655,
      0.145,
      0.51,
      0,
      0.3625,
      0.0725,
      0.4375,
      0.2175,
      0.5825,
      0.29,
      0.655,
      0.145,
      0.51,
      0,
      0.3625,
      0.0725,
      0.4375,
      0.2175,
      0.5825,
      0.29,
      0.655,
      0.145,
      0.51,
      0,
      0.3625,
      0.0725,
      0.4375,
      0.2175,
      0.5825,
      0.29,
      0.655,
      0.145
    ],
    "SoftwareVersions": "syngo MR E11",
    "SpacingBetweenSlices": 2.4,
    "StationName": "MRC35409",
    "TaskName": "run2",
    "TotalReadoutTime": 0.0445004,
    "TxRefAmp": 226.383,
    "acquisition": "multiband",
    "dataset": "<unset>",
    "datatype": "func",
    "extension": ".nii.gz",
    "modality": "bold",
    "subject": "06",
    "suffix": "bold",
    "task": "run2"
  },
  "dummy_trs": 1,
  "dvars_nstd": 40.77974344265872,
  "dvars_std": 1.035386732579365,
  "dvars_vstd": 0.9700944873333341,
  "efc": 0.5046,
  "fber": 503.9741,
  "fd_mean": 0.08702178436811855,
  "fd_num": 28,
  "fd_perc": 2.2204599524187154,
  "fwhm_avg": 3.7092291522974024,
  "fwhm_x": 3.7043873528008717,
  "fwhm_y": 3.406162364651268,
  "fwhm_z": 4.017137739440068,
  "gcor": 0.0125497,
  "gsr_x": -0.0083735641092062,
  "gsr_y": 0.06530604511499405,
  "provenance": {
    "md5sum": "1a25528788e8fde58f23c92bc7f5eabe",
    "settings": {
      "fd_thres": 0.2,
      "testing": false
    },
    "software": "mriqc",
    "version": "24.1.0.dev0+gd5b13cb5.d20240826"
  },
  "size_t": 1261,
  "size_x": 90,
  "size_y": 90,
  "size_z": 60,
  "snr": 1.7994337098848112,
  "spacing_tr": 0.75,
  "spacing_x": 2.4000000953674316,
  "spacing_y": 2.4000000953674316,
  "spacing_z": 2.3999998569488525,
  "summary_bg_k": 29.0678,
  "summary_bg_mad": 6.7287,
  "summary_bg_mean": 25.2142,
  "summary_bg_median": 10.0,
  "summary_bg_n": 386948.0,
  "summary_bg_p05": 5.0,
  "summary_bg_p95": 106.0,
  "summary_bg_stdv": 43.944,
  "summary_fg_k": 1.2779,
  "summary_fg_mad": 106.059,
  "summary_fg_mean": 256.6468,
  "summary_fg_median": 232.0,
  "summary_fg_n": 99052.0,
  "summary_fg_p05": 79.0,
  "summary_fg_p95": 511.0,
  "summary_fg_stdv": 128.9288,
  "tsnr": 30.012319881934673
}
