{
  "bids_meta": {
    "AcquisitionMatrixPE": 280,
    "AcquisitionNumber": 1,
    "AcquisitionTime": "20:17:59.552500",
    "BaseResolution": 320,
    "BodyPartExamined": "HEAD",
    "CoilString": "HC1-7;NC1_2",
    "ConsistencyInfo": "N4_VE11C_LATEST_20160120",
    "ConversionSoftware": "dcm2niix",
    "ConversionSoftwareVersion": "v1.0.20190902",
    "DeviceSerialNumber": "167076",
    "DwellTime": 6.5e-6,
    "EchoTime": 0.00207,
    "FileSize": 0.019104368053376675,
    "FileSizeUnits": "GB",
    "FlipAngle": 7,
    "ImageOrientationPatientDICOM": [
      -2.38413e-7,
      1,
      -1.66427e-9,
      0.0139606,
      1.66427e-9,
      -0.999903
    ],
    "ImageType": [
      "ORIGINAL",
      "PRIMARY",
      "M",
      "NORM",
      "DIS3D",
      "DIS2D"
    ],
    "ImagingFrequency": 123.249,
    "InPlanePhaseEncodingDirectionDICOM": "ROW",
    "InstitutionAddress": "Tian_Sheng_2_Chong_Qing_464ed4_Chong_Qing_CN_400715",
    "InstitutionName": "Chong_Qing_Southwest_Normal_University_Hospital",
    "InstitutionalDepartmentName": "Department",
    "InversionTime": 1.1,
    "MRAcquisitionType": "3D",
    "MagneticFieldStrength": 3,
    "Manufacturer": "Siemens",
    "ManufacturersModelName": "Prisma_fit",
    "Modality": "MR",
    "NumberOfVolumes": 1,
    "ParallelReductionFactorInPlane": 2,
    "PartialFourier": 1,
    "PatientPosition": "HFS",
    "PercentPhaseFOV": 87.5,
    "PhaseEncodingSteps": 279,
    "PhaseResolution": 1,
    "PixelBandwidth": 240,
    "ProcedureStepDescription": "SWU-fMRI_HeQingHua",
    "ProtocolName": "CCBD_T1ISO_MPR",
    "PulseSequenceDetails": "%SiemensSeq%_tfl",
    "ReceiveCoilActiveElements": "HC1-7;NC1,2",
    "ReceiveCoilName": "HeadNeck_64",
    "ReconMatrixPE": 280,
    "RefLinesPE": 32,
    "RepetitionTime": 2.3,
    "SAR": 0.0475321,
    "ScanOptions": "IR_WE",
    "ScanningSequence": "GR_IR",
    "SequenceName": "_tfl3d1_16ns",
    "SequenceVariant": "SK_SP_MP",
    "SeriesDescription": "CCBD_T1ISO_MPR",
    "SeriesNumber": 8,
    "ShimSetting": [
      2954,
      4308,
      -6638,
      199,
      27,
      -393,
      -52,
      -21
    ],
    "SliceThickness": 0.8,
    "SoftwareVersions": "syngo_MR_E11",
    "StationName": "MRC35409",
    "TxRefAmp": 221.069,
    "acquisition": "defaced",
    "dataset": "<unset>",
    "datatype": "anat",
    "extension": ".nii.gz",
    "modality": "T1w",
    "subject": "03",
    "suffix": "T1w"
  },
  "cjv": 0.5850215246636772,
  "cnr": 1.8227258001001823,
  "efc": 0.5346,
  "fber": 6110.1426,
  "fwhm_avg": 4.666129097135925,
  "fwhm_x": 4.631912430979126,
  "fwhm_y": 4.5367874323966,
  "fwhm_z": 4.829687428032049,
  "icvs_csf": 0.2597674722137912,
  "icvs_gm": 0.3881373048393956,
  "icvs_wm": 0.3520952229468131,
  "inu_med": 0.5200530290603638,
  "inu_range": 0.2550501525402069,
  "provenance": {
    "md5sum": "057f7fb87f61f81743718793649e28b2",
    "settings": {
      "testing": false
    },
    "software": "mriqc",
    "version": "24.1.0.dev0+gd5b13cb5.d20240826",
    "warnings": {
      "large_rot_frame": true,
      "small_air_mask": false
    }
  },
  "qi_1": 0.0,
  "qi_2": 0.00028150377046648874,
  "rpve_csf": 7.295618092196845,
  "rpve_gm": 7.217034601128008,
  "rpve_wm": 7.29125491339991,
  "size_x": 240,
  "size_y": 280,
  "size_z": 320,
  "snr_csf": 1.9989910784024874,
  "snr_gm": 7.833459889735453,
  "snr_total": 7.314659268398112,
  "snr_wm": 12.111526837056399,
  "snrd_csf": 49.04906272764063,
  "snrd_gm": 80.75420012140833,
  "snrd_total": 78.39748839875894,
  "snrd_wm": 105.38920234722784,
  "spacing_x": 0.800000011920929,
  "spacing_y": 0.800000011920929,
  "spacing_z": 0.800000011920929,
  "summary_bg_k": 7.3635,
  "summary_bg_mad": 5.9304,
  "summary_bg_mean": 5.87,
  "summary_bg_median": 4.0,
  "summary_bg_n": 5907859.0,
  "summary_bg_p05": 0.0,
  "summary_bg_p95": 21.0,
  "summary_bg_stdv": 7.4536,
  "summary_csf_k": -0.8423,
  "summary_csf_mad": 166.8351,
  "summary_csf_mean": 439.4438,
  "summary_csf_median": 444.0,
  "summary_csf_n": 756406.7715515697,
  "summary_csf_p05": 65.0,
  "summary_csf_p95": 783.0,
  "summary_csf_stdv": 222.1119,
  "summary_gm_k": -0.4608,
  "summary_gm_mad": 69.4258,
  "summary_gm_mean": 733.9172,
  "summary_gm_median": 731.0,
  "summary_gm_n": 1130201.8808215815,
  "summary_gm_p05": 582.0,
  "summary_gm_p95": 902.0,
  "summary_gm_stdv": 93.3176,
  "summary_wm_k": -0.3761,
  "summary_wm_mad": 61.034,
  "summary_wm_mean": 939.5763,
  "summary_wm_median": 954.0,
  "summary_wm_n": 1025252.3481798335,
  "summary_wm_p05": 784.0,
  "summary_wm_p95": 1045.0,
  "summary_wm_stdv": 78.7679,
  "tpm_overlap_csf": 0.20266607330424508,
  "tpm_overlap_gm": 0.5321966474161133,
  "tpm_overlap_wm": 0.557740816830358,
  "wm2max": 0.8491745829563443
}
