{
  "bids_meta": {
    "AcquisitionMatrixPE": 280,
    "AcquisitionNumber": 1,
    "AcquisitionTime": "17:09:47.440000",
    "BaseResolution": 320,
    "BodyPartExamined": "HEAD",
    "CoilString": "HC1-7;NC1_2",
    "ConsistencyInfo": "N4_VE11C_LATEST_20160120",
    "ConversionSoftware": "dcm2niix",
    "ConversionSoftwareVersion": "v1.0.20190902",
    "DeviceSerialNumber": "167076",
    "DwellTime": 6.5e-6,
    "EchoTime": 0.00207,
    "FileSize": 0.02184985764324665,
    "FileSizeUnits": "GB",
    "FlipAngle": 7,
    "ImageOrientationPatientDICOM": [
      0,
      1,
      0,
      0,
      0,
      -1
    ],
    "ImageType": [
      "ORIGINAL",
      "PRIMARY",
      "M",
      "NORM",
      "DIS3D",
      "DIS2D"
    ],
    "ImagingFrequency": 123.249,
    "InPlanePhaseEncodingDirectionDICOM": "ROW",
    "InstitutionAddress": "Tian_Sheng_2_Chong_Qing_759083_Chong_Qing_CN_400715",
    "InstitutionName": "Chong_Qing_Southwest_Normal_University_Hospital",
    "InstitutionalDepartmentName": "Department",
    "InversionTime": 1.1,
    "MRAcquisitionType": "3D",
    "MagneticFieldStrength": 3,
    "Manufacturer": "Siemens",
    "ManufacturersModelName": "Prisma_fit",
    "Modality": "MR",
    "NumberOfVolumes": 1,
    "ParallelReductionFactorInPlane": 2,
    "PartialFourier": 1,
    "PatientPosition": "HFS",
    "PercentPhaseFOV": 87.5,
    "PhaseEncodingSteps": 279,
    "PhaseResolution": 1,
    "PixelBandwidth": 240,
    "ProcedureStepDescription": "SWU-fMRI_HeQingHua",
    "ProtocolName": "T1ISO_MPR",
    "PulseSequenceDetails": "%SiemensSeq%_tfl",
    "ReceiveCoilActiveElements": "HC1-7;NC1,2",
    "ReceiveCoilName": "HeadNeck_64",
    "ReconMatrixPE": 280,
    "RefLinesPE": 32,
    "RepetitionTime": 2.3,
    "SAR": 0.0428698,
    "ScanOptions": "IR_WE",
    "ScanningSequence": "GR_IR",
    "SequenceName": "_tfl3d1_16ns",
    "SequenceVariant": "SK_SP_MP",
    "SeriesDescription": "T1ISO_MPR",
    "SeriesNumber": 6,
    "ShimSetting": [
      2927,
      4320,
      -6606,
      66,
      42,
      -279,
      138,
      -29
    ],
    "SliceThickness": 0.8,
    "SoftwareVersions": "syngo_MR_E11",
    "StationName": "MRC35409",
    "TxRefAmp": 255.467,
    "acquisition": "defaced",
    "dataset": "<unset>",
    "datatype": "anat",
    "extension": ".nii.gz",
    "modality": "T1w",
    "subject": "12",
    "suffix": "T1w"
  },
  "cjv": 0.5877982608695652,
  "cnr": 1.855935604210322,
  "efc": 0.5812,
  "fber": 4804.2227,
  "fwhm_avg": 4.728379096208328,
  "fwhm_x": 4.643987430799195,
  "fwhm_y": 4.610312431300992,
  "fwhm_z": 4.930837426524796,
  "icvs_csf": 0.25984769505649047,
  "icvs_gm": 0.3855751823936978,
  "icvs_wm": 0.3545771225498118,
  "inu_med": 0.5103779435157776,
  "inu_range": 0.2464975118637085,
  "provenance": {
    "md5sum": "a9f0a2e7d5ce6fab954ce7f0bab04c26",
    "settings": {
      "testing": false
    },
    "software": "mriqc",
    "version": "24.1.0.dev0+gd5b13cb5.d20240826",
    "warnings": {
      "large_rot_frame": true,
      "small_air_mask": false
    }
  },
  "qi_1": 0.0,
  "qi_2": 0.0004369902192864167,
  "rpve_csf": 6.4505103958288394,
  "rpve_gm": 6.37871427639416,
  "rpve_wm": 6.463872719338209,
  "size_x": 240,
  "size_y": 280,
  "size_z": 320,
  "snr_csf": 2.1508521137269203,
  "snr_gm": 7.244930392539463,
  "snr_total": 7.622789632083777,
  "snr_wm": 13.472586389984949,
  "snrd_csf": 50.81659651962768,
  "snrd_gm": 80.75420012140833,
  "snrd_total": 79.24443167408606,
  "snrd_wm": 106.16249838122216,
  "spacing_x": 0.800000011920929,
  "spacing_y": 0.800000011920929,
  "spacing_z": 0.800000011920929,
  "summary_bg_k": 416.0805,
  "summary_bg_mad": 5.9304,
  "summary_bg_mean": 6.2931,
  "summary_bg_median": 4.0,
  "summary_bg_n": 5096216.0,
  "summary_bg_p05": 0.0,
  "summary_bg_p95": 22.0,
  "summary_bg_stdv": 9.457,
  "summary_csf_k": -0.6223,
  "summary_csf_mad": 154.7065,
  "summary_csf_mean": 459.7697,
  "summary_csf_median": 460.0,
  "summary_csf_n": 853020.4779640837,
  "summary_csf_p05": 96.0,
  "summary_csf_p95": 791.0,
  "summary_csf_stdv": 213.8686,
  "summary_gm_k": -0.623,
  "summary_gm_mad": 77.0931,
  "summary_gm_mean": 734.4669,
  "summary_gm_median": 731.0,
  "summary_gm_n": 1265755.027401947,
  "summary_gm_p05": 572.0,
  "summary_gm_p95": 918.0,
  "summary_gm_stdv": 100.8981,
  "summary_wm_k": -0.3873,
  "summary_wm_mad": 58.1005,
  "summary_wm_mean": 948.9582,
  "summary_wm_median": 961.0,
  "summary_wm_n": 1163995.4954644307,
  "summary_wm_p05": 811.0,
  "summary_wm_p95": 1048.0,
  "summary_wm_stdv": 71.33,
  "tpm_overlap_csf": 0.20601449553704385,
  "tpm_overlap_gm": 0.5263638286395497,
  "tpm_overlap_wm": 0.5458908177875594,
  "wm2max": 0.8521714475054566
}
