{
  "aor": 0.0011893724696356277,
  "aqi": 0.013797426538461537,
  "bids_meta": {
    "AcquisitionMatrixPE": 90,
    "AcquisitionNumber": 1,
    "AcquisitionTime": "10:17:16.222500",
    "BandwidthPerPixelPhaseEncode": 22.222,
    "BaseResolution": 90,
    "BodyPartExamined": "HEAD",
    "CoilCombinationMethod": "Sum of Squares",
    "ConsistencyInfo": "N4_VE11C_LATEST_20160120",
    "ConversionSoftware": "dcm2niix",
    "ConversionSoftwareVersion": "v1.0.20220720",
    "DerivedVendorReportedEchoSpacing": 0.000500005,
    "DeviceSerialNumber": "167076",
    "DwellTime": 2.1e-6,
    "EchoTime": 0.03,
    "EchoTrainLength": 90,
    "EffectiveEchoSpacing": 0.000500005,
    "FileSize": 0.233057445846498,
    "FileSizeUnits": "GB",
    "FlipAngle": 60,
    "ImageOrientationPatientDICOM": [
      0.997398,
      0.042499,
      -0.0582346,
      -0.0435473,
      0.998909,
      -0.0168517
    ],
    "ImageOrientationText": "Tra>Sag(-3.3)>Cor(-1.1)",
    "ImageType": [
      "ORIGINAL",
      "PRIMARY",
      "M",
      "ND",
      "MOSAIC"
    ],
    "ImagingFrequency": 123.249,
    "InPlanePhaseEncodingDirectionDICOM": "COL",
    "InstitutionAddress": "Tian Sheng 2,Chong Qing//77D79B/,Chong Qing,CN,400715",
    "InstitutionName": "Chong Qing Southwest Normal University Hospital",
    "InstitutionalDepartmentName": "Department",
    "MRAcquisitionType": "2D",
    "MagneticFieldStrength": 3,
    "Manufacturer": "Siemens",
    "ManufacturersModelName": "Prisma_fit",
    "Modality": "MR",
    "MultibandAccelerationFactor": 6,
    "NonlinearGradientCorrection": false,
    "NumberOfVolumes": 500,
    "PartialFourier": 1,
    "PatientPosition": "HFS",
    "PercentPhaseFOV": 100,
    "PercentSampling": 100,
    "PhaseEncodingDirection": "j",
    "PhaseEncodingSteps": 90,
    "PhaseResolution": 1,
    "PixelBandwidth": 2645,
    "ProcedureStepDescription": "SWU-fMRI^HeQingHua",
    "ProtocolName": "BOLD_PA_REST1",
    "PulseSequenceDetails": "%SiemensSeq%\\ep2d_bold",
    "ReceiveCoilActiveElements": "HC1-7",
    "ReceiveCoilName": "HeadNeck_64",
    "ReconMatrixPE": 90,
    "RefLinesPE": 32,
    "RepetitionTime": 0.75,
    "SAR": 0.0844612,
    "ScanOptions": "FS",
    "ScanningSequence": "EP",
    "SequenceName": "*epfid2d1_90",
    "SequenceVariant": "SK",
    "SeriesDescription": "BOLD_PA_REST1",
    "SeriesNumber": 3,
    "ShimSetting": [
      2926,
      4350,
      -6550,
      396,
      57,
      47,
      18,
      64
    ],
    "SliceThickness": 2.4,
    "SliceTiming": [
      0.51,
      0,
      0.365,
      0.0725,
      0.4375,
      0.2175,
      0.5825,
      0.2925,
      0.6575,
      0.145,
      0.51,
      0,
      0.365,
      0.0725,
      0.4375,
      0.2175,
      0.5825,
      0.2925,
      0.6575,
      0.145,
      0.51,
      0,
      0.365,
      0.0725,
      0.4375,
      0.2175,
      0.5825,
      0.2925,
      0.6575,
      0.145,
      0.51,
      0,
      0.365,
      0.0725,
      0.4375,
      0.2175,
      0.5825,
      0.2925,
      0.6575,
      0.145,
      0.51,
      0,
      0.365,
      0.0725,
      0.4375,
      0.2175,
      0.5825,
      0.2925,
      0.6575,
      0.145,
      0.51,
      0,
      0.365,
      0.0725,
      0.4375,
      0.2175,
      0.5825,
      0.2925,
      0.6575,
      0.145
    ],
    "SoftwareVersions": "syngo MR E11",
    "SpacingBetweenSlices": 2.4,
    "StationName": "MRC35409",
    "TaskName": "rest",
    "TotalReadoutTime": 0.0445004,
    "TxRefAmp": 232.449,
    "acquisition": "multiband",
    "dataset": "<unset>",
    "datatype": "func",
    "extension": ".nii.gz",
    "modality": "bold",
    "subject": "40",
    "suffix": "bold",
    "task": "rest"
  },
  "dummy_trs": 6,
  "dvars_nstd": 34.456726259716056,
  "dvars_std": 1.0213193665517246,
  "dvars_vstd": 0.9707285335091276,
  "efc": 0.5392,
  "fber": 472.7416,
  "fd_mean": 0.0843841715277746,
  "fd_num": 6,
  "fd_perc": 1.214574898785425,
  "fwhm_avg": 3.427563869543409,
  "fwhm_x": 3.32911236771296,
  "fwhm_y": 3.424716530580658,
  "fwhm_z": 3.5288627103366084,
  "gcor": 0.00486372,
  "gsr_x": -0.008939467370510101,
  "gsr_y": 0.08443384617567062,
  "provenance": {
    "md5sum": "7e945afbfa27c831ba24c7bddaddaba1",
    "settings": {
      "fd_thres": 0.2,
      "testing": false
    },
    "software": "mriqc",
    "version": "24.1.0.dev0+gd5b13cb5.d20240826"
  },
  "size_t": 494,
  "size_x": 90,
  "size_y": 90,
  "size_z": 60,
  "snr": 1.927293481762627,
  "spacing_tr": 0.75,
  "spacing_x": 2.4000000953674316,
  "spacing_y": 2.4000000953674316,
  "spacing_z": 2.3999998569488525,
  "summary_bg_k": 18.8922,
  "summary_bg_mad": 9.0817,
  "summary_bg_mean": 34.3858,
  "summary_bg_median": 13.0,
  "summary_bg_n": 371396.0,
  "summary_bg_p05": 6.0,
  "summary_bg_p95": 158.0,
  "summary_bg_stdv": 61.4885,
  "summary_fg_k": 0.5843,
  "summary_fg_mad": 130.8351,
  "summary_fg_mean": 294.9283,
  "summary_fg_median": 273.0,
  "summary_fg_n": 114604.0,
  "summary_fg_p05": 92.0,
  "summary_fg_p95": 558.0,
  "summary_fg_stdv": 141.6488,
  "tsnr": 32.54552866355516
}
