{
  "bids_meta": {
    "AcquisitionMatrixPE": 280,
    "AcquisitionNumber": 1,
    "AcquisitionTime": "20:40:49.287500",
    "BaseResolution": 320,
    "BodyPartExamined": "HEAD",
    "CoilCombinationMethod": "Adaptive Combine",
    "ConsistencyInfo": "N4_VE11C_LATEST_20160120",
    "ConversionSoftware": "dcm2niix",
    "ConversionSoftwareVersion": "v1.0.20220720",
    "DeviceSerialNumber": "167076",
    "DwellTime": 6.5e-6,
    "EchoTime": 0.00207,
    "FileSize": 0.020278623327612877,
    "FileSizeUnits": "GB",
    "FlipAngle": 7,
    "ImageOrientationPatientDICOM": [
      0,
      1,
      0,
      0,
      0,
      -1
    ],
    "ImageOrientationText": "Sag",
    "ImageType": [
      "ORIGINAL",
      "PRIMARY",
      "M",
      "NORM",
      "DIS3D",
      "DIS2D"
    ],
    "ImagingFrequency": 123.249,
    "InPlanePhaseEncodingDirectionDICOM": "ROW",
    "InstitutionAddress": "Tian Sheng 2,Chong Qing//77D79B/,Chong Qing,CN,400715",
    "InstitutionName": "Chong Qing Southwest Normal University Hospital",
    "InstitutionalDepartmentName": "Department",
    "InversionTime": 1.1,
    "MRAcquisitionType": "3D",
    "MagneticFieldStrength": 3,
    "Manufacturer": "Siemens",
    "ManufacturersModelName": "Prisma_fit",
    "MatrixCoilMode": "GRAPPA",
    "Modality": "MR",
    "NonlinearGradientCorrection": true,
    "NumberOfVolumes": 1,
    "ParallelReductionFactorInPlane": 2,
    "PartialFourier": 1,
    "PatientPosition": "HFS",
    "PercentPhaseFOV": 87.5,
    "PercentSampling": 100,
    "PhaseEncodingSteps": 279,
    "PhaseResolution": 1,
    "PixelBandwidth": 240,
    "ProcedureStepDescription": "SWU-fMRI^HeQingHua",
    "ProtocolName": "T1ISO_MPR",
    "PulseSequenceDetails": "%SiemensSeq%\\tfl",
    "ReceiveCoilActiveElements": "HC1-7;NC1,2",
    "ReceiveCoilName": "HeadNeck_64",
    "ReconMatrixPE": 280,
    "RefLinesPE": 32,
    "RepetitionTime": 2.3,
    "SAR": 0.0459611,
    "ScanOptions": "IR\\WE",
    "ScanningSequence": "GR\\IR",
    "SequenceName": "*tfl3d1_16ns",
    "SequenceVariant": "SK\\SP\\MP",
    "SeriesDescription": "T1ISO_MPR",
    "SeriesNumber": 6,
    "ShimSetting": [
      2943,
      4329,
      -6624,
      -16,
      34,
      -401,
      40,
      -44
    ],
    "SliceThickness": 0.8,
    "SoftwareVersions": "syngo MR E11",
    "SpoilingState": true,
    "StationName": "MRC35409",
    "TxRefAmp": 260.549,
    "acquisition": "defaced",
    "dataset": "<unset>",
    "datatype": "anat",
    "extension": ".nii.gz",
    "modality": "T1w",
    "subject": "38",
    "suffix": "T1w"
  },
  "cjv": 0.6326051643192488,
  "cnr": 1.5594045008496245,
  "efc": 0.6098,
  "fber": 15205.6301,
  "fwhm_avg": 4.587608264972643,
  "fwhm_x": 4.574249931838365,
  "fwhm_y": 4.46728743343223,
  "fwhm_z": 4.721287429647335,
  "icvs_csf": 0.2580040950639531,
  "icvs_gm": 0.38193538246712416,
  "icvs_wm": 0.3600605224689227,
  "inu_med": 0.6050394475460052,
  "inu_range": 0.32597545832395547,
  "provenance": {
    "md5sum": "5178aa129d06a849990ae49018a6c4af",
    "settings": {
      "testing": false
    },
    "software": "mriqc",
    "version": "24.1.0.dev0+gd5b13cb5.d20240826",
    "warnings": {
      "large_rot_frame": true,
      "small_air_mask": false
    }
  },
  "qi_1": 0.0,
  "qi_2": 0.0005828653602331415,
  "rpve_csf": 5.842223722426791,
  "rpve_gm": 5.733834011816834,
  "rpve_wm": 5.809882844500887,
  "size_x": 240,
  "size_y": 280,
  "size_z": 320,
  "snr_csf": 2.079684086777023,
  "snr_gm": 6.811004202363711,
  "snr_total": 6.709093443987846,
  "snr_wm": 11.236592042822801,
  "snrd_csf": 47.298599421049,
  "snrd_gm": 82.63144337997105,
  "snrd_total": 78.86862719691226,
  "snrd_wm": 106.67583878971672,
  "spacing_x": 0.800000011920929,
  "spacing_y": 0.800000011920929,
  "spacing_z": 0.800000011920929,
  "summary_bg_k": 86.9691,
  "summary_bg_mad": 0.0,
  "summary_bg_mean": 3.6443,
  "summary_bg_median": 0.0,
  "summary_bg_n": 4688742.0,
  "summary_bg_p05": 0.0,
  "summary_bg_p95": 15.0,
  "summary_bg_stdv": 5.8036,
  "summary_csf_k": -0.6726,
  "summary_csf_mad": 165.8366,
  "summary_csf_mean": 435.2933,
  "summary_csf_median": 419.0,
  "summary_csf_n": 935595.606390712,
  "summary_csf_p05": 122.0,
  "summary_csf_p95": 763.0,
  "summary_csf_stdv": 201.4728,
  "summary_gm_k": -0.5227,
  "summary_gm_mad": 71.4507,
  "summary_gm_mean": 738.5418,
  "summary_gm_median": 732.0,
  "summary_gm_n": 1385005.4033941675,
  "summary_gm_p05": 568.0,
  "summary_gm_p95": 942.0,
  "summary_gm_stdv": 107.4731,
  "summary_wm_k": -0.3642,
  "summary_wm_mad": 63.2942,
  "summary_wm_mean": 927.7801,
  "summary_wm_median": 945.0,
  "summary_wm_n": 1305680.9922848935,
  "summary_wm_p05": 763.0,
  "summary_wm_p95": 1040.0,
  "summary_wm_stdv": 84.1002,
  "tpm_overlap_csf": 0.20893109433435508,
  "tpm_overlap_gm": 0.5242611616740057,
  "tpm_overlap_wm": 0.5449113628830593,
  "wm2max": 0.702613384007643
}
