{
  "aor": 0.00016282091917591124,
  "aqi": 0.004649781069730586,
  "bids_meta": {
    "AcquisitionMatrixPE": 90,
    "AcquisitionNumber": 1,
    "AcquisitionTime": "19:38:46.962500",
    "BandwidthPerPixelPhaseEncode": 22.222,
    "BaseResolution": 90,
    "BodyPartExamined": "HEAD",
    "CoilCombinationMethod": "Sum of Squares",
    "ConsistencyInfo": "N4_VE11C_LATEST_20160120",
    "ConversionSoftware": "dcm2niix",
    "ConversionSoftwareVersion": "v1.0.20220720",
    "DerivedVendorReportedEchoSpacing": 0.000500005,
    "DeviceSerialNumber": "167076",
    "DwellTime": 2.1e-6,
    "EchoTime": 0.03,
    "EchoTrainLength": 90,
    "EffectiveEchoSpacing": 0.000500005,
    "FileSize": 0.6156966602429748,
    "FileSizeUnits": "GB",
    "FlipAngle": 60,
    "ImageOrientationPatientDICOM": [
      0.997295,
      0.0474393,
      0.0561441,
      -0.0435429,
      0.996687,
      -0.0686985
    ],
    "ImageOrientationText": "Tra>Cor(-3.8)>Sag(3.4)",
    "ImageType": [
      "ORIGINAL",
      "PRIMARY",
      "M",
      "ND",
      "MOSAIC"
    ],
    "ImagingFrequency": 123.249,
    "InPlanePhaseEncodingDirectionDICOM": "COL",
    "InstitutionAddress": "Tian Sheng 2,Chong Qing//759083/,Chong Qing,CN,400715",
    "InstitutionName": "Chong Qing Southwest Normal University Hospital",
    "InstitutionalDepartmentName": "Department",
    "MRAcquisitionType": "2D",
    "MagneticFieldStrength": 3,
    "Manufacturer": "Siemens",
    "ManufacturersModelName": "Prisma_fit",
    "Modality": "MR",
    "MultibandAccelerationFactor": 6,
    "NonlinearGradientCorrection": false,
    "NumberOfVolumes": 1264,
    "PartialFourier": 1,
    "PatientPosition": "HFS",
    "PercentPhaseFOV": 100,
    "PercentSampling": 100,
    "PhaseEncodingDirection": "j",
    "PhaseEncodingSteps": 90,
    "PhaseResolution": 1,
    "PixelBandwidth": 2645,
    "ProcedureStepDescription": "SWU-fMRI^HeQingHua",
    "ProtocolName": "BOLD_PA_RUN2",
    "PulseSequenceDetails": "%SiemensSeq%\\ep2d_bold",
    "ReceiveCoilActiveElements": "HC1-7",
    "ReceiveCoilName": "HeadNeck_64",
    "ReconMatrixPE": 90,
    "RefLinesPE": 32,
    "RepetitionTime": 0.75,
    "SAR": 0.0804706,
    "ScanOptions": "FS",
    "ScanningSequence": "EP",
    "SequenceName": "*epfid2d1_90",
    "SequenceVariant": "SK",
    "SeriesDescription": "BOLD_PA_RUN2",
    "SeriesNumber": 7,
    "ShimSetting": [
      2924,
      4354,
      -6579,
      219,
      -56,
      -93,
      270,
      -9
    ],
    "SliceThickness": 2.4,
    "SliceTiming": [
      0.51,
      0,
      0.365,
      0.0725,
      0.4375,
      0.2175,
      0.5825,
      0.29,
      0.655,
      0.145,
      0.51,
      0,
      0.365,
      0.0725,
      0.4375,
      0.2175,
      0.5825,
      0.29,
      0.655,
      0.145,
      0.51,
      0,
      0.365,
      0.0725,
      0.4375,
      0.2175,
      0.5825,
      0.29,
      0.655,
      0.145,
      0.51,
      0,
      0.365,
      0.0725,
      0.4375,
      0.2175,
      0.5825,
      0.29,
      0.655,
      0.145,
      0.51,
      0,
      0.365,
      0.0725,
      0.4375,
      0.2175,
      0.5825,
      0.29,
      0.655,
      0.145,
      0.51,
      0,
      0.365,
      0.0725,
      0.4375,
      0.2175,
      0.5825,
      0.29,
      0.655,
      0.145
    ],
    "SoftwareVersions": "syngo MR E11",
    "SpacingBetweenSlices": 2.4,
    "StationName": "MRC35409",
    "TaskName": "run2",
    "TotalReadoutTime": 0.0445004,
    "TxRefAmp": 251.97,
    "acquisition": "multiband",
    "dataset": "<unset>",
    "datatype": "func",
    "extension": ".nii.gz",
    "modality": "bold",
    "subject": "30",
    "suffix": "bold",
    "task": "run2"
  },
  "dummy_trs": 2,
  "dvars_nstd": 31.422139300134784,
  "dvars_std": 1.0187417164710566,
  "dvars_vstd": 0.9987721103727208,
  "efc": 0.5567,
  "fber": 292.3851,
  "fd_mean": 0.0869402575119266,
  "fd_num": 5,
  "fd_perc": 0.39619651347068147,
  "fwhm_avg": 3.5235651377638786,
  "fwhm_x": 3.313424868336325,
  "fwhm_y": 3.593754023863712,
  "fwhm_z": 3.663516521091599,
  "gcor": 0.00782003,
  "gsr_x": -0.020735688507556915,
  "gsr_y": 0.07449890673160553,
  "provenance": {
    "md5sum": "6927eb2167c9ef663b39a495bcec2725",
    "settings": {
      "fd_thres": 0.2,
      "testing": false
    },
    "software": "mriqc",
    "version": "24.1.0.dev0+gd5b13cb5.d20240826"
  },
  "size_t": 1262,
  "size_x": 90,
  "size_y": 90,
  "size_z": 60,
  "snr": 1.8938802616152302,
  "spacing_tr": 0.75,
  "spacing_x": 2.4000000953674316,
  "spacing_y": 2.4000000953674316,
  "spacing_z": 2.4000000953674316,
  "summary_bg_k": 23.3906,
  "summary_bg_mad": 12.5081,
  "summary_bg_mean": 38.8257,
  "summary_bg_median": 16.0,
  "summary_bg_n": 371405.0,
  "summary_bg_p05": 6.0,
  "summary_bg_p95": 163.0,
  "summary_bg_stdv": 61.7336,
  "summary_fg_k": 0.6262,
  "summary_fg_mad": 139.3599,
  "summary_fg_mean": 292.2287,
  "summary_fg_median": 275.0,
  "summary_fg_n": 114595.0,
  "summary_fg_p05": 76.0,
  "summary_fg_p95": 554.0,
  "summary_fg_stdv": 145.2039,
  "tsnr": 40.80722430534661
}
