{
	"Modality": "MR",
        "GradientSetType": "Siemens Prisma",
        "MatrixCoilMode": "GRAPPA",
	"MagneticFieldStrength": 3,
	"ImagingFrequency": 123.249,
	"Manufacturer": "Siemens",
	"ManufacturersModelName": "Prisma_fit",
	"InstitutionName": "Chong Qing Southwest Normal University Hospital",
	"InstitutionalDepartmentName": "Department",
	"InstitutionAddress": "Tian Sheng 2,Chong Qing//77D79B/,Chong Qing,CN,400715",
	"DeviceSerialNumber": "167076",
	"StationName": "MRC35409",
	"BodyPartExamined": "HEAD",
	"PatientPosition": "HFS",
	"ProcedureStepDescription": "SWU-fMRI^HeQingHua",
	"SoftwareVersions": "syngo MR E11",
	"MRAcquisitionType": "3D",
	"SeriesDescription": "T1ISO_MPR",
	"ProtocolName": "T1ISO_MPR",
	"ScanningSequence": "GR\\IR",
	"SequenceVariant": "SK\\SP\\MP",
	"ScanOptions": "IR\\WE",
	"SequenceName": "*tfl3d1_16ns",
	"ImageType": ["ORIGINAL", "PRIMARY", "M", "NORM", "DIS3D", "DIS2D"],
	"NonlinearGradientCorrection": true,
	"SeriesNumber": 6,
	"AcquisitionTime": "14:58:29.875000",
	"AcquisitionNumber": 1,
	"SliceThickness": 0.8,
	"SAR": 0.0493827,
	"EchoTime": 0.00207,
	"RepetitionTime": 2.3,
	"SpoilingState": true,
	"InversionTime": 1.1,
	"FlipAngle": 7,
	"PartialFourier": 1,
	"BaseResolution": 320,
	"ShimSetting": [
		2941,
		4338,
		-6638,
		386,
		-41,
		-286,
		-93,
		42	],
	"TxRefAmp": 221.862,
	"PhaseResolution": 1,
	"ReceiveCoilName": "HeadNeck_64",
	"ReceiveCoilActiveElements": "HC1-7;NC1,2",
	"PulseSequenceDetails": "%SiemensSeq%\\tfl",
	"RefLinesPE": 32,
	"CoilCombinationMethod": "Adaptive Combine",
	"ConsistencyInfo": "N4_VE11C_LATEST_20160120",
	"MatrixCoilMode": "GRAPPA",
	"PercentPhaseFOV": 87.5,
	"PercentSampling": 100,
	"PhaseEncodingSteps": 279,
	"AcquisitionMatrixPE": 280,
	"ReconMatrixPE": 280,
	"ParallelReductionFactorInPlane": 2,
	"PixelBandwidth": 240,
	"DwellTime": 6.5e-06,
	"ImageOrientationPatientDICOM": [
		0.0470694,
		0.998892,
		6.16999e-09,
		-0.0644158,
		0.00303538,
		-0.997919	],
	"ImageOrientationText": "Sag>Tra(3.7)>Cor(2.7)",
	"InPlanePhaseEncodingDirectionDICOM": "ROW",
	"ConversionSoftware": "dcm2niix",
	"ConversionSoftwareVersion": "v1.0.20220720"
}
