{
  "bids_meta": {
    "AcquisitionMatrixPE": 280,
    "AcquisitionNumber": 1,
    "AcquisitionTime": "12:04:0.085000",
    "BaseResolution": 320,
    "BodyPartExamined": "HEAD",
    "CoilCombinationMethod": "Adaptive Combine",
    "ConsistencyInfo": "N4_VE11C_LATEST_20160120",
    "ConversionSoftware": "dcm2niix",
    "ConversionSoftwareVersion": "v1.0.20220720",
    "DeviceSerialNumber": "167076",
    "DwellTime": 6.5e-6,
    "EchoTime": 0.00207,
    "FileSize": 0.01836079079657793,
    "FileSizeUnits": "GB",
    "FlipAngle": 7,
    "ImageOrientationPatientDICOM": [
      0.0261608,
      0.998986,
      -0.0366437,
      0.0000353516,
      -0.0366571,
      -0.999328
    ],
    "ImageOrientationText": "Sag>Cor(1.5)>Tra(-0.1)",
    "ImageType": [
      "ORIGINAL",
      "PRIMARY",
      "M",
      "NORM",
      "DIS3D",
      "DIS2D"
    ],
    "ImagingFrequency": 123.249,
    "InPlanePhaseEncodingDirectionDICOM": "ROW",
    "InstitutionAddress": "Tian Sheng 2,Chong Qing//77D79B/,Chong Qing,CN,400715",
    "InstitutionName": "Chong Qing Southwest Normal University Hospital",
    "InstitutionalDepartmentName": "Department",
    "InversionTime": 1.1,
    "MRAcquisitionType": "3D",
    "MagneticFieldStrength": 3,
    "Manufacturer": "Siemens",
    "ManufacturersModelName": "Prisma_fit",
    "MatrixCoilMode": "GRAPPA",
    "Modality": "MR",
    "NonlinearGradientCorrection": true,
    "NumberOfVolumes": 1,
    "ParallelReductionFactorInPlane": 2,
    "PartialFourier": 1,
    "PatientPosition": "HFS",
    "PercentPhaseFOV": 87.5,
    "PercentSampling": 100,
    "PhaseEncodingSteps": 279,
    "PhaseResolution": 1,
    "PixelBandwidth": 240,
    "ProcedureStepDescription": "SWU-fMRI^HeQingHua",
    "ProtocolName": "T1ISO_MPR",
    "PulseSequenceDetails": "%SiemensSeq%\\tfl",
    "ReceiveCoilActiveElements": "HC1-7;NC1,2",
    "ReceiveCoilName": "HeadNeck_64",
    "ReconMatrixPE": 280,
    "RefLinesPE": 32,
    "RepetitionTime": 2.3,
    "SAR": 0.0432695,
    "ScanOptions": "IR\\WE",
    "ScanningSequence": "GR\\IR",
    "SequenceName": "*tfl3d1_16ns",
    "SequenceVariant": "SK\\SP\\MP",
    "SeriesDescription": "T1ISO_MPR",
    "SeriesNumber": 6,
    "ShimSetting": [
      2948,
      4325,
      -6664,
      177,
      31,
      -278,
      17,
      25
    ],
    "SliceThickness": 0.8,
    "SoftwareVersions": "syngo MR E11",
    "SpoilingState": true,
    "StationName": "MRC35409",
    "TxRefAmp": 219.869,
    "acquisition": "defaced",
    "dataset": "<unset>",
    "datatype": "anat",
    "extension": ".nii.gz",
    "modality": "T1w",
    "subject": "41",
    "suffix": "T1w"
  },
  "cjv": 0.5766027522935779,
  "cnr": 1.8271102798257008,
  "efc": 0.5152,
  "fber": 19305.1821,
  "fwhm_avg": 4.50331659956202,
  "fwhm_x": 4.570662431891822,
  "fwhm_y": 4.299187435937116,
  "fwhm_z": 4.640099930857123,
  "icvs_csf": 0.2611147286071266,
  "icvs_gm": 0.38626136324137794,
  "icvs_wm": 0.3526239081514955,
  "inu_med": 0.5254939794540405,
  "inu_range": 0.27466878294944763,
  "provenance": {
    "md5sum": "dd06165867fe0019d2e8d6bcbc3e716a",
    "settings": {
      "testing": false
    },
    "software": "mriqc",
    "version": "24.1.0.dev0+gd5b13cb5.d20240826",
    "warnings": {
      "large_rot_frame": true,
      "small_air_mask": false
    }
  },
  "qi_1": 0.0,
  "qi_2": 0.0003753443556883835,
  "rpve_csf": 7.17524602995911,
  "rpve_gm": 7.096099769442693,
  "rpve_wm": 7.173037594942767,
  "size_x": 240,
  "size_y": 280,
  "size_z": 320,
  "snr_csf": 2.2301383397981565,
  "snr_gm": 7.928411822574527,
  "snr_total": 7.710494915250936,
  "snr_wm": 12.972934583380125,
  "snrd_csf": 50.188258038785584,
  "snrd_gm": 80.67136487362282,
  "snrd_total": 78.42142127390865,
  "snrd_wm": 104.40464090931752,
  "spacing_x": 0.800000011920929,
  "spacing_y": 0.800000011920929,
  "spacing_z": 0.800000011920929,
  "summary_bg_k": 9.9502,
  "summary_bg_mad": 0.0,
  "summary_bg_mean": 3.7979,
  "summary_bg_median": 0.0,
  "summary_bg_n": 5942944.0,
  "summary_bg_p05": 0.0,
  "summary_bg_p95": 17.0,
  "summary_bg_stdv": 6.0177,
  "summary_csf_k": -0.1936,
  "summary_csf_mad": 159.9612,
  "summary_csf_mean": 466.6762,
  "summary_csf_median": 461.0,
  "summary_csf_n": 772722.3000317558,
  "summary_csf_p05": 130.0,
  "summary_csf_p95": 791.0,
  "summary_csf_stdv": 206.7135,
  "summary_gm_k": -0.2677,
  "summary_gm_mad": 68.6144,
  "summary_gm_mean": 745.5865,
  "summary_gm_median": 741.0,
  "summary_gm_n": 1143071.3641066237,
  "summary_gm_p05": 595.0,
  "summary_gm_p95": 918.0,
  "summary_gm_stdv": 93.4613,
  "summary_wm_k": -0.0778,
  "summary_wm_mad": 57.085,
  "summary_wm_mean": 945.2013,
  "summary_wm_median": 959.0,
  "summary_wm_n": 1043527.3368396783,
  "summary_wm_p05": 800.0,
  "summary_wm_p95": 1044.0,
  "summary_wm_stdv": 73.9231,
  "tpm_overlap_csf": 0.2071700856111678,
  "tpm_overlap_gm": 0.5245559660003939,
  "tpm_overlap_wm": 0.5537469323114748,
  "wm2max": 0.7980674326702221
}
