{
	"Modality": "MR",
        "GradientSetType": "Siemens Prisma",
        "MatrixCoilMode": "GRAPPA",
	"MagneticFieldStrength": 3,
	"ImagingFrequency": 123.249,
	"Manufacturer": "Siemens",
	"ManufacturersModelName": "Prisma_fit",
	"InstitutionName": "Chong Qing Southwest Normal University Hospital",
	"InstitutionalDepartmentName": "Department",
	"InstitutionAddress": "Tian Sheng 2,Chong Qing//77D79B/,Chong Qing,CN,400715",
	"DeviceSerialNumber": "167076",
	"StationName": "MRC35409",
	"BodyPartExamined": "HEAD",
	"PatientPosition": "HFS",
	"ProcedureStepDescription": "SWU-fMRI^HeQingHua",
	"SoftwareVersions": "syngo MR E11",
	"MRAcquisitionType": "3D",
	"SeriesDescription": "T1ISO_MPR",
	"ProtocolName": "T1ISO_MPR",
	"ScanningSequence": "GR\\IR",
	"SequenceVariant": "SK\\SP\\MP",
	"ScanOptions": "IR\\WE",
	"SequenceName": "*tfl3d1_16ns",
	"ImageType": ["ORIGINAL", "PRIMARY", "M", "NORM", "DIS3D", "DIS2D"],
	"NonlinearGradientCorrection": true,
	"SeriesNumber": 6,
	"AcquisitionTime": "17:45:10.705000",
	"AcquisitionNumber": 1,
	"SliceThickness": 0.8,
	"SAR": 0.0522369,
	"EchoTime": 0.00207,
	"RepetitionTime": 2.3,
	"SpoilingState": true,
	"InversionTime": 1.1,
	"FlipAngle": 7,
	"PartialFourier": 1,
	"BaseResolution": 320,
	"ShimSetting": [
		2954,
		4371,
		-6629,
		153,
		15,
		-361,
		0,
		-21	],
	"TxRefAmp": 248.274,
	"PhaseResolution": 1,
	"ReceiveCoilName": "HeadNeck_64",
	"ReceiveCoilActiveElements": "HC1-7;NC1,2",
	"PulseSequenceDetails": "%SiemensSeq%\\tfl",
	"RefLinesPE": 32,
	"CoilCombinationMethod": "Adaptive Combine",
	"ConsistencyInfo": "N4_VE11C_LATEST_20160120",
	"MatrixCoilMode": "GRAPPA",
	"PercentPhaseFOV": 87.5,
	"PercentSampling": 100,
	"PhaseEncodingSteps": 279,
	"AcquisitionMatrixPE": 280,
	"ReconMatrixPE": 280,
	"ParallelReductionFactorInPlane": 2,
	"PixelBandwidth": 240,
	"DwellTime": 6.5e-06,
	"ImageOrientationPatientDICOM": [
		0.000195448,
		0.998724,
		-0.050504,
		0.059306,
		-0.0504267,
		-0.996965	],
	"ImageOrientationText": "Sag>Tra(-3.4)>Cor(-0.2)",
	"InPlanePhaseEncodingDirectionDICOM": "ROW",
	"ConversionSoftware": "dcm2niix",
	"ConversionSoftwareVersion": "v1.0.20220720"
}
