{
  "aor": 0.002240590361445783,
  "aqi": 0.017161593457831324,
  "bids_meta": {
    "AcquisitionMatrixPE": 90,
    "AcquisitionNumber": 1,
    "AcquisitionTime": "18:32:57.992500",
    "BandwidthPerPixelPhaseEncode": 22.222,
    "BaseResolution": 90,
    "BodyPartExamined": "HEAD",
    "CoilCombinationMethod": "Sum of Squares",
    "ConsistencyInfo": "N4_VE11C_LATEST_20160120",
    "ConversionSoftware": "dcm2niix",
    "ConversionSoftwareVersion": "v1.0.20220720",
    "DerivedVendorReportedEchoSpacing": 0.000500005,
    "DeviceSerialNumber": "167076",
    "DwellTime": 2.1e-6,
    "EchoTime": 0.03,
    "EchoTrainLength": 90,
    "EffectiveEchoSpacing": 0.000500005,
    "FileSize": 1.1444610627368093,
    "FileSizeUnits": "GB",
    "FlipAngle": 60,
    "ImageOrientationPatientDICOM": [
      0.999048,
      0.0436194,
      0.0000761302,
      -0.0436195,
      0.999047,
      0.00174367
    ],
    "ImageOrientationText": "Tra>Cor(0.1)",
    "ImageType": [
      "ORIGINAL",
      "PRIMARY",
      "M",
      "ND",
      "MOSAIC"
    ],
    "ImagingFrequency": 123.249,
    "InPlanePhaseEncodingDirectionDICOM": "COL",
    "InstitutionAddress": "Tian Sheng 2,Chong Qing//759083/,Chong Qing,CN,400715",
    "InstitutionName": "Chong Qing Southwest Normal University Hospital",
    "InstitutionalDepartmentName": "Department",
    "MRAcquisitionType": "2D",
    "MagneticFieldStrength": 3,
    "Manufacturer": "Siemens",
    "ManufacturersModelName": "Prisma_fit",
    "Modality": "MR",
    "MultibandAccelerationFactor": 6,
    "NonlinearGradientCorrection": false,
    "NumberOfVolumes": 2492,
    "PartialFourier": 1,
    "PatientPosition": "HFS",
    "PercentPhaseFOV": 100,
    "PercentSampling": 100,
    "PhaseEncodingDirection": "j",
    "PhaseEncodingSteps": 90,
    "PhaseResolution": 1,
    "PixelBandwidth": 2645,
    "ProcedureStepDescription": "SWU-fMRI^HeQingHua",
    "ProtocolName": "BOLD_PA_RUN1",
    "PulseSequenceDetails": "%SiemensSeq%\\ep2d_bold",
    "ReceiveCoilActiveElements": "HC1-7",
    "ReceiveCoilName": "HeadNeck_64",
    "ReconMatrixPE": 90,
    "RefLinesPE": 32,
    "RepetitionTime": 0.75,
    "SAR": 0.0896964,
    "ScanOptions": "FS",
    "ScanningSequence": "EP",
    "SequenceName": "*epfid2d1_90",
    "SequenceVariant": "SK",
    "SeriesDescription": "BOLD_PA_RUN1",
    "SeriesNumber": 4,
    "ShimSetting": [
      2944,
      4337,
      -6552,
      326,
      31,
      -40,
      -5,
      -9
    ],
    "SliceThickness": 2.4,
    "SliceTiming": [
      0.5125,
      0,
      0.365,
      0.075,
      0.4375,
      0.22,
      0.585,
      0.2925,
      0.6575,
      0.1475,
      0.5125,
      0,
      0.365,
      0.075,
      0.4375,
      0.22,
      0.585,
      0.2925,
      0.6575,
      0.1475,
      0.5125,
      0,
      0.365,
      0.075,
      0.4375,
      0.22,
      0.585,
      0.2925,
      0.6575,
      0.1475,
      0.5125,
      0,
      0.365,
      0.075,
      0.4375,
      0.22,
      0.585,
      0.2925,
      0.6575,
      0.1475,
      0.5125,
      0,
      0.365,
      0.075,
      0.4375,
      0.22,
      0.585,
      0.2925,
      0.6575,
      0.1475,
      0.5125,
      0,
      0.365,
      0.075,
      0.4375,
      0.22,
      0.585,
      0.2925,
      0.6575,
      0.1475
    ],
    "SoftwareVersions": "syngo MR E11",
    "SpacingBetweenSlices": 2.4,
    "StationName": "MRC35409",
    "TaskName": "run1",
    "TotalReadoutTime": 0.0445004,
    "TxRefAmp": 232.261,
    "acquisition": "multiband",
    "dataset": "<unset>",
    "datatype": "func",
    "extension": ".nii.gz",
    "modality": "bold",
    "subject": "13",
    "suffix": "bold",
    "task": "run1"
  },
  "dummy_trs": 2,
  "dvars_nstd": 30.756134420253076,
  "dvars_std": 0.9870324536118933,
  "dvars_vstd": 0.9838110333386896,
  "efc": 0.5261,
  "fber": 470.5642,
  "fd_mean": 0.07869681210209804,
  "fd_num": 20,
  "fd_perc": 0.8032128514056225,
  "fwhm_avg": 3.6824915203376007,
  "fwhm_x": 3.6791248538047134,
  "fwhm_y": 3.5621498584528823,
  "fwhm_z": 3.806199848755207,
  "gcor": 0.00672021,
  "gsr_x": 0.011299573816359043,
  "gsr_y": 0.048047106713056564,
  "provenance": {
    "md5sum": "904f993a3630343bc9464a247e75fb83",
    "settings": {
      "fd_thres": 0.2,
      "testing": false
    },
    "software": "mriqc",
    "version": "24.1.0.dev0+gd5b13cb5.d20240826"
  },
  "size_t": 2490,
  "size_x": 90,
  "size_y": 90,
  "size_z": 60,
  "snr": 1.8854965161372728,
  "spacing_tr": 0.75,
  "spacing_x": 2.4000000953674316,
  "spacing_y": 2.4000000953674316,
  "spacing_z": 2.4000000953674316,
  "summary_bg_k": 26.7157,
  "summary_bg_mad": 7.9322,
  "summary_bg_mean": 32.6371,
  "summary_bg_median": 12.0,
  "summary_bg_n": 376735.0,
  "summary_bg_p05": 6.0,
  "summary_bg_p95": 144.0,
  "summary_bg_stdv": 60.3835,
  "summary_fg_k": 0.693,
  "summary_fg_mad": 129.6771,
  "summary_fg_mean": 291.6407,
  "summary_fg_median": 270.0,
  "summary_fg_n": 109265.0,
  "summary_fg_p05": 89.0,
  "summary_fg_p95": 567.0,
  "summary_fg_stdv": 143.1977,
  "tsnr": 30.893013180233538
}
