{
	"Modality": "MR",
        "GradientSetType": "Siemens Prisma",
        "MatrixCoilMode": "GRAPPA",
	"MagneticFieldStrength": 3,
	"ImagingFrequency": 123.249,
	"Manufacturer": "Siemens",
	"ManufacturersModelName": "Prisma_fit",
	"InstitutionName": "Chong_Qing_Southwest_Normal_University_Hospital",
	"InstitutionalDepartmentName": "Department",
	"InstitutionAddress": "Tian_Sheng_2_Chong_Qing_759083_Chong_Qing_CN_400715",
	"DeviceSerialNumber": "167076",
	"StationName": "MRC35409",
	"BodyPartExamined": "HEAD",
	"PatientPosition": "HFS",
	"ProcedureStepDescription": "SWU-fMRI_HeQingHua",
	"SoftwareVersions": "syngo_MR_E11",
	"MRAcquisitionType": "3D",
	"SeriesDescription": "T1ISO_MPR",
	"ProtocolName": "T1ISO_MPR",
	"ScanningSequence": "GR_IR",
	"SequenceVariant": "SK_SP_MP",
	"ScanOptions": "IR_WE",
	"SequenceName": "_tfl3d1_16ns",
	"ImageType": ["ORIGINAL", "PRIMARY", "M", "NORM", "DIS3D", "DIS2D"],
	"SeriesNumber": 6,
	"AcquisitionTime": "16:19:21.955000",
	"AcquisitionNumber": 1,
	"SliceThickness": 0.8,
	"SAR": 0.0426977,
	"EchoTime": 0.00207,
	"RepetitionTime": 2.3,
	"InversionTime": 1.1,
	"FlipAngle": 7,
	"PartialFourier": 1,
	"BaseResolution": 320,
	"ShimSetting": [
		2962,
		4350,
		-6670,
		200,
		51,
		-285,
		4,
		-48	],
	"TxRefAmp": 239.43,
	"PhaseResolution": 1,
	"ReceiveCoilName": "HeadNeck_64",
	"ReceiveCoilActiveElements": "HC1-7;NC1,2",
	"CoilString": "HC1-7;NC1_2",
	"PulseSequenceDetails": "%SiemensSeq%_tfl",
	"RefLinesPE": 32,
	"ConsistencyInfo": "N4_VE11C_LATEST_20160120",
	"PercentPhaseFOV": 87.5,
	"PhaseEncodingSteps": 279,
	"AcquisitionMatrixPE": 280,
	"ReconMatrixPE": 280,
	"ParallelReductionFactorInPlane": 2,
	"PixelBandwidth": 240,
	"DwellTime": 6.5e-06,
	"ImageOrientationPatientDICOM": [
		0,
		1,
		0,
		0,
		0,
		-1	],
	"InPlanePhaseEncodingDirectionDICOM": "ROW",
	"ConversionSoftware": "dcm2niix",
	"ConversionSoftwareVersion": "v1.0.20190902"
}
