{
  "aor": 0.000715,
  "aqi": 0.0059674841164658625,
  "bids_meta": {
    "AcquisitionMatrixPE": 90,
    "AcquisitionNumber": 1,
    "AcquisitionTime": "18:23:25.925000",
    "BandwidthPerPixelPhaseEncode": 22.222,
    "BaseResolution": 90,
    "BodyPartExamined": "HEAD",
    "CoilCombinationMethod": "Sum of Squares",
    "ConsistencyInfo": "N4_VE11C_LATEST_20160120",
    "ConversionSoftware": "dcm2niix",
    "ConversionSoftwareVersion": "v1.0.20220720",
    "DerivedVendorReportedEchoSpacing": 0.000500005,
    "DeviceSerialNumber": "167076",
    "DwellTime": 2.1e-6,
    "EchoTime": 0.03,
    "EchoTrainLength": 90,
    "EffectiveEchoSpacing": 0.000500005,
    "FileSize": 0.21570940408855677,
    "FileSizeUnits": "GB",
    "FlipAngle": 60,
    "ImageOrientationPatientDICOM": [
      0.999035,
      0.043457,
      -0.0064232,
      -0.0436188,
      0.998665,
      -0.0276763
    ],
    "ImageOrientationText": "Tra>Cor(-1.6)>Sag(-0.3)",
    "ImageType": [
      "ORIGINAL",
      "PRIMARY",
      "M",
      "ND",
      "MOSAIC"
    ],
    "ImagingFrequency": 123.249,
    "InPlanePhaseEncodingDirectionDICOM": "COL",
    "InstitutionAddress": "Tian Sheng 2,Chong Qing//464ed4/,Chong Qing,CN,400715",
    "InstitutionName": "Chong Qing Southwest Normal University Hospital",
    "InstitutionalDepartmentName": "Department",
    "MRAcquisitionType": "2D",
    "MagneticFieldStrength": 3,
    "Manufacturer": "Siemens",
    "ManufacturersModelName": "Prisma_fit",
    "Modality": "MR",
    "MultibandAccelerationFactor": 6,
    "NonlinearGradientCorrection": false,
    "NumberOfVolumes": 500,
    "PartialFourier": 1,
    "PatientPosition": "HFS",
    "PercentPhaseFOV": 100,
    "PercentSampling": 100,
    "PhaseEncodingDirection": "j",
    "PhaseEncodingSteps": 90,
    "PhaseResolution": 1,
    "PixelBandwidth": 2645,
    "ProcedureStepDescription": "SWU-fMRI^HeQingHua",
    "ProtocolName": "CCBD_BOLD_PA_REST1",
    "PulseSequenceDetails": "%SiemensSeq%\\ep2d_bold",
    "ReceiveCoilActiveElements": "HC1-7",
    "ReceiveCoilName": "HeadNeck_64",
    "ReconMatrixPE": 90,
    "RefLinesPE": 32,
    "RepetitionTime": 0.75,
    "SAR": 0.0784566,
    "ScanOptions": "FS",
    "ScanningSequence": "EP",
    "SequenceName": "*epfid2d1_90",
    "SequenceVariant": "SK",
    "SeriesDescription": "CCBD_BOLD_PA_REST1",
    "SeriesNumber": 3,
    "ShimSetting": [
      2964,
      4340,
      -6610,
      551,
      183,
      -55,
      -19,
      -51
    ],
    "SliceThickness": 2.4,
    "SliceTiming": [
      0.51,
      0,
      0.365,
      0.0725,
      0.4375,
      0.2175,
      0.5825,
      0.2925,
      0.6575,
      0.145,
      0.51,
      0,
      0.365,
      0.0725,
      0.4375,
      0.2175,
      0.5825,
      0.2925,
      0.6575,
      0.145,
      0.51,
      0,
      0.365,
      0.0725,
      0.4375,
      0.2175,
      0.5825,
      0.2925,
      0.6575,
      0.145,
      0.51,
      0,
      0.365,
      0.0725,
      0.4375,
      0.2175,
      0.5825,
      0.2925,
      0.6575,
      0.145,
      0.51,
      0,
      0.365,
      0.0725,
      0.4375,
      0.2175,
      0.5825,
      0.2925,
      0.6575,
      0.145,
      0.51,
      0,
      0.365,
      0.0725,
      0.4375,
      0.2175,
      0.5825,
      0.2925,
      0.6575,
      0.145
    ],
    "SoftwareVersions": "syngo MR E11",
    "SpacingBetweenSlices": 2.4,
    "StationName": "MRC35409",
    "TaskName": "rest",
    "TotalReadoutTime": 0.0445004,
    "TxRefAmp": 214.537,
    "acquisition": "multiband",
    "dataset": "<unset>",
    "datatype": "func",
    "extension": ".nii.gz",
    "modality": "bold",
    "subject": "02",
    "suffix": "bold",
    "task": "rest"
  },
  "dummy_trs": 2,
  "dvars_nstd": 29.485737338430585,
  "dvars_std": 1.0406575075653932,
  "dvars_vstd": 0.9938177077665994,
  "efc": 0.4904,
  "fber": 827.3888,
  "fd_mean": 0.056131967109823634,
  "fd_num": 1,
  "fd_perc": 0.20080321285140562,
  "fwhm_avg": 3.7146665190590813,
  "fwhm_x": 3.5777123578344843,
  "fwhm_y": 3.6810873537267303,
  "fwhm_z": 3.885199845616029,
  "gcor": 0.00760385,
  "gsr_x": -0.012815224938094616,
  "gsr_y": 0.04837001860141754,
  "provenance": {
    "md5sum": "9c018687890c13a70c0df050255a5ba3",
    "settings": {
      "fd_thres": 0.2,
      "testing": false
    },
    "software": "mriqc",
    "version": "24.1.0.dev0+gd5b13cb5.d20240826"
  },
  "size_t": 498,
  "size_x": 90,
  "size_y": 90,
  "size_z": 60,
  "snr": 2.0184762634438282,
  "spacing_tr": 0.75,
  "spacing_x": 2.4000000953674316,
  "spacing_y": 2.4000000953674316,
  "spacing_z": 2.4000000953674316,
  "summary_bg_k": 55.0736,
  "summary_bg_mad": 5.9185,
  "summary_bg_mean": 24.4545,
  "summary_bg_median": 10.0,
  "summary_bg_n": 385051.0,
  "summary_bg_p05": 6.0,
  "summary_bg_p95": 98.0,
  "summary_bg_stdv": 46.3013,
  "summary_fg_k": 1.4686,
  "summary_fg_mad": 122.4814,
  "summary_fg_mean": 305.9823,
  "summary_fg_median": 289.0,
  "summary_fg_n": 100949.0,
  "summary_fg_p05": 91.0,
  "summary_fg_p95": 571.0,
  "summary_fg_stdv": 143.1766,
  "tsnr": 41.25931998365559
}
