{
  "bids_meta": {
    "AcquisitionMatrixPE": 280,
    "AcquisitionNumber": 1,
    "AcquisitionTime": "20:40:25.250000",
    "BaseResolution": 320,
    "BodyPartExamined": "HEAD",
    "CoilCombinationMethod": "Adaptive Combine",
    "ConsistencyInfo": "N4_VE11C_LATEST_20160120",
    "ConversionSoftware": "dcm2niix",
    "ConversionSoftwareVersion": "v1.0.20220720",
    "DeviceSerialNumber": "167076",
    "DwellTime": 6.5e-6,
    "EchoTime": 0.00207,
    "FileSize": 0.017889956012368202,
    "FileSizeUnits": "GB",
    "FlipAngle": 7,
    "ImageOrientationPatientDICOM": [
      0,
      1,
      0,
      0,
      0,
      -1
    ],
    "ImageOrientationText": "Sag",
    "ImageType": [
      "ORIGINAL",
      "PRIMARY",
      "M",
      "NORM",
      "DIS3D",
      "DIS2D"
    ],
    "ImagingFrequency": 123.249,
    "InPlanePhaseEncodingDirectionDICOM": "ROW",
    "InstitutionAddress": "Tian Sheng 2,Chong Qing//759083/,Chong Qing,CN,400715",
    "InstitutionName": "Chong Qing Southwest Normal University Hospital",
    "InstitutionalDepartmentName": "Department",
    "InversionTime": 1.1,
    "MRAcquisitionType": "3D",
    "MagneticFieldStrength": 3,
    "Manufacturer": "Siemens",
    "ManufacturersModelName": "Prisma_fit",
    "MatrixCoilMode": "GRAPPA",
    "Modality": "MR",
    "NonlinearGradientCorrection": true,
    "NumberOfVolumes": 1,
    "ParallelReductionFactorInPlane": 2,
    "PartialFourier": 1,
    "PatientPosition": "HFS",
    "PercentPhaseFOV": 87.5,
    "PercentSampling": 100,
    "PhaseEncodingSteps": 279,
    "PhaseResolution": 1,
    "PixelBandwidth": 240,
    "ProcedureStepDescription": "SWU-fMRI^HeQingHua",
    "ProtocolName": "T1ISO_MPR",
    "PulseSequenceDetails": "%SiemensSeq%\\tfl",
    "ReceiveCoilActiveElements": "HC1-7;NC1,2",
    "ReceiveCoilName": "HeadNeck_64",
    "ReconMatrixPE": 280,
    "RefLinesPE": 32,
    "RepetitionTime": 2.3,
    "SAR": 0.0376152,
    "ScanOptions": "IR\\WE",
    "ScanningSequence": "GR\\IR",
    "SequenceName": "*tfl3d1_16ns",
    "SequenceVariant": "SK\\SP\\MP",
    "SeriesDescription": "T1ISO_MPR",
    "SeriesNumber": 6,
    "ShimSetting": [
      2919,
      4367,
      -6664,
      -125,
      31,
      -350,
      30,
      -3
    ],
    "SliceThickness": 0.8,
    "SoftwareVersions": "syngo MR E11",
    "SpoilingState": true,
    "StationName": "MRC35409",
    "TxRefAmp": 220.268,
    "acquisition": "defaced",
    "dataset": "<unset>",
    "datatype": "anat",
    "extension": ".nii.gz",
    "modality": "T1w",
    "subject": "31",
    "suffix": "T1w"
  },
  "cjv": 0.5696444444444444,
  "cnr": 1.877920252189345,
  "efc": 0.5126,
  "fber": 15692.9308,
  "fwhm_avg": 4.651258264024184,
  "fwhm_x": 4.642974930814282,
  "fwhm_y": 4.553774932143465,
  "fwhm_z": 4.757024929114804,
  "icvs_csf": 0.2624351090776037,
  "icvs_gm": 0.3860793392205907,
  "icvs_wm": 0.3514855517018057,
  "inu_med": 0.5418869256973267,
  "inu_range": 0.262057900428772,
  "provenance": {
    "md5sum": "4ece250b0b3cbbdaf62df361cb6e1ef5",
    "settings": {
      "testing": false
    },
    "software": "mriqc",
    "version": "24.1.0.dev0+gd5b13cb5.d20240826",
    "warnings": {
      "large_rot_frame": true,
      "small_air_mask": false
    }
  },
  "qi_1": 0.0,
  "qi_2": 0.00032874219231196825,
  "rpve_csf": 7.7395100461671404,
  "rpve_gm": 7.664556709024745,
  "rpve_wm": 7.741304818301423,
  "size_x": 240,
  "size_y": 280,
  "size_z": 320,
  "snr_csf": 2.013523873987965,
  "snr_gm": 7.391250775135187,
  "snr_total": 7.3081059074620365,
  "snr_wm": 12.519543073262957,
  "snrd_csf": 63.336627546202614,
  "snrd_gm": 106.78849993255092,
  "snrd_total": 103.79351211835063,
  "snrd_wm": 141.2554088762984,
  "spacing_x": 0.800000011920929,
  "spacing_y": 0.800000011920929,
  "spacing_z": 0.800000011920929,
  "summary_bg_k": 9.4923,
  "summary_bg_mad": 4.4478,
  "summary_bg_mean": 4.1573,
  "summary_bg_median": 3.0,
  "summary_bg_n": 5740138.0,
  "summary_bg_p05": 0.0,
  "summary_bg_p95": 17.0,
  "summary_bg_stdv": 6.1331,
  "summary_csf_k": -0.6586,
  "summary_csf_mad": 163.1956,
  "summary_csf_mean": 433.6712,
  "summary_csf_median": 430.0,
  "summary_csf_n": 720820.2793824917,
  "summary_csf_p05": 74.0,
  "summary_csf_p95": 771.0,
  "summary_csf_stdv": 213.5558,
  "summary_gm_k": -0.2312,
  "summary_gm_mad": 73.1347,
  "summary_gm_mean": 729.3179,
  "summary_gm_median": 725.0,
  "summary_gm_n": 1060429.0643082391,
  "summary_gm_p05": 570.0,
  "summary_gm_p95": 907.0,
  "summary_gm_stdv": 98.0889,
  "summary_wm_k": -0.2181,
  "summary_wm_mad": 60.1621,
  "summary_wm_mean": 944.8737,
  "summary_wm_median": 959.0,
  "summary_wm_n": 965411.6572553761,
  "summary_wm_p05": 794.0,
  "summary_wm_p95": 1047.0,
  "summary_wm_stdv": 76.6002,
  "tpm_overlap_csf": 0.19795445235034653,
  "tpm_overlap_gm": 0.534233087592232,
  "tpm_overlap_wm": 0.5547918232432305,
  "wm2max": 0.8537131724376505
}
