{
  "bids_meta": {
    "AcquisitionMatrixPE": 280,
    "AcquisitionNumber": 1,
    "AcquisitionTime": "16:58:2.732500",
    "BaseResolution": 320,
    "BodyPartExamined": "HEAD",
    "CoilString": "HC1-7;NC1_2",
    "ConsistencyInfo": "N4_VE11C_LATEST_20160120",
    "ConversionSoftware": "dcm2niix",
    "ConversionSoftwareVersion": "v1.0.20190902",
    "DeviceSerialNumber": "167076",
    "DwellTime": 6.5e-6,
    "EchoTime": 0.00207,
    "FileSize": 0.01810618583112955,
    "FileSizeUnits": "GB",
    "FlipAngle": 7,
    "ImageOrientationPatientDICOM": [
      0,
      1,
      0,
      0,
      0,
      -1
    ],
    "ImageType": [
      "ORIGINAL",
      "PRIMARY",
      "M",
      "NORM",
      "DIS3D",
      "DIS2D"
    ],
    "ImagingFrequency": 123.249,
    "InPlanePhaseEncodingDirectionDICOM": "ROW",
    "InstitutionAddress": "Tian_Sheng_2_Chong_Qing_759083_Chong_Qing_CN_400715",
    "InstitutionName": "Chong_Qing_Southwest_Normal_University_Hospital",
    "InstitutionalDepartmentName": "Department",
    "InversionTime": 1.1,
    "MRAcquisitionType": "3D",
    "MagneticFieldStrength": 3,
    "Manufacturer": "Siemens",
    "ManufacturersModelName": "Prisma_fit",
    "Modality": "MR",
    "NumberOfVolumes": 1,
    "ParallelReductionFactorInPlane": 2,
    "PartialFourier": 1,
    "PatientPosition": "HFS",
    "PercentPhaseFOV": 87.5,
    "PhaseEncodingSteps": 279,
    "PhaseResolution": 1,
    "PixelBandwidth": 240,
    "ProcedureStepDescription": "SWU-fMRI_HeQingHua",
    "ProtocolName": "T1ISO_MPR",
    "PulseSequenceDetails": "%SiemensSeq%_tfl",
    "ReceiveCoilActiveElements": "HC1-7;NC1,2",
    "ReceiveCoilName": "HeadNeck_64",
    "ReconMatrixPE": 280,
    "RefLinesPE": 32,
    "RepetitionTime": 2.3,
    "SAR": 0.0438723,
    "ScanOptions": "IR_WE",
    "ScanningSequence": "GR_IR",
    "SequenceName": "_tfl3d1_16ns",
    "SequenceVariant": "SK_SP_MP",
    "SeriesDescription": "T1ISO_MPR",
    "SeriesNumber": 6,
    "ShimSetting": [
      2937,
      4307,
      -6646,
      130,
      5,
      -355,
      28,
      -4
    ],
    "SliceThickness": 0.8,
    "SoftwareVersions": "syngo_MR_E11",
    "StationName": "MRC35409",
    "TxRefAmp": 212.927,
    "acquisition": "defaced",
    "dataset": "<unset>",
    "datatype": "anat",
    "extension": ".nii.gz",
    "modality": "T1w",
    "subject": "09",
    "suffix": "T1w"
  },
  "cjv": 0.5561491525423728,
  "cnr": 1.810142791435475,
  "efc": 0.5184,
  "fber": 10595.9935,
  "fwhm_avg": 4.507624932831154,
  "fwhm_x": 4.5056249328609566,
  "fwhm_y": 4.342962435284817,
  "fwhm_z": 4.67428743034769,
  "icvs_csf": 0.26800610664161884,
  "icvs_gm": 0.3830672283134843,
  "icvs_wm": 0.3489266650448969,
  "inu_med": 0.5339404940605164,
  "inu_range": 0.25534186959266664,
  "provenance": {
    "md5sum": "daa3d966a4c921459f61f0d90c96b4a3",
    "settings": {
      "testing": false
    },
    "software": "mriqc",
    "version": "24.1.0.dev0+gd5b13cb5.d20240826",
    "warnings": {
      "large_rot_frame": true,
      "small_air_mask": false
    }
  },
  "qi_1": 0.0,
  "qi_2": 0.0002710148323700166,
  "rpve_csf": 7.725206210248836,
  "rpve_gm": 7.6439056430718155,
  "rpve_wm": 7.725688972038763,
  "size_x": 240,
  "size_y": 280,
  "size_z": 320,
  "snr_csf": 2.153650757837672,
  "snr_gm": 7.008376721682815,
  "snr_total": 7.09481415517615,
  "snr_wm": 12.122414986007962,
  "snrd_csf": 48.16529583164711,
  "snrd_gm": 79.980904087414,
  "snrd_total": 78.06607581276137,
  "snrd_wm": 106.05202751922299,
  "spacing_x": 0.800000011920929,
  "spacing_y": 0.800000011920929,
  "spacing_z": 0.800000011920929,
  "summary_bg_k": 7.9356,
  "summary_bg_mad": 5.9304,
  "summary_bg_mean": 5.6369,
  "summary_bg_median": 4.0,
  "summary_bg_n": 5741015.0,
  "summary_bg_p05": 0.0,
  "summary_bg_p95": 20.0,
  "summary_bg_stdv": 7.3979,
  "summary_csf_k": -0.5591,
  "summary_csf_mad": 152.7261,
  "summary_csf_mean": 441.0844,
  "summary_csf_median": 436.0,
  "summary_csf_n": 737088.8871325289,
  "summary_csf_p05": 108.0,
  "summary_csf_p95": 763.0,
  "summary_csf_stdv": 202.4468,
  "summary_gm_k": -0.2989,
  "summary_gm_mad": 71.568,
  "summary_gm_mean": 728.1968,
  "summary_gm_median": 724.0,
  "summary_gm_n": 1053537.923268654,
  "summary_gm_p05": 559.0,
  "summary_gm_p95": 920.0,
  "summary_gm_stdv": 103.3049,
  "summary_wm_k": -0.4177,
  "summary_wm_mad": 59.6832,
  "summary_wm_mean": 943.0939,
  "summary_wm_median": 960.0,
  "summary_wm_n": 959642.1904398075,
  "summary_wm_p05": 784.0,
  "summary_wm_p95": 1046.0,
  "summary_wm_stdv": 79.1921,
  "tpm_overlap_csf": 0.19308570010311585,
  "tpm_overlap_gm": 0.5271692039145361,
  "tpm_overlap_wm": 0.5446233255960079,
  "wm2max": 0.8676764297775896
}
