{
  "aor": 0.001127379255740301,
  "aqi": 0.004630880197941409,
  "bids_meta": {
    "AcquisitionMatrixPE": 90,
    "AcquisitionNumber": 1,
    "AcquisitionTime": "12:11:51.425000",
    "BandwidthPerPixelPhaseEncode": 22.222,
    "BaseResolution": 90,
    "BodyPartExamined": "HEAD",
    "CoilCombinationMethod": "Sum of Squares",
    "ConsistencyInfo": "N4_VE11C_LATEST_20160120",
    "ConversionSoftware": "dcm2niix",
    "ConversionSoftwareVersion": "v1.0.20220720",
    "DerivedVendorReportedEchoSpacing": 0.000500005,
    "DeviceSerialNumber": "167076",
    "DwellTime": 2.1e-6,
    "EchoTime": 0.03,
    "EchoTrainLength": 90,
    "EffectiveEchoSpacing": 0.000500005,
    "FileSize": 0.5640816437080503,
    "FileSizeUnits": "GB",
    "FlipAngle": 60,
    "ImageOrientationPatientDICOM": [
      0.999048,
      0.0431939,
      -0.00608006,
      -0.0436194,
      0.989815,
      -0.135514
    ],
    "ImageOrientationText": "Tra>Cor(-7.8)>Sag(-0.0)",
    "ImageType": [
      "ORIGINAL",
      "PRIMARY",
      "M",
      "ND",
      "MOSAIC"
    ],
    "ImagingFrequency": 123.249,
    "InPlanePhaseEncodingDirectionDICOM": "COL",
    "InstitutionAddress": "Tian Sheng 2,Chong Qing//77D79B/,Chong Qing,CN,400715",
    "InstitutionName": "Chong Qing Southwest Normal University Hospital",
    "InstitutionalDepartmentName": "Department",
    "MRAcquisitionType": "2D",
    "MagneticFieldStrength": 3,
    "Manufacturer": "Siemens",
    "ManufacturersModelName": "Prisma_fit",
    "Modality": "MR",
    "MultibandAccelerationFactor": 6,
    "NonlinearGradientCorrection": false,
    "NumberOfVolumes": 1264,
    "PartialFourier": 1,
    "PatientPosition": "HFS",
    "PercentPhaseFOV": 100,
    "PercentSampling": 100,
    "PhaseEncodingDirection": "j",
    "PhaseEncodingSteps": 90,
    "PhaseResolution": 1,
    "PixelBandwidth": 2645,
    "ProcedureStepDescription": "SWU-fMRI^HeQingHua",
    "ProtocolName": "BOLD_PA_RUN2",
    "PulseSequenceDetails": "%SiemensSeq%\\ep2d_bold",
    "ReceiveCoilActiveElements": "HC1-7",
    "ReceiveCoilName": "HeadNeck_64",
    "ReconMatrixPE": 90,
    "RefLinesPE": 32,
    "RepetitionTime": 0.75,
    "SAR": 0.0828309,
    "ScanOptions": "FS",
    "ScanningSequence": "EP",
    "SequenceName": "*epfid2d1_90",
    "SequenceVariant": "SK",
    "SeriesDescription": "BOLD_PA_RUN2",
    "SeriesNumber": 7,
    "ShimSetting": [
      2953,
      4320,
      -6613,
      670,
      36,
      -17,
      6,
      17
    ],
    "SliceThickness": 2.4,
    "SliceTiming": [
      0.51,
      0,
      0.365,
      0.0725,
      0.4375,
      0.2175,
      0.5825,
      0.29,
      0.655,
      0.145,
      0.51,
      0,
      0.365,
      0.0725,
      0.4375,
      0.2175,
      0.5825,
      0.29,
      0.655,
      0.145,
      0.51,
      0,
      0.365,
      0.0725,
      0.4375,
      0.2175,
      0.5825,
      0.29,
      0.655,
      0.145,
      0.51,
      0,
      0.365,
      0.0725,
      0.4375,
      0.2175,
      0.5825,
      0.29,
      0.655,
      0.145,
      0.51,
      0,
      0.365,
      0.0725,
      0.4375,
      0.2175,
      0.5825,
      0.29,
      0.655,
      0.145,
      0.51,
      0,
      0.365,
      0.0725,
      0.4375,
      0.2175,
      0.5825,
      0.29,
      0.655,
      0.145
    ],
    "SoftwareVersions": "syngo MR E11",
    "SpacingBetweenSlices": 2.4,
    "StationName": "MRC35409",
    "TaskName": "run2",
    "TotalReadoutTime": 0.0445004,
    "TxRefAmp": 219.869,
    "acquisition": "multiband",
    "dataset": "<unset>",
    "datatype": "func",
    "extension": ".nii.gz",
    "modality": "bold",
    "subject": "41",
    "suffix": "bold",
    "task": "run2"
  },
  "dummy_trs": 1,
  "dvars_nstd": 29.83562020916008,
  "dvars_std": 1.0631656072583193,
  "dvars_vstd": 1.0213350905229794,
  "efc": 0.5032,
  "fber": 759.6628,
  "fd_mean": 0.06684988136762761,
  "fd_num": 1,
  "fd_perc": 0.0791765637371338,
  "fwhm_avg": 3.3949444244828286,
  "fwhm_x": 3.295774869037673,
  "fwhm_y": 3.417945697516374,
  "fwhm_z": 3.4711127068944396,
  "gcor": 0.0126068,
  "gsr_x": -0.013764754869043827,
  "gsr_y": 0.044324494898319244,
  "provenance": {
    "md5sum": "09a62b55fb218c374740c995bf7e1752",
    "settings": {
      "fd_thres": 0.2,
      "testing": false
    },
    "software": "mriqc",
    "version": "24.1.0.dev0+gd5b13cb5.d20240826"
  },
  "size_t": 1263,
  "size_x": 90,
  "size_y": 90,
  "size_z": 60,
  "snr": 1.9906845966473519,
  "spacing_tr": 0.75,
  "spacing_x": 2.4000000953674316,
  "spacing_y": 2.4000000953674316,
  "spacing_z": 2.3999998569488525,
  "summary_bg_k": 35.0063,
  "summary_bg_mad": 6.8789,
  "summary_bg_mean": 28.1131,
  "summary_bg_median": 11.0,
  "summary_bg_n": 382011.0,
  "summary_bg_p05": 6.0,
  "summary_bg_p95": 122.0,
  "summary_bg_stdv": 50.814,
  "summary_fg_k": 0.7695,
  "summary_fg_mad": 142.5364,
  "summary_fg_mean": 320.0939,
  "summary_fg_median": 300.0,
  "summary_fg_n": 103989.0,
  "summary_fg_p05": 105.0,
  "summary_fg_p95": 595.0,
  "summary_fg_stdv": 150.7012,
  "tsnr": 43.703376066172495
}
