{
  "bids_meta": {
    "AcquisitionMatrixPE": 280,
    "AcquisitionNumber": 1,
    "AcquisitionTime": "19:01:33.345000",
    "BaseResolution": 320,
    "BodyPartExamined": "HEAD",
    "CoilCombinationMethod": "Adaptive Combine",
    "ConsistencyInfo": "N4_VE11C_LATEST_20160120",
    "ConversionSoftware": "dcm2niix",
    "ConversionSoftwareVersion": "v1.0.20220720",
    "DeviceSerialNumber": "167076",
    "DwellTime": 6.5e-6,
    "EchoTime": 0.00207,
    "FileSize": 0.01948634721338749,
    "FileSizeUnits": "GB",
    "FlipAngle": 7,
    "ImageOrientationPatientDICOM": [
      0,
      1,
      0,
      0,
      0,
      -1
    ],
    "ImageOrientationText": "Sag",
    "ImageType": [
      "ORIGINAL",
      "PRIMARY",
      "M",
      "NORM",
      "DIS3D",
      "DIS2D"
    ],
    "ImagingFrequency": 123.249,
    "InPlanePhaseEncodingDirectionDICOM": "ROW",
    "InstitutionAddress": "Tian Sheng 2,Chong Qing//77D79B/,Chong Qing,CN,400715",
    "InstitutionName": "Chong Qing Southwest Normal University Hospital",
    "InstitutionalDepartmentName": "Department",
    "InversionTime": 1.1,
    "MRAcquisitionType": "3D",
    "MagneticFieldStrength": 3,
    "Manufacturer": "Siemens",
    "ManufacturersModelName": "Prisma_fit",
    "MatrixCoilMode": "GRAPPA",
    "Modality": "MR",
    "NonlinearGradientCorrection": true,
    "NumberOfVolumes": 1,
    "ParallelReductionFactorInPlane": 2,
    "PartialFourier": 1,
    "PatientPosition": "HFS",
    "PercentPhaseFOV": 87.5,
    "PercentSampling": 100,
    "PhaseEncodingSteps": 279,
    "PhaseResolution": 1,
    "PixelBandwidth": 240,
    "ProcedureStepDescription": "SWU-fMRI^HeQingHua",
    "ProtocolName": "T1ISO_MPR",
    "PulseSequenceDetails": "%SiemensSeq%\\tfl",
    "ReceiveCoilActiveElements": "HC1-7;NC1,2",
    "ReceiveCoilName": "HeadNeck_64",
    "ReconMatrixPE": 280,
    "RefLinesPE": 32,
    "RepetitionTime": 2.3,
    "SAR": 0.0474654,
    "ScanOptions": "IR\\WE",
    "ScanningSequence": "GR\\IR",
    "SequenceName": "*tfl3d1_16ns",
    "SequenceVariant": "SK\\SP\\MP",
    "SeriesDescription": "T1ISO_MPR",
    "SeriesNumber": 6,
    "ShimSetting": [
      2930,
      4343,
      -6636,
      -163,
      26,
      -296,
      183,
      -54
    ],
    "SliceThickness": 0.8,
    "SoftwareVersions": "syngo MR E11",
    "SpoilingState": true,
    "StationName": "MRC35409",
    "TxRefAmp": 251.745,
    "acquisition": "defaced",
    "dataset": "<unset>",
    "datatype": "anat",
    "extension": ".nii.gz",
    "modality": "T1w",
    "subject": "43",
    "suffix": "T1w"
  },
  "cjv": 0.6068741935483871,
  "cnr": 1.604326940003246,
  "efc": 0.5726,
  "fber": 13356.9628,
  "fwhm_avg": 4.626112431065553,
  "fwhm_x": 4.637112430901641,
  "fwhm_y": 4.500524932936953,
  "fwhm_z": 4.740699929358066,
  "icvs_csf": 0.2643154474273368,
  "icvs_gm": 0.38200516837844517,
  "icvs_wm": 0.353679384194218,
  "inu_med": 0.5648623406887054,
  "inu_range": 0.27878815680742264,
  "provenance": {
    "md5sum": "529124e3f064765adb88bbc4fcdc72f1",
    "settings": {
      "testing": false
    },
    "software": "mriqc",
    "version": "24.1.0.dev0+gd5b13cb5.d20240826",
    "warnings": {
      "large_rot_frame": true,
      "small_air_mask": false
    }
  },
  "qi_1": 0.0,
  "qi_2": 0.0012156274064480136,
  "rpve_csf": 7.263095586271487,
  "rpve_gm": 7.170248465427409,
  "rpve_wm": 7.242209564043603,
  "size_x": 240,
  "size_y": 280,
  "size_z": 320,
  "snr_csf": 2.0468137490647473,
  "snr_gm": 7.247691933585437,
  "snr_total": 7.0580988047914905,
  "snr_wm": 11.879790731724286,
  "snrd_csf": 45.62446600566572,
  "snrd_gm": 80.97514184540671,
  "snrd_total": 77.18230891676784,
  "snrd_wm": 104.94731889923108,
  "spacing_x": 0.800000011920929,
  "spacing_y": 0.800000011920929,
  "spacing_z": 0.800000011920929,
  "summary_bg_k": 545.7285,
  "summary_bg_mad": 5.9304,
  "summary_bg_mean": 6.7119,
  "summary_bg_median": 4.0,
  "summary_bg_n": 5196708.0,
  "summary_bg_p05": 0.0,
  "summary_bg_p95": 18.0,
  "summary_bg_stdv": 40.8878,
  "summary_csf_k": -0.7892,
  "summary_csf_mad": 166.3225,
  "summary_csf_mean": 420.5384,
  "summary_csf_median": 413.0,
  "summary_csf_n": 773882.8553913408,
  "summary_csf_p05": 93.0,
  "summary_csf_p95": 752.0,
  "summary_csf_stdv": 201.7769,
  "summary_gm_k": -0.4784,
  "summary_gm_mad": 70.7681,
  "summary_gm_mean": 735.3286,
  "summary_gm_median": 733.0,
  "summary_gm_n": 1118463.7650065164,
  "summary_gm_p05": 569.0,
  "summary_gm_p95": 923.0,
  "summary_gm_stdv": 101.1356,
  "summary_wm_k": -0.3615,
  "summary_wm_mad": 60.9236,
  "summary_wm_mean": 934.1556,
  "summary_wm_median": 950.0,
  "summary_wm_n": 1035529.3812652299,
  "summary_wm_p05": 776.0,
  "summary_wm_p95": 1041.0,
  "summary_wm_stdv": 79.9677,
  "tpm_overlap_csf": 0.20392844190707707,
  "tpm_overlap_gm": 0.5372304043331044,
  "tpm_overlap_wm": 0.5666303001211798,
  "wm2max": 0.8203273360024804
}
