{
  "aor": 0.0003436817102137767,
  "aqi": 0.013473373460015835,
  "bids_meta": {
    "AcquisitionMatrixPE": 90,
    "AcquisitionNumber": 1,
    "AcquisitionTime": "17:21:3.612500",
    "BandwidthPerPixelPhaseEncode": 22.222,
    "BaseResolution": 90,
    "BodyPartExamined": "HEAD",
    "CoilCombinationMethod": "Sum of Squares",
    "ConsistencyInfo": "N4_VE11C_LATEST_20160120",
    "ConversionSoftware": "dcm2niix",
    "ConversionSoftwareVersion": "v1.0.20220720",
    "DerivedVendorReportedEchoSpacing": 0.000500005,
    "DeviceSerialNumber": "167076",
    "DwellTime": 2.1e-6,
    "EchoTime": 0.03,
    "EchoTrainLength": 90,
    "EffectiveEchoSpacing": 0.000500005,
    "FileSize": 0.530900739133358,
    "FileSizeUnits": "GB",
    "FlipAngle": 60,
    "ImageOrientationPatientDICOM": [
      0.997073,
      0.0482492,
      0.0593001,
      -0.0435332,
      0.995971,
      -0.0783984
    ],
    "ImageOrientationText": "Tra>Cor(-4.3)>Sag(3.6)",
    "ImageType": [
      "ORIGINAL",
      "PRIMARY",
      "M",
      "ND",
      "MOSAIC"
    ],
    "ImagingFrequency": 123.249,
    "InPlanePhaseEncodingDirectionDICOM": "COL",
    "InstitutionAddress": "Tian Sheng 2,Chong Qing//759083/,Chong Qing,CN,400715",
    "InstitutionName": "Chong Qing Southwest Normal University Hospital",
    "InstitutionalDepartmentName": "Department",
    "MRAcquisitionType": "2D",
    "MagneticFieldStrength": 3,
    "Manufacturer": "Siemens",
    "ManufacturersModelName": "Prisma_fit",
    "Modality": "MR",
    "MultibandAccelerationFactor": 6,
    "NonlinearGradientCorrection": false,
    "NumberOfVolumes": 1264,
    "PartialFourier": 1,
    "PatientPosition": "HFS",
    "PercentPhaseFOV": 100,
    "PercentSampling": 100,
    "PhaseEncodingDirection": "j",
    "PhaseEncodingSteps": 90,
    "PhaseResolution": 1,
    "PixelBandwidth": 2645,
    "ProcedureStepDescription": "SWU-fMRI^HeQingHua",
    "ProtocolName": "BOLD_PA_RUN2",
    "PulseSequenceDetails": "%SiemensSeq%\\ep2d_bold",
    "ReceiveCoilActiveElements": "HC1-7",
    "ReceiveCoilName": "HeadNeck_64",
    "ReconMatrixPE": 90,
    "RefLinesPE": 32,
    "RepetitionTime": 0.75,
    "SAR": 0.083766,
    "ScanOptions": "FS",
    "ScanningSequence": "EP",
    "SequenceName": "*epfid2d1_90",
    "SequenceVariant": "SK",
    "SeriesDescription": "BOLD_PA_RUN2",
    "SeriesNumber": 7,
    "ShimSetting": [
      2968,
      4352,
      -6607,
      509,
      109,
      -352,
      -26,
      -40
    ],
    "SliceThickness": 2.4,
    "SliceTiming": [
      0.51,
      0,
      0.365,
      0.0725,
      0.4375,
      0.2175,
      0.5825,
      0.2925,
      0.6575,
      0.145,
      0.51,
      0,
      0.365,
      0.0725,
      0.4375,
      0.2175,
      0.5825,
      0.2925,
      0.6575,
      0.145,
      0.51,
      0,
      0.365,
      0.0725,
      0.4375,
      0.2175,
      0.5825,
      0.2925,
      0.6575,
      0.145,
      0.51,
      0,
      0.365,
      0.0725,
      0.4375,
      0.2175,
      0.5825,
      0.2925,
      0.6575,
      0.145,
      0.51,
      0,
      0.365,
      0.0725,
      0.4375,
      0.2175,
      0.5825,
      0.2925,
      0.6575,
      0.145,
      0.51,
      0,
      0.365,
      0.0725,
      0.4375,
      0.2175,
      0.5825,
      0.2925,
      0.6575,
      0.145
    ],
    "SoftwareVersions": "syngo MR E11",
    "SpacingBetweenSlices": 2.4,
    "StationName": "MRC35409",
    "TaskName": "run2",
    "TotalReadoutTime": 0.0445004,
    "TxRefAmp": 222.103,
    "acquisition": "multiband",
    "dataset": "<unset>",
    "datatype": "func",
    "extension": ".nii.gz",
    "modality": "bold",
    "subject": "28",
    "suffix": "bold",
    "task": "run2"
  },
  "dummy_trs": 1,
  "dvars_nstd": 30.271742175443713,
  "dvars_std": 0.952370764429476,
  "dvars_vstd": 0.9518079427575262,
  "efc": 0.4933,
  "fber": 758.905,
  "fd_mean": 0.09349332381121023,
  "fd_num": 23,
  "fd_perc": 1.8210609659540775,
  "fwhm_avg": 3.2258582051492453,
  "fwhm_x": 3.0506790454435726,
  "fwhm_y": 3.2446748710682045,
  "fwhm_z": 3.3822206989359582,
  "gcor": 0.00452091,
  "gsr_x": 0.0003926277277059853,
  "gsr_y": 0.034545451402664185,
  "provenance": {
    "md5sum": "0b4d8721333d303991f6dcff0f3e12da",
    "settings": {
      "fd_thres": 0.2,
      "testing": false
    },
    "software": "mriqc",
    "version": "24.1.0.dev0+gd5b13cb5.d20240826"
  },
  "size_t": 1263,
  "size_x": 90,
  "size_y": 90,
  "size_z": 60,
  "snr": 2.2546896747613494,
  "spacing_tr": 0.75,
  "spacing_x": 2.4000000953674316,
  "spacing_y": 2.4000000953674316,
  "spacing_z": 2.4000000953674316,
  "summary_bg_k": 25.9483,
  "summary_bg_mad": 5.7766,
  "summary_bg_mean": 23.6664,
  "summary_bg_median": 10.0,
  "summary_bg_n": 396523.0,
  "summary_bg_p05": 6.0,
  "summary_bg_p95": 101.0,
  "summary_bg_stdv": 39.7818,
  "summary_fg_k": 0.3888,
  "summary_fg_mad": 112.0568,
  "summary_fg_mean": 275.355,
  "summary_fg_median": 268.0,
  "summary_fg_n": 89477.0,
  "summary_fg_p05": 81.0,
  "summary_fg_p95": 484.0,
  "summary_fg_stdv": 118.8627,
  "tsnr": 34.26909652305767
}
