{
  "aor": 0.002165755020080321,
  "aqi": 0.014750107112449798,
  "bids_meta": {
    "AcquisitionMatrixPE": 90,
    "AcquisitionNumber": 1,
    "AcquisitionTime": "10:20:27.460000",
    "BandwidthPerPixelPhaseEncode": 22.222,
    "BaseResolution": 90,
    "BodyPartExamined": "HEAD",
    "CoilCombinationMethod": "Sum of Squares",
    "ConsistencyInfo": "N4_VE11C_LATEST_20160120",
    "ConversionSoftware": "dcm2niix",
    "ConversionSoftwareVersion": "v1.0.20220720",
    "DerivedVendorReportedEchoSpacing": 0.000500005,
    "DeviceSerialNumber": "167076",
    "DwellTime": 2.1e-6,
    "EchoTime": 0.03,
    "EchoTrainLength": 90,
    "EffectiveEchoSpacing": 0.000500005,
    "FileSize": 1.1459264233708382,
    "FileSizeUnits": "GB",
    "FlipAngle": 60,
    "ImageOrientationPatientDICOM": [
      0.99883,
      0.0431555,
      0.0218292,
      -0.0436099,
      0.998832,
      0.0207837
    ],
    "ImageOrientationText": "Tra>Cor(1.2)>Sag(1.2)",
    "ImageType": [
      "ORIGINAL",
      "PRIMARY",
      "M",
      "ND",
      "MOSAIC"
    ],
    "ImagingFrequency": 123.249,
    "InPlanePhaseEncodingDirectionDICOM": "COL",
    "InstitutionAddress": "Tian Sheng 2,Chong Qing//759083/,Chong Qing,CN,400715",
    "InstitutionName": "Chong Qing Southwest Normal University Hospital",
    "InstitutionalDepartmentName": "Department",
    "MRAcquisitionType": "2D",
    "MagneticFieldStrength": 3,
    "Manufacturer": "Siemens",
    "ManufacturersModelName": "Prisma_fit",
    "Modality": "MR",
    "MultibandAccelerationFactor": 6,
    "NonlinearGradientCorrection": false,
    "NumberOfVolumes": 2492,
    "PartialFourier": 1,
    "PatientPosition": "HFS",
    "PercentPhaseFOV": 100,
    "PercentSampling": 100,
    "PhaseEncodingDirection": "j",
    "PhaseEncodingSteps": 90,
    "PhaseResolution": 1,
    "PixelBandwidth": 2645,
    "ProcedureStepDescription": "SWU-fMRI^HeQingHua",
    "ProtocolName": "BOLD_PA_RUN1",
    "PulseSequenceDetails": "%SiemensSeq%\\ep2d_bold",
    "ReceiveCoilActiveElements": "HC1-7",
    "ReceiveCoilName": "HeadNeck_64",
    "ReconMatrixPE": 90,
    "RefLinesPE": 32,
    "RepetitionTime": 0.75,
    "SAR": 0.115505,
    "ScanOptions": "FS",
    "ScanningSequence": "EP",
    "SequenceName": "*epfid2d1_90",
    "SequenceVariant": "SK",
    "SeriesDescription": "BOLD_PA_RUN1",
    "SeriesNumber": 4,
    "ShimSetting": [
      2955,
      4323,
      -6605,
      483,
      76,
      -211,
      80,
      12
    ],
    "SliceThickness": 2.4,
    "SliceTiming": [
      0.51,
      0,
      0.365,
      0.0725,
      0.4375,
      0.22,
      0.585,
      0.2925,
      0.6575,
      0.145,
      0.51,
      0,
      0.365,
      0.0725,
      0.4375,
      0.22,
      0.585,
      0.2925,
      0.6575,
      0.145,
      0.51,
      0,
      0.365,
      0.0725,
      0.4375,
      0.22,
      0.585,
      0.2925,
      0.6575,
      0.145,
      0.51,
      0,
      0.365,
      0.0725,
      0.4375,
      0.22,
      0.585,
      0.2925,
      0.6575,
      0.145,
      0.51,
      0,
      0.365,
      0.0725,
      0.4375,
      0.22,
      0.585,
      0.2925,
      0.6575,
      0.145,
      0.51,
      0,
      0.365,
      0.0725,
      0.4375,
      0.22,
      0.585,
      0.2925,
      0.6575,
      0.145
    ],
    "SoftwareVersions": "syngo MR E11",
    "SpacingBetweenSlices": 2.4,
    "StationName": "MRC35409",
    "TaskName": "run1",
    "TotalReadoutTime": 0.0445004,
    "TxRefAmp": 258.46,
    "acquisition": "multiband",
    "dataset": "<unset>",
    "datatype": "func",
    "extension": ".nii.gz",
    "modality": "bold",
    "subject": "24",
    "suffix": "bold",
    "task": "run1"
  },
  "dummy_trs": 2,
  "dvars_nstd": 35.05037798555644,
  "dvars_std": 1.0650553432261969,
  "dvars_vstd": 0.962329513029329,
  "efc": 0.5268,
  "fber": 579.0412,
  "fd_mean": 0.06705873437610788,
  "fd_num": 1,
  "fd_perc": 0.040160642570281124,
  "fwhm_avg": 3.7568484618273654,
  "fwhm_x": 3.582974857625371,
  "fwhm_y": 3.699591519658108,
  "fwhm_z": 3.9879790081986184,
  "gcor": 0.00570193,
  "gsr_x": -0.015617210417985916,
  "gsr_y": 0.059089042246341705,
  "provenance": {
    "md5sum": "38d2ebccb3cd91991d47a730bd4f0e07",
    "settings": {
      "fd_thres": 0.2,
      "testing": false
    },
    "software": "mriqc",
    "version": "24.1.0.dev0+gd5b13cb5.d20240826"
  },
  "size_t": 2490,
  "size_x": 90,
  "size_y": 90,
  "size_z": 60,
  "snr": 2.0257456808459695,
  "spacing_tr": 0.75,
  "spacing_x": 2.4000000953674316,
  "spacing_y": 2.4000000953674316,
  "spacing_z": 2.4000000953674316,
  "summary_bg_k": 28.7316,
  "summary_bg_mad": 8.1269,
  "summary_bg_mean": 31.7578,
  "summary_bg_median": 12.0,
  "summary_bg_n": 375371.0,
  "summary_bg_p05": 6.0,
  "summary_bg_p95": 140.0,
  "summary_bg_stdv": 56.1825,
  "summary_fg_k": 0.3336,
  "summary_fg_mad": 137.5105,
  "summary_fg_mean": 309.6635,
  "summary_fg_median": 292.0,
  "summary_fg_n": 110629.0,
  "summary_fg_p05": 98.0,
  "summary_fg_p95": 571.0,
  "summary_fg_stdv": 144.1438,
  "tsnr": 31.869571789400652
}
