{
  "aor": 0.0010067800632911391,
  "aqi": 0.008370657681962025,
  "bids_meta": {
    "AcquisitionMatrixPE": 90,
    "AcquisitionNumber": 1,
    "AcquisitionTime": "10:59:34.695000",
    "BandwidthPerPixelPhaseEncode": 22.222,
    "BaseResolution": 90,
    "BodyPartExamined": "HEAD",
    "CoilCombinationMethod": "Sum of Squares",
    "ConsistencyInfo": "N4_VE11C_LATEST_20160120",
    "ConversionSoftware": "dcm2niix",
    "ConversionSoftwareVersion": "v1.0.20220720",
    "DerivedVendorReportedEchoSpacing": 0.000500005,
    "DeviceSerialNumber": "167076",
    "DwellTime": 2.1e-6,
    "EchoTime": 0.03,
    "EchoTrainLength": 90,
    "EffectiveEchoSpacing": 0.000500005,
    "FileSize": 0.5845970194786787,
    "FileSizeUnits": "GB",
    "FlipAngle": 60,
    "ImageOrientationPatientDICOM": [
      0.99883,
      0.0431555,
      0.0218292,
      -0.0436099,
      0.998832,
      0.0207837
    ],
    "ImageOrientationText": "Tra>Cor(1.2)>Sag(1.2)",
    "ImageType": [
      "ORIGINAL",
      "PRIMARY",
      "M",
      "ND",
      "MOSAIC"
    ],
    "ImagingFrequency": 123.249,
    "InPlanePhaseEncodingDirectionDICOM": "COL",
    "InstitutionAddress": "Tian Sheng 2,Chong Qing//759083/,Chong Qing,CN,400715",
    "InstitutionName": "Chong Qing Southwest Normal University Hospital",
    "InstitutionalDepartmentName": "Department",
    "MRAcquisitionType": "2D",
    "MagneticFieldStrength": 3,
    "Manufacturer": "Siemens",
    "ManufacturersModelName": "Prisma_fit",
    "Modality": "MR",
    "MultibandAccelerationFactor": 6,
    "NonlinearGradientCorrection": false,
    "NumberOfVolumes": 1264,
    "PartialFourier": 1,
    "PatientPosition": "HFS",
    "PercentPhaseFOV": 100,
    "PercentSampling": 100,
    "PhaseEncodingDirection": "j",
    "PhaseEncodingSteps": 90,
    "PhaseResolution": 1,
    "PixelBandwidth": 2645,
    "ProcedureStepDescription": "SWU-fMRI^HeQingHua",
    "ProtocolName": "BOLD_PA_RUN2",
    "PulseSequenceDetails": "%SiemensSeq%\\ep2d_bold",
    "ReceiveCoilActiveElements": "HC1-7",
    "ReceiveCoilName": "HeadNeck_64",
    "ReconMatrixPE": 90,
    "RefLinesPE": 32,
    "RepetitionTime": 0.75,
    "SAR": 0.115348,
    "ScanOptions": "FS",
    "ScanningSequence": "EP",
    "SequenceName": "*epfid2d1_90",
    "SequenceVariant": "SK",
    "SeriesDescription": "BOLD_PA_RUN2",
    "SeriesNumber": 7,
    "ShimSetting": [
      2955,
      4323,
      -6605,
      483,
      76,
      -211,
      80,
      12
    ],
    "SliceThickness": 2.4,
    "SliceTiming": [
      0.51,
      0,
      0.365,
      0.0725,
      0.4375,
      0.2175,
      0.5825,
      0.29,
      0.655,
      0.145,
      0.51,
      0,
      0.365,
      0.0725,
      0.4375,
      0.2175,
      0.5825,
      0.29,
      0.655,
      0.145,
      0.51,
      0,
      0.365,
      0.0725,
      0.4375,
      0.2175,
      0.5825,
      0.29,
      0.655,
      0.145,
      0.51,
      0,
      0.365,
      0.0725,
      0.4375,
      0.2175,
      0.5825,
      0.29,
      0.655,
      0.145,
      0.51,
      0,
      0.365,
      0.0725,
      0.4375,
      0.2175,
      0.5825,
      0.29,
      0.655,
      0.145,
      0.51,
      0,
      0.365,
      0.0725,
      0.4375,
      0.2175,
      0.5825,
      0.29,
      0.655,
      0.145
    ],
    "SoftwareVersions": "syngo MR E11",
    "SpacingBetweenSlices": 2.4,
    "StationName": "MRC35409",
    "TaskName": "run2",
    "TotalReadoutTime": 0.0445004,
    "TxRefAmp": 258.46,
    "acquisition": "multiband",
    "dataset": "<unset>",
    "datatype": "func",
    "extension": ".nii.gz",
    "modality": "bold",
    "subject": "24",
    "suffix": "bold",
    "task": "run2"
  },
  "dummy_trs": 0,
  "dvars_nstd": 33.38631556842443,
  "dvars_std": 1.0992173385352355,
  "dvars_vstd": 1.005886582794932,
  "efc": 0.5287,
  "fber": 558.2422,
  "fd_mean": 0.06942207031942851,
  "fd_num": 5,
  "fd_perc": 0.39556962025316456,
  "fwhm_avg": 3.655855410284913,
  "fwhm_x": 3.50356236078094,
  "fwhm_y": 3.6055123567298115,
  "fwhm_z": 3.858491513343989,
  "gcor": 0.00810049,
  "gsr_x": -0.015623346902430058,
  "gsr_y": 0.05950193107128143,
  "provenance": {
    "md5sum": "8d03059e05cdab94d512f5250c8f0dc8",
    "settings": {
      "fd_thres": 0.2,
      "testing": false
    },
    "software": "mriqc",
    "version": "24.1.0.dev0+gd5b13cb5.d20240826"
  },
  "size_t": 1264,
  "size_x": 90,
  "size_y": 90,
  "size_z": 60,
  "snr": 1.99474023890227,
  "spacing_tr": 0.75,
  "spacing_x": 2.4000000953674316,
  "spacing_y": 2.4000000953674316,
  "spacing_z": 2.4000000953674316,
  "summary_bg_k": 26.8552,
  "summary_bg_mad": 8.098,
  "summary_bg_mean": 32.57,
  "summary_bg_median": 12.0,
  "summary_bg_n": 374908.0,
  "summary_bg_p05": 6.0,
  "summary_bg_p95": 145.0,
  "summary_bg_stdv": 57.4162,
  "summary_fg_k": 0.3367,
  "summary_fg_mad": 139.4561,
  "summary_fg_mean": 309.6107,
  "summary_fg_median": 291.0,
  "summary_fg_n": 111092.0,
  "summary_fg_p05": 94.0,
  "summary_fg_p95": 574.0,
  "summary_fg_stdv": 145.883,
  "tsnr": 37.290376041899435
}
