{
  "bids_meta": {
    "AcquisitionMatrixPE": 280,
    "AcquisitionNumber": 1,
    "AcquisitionTime": "17:13:34.665000",
    "BaseResolution": 320,
    "BodyPartExamined": "HEAD",
    "CoilCombinationMethod": "Adaptive Combine",
    "ConsistencyInfo": "N4_VE11C_LATEST_20160120",
    "ConversionSoftware": "dcm2niix",
    "ConversionSoftwareVersion": "v1.0.20220720",
    "DeviceSerialNumber": "167076",
    "DwellTime": 6.5e-6,
    "EchoTime": 0.00207,
    "FileSize": 0.019646347500383854,
    "FileSizeUnits": "GB",
    "FlipAngle": 7,
    "ImageOrientationPatientDICOM": [
      -0.0575647,
      0.998342,
      -1.13118e-8,
      0.0574833,
      0.0033145,
      -0.998341
    ],
    "ImageOrientationText": "Sag>Tra(-3.3)>Cor(-3.3)",
    "ImageType": [
      "ORIGINAL",
      "PRIMARY",
      "M",
      "NORM",
      "DIS3D",
      "DIS2D"
    ],
    "ImagingFrequency": 123.249,
    "InPlanePhaseEncodingDirectionDICOM": "ROW",
    "InstitutionAddress": "Tian Sheng 2,Chong Qing//759083/,Chong Qing,CN,400715",
    "InstitutionName": "Chong Qing Southwest Normal University Hospital",
    "InstitutionalDepartmentName": "Department",
    "InversionTime": 1.1,
    "MRAcquisitionType": "3D",
    "MagneticFieldStrength": 3,
    "Manufacturer": "Siemens",
    "ManufacturersModelName": "Prisma_fit",
    "MatrixCoilMode": "GRAPPA",
    "Modality": "MR",
    "NonlinearGradientCorrection": true,
    "NumberOfVolumes": 1,
    "ParallelReductionFactorInPlane": 2,
    "PartialFourier": 1,
    "PatientPosition": "HFS",
    "PercentPhaseFOV": 87.5,
    "PercentSampling": 100,
    "PhaseEncodingSteps": 279,
    "PhaseResolution": 1,
    "PixelBandwidth": 240,
    "ProcedureStepDescription": "SWU-fMRI^HeQingHua",
    "ProtocolName": "T1ISO_MPR",
    "PulseSequenceDetails": "%SiemensSeq%\\tfl",
    "ReceiveCoilActiveElements": "HC1-7;NC1,2",
    "ReceiveCoilName": "HeadNeck_64",
    "ReconMatrixPE": 280,
    "RefLinesPE": 32,
    "RepetitionTime": 2.3,
    "SAR": 0.043758,
    "ScanOptions": "IR\\WE",
    "ScanningSequence": "GR\\IR",
    "SequenceName": "*tfl3d1_16ns",
    "SequenceVariant": "SK\\SP\\MP",
    "SeriesDescription": "T1ISO_MPR",
    "SeriesNumber": 6,
    "ShimSetting": [
      2948,
      4361,
      -6612,
      -245,
      31,
      -313,
      -11,
      -94
    ],
    "SliceThickness": 0.8,
    "SoftwareVersions": "syngo MR E11",
    "SpoilingState": true,
    "StationName": "MRC35409",
    "TxRefAmp": 222.103,
    "acquisition": "defaced",
    "dataset": "<unset>",
    "datatype": "anat",
    "extension": ".nii.gz",
    "modality": "T1w",
    "subject": "28",
    "suffix": "T1w"
  },
  "cjv": 0.5891112107623319,
  "cnr": 1.7098132623815427,
  "efc": 0.5215,
  "fber": 5602.5528,
  "fwhm_avg": 4.465179100130313,
  "fwhm_x": 4.468762433410251,
  "fwhm_y": 4.384349934668095,
  "fwhm_z": 4.542424932312594,
  "icvs_csf": 0.2690416502506121,
  "icvs_gm": 0.380635813136555,
  "icvs_wm": 0.35032253661283286,
  "inu_med": 0.496212437748909,
  "inu_range": 0.20315008163452147,
  "provenance": {
    "md5sum": "31e99c24088f567f272e6496856e1abc",
    "settings": {
      "testing": false
    },
    "software": "mriqc",
    "version": "24.1.0.dev0+gd5b13cb5.d20240826",
    "warnings": {
      "large_rot_frame": true,
      "small_air_mask": false
    }
  },
  "qi_1": 0.0,
  "qi_2": 0.00024800776162840576,
  "rpve_csf": 8.306095830810747,
  "rpve_gm": 8.218704858553503,
  "rpve_wm": 8.296779031794218,
  "size_x": 240,
  "size_y": 280,
  "size_z": 320,
  "snr_csf": 2.018701417413327,
  "snr_gm": 6.986044281368538,
  "snr_total": 7.160941315079138,
  "snr_wm": 12.47807824645555,
  "snrd_csf": 47.39199979765277,
  "snrd_gm": 81.1960835694051,
  "snrd_total": 78.13972305409415,
  "snrd_wm": 105.8310857952246,
  "spacing_x": 0.800000011920929,
  "spacing_y": 0.800000011920929,
  "spacing_z": 0.800000011920929,
  "summary_bg_k": 6.5648,
  "summary_bg_mad": 5.9304,
  "summary_bg_mean": 5.6672,
  "summary_bg_median": 4.0,
  "summary_bg_n": 5754853.0,
  "summary_bg_p05": 0.0,
  "summary_bg_p95": 19.0,
  "summary_bg_stdv": 6.848,
  "summary_csf_k": -0.6047,
  "summary_csf_mad": 161.3136,
  "summary_csf_mean": 431.5701,
  "summary_csf_median": 429.0,
  "summary_csf_n": 689064.6319117564,
  "summary_csf_p05": 66.0,
  "summary_csf_p95": 771.0,
  "summary_csf_stdv": 212.5127,
  "summary_gm_k": -0.2535,
  "summary_gm_mad": 72.9531,
  "summary_gm_mean": 737.8934,
  "summary_gm_median": 735.0,
  "summary_gm_n": 974877.5932167239,
  "summary_gm_p05": 564.0,
  "summary_gm_p95": 934.0,
  "summary_gm_stdv": 105.2097,
  "summary_wm_k": -0.4137,
  "summary_wm_mad": 58.4187,
  "summary_wm_mean": 941.9068,
  "summary_wm_median": 958.0,
  "summary_wm_n": 897239.7750186832,
  "summary_wm_p05": 788.0,
  "summary_wm_p95": 1042.0,
  "summary_wm_stdv": 76.7746,
  "tpm_overlap_csf": 0.19350582311386244,
  "tpm_overlap_gm": 0.525558792633653,
  "tpm_overlap_wm": 0.5493375563730241,
  "wm2max": 0.8802159087308495
}
