{
  "bids_meta": {
    "AcquisitionMatrixPE": 280,
    "AcquisitionNumber": 1,
    "AcquisitionTime": "09:47:51.442500",
    "BaseResolution": 320,
    "BodyPartExamined": "HEAD",
    "CoilCombinationMethod": "Adaptive Combine",
    "ConsistencyInfo": "N4_VE11C_LATEST_20160120",
    "ConversionSoftware": "dcm2niix",
    "ConversionSoftwareVersion": "v1.0.20220720",
    "DeviceSerialNumber": "167076",
    "DwellTime": 6.5e-6,
    "EchoTime": 0.00207,
    "FileSize": 0.019299380481243134,
    "FileSizeUnits": "GB",
    "FlipAngle": 7,
    "ImageOrientationPatientDICOM": [
      0,
      1,
      0,
      0,
      0,
      -1
    ],
    "ImageOrientationText": "Sag",
    "ImageType": [
      "ORIGINAL",
      "PRIMARY",
      "M",
      "NORM",
      "DIS3D",
      "DIS2D"
    ],
    "ImagingFrequency": 123.249,
    "InPlanePhaseEncodingDirectionDICOM": "ROW",
    "InstitutionAddress": "Tian Sheng 2,Chong Qing//77D79B/,Chong Qing,CN,400715",
    "InstitutionName": "Chong Qing Southwest Normal University Hospital",
    "InstitutionalDepartmentName": "Department",
    "InversionTime": 1.1,
    "MRAcquisitionType": "3D",
    "MagneticFieldStrength": 3,
    "Manufacturer": "Siemens",
    "ManufacturersModelName": "Prisma_fit",
    "MatrixCoilMode": "GRAPPA",
    "Modality": "MR",
    "NonlinearGradientCorrection": true,
    "NumberOfVolumes": 1,
    "ParallelReductionFactorInPlane": 2,
    "PartialFourier": 1,
    "PatientPosition": "HFS",
    "PercentPhaseFOV": 87.5,
    "PercentSampling": 100,
    "PhaseEncodingSteps": 279,
    "PhaseResolution": 1,
    "PixelBandwidth": 240,
    "ProcedureStepDescription": "SWU-fMRI^HeQingHua",
    "ProtocolName": "T1ISO_MPR",
    "PulseSequenceDetails": "%SiemensSeq%\\tfl",
    "ReceiveCoilActiveElements": "HC1-7;NC1,2",
    "ReceiveCoilName": "HeadNeck_64",
    "ReconMatrixPE": 280,
    "RefLinesPE": 32,
    "RepetitionTime": 2.3,
    "SAR": 0.0527846,
    "ScanOptions": "IR\\WE",
    "ScanningSequence": "GR\\IR",
    "SequenceName": "*tfl3d1_16ns",
    "SequenceVariant": "SK\\SP\\MP",
    "SeriesDescription": "T1ISO_MPR",
    "SeriesNumber": 6,
    "ShimSetting": [
      2958,
      4388,
      -6611,
      141,
      -33,
      -454,
      44,
      6
    ],
    "SliceThickness": 0.8,
    "SoftwareVersions": "syngo MR E11",
    "SpoilingState": true,
    "StationName": "MRC35409",
    "TxRefAmp": 264.464,
    "acquisition": "defaced",
    "dataset": "<unset>",
    "datatype": "anat",
    "extension": ".nii.gz",
    "modality": "T1w",
    "subject": "39",
    "suffix": "T1w"
  },
  "cjv": 0.6774574257425742,
  "cnr": 1.5028339890105515,
  "efc": 0.5593,
  "fber": 16030.1908,
  "fwhm_avg": 4.513283266080172,
  "fwhm_x": 4.584462431686187,
  "fwhm_y": 4.352449935143442,
  "fwhm_z": 4.602937431410887,
  "icvs_csf": 0.2600620935024686,
  "icvs_gm": 0.3816312086436724,
  "icvs_wm": 0.358306697853859,
  "inu_med": 0.6088247299194336,
  "inu_range": 0.3156320065259933,
  "provenance": {
    "md5sum": "6d0fe5d5dc042a3c3095f9178074a83b",
    "settings": {
      "testing": false
    },
    "software": "mriqc",
    "version": "24.1.0.dev0+gd5b13cb5.d20240826",
    "warnings": {
      "large_rot_frame": true,
      "small_air_mask": false
    }
  },
  "qi_1": 0.0,
  "qi_2": 0.00046801811902388597,
  "rpve_csf": 6.914738257485738,
  "rpve_gm": 6.805606020111135,
  "rpve_wm": 6.885272838311339,
  "size_x": 240,
  "size_y": 280,
  "size_z": 320,
  "snr_csf": 2.2114832924761676,
  "snr_gm": 7.037132525678392,
  "snr_total": 6.7664075314287855,
  "snr_wm": 11.050606776131797,
  "snrd_csf": 38.14576901186807,
  "snrd_gm": 62.97488442725067,
  "snrd_total": 60.48338149629532,
  "snrd_wm": 80.32949104976723,
  "spacing_x": 0.800000011920929,
  "spacing_y": 0.800000011920929,
  "spacing_z": 0.800000011920929,
  "summary_bg_k": 419.0283,
  "summary_bg_mad": 0.0,
  "summary_bg_mean": 4.3989,
  "summary_bg_median": 0.0,
  "summary_bg_n": 5338052.0,
  "summary_bg_p05": 0.0,
  "summary_bg_p95": 18.0,
  "summary_bg_stdv": 7.6255,
  "summary_csf_k": 0.0419,
  "summary_csf_mad": 150.1107,
  "summary_csf_mean": 451.8392,
  "summary_csf_median": 444.0,
  "summary_csf_n": 797926.4166191858,
  "summary_csf_p05": 119.0,
  "summary_csf_p95": 774.0,
  "summary_csf_stdv": 200.7701,
  "summary_gm_k": -0.5081,
  "summary_gm_mad": 71.6295,
  "summary_gm_mean": 735.6852,
  "summary_gm_median": 733.0,
  "summary_gm_n": 1170926.5994207796,
  "summary_gm_p05": 566.0,
  "summary_gm_p95": 927.0,
  "summary_gm_stdv": 104.1617,
  "summary_wm_k": -0.1789,
  "summary_wm_mad": 65.2169,
  "summary_wm_mean": 919.4917,
  "summary_wm_median": 935.0,
  "summary_wm_n": 1099361.9855116222,
  "summary_wm_p05": 759.0,
  "summary_wm_p95": 1035.0,
  "summary_wm_stdv": 84.6107,
  "tpm_overlap_csf": 0.21306860824168886,
  "tpm_overlap_gm": 0.5380372472214605,
  "tpm_overlap_wm": 0.5592042063365742,
  "wm2max": 0.712045270739156
}
