{
  "bids_meta": {
    "AcquisitionMatrixPE": 280,
    "AcquisitionNumber": 1,
    "AcquisitionTime": "15:11:1.107500",
    "BaseResolution": 320,
    "BodyPartExamined": "HEAD",
    "CoilString": "HC1-7;NC1_2",
    "ConsistencyInfo": "N4_VE11C_LATEST_20160120",
    "ConversionSoftware": "dcm2niix",
    "ConversionSoftwareVersion": "v1.0.20190902",
    "DeviceSerialNumber": "167076",
    "DwellTime": 6.5e-6,
    "EchoTime": 0.00207,
    "FileSize": 0.018602469936013222,
    "FileSizeUnits": "GB",
    "FlipAngle": 7,
    "ImageOrientationPatientDICOM": [
      0,
      1,
      0,
      0,
      0,
      -1
    ],
    "ImageType": [
      "ORIGINAL",
      "PRIMARY",
      "M",
      "NORM",
      "DIS3D",
      "DIS2D"
    ],
    "ImagingFrequency": 123.249,
    "InPlanePhaseEncodingDirectionDICOM": "ROW",
    "InstitutionAddress": "Tian_Sheng_2_Chong_Qing_759083_Chong_Qing_CN_400715",
    "InstitutionName": "Chong_Qing_Southwest_Normal_University_Hospital",
    "InstitutionalDepartmentName": "Department",
    "InversionTime": 1.1,
    "MRAcquisitionType": "3D",
    "MagneticFieldStrength": 3,
    "Manufacturer": "Siemens",
    "ManufacturersModelName": "Prisma_fit",
    "Modality": "MR",
    "NumberOfVolumes": 1,
    "ParallelReductionFactorInPlane": 2,
    "PartialFourier": 1,
    "PatientPosition": "HFS",
    "PercentPhaseFOV": 87.5,
    "PhaseEncodingSteps": 279,
    "PhaseResolution": 1,
    "PixelBandwidth": 240,
    "ProcedureStepDescription": "SWU-fMRI_HeQingHua",
    "ProtocolName": "T1ISO_MPR",
    "PulseSequenceDetails": "%SiemensSeq%_tfl",
    "ReceiveCoilActiveElements": "HC1-7;NC1,2",
    "ReceiveCoilName": "HeadNeck_64",
    "ReconMatrixPE": 280,
    "RefLinesPE": 32,
    "RepetitionTime": 2.3,
    "SAR": 0.0467392,
    "ScanOptions": "IR_WE",
    "ScanningSequence": "GR_IR",
    "SequenceName": "_tfl3d1_16ns",
    "SequenceVariant": "SK_SP_MP",
    "SeriesDescription": "T1ISO_MPR",
    "SeriesNumber": 6,
    "ShimSetting": [
      2930,
      4373,
      -6607,
      -105,
      24,
      -291,
      61,
      9
    ],
    "SliceThickness": 0.8,
    "SoftwareVersions": "syngo_MR_E11",
    "StationName": "MRC35409",
    "TxRefAmp": 227.092,
    "acquisition": "defaced",
    "dataset": "<unset>",
    "datatype": "anat",
    "extension": ".nii.gz",
    "modality": "T1w",
    "subject": "18",
    "suffix": "T1w"
  },
  "cjv": 0.6416875647668393,
  "cnr": 1.637041221056166,
  "efc": 0.5395,
  "fber": 15567.1441,
  "fwhm_avg": 4.4734541000070065,
  "fwhm_x": 4.505712432859653,
  "fwhm_y": 4.298037435954251,
  "fwhm_z": 4.616612431207114,
  "icvs_csf": 0.2424508584363551,
  "icvs_gm": 0.39654054042114745,
  "icvs_wm": 0.36100860114249744,
  "inu_med": 0.5831127762794495,
  "inu_range": 0.3214685201644898,
  "provenance": {
    "md5sum": "05ebedb2d8883ff9a89d61ec391557c5",
    "settings": {
      "testing": false
    },
    "software": "mriqc",
    "version": "24.1.0.dev0+gd5b13cb5.d20240826",
    "warnings": {
      "large_rot_frame": true,
      "small_air_mask": false
    }
  },
  "qi_1": 0.0,
  "qi_2": 0.00027217154957273723,
  "rpve_csf": 6.918249372830338,
  "rpve_gm": 6.828975898008488,
  "rpve_wm": 6.910220292498761,
  "size_x": 240,
  "size_y": 280,
  "size_z": 320,
  "snr_csf": 2.473358642909475,
  "snr_gm": 8.509321577150327,
  "snr_total": 7.695673711785253,
  "snr_wm": 12.104340915295955,
  "snrd_csf": 61.53227013354917,
  "snrd_gm": 82.85314649939295,
  "snrd_total": 82.85314649939296,
  "snrd_wm": 104.17402286523675,
  "spacing_x": 0.800000011920929,
  "spacing_y": 0.800000011920929,
  "spacing_z": 0.800000011920929,
  "summary_bg_k": 5.9166,
  "summary_bg_mad": 5.9304,
  "summary_bg_mean": 5.6899,
  "summary_bg_median": 4.0,
  "summary_bg_n": 5527051.0,
  "summary_bg_p05": 0.0,
  "summary_bg_p95": 22.0,
  "summary_bg_stdv": 7.8509,
  "summary_csf_k": -0.0686,
  "summary_csf_mad": 161.1527,
  "summary_csf_mean": 537.3463,
  "summary_csf_median": 557.0,
  "summary_csf_n": 741432.4241144122,
  "summary_csf_p05": 118.0,
  "summary_csf_p95": 883.0,
  "summary_csf_stdv": 225.1997,
  "summary_gm_k": -0.6374,
  "summary_gm_mad": 65.5501,
  "summary_gm_mean": 753.7142,
  "summary_gm_median": 750.0,
  "summary_gm_n": 1212649.9202363903,
  "summary_gm_p05": 615.0,
  "summary_gm_p95": 916.0,
  "summary_gm_stdv": 88.1386,
  "summary_wm_k": -0.1595,
  "summary_wm_mad": 58.2956,
  "summary_wm_mean": 930.0058,
  "summary_wm_median": 943.0,
  "summary_wm_n": 1103990.6560755617,
  "summary_wm_p05": 781.0,
  "summary_wm_p95": 1038.0,
  "summary_wm_stdv": 77.9059,
  "tpm_overlap_csf": 0.22889089567383655,
  "tpm_overlap_gm": 0.5206371607772561,
  "tpm_overlap_wm": 0.5394001861472523,
  "wm2max": 0.771011383162958
}
