{
  "bids_meta": {
    "AcquisitionMatrixPE": 280,
    "AcquisitionNumber": 1,
    "AcquisitionTime": "10:55:51.960000",
    "BaseResolution": 320,
    "BodyPartExamined": "HEAD",
    "CoilCombinationMethod": "Adaptive Combine",
    "ConsistencyInfo": "N4_VE11C_LATEST_20160120",
    "ConversionSoftware": "dcm2niix",
    "ConversionSoftwareVersion": "v1.0.20220720",
    "DeviceSerialNumber": "167076",
    "DwellTime": 6.5e-6,
    "EchoTime": 0.00207,
    "FileSize": 0.01956987101584673,
    "FileSizeUnits": "GB",
    "FlipAngle": 7,
    "ImageOrientationPatientDICOM": [
      -7.18083e-8,
      0.999197,
      0.0400731,
      -0.0540787,
      0.0400145,
      -0.997735
    ],
    "ImageOrientationText": "Sag>Tra(3.1)>Cor(-0.1)",
    "ImageType": [
      "ORIGINAL",
      "PRIMARY",
      "M",
      "NORM",
      "DIS3D",
      "DIS2D"
    ],
    "ImagingFrequency": 123.249,
    "InPlanePhaseEncodingDirectionDICOM": "ROW",
    "InstitutionAddress": "Tian Sheng 2,Chong Qing//77D79B/,Chong Qing,CN,400715",
    "InstitutionName": "Chong Qing Southwest Normal University Hospital",
    "InstitutionalDepartmentName": "Department",
    "InversionTime": 1.1,
    "MRAcquisitionType": "3D",
    "MagneticFieldStrength": 3,
    "Manufacturer": "Siemens",
    "ManufacturersModelName": "Prisma_fit",
    "MatrixCoilMode": "GRAPPA",
    "Modality": "MR",
    "NonlinearGradientCorrection": true,
    "NumberOfVolumes": 1,
    "ParallelReductionFactorInPlane": 2,
    "PartialFourier": 1,
    "PatientPosition": "HFS",
    "PercentPhaseFOV": 87.5,
    "PercentSampling": 100,
    "PhaseEncodingSteps": 279,
    "PhaseResolution": 1,
    "PixelBandwidth": 240,
    "ProcedureStepDescription": "SWU-fMRI^HeQingHua",
    "ProtocolName": "T1ISO_MPR",
    "PulseSequenceDetails": "%SiemensSeq%\\tfl",
    "ReceiveCoilActiveElements": "HC1-7;NC1,2",
    "ReceiveCoilName": "HeadNeck_64",
    "ReconMatrixPE": 280,
    "RefLinesPE": 32,
    "RepetitionTime": 2.3,
    "SAR": 0.0443054,
    "ScanOptions": "IR\\WE",
    "ScanningSequence": "GR\\IR",
    "SequenceName": "*tfl3d1_16ns",
    "SequenceVariant": "SK\\SP\\MP",
    "SeriesDescription": "T1ISO_MPR",
    "SeriesNumber": 6,
    "ShimSetting": [
      2919,
      4310,
      -6618,
      204,
      19,
      -290,
      34,
      53
    ],
    "SliceThickness": 0.8,
    "SoftwareVersions": "syngo MR E11",
    "SpoilingState": true,
    "StationName": "MRC35409",
    "TxRefAmp": 232.449,
    "acquisition": "defaced",
    "dataset": "<unset>",
    "datatype": "anat",
    "extension": ".nii.gz",
    "modality": "T1w",
    "subject": "40",
    "suffix": "T1w"
  },
  "cjv": 0.6578990476190475,
  "cnr": 1.4857554220370657,
  "efc": 0.5566,
  "fber": 13513.3622,
  "fwhm_avg": 4.520329099308515,
  "fwhm_x": 4.536412432402187,
  "fwhm_y": 4.364249934967608,
  "fwhm_z": 4.660324930555747,
  "icvs_csf": 0.2708369353137987,
  "icvs_gm": 0.3774026947994635,
  "icvs_wm": 0.3517603698867378,
  "inu_med": 0.6441805362701416,
  "inu_range": 0.3585054516792296,
  "provenance": {
    "md5sum": "dc52e2b7d0fd69a766fe1185bc89e77b",
    "settings": {
      "testing": false
    },
    "software": "mriqc",
    "version": "24.1.0.dev0+gd5b13cb5.d20240826",
    "warnings": {
      "large_rot_frame": true,
      "small_air_mask": false
    }
  },
  "qi_1": 0.0,
  "qi_2": 0.00036807995783608844,
  "rpve_csf": 6.396396363190287,
  "rpve_gm": 6.282816313163842,
  "rpve_wm": 6.359088478327998,
  "size_x": 240,
  "size_y": 280,
  "size_z": 320,
  "snr_csf": 2.056759335236488,
  "snr_gm": 6.604285111037838,
  "snr_total": 6.354428749245913,
  "snr_wm": 10.402241801463411,
  "snrd_csf": 44.63022824767301,
  "snrd_gm": 79.64949150141643,
  "snrd_total": 75.70936409011196,
  "snrd_wm": 102.84837252124645,
  "spacing_x": 0.800000011920929,
  "spacing_y": 0.800000011920929,
  "spacing_z": 0.800000011920929,
  "summary_bg_k": 7.5535,
  "summary_bg_mad": 5.9304,
  "summary_bg_mean": 4.8279,
  "summary_bg_median": 4.0,
  "summary_bg_n": 4968712.0,
  "summary_bg_p05": 0.0,
  "summary_bg_p95": 20.0,
  "summary_bg_stdv": 6.9986,
  "summary_csf_k": -0.4403,
  "summary_csf_mad": 161.1414,
  "summary_csf_mean": 419.0406,
  "summary_csf_median": 404.0,
  "summary_csf_n": 898287.3015167731,
  "summary_csf_p05": 106.0,
  "summary_csf_p95": 743.0,
  "summary_csf_stdv": 196.4254,
  "summary_gm_k": 0.4068,
  "summary_gm_mad": 72.0231,
  "summary_gm_mean": 726.3215,
  "summary_gm_median": 721.0,
  "summary_gm_n": 1251734.9153422355,
  "summary_gm_p05": 551.0,
  "summary_gm_p95": 930.0,
  "summary_gm_stdv": 109.1715,
  "summary_wm_k": 0.5329,
  "summary_wm_mad": 66.1357,
  "summary_wm_mean": 913.2951,
  "summary_wm_median": 931.0,
  "summary_wm_n": 1166686.785463714,
  "summary_wm_p05": 742.0,
  "summary_wm_p95": 1033.0,
  "summary_wm_stdv": 89.4999,
  "tpm_overlap_csf": 0.19329239248529087,
  "tpm_overlap_gm": 0.5296092957721159,
  "tpm_overlap_wm": 0.5530418785129485,
  "wm2max": 0.7374012413788936
}
