{
  "bids_meta": {
    "AcquisitionMatrixPE": 280,
    "AcquisitionNumber": 1,
    "AcquisitionTime": "18:40:52.850000",
    "BaseResolution": 320,
    "BodyPartExamined": "HEAD",
    "CoilString": "HC1-7;NC1_2",
    "ConsistencyInfo": "N4_VE11C_LATEST_20160120",
    "ConversionSoftware": "dcm2niix",
    "ConversionSoftwareVersion": "v1.0.20190902",
    "DeviceSerialNumber": "167076",
    "DwellTime": 6.5e-6,
    "EchoTime": 0.00207,
    "FileSize": 0.018975618295371532,
    "FileSizeUnits": "GB",
    "FlipAngle": 7,
    "ImageOrientationPatientDICOM": [
      0,
      1,
      0,
      0,
      0,
      -1
    ],
    "ImageType": [
      "ORIGINAL",
      "PRIMARY",
      "M",
      "NORM",
      "DIS3D",
      "DIS2D"
    ],
    "ImagingFrequency": 123.249,
    "InPlanePhaseEncodingDirectionDICOM": "ROW",
    "InstitutionAddress": "Tian_Sheng_2_Chong_Qing_759083_Chong_Qing_CN_400715",
    "InstitutionName": "Chong_Qing_Southwest_Normal_University_Hospital",
    "InstitutionalDepartmentName": "Department",
    "InversionTime": 1.1,
    "MRAcquisitionType": "3D",
    "MagneticFieldStrength": 3,
    "Manufacturer": "Siemens",
    "ManufacturersModelName": "Prisma_fit",
    "Modality": "MR",
    "NumberOfVolumes": 1,
    "ParallelReductionFactorInPlane": 2,
    "PartialFourier": 1,
    "PatientPosition": "HFS",
    "PercentPhaseFOV": 87.5,
    "PhaseEncodingSteps": 279,
    "PhaseResolution": 1,
    "PixelBandwidth": 240,
    "ProcedureStepDescription": "SWU-fMRI_HeQingHua",
    "ProtocolName": "CCBD_T1ISO_MPR",
    "PulseSequenceDetails": "%SiemensSeq%_tfl",
    "ReceiveCoilActiveElements": "HC1-7;NC1,2",
    "ReceiveCoilName": "HeadNeck_64",
    "ReconMatrixPE": 280,
    "RefLinesPE": 32,
    "RepetitionTime": 2.3,
    "SAR": 0.0382125,
    "ScanOptions": "IR_WE",
    "ScanningSequence": "GR_IR",
    "SequenceName": "_tfl3d1_16ns",
    "SequenceVariant": "SK_SP_MP",
    "SeriesDescription": "CCBD_T1ISO_MPR",
    "SeriesNumber": 6,
    "ShimSetting": [
      2928,
      4328,
      -6611,
      56,
      12,
      -439,
      9,
      30
    ],
    "SliceThickness": 0.8,
    "SoftwareVersions": "syngo_MR_E11",
    "StationName": "MRC35409",
    "TxRefAmp": 228.856,
    "acquisition": "defaced",
    "dataset": "<unset>",
    "datatype": "anat",
    "extension": ".nii.gz",
    "modality": "T1w",
    "subject": "07",
    "suffix": "T1w"
  },
  "cjv": 0.5722144736842105,
  "cnr": 1.8690294190366719,
  "efc": 0.5271,
  "fber": 13728.2899,
  "fwhm_avg": 4.621399931135774,
  "fwhm_x": 4.6561874306174005,
  "fwhm_y": 4.400312434430235,
  "fwhm_z": 4.807699928359688,
  "icvs_csf": 0.25156957263240787,
  "icvs_gm": 0.39352017137150275,
  "icvs_wm": 0.35491025599608944,
  "inu_med": 0.5959566831588745,
  "inu_range": 0.32603706121444703,
  "provenance": {
    "md5sum": "752c8453a2a49d2c1b576441ecf4a3cc",
    "settings": {
      "testing": false
    },
    "software": "mriqc",
    "version": "24.1.0.dev0+gd5b13cb5.d20240826",
    "warnings": {
      "large_rot_frame": true,
      "small_air_mask": false
    }
  },
  "qi_1": 0.0,
  "qi_2": 0.0002769125866747922,
  "rpve_csf": 7.463003043971195,
  "rpve_gm": 7.388225092394183,
  "rpve_wm": 7.469769032514902,
  "size_x": 240,
  "size_y": 280,
  "size_z": 320,
  "snr_csf": 2.2072023498800792,
  "snr_gm": 8.09473146839372,
  "snr_total": 7.319392007383251,
  "snr_wm": 11.656242203875955,
  "snrd_csf": 53.35742634560906,
  "snrd_gm": 80.42278753541076,
  "snrd_total": 79.79678598408202,
  "snrd_wm": 105.61014407122622,
  "spacing_x": 0.800000011920929,
  "spacing_y": 0.800000011920929,
  "spacing_z": 0.800000011920929,
  "summary_bg_k": 7.0277,
  "summary_bg_mad": 5.9304,
  "summary_bg_mean": 5.8705,
  "summary_bg_median": 4.0,
  "summary_bg_n": 5178626.0,
  "summary_bg_p05": 0.0,
  "summary_bg_p95": 23.0,
  "summary_bg_stdv": 8.1386,
  "summary_csf_k": -0.5286,
  "summary_csf_mad": 149.4735,
  "summary_csf_mean": 478.0075,
  "summary_csf_median": 483.0,
  "summary_csf_n": 715135.5664082749,
  "summary_csf_p05": 97.0,
  "summary_csf_p95": 809.0,
  "summary_csf_stdv": 218.8289,
  "summary_gm_k": -0.5168,
  "summary_gm_mad": 68.7334,
  "summary_gm_mean": 731.2957,
  "summary_gm_median": 728.0,
  "summary_gm_n": 1118657.8237665128,
  "summary_gm_p05": 587.0,
  "summary_gm_p95": 892.0,
  "summary_gm_stdv": 89.935,
  "summary_wm_k": -0.243,
  "summary_wm_mad": 61.7315,
  "summary_wm_mean": 940.3226,
  "summary_wm_median": 956.0,
  "summary_wm_n": 1008901.6103578376,
  "summary_wm_p05": 778.0,
  "summary_wm_p95": 1050.0,
  "summary_wm_stdv": 82.0161,
  "tpm_overlap_csf": 0.21706804542003005,
  "tpm_overlap_gm": 0.5289548452100851,
  "tpm_overlap_wm": 0.5496963056100284,
  "wm2max": 0.8066845837552058
}
