{
  "aor": 0.0006761124307205068,
  "aqi": 0.011722132882026918,
  "bids_meta": {
    "AcquisitionMatrixPE": 90,
    "AcquisitionNumber": 1,
    "AcquisitionTime": "09:55:10.712500",
    "BandwidthPerPixelPhaseEncode": 22.222,
    "BaseResolution": 90,
    "BodyPartExamined": "HEAD",
    "CoilCombinationMethod": "Sum of Squares",
    "ConsistencyInfo": "N4_VE11C_LATEST_20160120",
    "ConversionSoftware": "dcm2niix",
    "ConversionSoftwareVersion": "v1.0.20220720",
    "DerivedVendorReportedEchoSpacing": 0.000500005,
    "DeviceSerialNumber": "167076",
    "DwellTime": 2.1e-6,
    "EchoTime": 0.03,
    "EchoTrainLength": 90,
    "EffectiveEchoSpacing": 0.000500005,
    "FileSize": 0.6122377011924982,
    "FileSizeUnits": "GB",
    "FlipAngle": 60,
    "ImageOrientationPatientDICOM": [
      0.999048,
      0.0433215,
      -0.00508911,
      -0.0436194,
      0.992225,
      -0.11656
    ],
    "ImageOrientationText": "Tra>Cor(-6.7)",
    "ImageType": [
      "ORIGINAL",
      "PRIMARY",
      "M",
      "ND",
      "MOSAIC"
    ],
    "ImagingFrequency": 123.249,
    "InPlanePhaseEncodingDirectionDICOM": "COL",
    "InstitutionAddress": "Tian Sheng 2,Chong Qing//77D79B/,Chong Qing,CN,400715",
    "InstitutionName": "Chong Qing Southwest Normal University Hospital",
    "InstitutionalDepartmentName": "Department",
    "MRAcquisitionType": "2D",
    "MagneticFieldStrength": 3,
    "Manufacturer": "Siemens",
    "ManufacturersModelName": "Prisma_fit",
    "Modality": "MR",
    "MultibandAccelerationFactor": 6,
    "NonlinearGradientCorrection": false,
    "NumberOfVolumes": 1264,
    "PartialFourier": 1,
    "PatientPosition": "HFS",
    "PercentPhaseFOV": 100,
    "PercentSampling": 100,
    "PhaseEncodingDirection": "j",
    "PhaseEncodingSteps": 90,
    "PhaseResolution": 1,
    "PixelBandwidth": 2645,
    "ProcedureStepDescription": "SWU-fMRI^HeQingHua",
    "ProtocolName": "BOLD_PA_RUN2",
    "PulseSequenceDetails": "%SiemensSeq%\\ep2d_bold",
    "ReceiveCoilActiveElements": "HC1-7",
    "ReceiveCoilName": "HeadNeck_64",
    "ReconMatrixPE": 90,
    "RefLinesPE": 32,
    "RepetitionTime": 0.75,
    "SAR": 0.101046,
    "ScanOptions": "FS",
    "ScanningSequence": "EP",
    "SequenceName": "*epfid2d1_90",
    "SequenceVariant": "SK",
    "SeriesDescription": "BOLD_PA_RUN2",
    "SeriesNumber": 7,
    "ShimSetting": [
      2958,
      4401,
      -6585,
      327,
      38,
      -159,
      -4,
      -1
    ],
    "SliceThickness": 2.4,
    "SliceTiming": [
      0.5125,
      0,
      0.365,
      0.075,
      0.44,
      0.22,
      0.585,
      0.2925,
      0.6575,
      0.1475,
      0.5125,
      0,
      0.365,
      0.075,
      0.44,
      0.22,
      0.585,
      0.2925,
      0.6575,
      0.1475,
      0.5125,
      0,
      0.365,
      0.075,
      0.44,
      0.22,
      0.585,
      0.2925,
      0.6575,
      0.1475,
      0.5125,
      0,
      0.365,
      0.075,
      0.44,
      0.22,
      0.585,
      0.2925,
      0.6575,
      0.1475,
      0.5125,
      0,
      0.365,
      0.075,
      0.44,
      0.22,
      0.585,
      0.2925,
      0.6575,
      0.1475,
      0.5125,
      0,
      0.365,
      0.075,
      0.44,
      0.22,
      0.585,
      0.2925,
      0.6575,
      0.1475
    ],
    "SoftwareVersions": "syngo MR E11",
    "SpacingBetweenSlices": 2.4,
    "StationName": "MRC35409",
    "TaskName": "run2",
    "TotalReadoutTime": 0.0445004,
    "TxRefAmp": 264.464,
    "acquisition": "multiband",
    "dataset": "<unset>",
    "datatype": "func",
    "extension": ".nii.gz",
    "modality": "bold",
    "subject": "39",
    "suffix": "bold",
    "task": "run2"
  },
  "dummy_trs": 1,
  "dvars_nstd": 34.3032245439303,
  "dvars_std": 1.0518776820839941,
  "dvars_vstd": 1.0007299502614886,
  "efc": 0.5558,
  "fber": 301.2893,
  "fd_mean": 0.10001227544485468,
  "fd_num": 56,
  "fd_perc": 4.433887569279493,
  "fwhm_avg": 3.611531800935064,
  "fwhm_x": 3.5082456939281745,
  "fwhm_y": 3.661116521186967,
  "fwhm_z": 3.6652331876900517,
  "gcor": 0.0121267,
  "gsr_x": 0.035550739616155624,
  "gsr_y": 0.04946092516183853,
  "provenance": {
    "md5sum": "3005b8bd213961497e7a4d46f289178c",
    "settings": {
      "fd_thres": 0.2,
      "testing": false
    },
    "software": "mriqc",
    "version": "24.1.0.dev0+gd5b13cb5.d20240826"
  },
  "size_t": 1263,
  "size_x": 90,
  "size_y": 90,
  "size_z": 60,
  "snr": 1.7992868147183354,
  "spacing_tr": 0.75,
  "spacing_x": 2.4000000953674316,
  "spacing_y": 2.4000000953674316,
  "spacing_z": 2.4000000953674316,
  "summary_bg_k": 14.0344,
  "summary_bg_mad": 11.1131,
  "summary_bg_mean": 46.9501,
  "summary_bg_median": 15.0,
  "summary_bg_n": 380234.0,
  "summary_bg_p05": 6.0,
  "summary_bg_p95": 218.0,
  "summary_bg_stdv": 80.5851,
  "summary_fg_k": 0.9919,
  "summary_fg_mad": 138.6709,
  "summary_fg_mean": 287.2427,
  "summary_fg_median": 268.0,
  "summary_fg_n": 105766.0,
  "summary_fg_p05": 65.0,
  "summary_fg_p95": 557.0,
  "summary_fg_stdv": 148.9472,
  "tsnr": 34.05175721435808
}
