{
  "bids_meta": {
    "AcquisitionMatrixPE": 280,
    "AcquisitionNumber": 1,
    "AcquisitionTime": "19:51:53.432500",
    "BaseResolution": 320,
    "BodyPartExamined": "HEAD",
    "CoilString": "HC1-7;NC1_2",
    "ConsistencyInfo": "N4_VE11C_LATEST_20160120",
    "ConversionSoftware": "dcm2niix",
    "ConversionSoftwareVersion": "v1.0.20190902",
    "DeviceSerialNumber": "167076",
    "DwellTime": 6.5e-6,
    "EchoTime": 0.00207,
    "FileSize": 0.019321794621646404,
    "FileSizeUnits": "GB",
    "FlipAngle": 7,
    "ImageOrientationPatientDICOM": [
      0,
      1,
      0,
      0,
      0,
      -1
    ],
    "ImageType": [
      "ORIGINAL",
      "PRIMARY",
      "M",
      "NORM",
      "DIS3D",
      "DIS2D"
    ],
    "ImagingFrequency": 123.249,
    "InPlanePhaseEncodingDirectionDICOM": "ROW",
    "InstitutionAddress": "Tian_Sheng_2_Chong_Qing_759083_Chong_Qing_CN_400715",
    "InstitutionName": "Chong_Qing_Southwest_Normal_University_Hospital",
    "InstitutionalDepartmentName": "Department",
    "InversionTime": 1.1,
    "MRAcquisitionType": "3D",
    "MagneticFieldStrength": 3,
    "Manufacturer": "Siemens",
    "ManufacturersModelName": "Prisma_fit",
    "Modality": "MR",
    "NumberOfVolumes": 1,
    "ParallelReductionFactorInPlane": 2,
    "PartialFourier": 1,
    "PatientPosition": "HFS",
    "PercentPhaseFOV": 87.5,
    "PhaseEncodingSteps": 279,
    "PhaseResolution": 1,
    "PixelBandwidth": 240,
    "ProcedureStepDescription": "SWU-fMRI_HeQingHua",
    "ProtocolName": "T1ISO_MPR",
    "PulseSequenceDetails": "%SiemensSeq%_tfl",
    "ReceiveCoilActiveElements": "HC1-7;NC1,2",
    "ReceiveCoilName": "HeadNeck_64",
    "ReconMatrixPE": 280,
    "RefLinesPE": 32,
    "RepetitionTime": 2.3,
    "SAR": 0.0422564,
    "ScanOptions": "IR_WE",
    "ScanningSequence": "GR_IR",
    "SequenceName": "_tfl3d1_16ns",
    "SequenceVariant": "SK_SP_MP",
    "SeriesDescription": "T1ISO_MPR",
    "SeriesNumber": 6,
    "ShimSetting": [
      2956,
      4321,
      -6646,
      12,
      -44,
      -330,
      12,
      -31
    ],
    "SliceThickness": 0.8,
    "SoftwareVersions": "syngo_MR_E11",
    "StationName": "MRC35409",
    "TxRefAmp": 220.375,
    "acquisition": "defaced",
    "dataset": "<unset>",
    "datatype": "anat",
    "extension": ".nii.gz",
    "modality": "T1w",
    "subject": "22",
    "suffix": "T1w"
  },
  "cjv": 0.6175564814814815,
  "cnr": 1.7253687551832348,
  "efc": 0.5558,
  "fber": 5925.908,
  "fwhm_avg": 4.479712433247083,
  "fwhm_x": 4.4677249334257105,
  "fwhm_y": 4.351624935155735,
  "fwhm_z": 4.619787431159803,
  "icvs_csf": 0.2628262577048794,
  "icvs_gm": 0.3851686907715399,
  "icvs_wm": 0.3520050515235807,
  "inu_med": 0.5649782419204712,
  "inu_range": 0.29610694348812105,
  "provenance": {
    "md5sum": "f4f215d920b3567c7754e13096e98d10",
    "settings": {
      "testing": false
    },
    "software": "mriqc",
    "version": "24.1.0.dev0+gd5b13cb5.d20240826",
    "warnings": {
      "large_rot_frame": true,
      "small_air_mask": false
    }
  },
  "qi_1": 0.0,
  "qi_2": 0.0002499808568717171,
  "rpve_csf": 7.263420878480904,
  "rpve_gm": 7.179150974495088,
  "rpve_wm": 7.2577922215615684,
  "size_x": 240,
  "size_y": 280,
  "size_z": 320,
  "snr_csf": 2.1047467756626017,
  "snr_gm": 7.544725013154829,
  "snr_total": 7.29718448088619,
  "snr_wm": 12.24208165384114,
  "snrd_csf": 50.37471307163092,
  "snrd_gm": 81.41702529340348,
  "snrd_total": 79.0234899500877,
  "snrd_wm": 105.27873148522866,
  "spacing_x": 0.800000011920929,
  "spacing_y": 0.800000011920929,
  "spacing_z": 0.800000011920929,
  "summary_bg_k": 6.6507,
  "summary_bg_mad": 5.9304,
  "summary_bg_mean": 6.5151,
  "summary_bg_median": 4.0,
  "summary_bg_n": 5288061.0,
  "summary_bg_p05": 0.0,
  "summary_bg_p95": 24.0,
  "summary_bg_stdv": 8.3952,
  "summary_csf_k": -0.5904,
  "summary_csf_mad": 156.4908,
  "summary_csf_mean": 452.6244,
  "summary_csf_median": 456.0,
  "summary_csf_n": 768162.3035193998,
  "summary_csf_p05": 78.0,
  "summary_csf_p95": 790.0,
  "summary_csf_stdv": 216.653,
  "summary_gm_k": -0.1373,
  "summary_gm_mad": 72.1212,
  "summary_gm_mean": 738.6389,
  "summary_gm_median": 737.0,
  "summary_gm_n": 1125732.532701677,
  "summary_gm_p05": 578.0,
  "summary_gm_p95": 914.0,
  "summary_gm_stdv": 97.6841,
  "summary_wm_k": -0.2954,
  "summary_wm_mad": 61.271,
  "summary_wm_mean": 938.53,
  "summary_wm_median": 953.0,
  "summary_wm_n": 1028805.1642558499,
  "summary_wm_p05": 788.0,
  "summary_wm_p95": 1044.0,
  "summary_wm_stdv": 77.8462,
  "tpm_overlap_csf": 0.207900736832429,
  "tpm_overlap_gm": 0.5367415677664954,
  "tpm_overlap_wm": 0.5631831757677487,
  "wm2max": 0.837063121075508
}
