{
  "bids_meta": {
    "AcquisitionMatrixPE": 280,
    "AcquisitionNumber": 1,
    "AcquisitionTime": "14:58:29.875000",
    "BaseResolution": 320,
    "BodyPartExamined": "HEAD",
    "CoilCombinationMethod": "Adaptive Combine",
    "ConsistencyInfo": "N4_VE11C_LATEST_20160120",
    "ConversionSoftware": "dcm2niix",
    "ConversionSoftwareVersion": "v1.0.20220720",
    "DeviceSerialNumber": "167076",
    "DwellTime": 6.5e-6,
    "EchoTime": 0.00207,
    "FileSize": 0.02015223167836666,
    "FileSizeUnits": "GB",
    "FlipAngle": 7,
    "ImageOrientationPatientDICOM": [
      0.0470694,
      0.998892,
      6.16999e-9,
      -0.0644158,
      0.00303538,
      -0.997919
    ],
    "ImageOrientationText": "Sag>Tra(3.7)>Cor(2.7)",
    "ImageType": [
      "ORIGINAL",
      "PRIMARY",
      "M",
      "NORM",
      "DIS3D",
      "DIS2D"
    ],
    "ImagingFrequency": 123.249,
    "InPlanePhaseEncodingDirectionDICOM": "ROW",
    "InstitutionAddress": "Tian Sheng 2,Chong Qing//77D79B/,Chong Qing,CN,400715",
    "InstitutionName": "Chong Qing Southwest Normal University Hospital",
    "InstitutionalDepartmentName": "Department",
    "InversionTime": 1.1,
    "MRAcquisitionType": "3D",
    "MagneticFieldStrength": 3,
    "Manufacturer": "Siemens",
    "ManufacturersModelName": "Prisma_fit",
    "MatrixCoilMode": "GRAPPA",
    "Modality": "MR",
    "NonlinearGradientCorrection": true,
    "NumberOfVolumes": 1,
    "ParallelReductionFactorInPlane": 2,
    "PartialFourier": 1,
    "PatientPosition": "HFS",
    "PercentPhaseFOV": 87.5,
    "PercentSampling": 100,
    "PhaseEncodingSteps": 279,
    "PhaseResolution": 1,
    "PixelBandwidth": 240,
    "ProcedureStepDescription": "SWU-fMRI^HeQingHua",
    "ProtocolName": "T1ISO_MPR",
    "PulseSequenceDetails": "%SiemensSeq%\\tfl",
    "ReceiveCoilActiveElements": "HC1-7;NC1,2",
    "ReceiveCoilName": "HeadNeck_64",
    "ReconMatrixPE": 280,
    "RefLinesPE": 32,
    "RepetitionTime": 2.3,
    "SAR": 0.0493827,
    "ScanOptions": "IR\\WE",
    "ScanningSequence": "GR\\IR",
    "SequenceName": "*tfl3d1_16ns",
    "SequenceVariant": "SK\\SP\\MP",
    "SeriesDescription": "T1ISO_MPR",
    "SeriesNumber": 6,
    "ShimSetting": [
      2941,
      4338,
      -6638,
      386,
      -41,
      -286,
      -93,
      42
    ],
    "SliceThickness": 0.8,
    "SoftwareVersions": "syngo MR E11",
    "SpoilingState": true,
    "StationName": "MRC35409",
    "TxRefAmp": 221.862,
    "acquisition": "defaced",
    "dataset": "<unset>",
    "datatype": "anat",
    "extension": ".nii.gz",
    "modality": "T1w",
    "subject": "33",
    "suffix": "T1w"
  },
  "cjv": 0.611422009569378,
  "cnr": 1.6455744432172321,
  "efc": 0.5072,
  "fber": 5089.9307,
  "fwhm_avg": 4.673029097033107,
  "fwhm_x": 4.732512429480069,
  "fwhm_y": 4.470674933381752,
  "fwhm_z": 4.815899928237499,
  "icvs_csf": 0.2619549204902727,
  "icvs_gm": 0.382858777169299,
  "icvs_wm": 0.3551863023404284,
  "inu_med": 0.4747047424316406,
  "inu_range": 0.2135675996541977,
  "provenance": {
    "md5sum": "549d01356b6fed104c1417b0687620ad",
    "settings": {
      "testing": false
    },
    "software": "mriqc",
    "version": "24.1.0.dev0+gd5b13cb5.d20240826",
    "warnings": {
      "large_rot_frame": true,
      "small_air_mask": false
    }
  },
  "qi_1": 0.0,
  "qi_2": 0.00013230245646807113,
  "rpve_csf": 7.694460561802798,
  "rpve_gm": 7.598027227086153,
  "rpve_wm": 7.6705417306953745,
  "size_x": 240,
  "size_y": 280,
  "size_z": 320,
  "snr_csf": 2.0888204381534186,
  "snr_gm": 7.448670306139572,
  "snr_total": 7.236629237583393,
  "snr_wm": 12.172396968457186,
  "snrd_csf": 48.16529583164711,
  "snrd_gm": 82.07985046539862,
  "snrd_total": 78.47113564009173,
  "snrd_wm": 105.16826062322946,
  "spacing_x": 0.800000011920929,
  "spacing_y": 0.800000011920929,
  "spacing_z": 0.800000011920929,
  "summary_bg_k": 7.0615,
  "summary_bg_mad": 5.9304,
  "summary_bg_mean": 6.556,
  "summary_bg_median": 4.0,
  "summary_bg_n": 5791086.0,
  "summary_bg_p05": 0.0,
  "summary_bg_p95": 23.0,
  "summary_bg_stdv": 8.0112,
  "summary_csf_k": -0.6733,
  "summary_csf_mad": 164.523,
  "summary_csf_mean": 440.6971,
  "summary_csf_median": 436.0,
  "summary_csf_n": 724103.1260662845,
  "summary_csf_p05": 93.0,
  "summary_csf_p95": 776.0,
  "summary_csf_stdv": 208.7301,
  "summary_gm_k": -0.3016,
  "summary_gm_mad": 69.3335,
  "summary_gm_mean": 746.3202,
  "summary_gm_median": 743.0,
  "summary_gm_n": 1058308.9520568824,
  "summary_gm_p05": 584.0,
  "summary_gm_p95": 933.0,
  "summary_gm_stdv": 99.7493,
  "summary_wm_k": -0.3776,
  "summary_wm_mad": 58.4537,
  "summary_wm_mean": 935.4654,
  "summary_wm_median": 952.0,
  "summary_wm_n": 981815.922294077,
  "summary_wm_p05": 781.0,
  "summary_wm_p95": 1039.0,
  "summary_wm_stdv": 78.2097,
  "tpm_overlap_csf": 0.19779730904200638,
  "tpm_overlap_gm": 0.5337981652253503,
  "tpm_overlap_wm": 0.5546807961211295,
  "wm2max": 0.8731208272978744
}
