{
  "aor": 0.001160695058256328,
  "aqi": 0.014775223672157495,
  "bids_meta": {
    "AcquisitionMatrixPE": 90,
    "AcquisitionNumber": 1,
    "AcquisitionTime": "10:24:21.745000",
    "BandwidthPerPixelPhaseEncode": 22.222,
    "BaseResolution": 90,
    "BodyPartExamined": "HEAD",
    "CoilCombinationMethod": "Sum of Squares",
    "ConsistencyInfo": "N4_VE11C_LATEST_20160120",
    "ConversionSoftware": "dcm2niix",
    "ConversionSoftwareVersion": "v1.0.20220720",
    "DerivedVendorReportedEchoSpacing": 0.000500005,
    "DeviceSerialNumber": "167076",
    "DwellTime": 2.1e-6,
    "EchoTime": 0.03,
    "EchoTrainLength": 90,
    "EffectiveEchoSpacing": 0.000500005,
    "FileSize": 1.1656851256266236,
    "FileSizeUnits": "GB",
    "FlipAngle": 60,
    "ImageOrientationPatientDICOM": [
      0.997398,
      0.042499,
      -0.0582346,
      -0.0435473,
      0.998909,
      -0.0168517
    ],
    "ImageOrientationText": "Tra>Sag(-3.3)>Cor(-1.1)",
    "ImageType": [
      "ORIGINAL",
      "PRIMARY",
      "M",
      "ND",
      "MOSAIC"
    ],
    "ImagingFrequency": 123.249,
    "InPlanePhaseEncodingDirectionDICOM": "COL",
    "InstitutionAddress": "Tian Sheng 2,Chong Qing//77D79B/,Chong Qing,CN,400715",
    "InstitutionName": "Chong Qing Southwest Normal University Hospital",
    "InstitutionalDepartmentName": "Department",
    "MRAcquisitionType": "2D",
    "MagneticFieldStrength": 3,
    "Manufacturer": "Siemens",
    "ManufacturersModelName": "Prisma_fit",
    "Modality": "MR",
    "MultibandAccelerationFactor": 6,
    "NonlinearGradientCorrection": false,
    "NumberOfVolumes": 2492,
    "PartialFourier": 1,
    "PatientPosition": "HFS",
    "PercentPhaseFOV": 100,
    "PercentSampling": 100,
    "PhaseEncodingDirection": "j",
    "PhaseEncodingSteps": 90,
    "PhaseResolution": 1,
    "PixelBandwidth": 2645,
    "ProcedureStepDescription": "SWU-fMRI^HeQingHua",
    "ProtocolName": "BOLD_PA_RUN1",
    "PulseSequenceDetails": "%SiemensSeq%\\ep2d_bold",
    "ReceiveCoilActiveElements": "HC1-7",
    "ReceiveCoilName": "HeadNeck_64",
    "ReconMatrixPE": 90,
    "RefLinesPE": 32,
    "RepetitionTime": 0.75,
    "SAR": 0.0849295,
    "ScanOptions": "FS",
    "ScanningSequence": "EP",
    "SequenceName": "*epfid2d1_90",
    "SequenceVariant": "SK",
    "SeriesDescription": "BOLD_PA_RUN1",
    "SeriesNumber": 4,
    "ShimSetting": [
      2926,
      4350,
      -6550,
      396,
      57,
      47,
      18,
      64
    ],
    "SliceThickness": 2.4,
    "SliceTiming": [
      0.5125,
      0,
      0.365,
      0.0725,
      0.4375,
      0.22,
      0.585,
      0.2925,
      0.6575,
      0.1475,
      0.5125,
      0,
      0.365,
      0.0725,
      0.4375,
      0.22,
      0.585,
      0.2925,
      0.6575,
      0.1475,
      0.5125,
      0,
      0.365,
      0.0725,
      0.4375,
      0.22,
      0.585,
      0.2925,
      0.6575,
      0.1475,
      0.5125,
      0,
      0.365,
      0.0725,
      0.4375,
      0.22,
      0.585,
      0.2925,
      0.6575,
      0.1475,
      0.5125,
      0,
      0.365,
      0.0725,
      0.4375,
      0.22,
      0.585,
      0.2925,
      0.6575,
      0.1475,
      0.5125,
      0,
      0.365,
      0.0725,
      0.4375,
      0.22,
      0.585,
      0.2925,
      0.6575,
      0.1475
    ],
    "SoftwareVersions": "syngo MR E11",
    "SpacingBetweenSlices": 2.4,
    "StationName": "MRC35409",
    "TaskName": "run1",
    "TotalReadoutTime": 0.0445004,
    "TxRefAmp": 232.449,
    "acquisition": "multiband",
    "dataset": "<unset>",
    "datatype": "func",
    "extension": ".nii.gz",
    "modality": "bold",
    "subject": "40",
    "suffix": "bold",
    "task": "run1"
  },
  "dummy_trs": 3,
  "dvars_nstd": 33.94198040635855,
  "dvars_std": 1.03937869141077,
  "dvars_vstd": 0.9855883235329589,
  "efc": 0.5407,
  "fber": 455.0508,
  "fd_mean": 0.08235017290143037,
  "fd_num": 18,
  "fd_perc": 0.7231820008035356,
  "fwhm_avg": 3.4450430356728057,
  "fwhm_x": 3.3846956988376102,
  "fwhm_y": 3.4168206975610773,
  "fwhm_z": 3.5336127106197304,
  "gcor": 0.00720306,
  "gsr_x": -0.004753227811306715,
  "gsr_y": 0.08136861771345139,
  "provenance": {
    "md5sum": "39c32303f6ede5baf0c1671a02aacb84",
    "settings": {
      "fd_thres": 0.2,
      "testing": false
    },
    "software": "mriqc",
    "version": "24.1.0.dev0+gd5b13cb5.d20240826"
  },
  "size_t": 2489,
  "size_x": 90,
  "size_y": 90,
  "size_z": 60,
  "snr": 1.9287024366485896,
  "spacing_tr": 0.75,
  "spacing_x": 2.4000000953674316,
  "spacing_y": 2.4000000953674316,
  "spacing_z": 2.3999998569488525,
  "summary_bg_k": 18.5259,
  "summary_bg_mad": 9.0725,
  "summary_bg_mean": 35.4776,
  "summary_bg_median": 13.0,
  "summary_bg_n": 372097.0,
  "summary_bg_p05": 6.0,
  "summary_bg_p95": 165.0,
  "summary_bg_stdv": 63.5224,
  "summary_fg_k": 0.5478,
  "summary_fg_mad": 131.3607,
  "summary_fg_mean": 296.4335,
  "summary_fg_median": 274.0,
  "summary_fg_n": 113903.0,
  "summary_fg_p05": 92.0,
  "summary_fg_p95": 559.0,
  "summary_fg_stdv": 142.0638,
  "tsnr": 32.088944979477674
}
