{
  "aor": 0.00022407258064516126,
  "aqi": 0.004949205625,
  "bids_meta": {
    "AcquisitionMatrixPE": 90,
    "AcquisitionNumber": 1,
    "AcquisitionTime": "15:29:47.082500",
    "BandwidthPerPixelPhaseEncode": 22.222,
    "BaseResolution": 90,
    "BodyPartExamined": "HEAD",
    "CoilCombinationMethod": "Sum of Squares",
    "ConsistencyInfo": "N4_VE11C_LATEST_20160120",
    "ConversionSoftware": "dcm2niix",
    "ConversionSoftwareVersion": "v1.0.20220720",
    "DerivedVendorReportedEchoSpacing": 0.000500005,
    "DeviceSerialNumber": "167076",
    "DwellTime": 2.1e-6,
    "EchoTime": 0.03,
    "EchoTrainLength": 90,
    "EffectiveEchoSpacing": 0.000500005,
    "FileSize": 0.2234386820346117,
    "FileSizeUnits": "GB",
    "FlipAngle": 60,
    "ImageOrientationPatientDICOM": [
      0.999048,
      0.0436024,
      -0.00121792,
      -0.0436194,
      0.998659,
      -0.0278951
    ],
    "ImageOrientationText": "Tra>Cor(-1.6)",
    "ImageType": [
      "ORIGINAL",
      "PRIMARY",
      "M",
      "ND",
      "MOSAIC"
    ],
    "ImagingFrequency": 123.249,
    "InPlanePhaseEncodingDirectionDICOM": "COL",
    "InstitutionAddress": "Tian Sheng 2,Chong Qing//77D79B/,Chong Qing,CN,400715",
    "InstitutionName": "Chong Qing Southwest Normal University Hospital",
    "InstitutionalDepartmentName": "Department",
    "MRAcquisitionType": "2D",
    "MagneticFieldStrength": 3,
    "Manufacturer": "Siemens",
    "ManufacturersModelName": "Prisma_fit",
    "Modality": "MR",
    "MultibandAccelerationFactor": 6,
    "NonlinearGradientCorrection": false,
    "NumberOfVolumes": 500,
    "PartialFourier": 1,
    "PatientPosition": "HFS",
    "PercentPhaseFOV": 100,
    "PercentSampling": 100,
    "PhaseEncodingDirection": "j",
    "PhaseEncodingSteps": 90,
    "PhaseResolution": 1,
    "PixelBandwidth": 2645,
    "ProcedureStepDescription": "SWU-fMRI^HeQingHua",
    "ProtocolName": "BOLD_PA_REST1",
    "PulseSequenceDetails": "%SiemensSeq%\\ep2d_bold",
    "ReceiveCoilActiveElements": "HC1-7",
    "ReceiveCoilName": "HeadNeck_64",
    "ReconMatrixPE": 90,
    "RefLinesPE": 32,
    "RepetitionTime": 0.75,
    "SAR": 0.0802185,
    "ScanOptions": "FS",
    "ScanningSequence": "EP",
    "SequenceName": "*epfid2d1_90",
    "SequenceVariant": "SK",
    "SeriesDescription": "BOLD_PA_REST1",
    "SeriesNumber": 3,
    "ShimSetting": [
      2961,
      4318,
      -6588,
      421,
      130,
      -185,
      35,
      -18
    ],
    "SliceThickness": 2.4,
    "SliceTiming": [
      0.5125,
      0,
      0.365,
      0.075,
      0.4375,
      0.22,
      0.585,
      0.2925,
      0.6575,
      0.1475,
      0.5125,
      0,
      0.365,
      0.075,
      0.4375,
      0.22,
      0.585,
      0.2925,
      0.6575,
      0.1475,
      0.5125,
      0,
      0.365,
      0.075,
      0.4375,
      0.22,
      0.585,
      0.2925,
      0.6575,
      0.1475,
      0.5125,
      0,
      0.365,
      0.075,
      0.4375,
      0.22,
      0.585,
      0.2925,
      0.6575,
      0.1475,
      0.5125,
      0,
      0.365,
      0.075,
      0.4375,
      0.22,
      0.585,
      0.2925,
      0.6575,
      0.1475,
      0.5125,
      0,
      0.365,
      0.075,
      0.4375,
      0.22,
      0.585,
      0.2925,
      0.6575,
      0.1475
    ],
    "SoftwareVersions": "syngo MR E11",
    "SpacingBetweenSlices": 2.4,
    "StationName": "MRC35409",
    "TaskName": "rest",
    "TotalReadoutTime": 0.0445004,
    "TxRefAmp": 219.105,
    "acquisition": "multiband",
    "dataset": "<unset>",
    "datatype": "func",
    "extension": ".nii.gz",
    "modality": "bold",
    "subject": "34",
    "suffix": "bold",
    "task": "rest"
  },
  "dummy_trs": 4,
  "dvars_nstd": 37.127942526484844,
  "dvars_std": 1.1207204216161617,
  "dvars_vstd": 0.9870585293939403,
  "efc": 0.5055,
  "fber": 586.2185,
  "fd_mean": 0.05745072793504541,
  "fd_num": 0,
  "fd_perc": 0.0,
  "fwhm_avg": 3.590754023982921,
  "fwhm_x": 3.509037360563383,
  "fwhm_y": 3.61321235642384,
  "fwhm_z": 3.6500123549615404,
  "gcor": 0.00443406,
  "gsr_x": -0.009433119557797909,
  "gsr_y": 0.05255904048681259,
  "provenance": {
    "md5sum": "a4307918ecc0e9a62af27603f0c8cb2d",
    "settings": {
      "fd_thres": 0.2,
      "testing": false
    },
    "software": "mriqc",
    "version": "24.1.0.dev0+gd5b13cb5.d20240826"
  },
  "size_t": 496,
  "size_x": 90,
  "size_y": 90,
  "size_z": 60,
  "snr": 1.9245174216017775,
  "spacing_tr": 0.75,
  "spacing_x": 2.4000000953674316,
  "spacing_y": 2.4000000953674316,
  "spacing_z": 2.4000000953674316,
  "summary_bg_k": 33.9122,
  "summary_bg_mad": 8.1155,
  "summary_bg_mean": 27.2026,
  "summary_bg_median": 12.0,
  "summary_bg_n": 383594.0,
  "summary_bg_p05": 6.0,
  "summary_bg_p95": 111.0,
  "summary_bg_stdv": 45.9094,
  "summary_fg_k": 1.0912,
  "summary_fg_mad": 130.747,
  "summary_fg_mean": 293.2565,
  "summary_fg_median": 279.0,
  "summary_fg_n": 102406.0,
  "summary_fg_p05": 66.0,
  "summary_fg_p95": 550.0,
  "summary_fg_stdv": 144.9707,
  "tsnr": 42.46015789126977
}
