{
  "bids_meta": {
    "AcquisitionMatrixPE": 280,
    "AcquisitionNumber": 1,
    "AcquisitionTime": "15:38:22.830000",
    "BaseResolution": 320,
    "BodyPartExamined": "HEAD",
    "CoilString": "HC1-7;NC1_2",
    "ConsistencyInfo": "N4_VE11C_LATEST_20160120",
    "ConversionSoftware": "dcm2niix",
    "ConversionSoftwareVersion": "v1.0.20190902",
    "DeviceSerialNumber": "167076",
    "DwellTime": 6.5e-6,
    "EchoTime": 0.00207,
    "FileSize": 0.018604914657771587,
    "FileSizeUnits": "GB",
    "FlipAngle": 7,
    "ImageOrientationPatientDICOM": [
      0,
      1,
      0,
      0,
      0,
      -1
    ],
    "ImageType": [
      "ORIGINAL",
      "PRIMARY",
      "M",
      "NORM",
      "DIS3D",
      "DIS2D"
    ],
    "ImagingFrequency": 123.249,
    "InPlanePhaseEncodingDirectionDICOM": "ROW",
    "InstitutionAddress": "Tian_Sheng_2_Chong_Qing_759083_Chong_Qing_CN_400715",
    "InstitutionName": "Chong_Qing_Southwest_Normal_University_Hospital",
    "InstitutionalDepartmentName": "Department",
    "InversionTime": 1.1,
    "MRAcquisitionType": "3D",
    "MagneticFieldStrength": 3,
    "Manufacturer": "Siemens",
    "ManufacturersModelName": "Prisma_fit",
    "Modality": "MR",
    "NumberOfVolumes": 1,
    "ParallelReductionFactorInPlane": 2,
    "PartialFourier": 1,
    "PatientPosition": "HFS",
    "PercentPhaseFOV": 87.5,
    "PhaseEncodingSteps": 279,
    "PhaseResolution": 1,
    "PixelBandwidth": 240,
    "ProcedureStepDescription": "SWU-fMRI_HeQingHua",
    "ProtocolName": "CCBD_T1ISO_MPR",
    "PulseSequenceDetails": "%SiemensSeq%_tfl",
    "ReceiveCoilActiveElements": "HC1-7;NC1,2",
    "ReceiveCoilName": "HeadNeck_64",
    "ReconMatrixPE": 280,
    "RefLinesPE": 32,
    "RepetitionTime": 2.3,
    "SAR": 0.0392139,
    "ScanOptions": "IR_WE",
    "ScanningSequence": "GR_IR",
    "SequenceName": "_tfl3d1_16ns",
    "SequenceVariant": "SK_SP_MP",
    "SeriesDescription": "CCBD_T1ISO_MPR",
    "SeriesNumber": 6,
    "ShimSetting": [
      2966,
      4306,
      -6632,
      234,
      36,
      -368,
      53,
      -20
    ],
    "SliceThickness": 0.8,
    "SoftwareVersions": "syngo_MR_E11",
    "StationName": "MRC35409",
    "TxRefAmp": 219.241,
    "acquisition": "defaced",
    "dataset": "<unset>",
    "datatype": "anat",
    "extension": ".nii.gz",
    "modality": "T1w",
    "subject": "08",
    "suffix": "T1w"
  },
  "cjv": 0.6043915178571428,
  "cnr": 1.572262327576264,
  "efc": 0.5446,
  "fber": 17039.3559,
  "fwhm_avg": 4.426445767374151,
  "fwhm_x": 4.422262434103154,
  "fwhm_y": 4.311949935746939,
  "fwhm_z": 4.545124932272361,
  "icvs_csf": 0.26770987295249965,
  "icvs_gm": 0.3816585769129373,
  "icvs_wm": 0.35063155013456304,
  "inu_med": 0.6272310018539429,
  "inu_range": 0.34585247635841354,
  "provenance": {
    "md5sum": "51b5ceaee1f87432f213903d7ba187f8",
    "settings": {
      "testing": false
    },
    "software": "mriqc",
    "version": "24.1.0.dev0+gd5b13cb5.d20240826",
    "warnings": {
      "large_rot_frame": true,
      "small_air_mask": false
    }
  },
  "qi_1": 0.0,
  "qi_2": 0.00033766840634263874,
  "rpve_csf": 6.444365715163751,
  "rpve_gm": 6.3360914753227515,
  "rpve_wm": 6.420884533348526,
  "size_x": 240,
  "size_y": 280,
  "size_z": 320,
  "snr_csf": 2.1857789140977144,
  "snr_gm": 6.581656303488004,
  "snr_total": 6.348842823133726,
  "snr_wm": 10.27909325181546,
  "snrd_csf": 47.61294152165115,
  "snrd_gm": 79.20760805341966,
  "snrd_total": 76.92454357210306,
  "snrd_wm": 103.95308114123836,
  "spacing_x": 0.800000011920929,
  "spacing_y": 0.800000011920929,
  "spacing_z": 0.800000011920929,
  "summary_bg_k": 8.0443,
  "summary_bg_mad": 5.9304,
  "summary_bg_mean": 5.0551,
  "summary_bg_median": 4.0,
  "summary_bg_n": 5449343.0,
  "summary_bg_p05": 0.0,
  "summary_bg_p95": 20.0,
  "summary_bg_stdv": 7.0319,
  "summary_csf_k": -0.4525,
  "summary_csf_mad": 156.0197,
  "summary_csf_mean": 444.1802,
  "summary_csf_median": 431.0,
  "summary_csf_n": 879900.5117776201,
  "summary_csf_p05": 136.0,
  "summary_csf_p95": 757.0,
  "summary_csf_stdv": 197.1836,
  "summary_gm_k": -0.4306,
  "summary_gm_mad": 70.0685,
  "summary_gm_mean": 724.2785,
  "summary_gm_median": 717.0,
  "summary_gm_n": 1254423.5796996446,
  "summary_gm_p05": 551.0,
  "summary_gm_p95": 934.0,
  "summary_gm_stdv": 108.9391,
  "summary_wm_k": -0.3249,
  "summary_wm_mad": 65.3152,
  "summary_wm_mean": 919.6723,
  "summary_wm_median": 941.0,
  "summary_wm_n": 1152444.9098801962,
  "summary_wm_p05": 738.0,
  "summary_wm_p95": 1038.0,
  "summary_wm_stdv": 91.545,
  "tpm_overlap_csf": 0.2067564106482849,
  "tpm_overlap_gm": 0.5232761415787163,
  "tpm_overlap_wm": 0.5372079935752023,
  "wm2max": 0.7641438025355034
}
