{
	"Modality": "MR",
	"TaskName": "run2",
        "Instructions": "Please complete the task according to the instructions provided.",
        "TaskDescription": "task-based fMRI",
        "NumberOfVolumesDiscardedByScanner": 0,
        "NumberOfVolumesDiscardedByUser": 0,
        "DelayTime": 0,
	"MagneticFieldStrength": 3,
	"ImagingFrequency": 123.249,
	"Manufacturer": "Siemens",
	"ManufacturersModelName": "Prisma_fit",
	"InstitutionName": "Chong Qing Southwest Normal University Hospital",
	"InstitutionalDepartmentName": "Department",
	"InstitutionAddress": "Tian Sheng 2,Chong Qing//464ed4/,Chong Qing,CN,400715",
	"DeviceSerialNumber": "167076",
	"StationName": "MRC35409",
	"BodyPartExamined": "HEAD",
	"PatientPosition": "HFS",
	"ProcedureStepDescription": "SWU-fMRI^HeQingHua",
	"SoftwareVersions": "syngo MR E11",
	"MRAcquisitionType": "2D",
	"SeriesDescription": "CCBD_BOLD_PA_RUN2",
	"ProtocolName": "CCBD_BOLD_PA_RUN2",
	"ScanningSequence": "EP",
	"SequenceVariant": "SK",
	"ScanOptions": "FS",
	"SequenceName": "*epfid2d1_90",
	"ImageType": ["ORIGINAL", "PRIMARY", "M", "ND", "MOSAIC"],
	"NonlinearGradientCorrection": false,
	"SeriesNumber": 7,
	"AcquisitionTime": "19:09:43.472500",
	"AcquisitionNumber": 1,
	"SliceThickness": 2.4,
	"SpacingBetweenSlices": 2.4,
	"SAR": 0.0787838,
	"EchoTime": 0.03,
	"RepetitionTime": 0.75,
	"FlipAngle": 60,
	"PartialFourier": 1,
	"BaseResolution": 90,
	"ShimSetting": [
		2964,
		4340,
		-6610,
		551,
		183,
		-55,
		-19,
		-51	],
	"TxRefAmp": 214.537,
	"PhaseResolution": 1,
	"ReceiveCoilName": "HeadNeck_64",
	"ReceiveCoilActiveElements": "HC1-7",
	"PulseSequenceDetails": "%SiemensSeq%\\ep2d_bold",
	"RefLinesPE": 32,
	"CoilCombinationMethod": "Sum of Squares",
	"ConsistencyInfo": "N4_VE11C_LATEST_20160120",
	"MultibandAccelerationFactor": 6,
	"PercentPhaseFOV": 100,
	"PercentSampling": 100,
	"EchoTrainLength": 90,
	"PhaseEncodingSteps": 90,
	"AcquisitionMatrixPE": 90,
	"ReconMatrixPE": 90,
	"BandwidthPerPixelPhaseEncode": 22.222,
	"EffectiveEchoSpacing": 0.000500005,
	"DerivedVendorReportedEchoSpacing": 0.000500005,
	"TotalReadoutTime": 0.0445004,
	"PixelBandwidth": 2645,
	"DwellTime": 2.1e-06,
	"PhaseEncodingDirection": "j",
	"SliceTiming": [
		0.51,
		0,
		0.365,
		0.0725,
		0.4375,
		0.2175,
		0.5825,
		0.2925,
		0.6575,
		0.145,
		0.51,
		0,
		0.365,
		0.0725,
		0.4375,
		0.2175,
		0.5825,
		0.2925,
		0.6575,
		0.145,
		0.51,
		0,
		0.365,
		0.0725,
		0.4375,
		0.2175,
		0.5825,
		0.2925,
		0.6575,
		0.145,
		0.51,
		0,
		0.365,
		0.0725,
		0.4375,
		0.2175,
		0.5825,
		0.2925,
		0.6575,
		0.145,
		0.51,
		0,
		0.365,
		0.0725,
		0.4375,
		0.2175,
		0.5825,
		0.2925,
		0.6575,
		0.145,
		0.51,
		0,
		0.365,
		0.0725,
		0.4375,
		0.2175,
		0.5825,
		0.2925,
		0.6575,
		0.145	],
	"ImageOrientationPatientDICOM": [
		0.999035,
		0.043457,
		-0.0064232,
		-0.0436188,
		0.998665,
		-0.0276763	],
	"ImageOrientationText": "Tra>Cor(-1.6)>Sag(-0.3)",
	"InPlanePhaseEncodingDirectionDICOM": "COL",
	"ConversionSoftware": "dcm2niix",
	"ConversionSoftwareVersion": "v1.0.20220720"
}
