{
  "bids_meta": {
    "AcquisitionMatrixPE": 280,
    "AcquisitionNumber": 1,
    "AcquisitionTime": "13:47:34.437500",
    "BaseResolution": 320,
    "BodyPartExamined": "HEAD",
    "CoilCombinationMethod": "Adaptive Combine",
    "ConsistencyInfo": "N4_VE11C_LATEST_20160120",
    "ConversionSoftware": "dcm2niix",
    "ConversionSoftwareVersion": "v1.0.20220720",
    "DeviceSerialNumber": "167076",
    "DwellTime": 6.5e-6,
    "EchoTime": 0.00207,
    "FileSize": 0.01761782541871071,
    "FileSizeUnits": "GB",
    "FlipAngle": 7,
    "ImageOrientationPatientDICOM": [
      0.078456,
      0.996918,
      1.03402e-8,
      0.0000456709,
      -3.58386e-6,
      -1
    ],
    "ImageOrientationText": "Sag>Cor(4.5)>Tra(-0.0)",
    "ImageType": [
      "ORIGINAL",
      "PRIMARY",
      "M",
      "NORM",
      "DIS3D",
      "DIS2D"
    ],
    "ImagingFrequency": 123.249,
    "InPlanePhaseEncodingDirectionDICOM": "ROW",
    "InstitutionAddress": "Tian Sheng 2,Chong Qing//759083/,Chong Qing,CN,400715",
    "InstitutionName": "Chong Qing Southwest Normal University Hospital",
    "InstitutionalDepartmentName": "Department",
    "InversionTime": 1.1,
    "MRAcquisitionType": "3D",
    "MagneticFieldStrength": 3,
    "Manufacturer": "Siemens",
    "ManufacturersModelName": "Prisma_fit",
    "MatrixCoilMode": "GRAPPA",
    "Modality": "MR",
    "NonlinearGradientCorrection": true,
    "NumberOfVolumes": 1,
    "ParallelReductionFactorInPlane": 2,
    "PartialFourier": 1,
    "PatientPosition": "HFS",
    "PercentPhaseFOV": 87.5,
    "PercentSampling": 100,
    "PhaseEncodingSteps": 279,
    "PhaseResolution": 1,
    "PixelBandwidth": 240,
    "ProcedureStepDescription": "SWU-fMRI^HeQingHua",
    "ProtocolName": "T1ISO_MPR",
    "PulseSequenceDetails": "%SiemensSeq%\\tfl",
    "ReceiveCoilActiveElements": "HC1-7;NC1,2",
    "ReceiveCoilName": "HeadNeck_64",
    "ReconMatrixPE": 280,
    "RefLinesPE": 32,
    "RepetitionTime": 2.3,
    "SAR": 0.0417578,
    "ScanOptions": "IR\\WE",
    "ScanningSequence": "GR\\IR",
    "SequenceName": "*tfl3d1_16ns",
    "SequenceVariant": "SK\\SP\\MP",
    "SeriesDescription": "T1ISO_MPR",
    "SeriesNumber": 6,
    "ShimSetting": [
      2934,
      4334,
      -6652,
      135,
      20,
      -466,
      -33,
      42
    ],
    "SliceThickness": 0.8,
    "SoftwareVersions": "syngo MR E11",
    "SpoilingState": true,
    "StationName": "MRC35409",
    "TxRefAmp": 217.001,
    "acquisition": "defaced",
    "dataset": "<unset>",
    "datatype": "anat",
    "extension": ".nii.gz",
    "modality": "T1w",
    "subject": "04",
    "suffix": "T1w"
  },
  "cjv": 0.5728378260869565,
  "cnr": 1.8383559800140468,
  "efc": 0.504,
  "fber": 17331.8033,
  "fwhm_avg": 4.56455409864951,
  "fwhm_x": 4.592724931563065,
  "fwhm_y": 4.417087434180268,
  "fwhm_z": 4.683849930205197,
  "icvs_csf": 0.26367231440159306,
  "icvs_gm": 0.387651114248566,
  "icvs_wm": 0.348676571349841,
  "inu_med": 0.5255126357078552,
  "inu_range": 0.24613678157329555,
  "provenance": {
    "md5sum": "1dbb221e1cc7f269733b3c4db7024901",
    "settings": {
      "testing": false
    },
    "software": "mriqc",
    "version": "24.1.0.dev0+gd5b13cb5.d20240826",
    "warnings": {
      "large_rot_frame": true,
      "small_air_mask": false
    }
  },
  "qi_1": 0.0,
  "qi_2": 0.000263175404209917,
  "rpve_csf": 7.59037849091853,
  "rpve_gm": 7.5123353627729985,
  "rpve_wm": 7.587738123908134,
  "size_x": 240,
  "size_y": 280,
  "size_z": 320,
  "snr_csf": 1.970376408030198,
  "snr_gm": 7.541045001459891,
  "snr_total": 7.195927074034639,
  "snr_wm": 12.076359812613829,
  "snrd_csf": 63.631216511533786,
  "snrd_gm": 107.23038338054768,
  "snrd_total": 103.98990476190475,
  "snrd_wm": 141.1081143936328,
  "spacing_x": 0.800000011920929,
  "spacing_y": 0.800000011920929,
  "spacing_z": 0.800000011920929,
  "summary_bg_k": 9.5563,
  "summary_bg_mad": 4.4478,
  "summary_bg_mean": 4.1822,
  "summary_bg_median": 3.0,
  "summary_bg_n": 6120393.0,
  "summary_bg_p05": 0.0,
  "summary_bg_p95": 18.0,
  "summary_bg_stdv": 6.3486,
  "summary_csf_k": -0.7392,
  "summary_csf_mad": 168.1699,
  "summary_csf_mean": 431.3603,
  "summary_csf_median": 432.0,
  "summary_csf_n": 738321.2404233145,
  "summary_csf_p05": 66.0,
  "summary_csf_p95": 775.0,
  "summary_csf_stdv": 219.2473,
  "summary_gm_k": -0.2378,
  "summary_gm_mad": 71.2554,
  "summary_gm_mean": 730.725,
  "summary_gm_median": 728.0,
  "summary_gm_n": 1085480.1050047295,
  "summary_gm_p05": 573.0,
  "summary_gm_p95": 906.0,
  "summary_gm_stdv": 96.5383,
  "summary_wm_k": -0.0555,
  "summary_wm_mad": 60.4973,
  "summary_wm_mean": 941.8515,
  "summary_wm_median": 958.0,
  "summary_wm_n": 976345.6555907849,
  "summary_wm_p05": 784.0,
  "summary_wm_p95": 1046.0,
  "summary_wm_stdv": 79.3285,
  "tpm_overlap_csf": 0.1953594136830496,
  "tpm_overlap_gm": 0.5306686617074964,
  "tpm_overlap_wm": 0.5491036912067573,
  "wm2max": 0.8439929950511733
}
