{
  "aor": 0.002468249698916098,
  "aqi": 0.04018295214371738,
  "bids_meta": {
    "AcquisitionMatrixPE": 90,
    "AcquisitionNumber": 1,
    "AcquisitionTime": "17:50:53.915000",
    "BandwidthPerPixelPhaseEncode": 22.222,
    "BaseResolution": 90,
    "BodyPartExamined": "HEAD",
    "CoilCombinationMethod": "Sum of Squares",
    "ConsistencyInfo": "N4_VE11C_LATEST_20160120",
    "ConversionSoftware": "dcm2niix",
    "ConversionSoftwareVersion": "v1.0.20220720",
    "DerivedVendorReportedEchoSpacing": 0.000500005,
    "DeviceSerialNumber": "167076",
    "DwellTime": 2.1e-6,
    "EchoTime": 0.03,
    "EchoTrainLength": 90,
    "EffectiveEchoSpacing": 0.000500005,
    "FileSize": 1.1981542129069567,
    "FileSizeUnits": "GB",
    "FlipAngle": 60,
    "ImageOrientationPatientDICOM": [
      0.999048,
      0.0435513,
      -0.0024349,
      -0.0436193,
      0.99749,
      -0.0557684
    ],
    "ImageOrientationText": "Tra>Cor(-3.2)",
    "ImageType": [
      "ORIGINAL",
      "PRIMARY",
      "M",
      "ND",
      "MOSAIC"
    ],
    "ImagingFrequency": 123.249,
    "InPlanePhaseEncodingDirectionDICOM": "COL",
    "InstitutionAddress": "Tian Sheng 2,Chong Qing//759083/,Chong Qing,CN,400715",
    "InstitutionName": "Chong Qing Southwest Normal University Hospital",
    "InstitutionalDepartmentName": "Department",
    "MRAcquisitionType": "2D",
    "MagneticFieldStrength": 3,
    "Manufacturer": "Siemens",
    "ManufacturersModelName": "Prisma_fit",
    "Modality": "MR",
    "MultibandAccelerationFactor": 6,
    "NonlinearGradientCorrection": false,
    "NumberOfVolumes": 2492,
    "PartialFourier": 1,
    "PatientPosition": "HFS",
    "PercentPhaseFOV": 100,
    "PercentSampling": 100,
    "PhaseEncodingDirection": "j",
    "PhaseEncodingSteps": 90,
    "PhaseResolution": 1,
    "PixelBandwidth": 2645,
    "ProcedureStepDescription": "SWU-fMRI^HeQingHua",
    "ProtocolName": "BOLD_PA_RUN1",
    "PulseSequenceDetails": "%SiemensSeq%\\ep2d_bold",
    "ReceiveCoilActiveElements": "HC1-7",
    "ReceiveCoilName": "HeadNeck_64",
    "ReconMatrixPE": 90,
    "RefLinesPE": 32,
    "RepetitionTime": 0.75,
    "SAR": 0.0840713,
    "ScanOptions": "FS",
    "ScanningSequence": "EP",
    "SequenceName": "*epfid2d1_90",
    "SequenceVariant": "SK",
    "SeriesDescription": "BOLD_PA_RUN1",
    "SeriesNumber": 4,
    "ShimSetting": [
      2936,
      4334,
      -6561,
      320,
      32,
      -76,
      30,
      18
    ],
    "SliceThickness": 2.4,
    "SliceTiming": [
      0.51,
      0,
      0.365,
      0.0725,
      0.4375,
      0.2175,
      0.5825,
      0.29,
      0.655,
      0.145,
      0.51,
      0,
      0.365,
      0.0725,
      0.4375,
      0.2175,
      0.5825,
      0.29,
      0.655,
      0.145,
      0.51,
      0,
      0.365,
      0.0725,
      0.4375,
      0.2175,
      0.5825,
      0.29,
      0.655,
      0.145,
      0.51,
      0,
      0.365,
      0.0725,
      0.4375,
      0.2175,
      0.5825,
      0.29,
      0.655,
      0.145,
      0.51,
      0,
      0.365,
      0.0725,
      0.4375,
      0.2175,
      0.5825,
      0.29,
      0.655,
      0.145,
      0.51,
      0,
      0.365,
      0.0725,
      0.4375,
      0.2175,
      0.5825,
      0.29,
      0.655,
      0.145
    ],
    "SoftwareVersions": "syngo MR E11",
    "SpacingBetweenSlices": 2.4,
    "StationName": "MRC35409",
    "TaskName": "run1",
    "TotalReadoutTime": 0.0445004,
    "TxRefAmp": 250.82,
    "acquisition": "multiband",
    "dataset": "<unset>",
    "datatype": "func",
    "extension": ".nii.gz",
    "modality": "bold",
    "subject": "29",
    "suffix": "bold",
    "task": "run1"
  },
  "dummy_trs": 1,
  "dvars_nstd": 33.94617928734942,
  "dvars_std": 0.875010457429719,
  "dvars_vstd": 0.879353810409639,
  "efc": 0.553,
  "fber": 316.9003,
  "fd_mean": 0.08550270312101627,
  "fd_num": 55,
  "fd_perc": 2.2079486150140504,
  "fwhm_avg": 3.7551679063385897,
  "fwhm_x": 3.604358190109007,
  "fwhm_y": 3.7469248511105837,
  "fwhm_z": 3.914220677796178,
  "gcor": 0.00710013,
  "gsr_x": 0.0058279274962842464,
  "gsr_y": 0.06384655833244324,
  "provenance": {
    "md5sum": "56ff11981b736806201011d4aa777f33",
    "settings": {
      "fd_thres": 0.2,
      "testing": false
    },
    "software": "mriqc",
    "version": "24.1.0.dev0+gd5b13cb5.d20240826"
  },
  "size_t": 2491,
  "size_x": 90,
  "size_y": 90,
  "size_z": 60,
  "snr": 1.8343341310402685,
  "spacing_tr": 0.75,
  "spacing_x": 2.4000000953674316,
  "spacing_y": 2.4000000953674316,
  "spacing_z": 2.4000000953674316,
  "summary_bg_k": 17.0182,
  "summary_bg_mad": 11.2287,
  "summary_bg_mean": 37.6013,
  "summary_bg_median": 15.0,
  "summary_bg_n": 372636.0,
  "summary_bg_p05": 6.0,
  "summary_bg_p95": 164.0,
  "summary_bg_stdv": 59.8339,
  "summary_fg_k": 1.2564,
  "summary_fg_mad": 133.1509,
  "summary_fg_mean": 284.122,
  "summary_fg_median": 264.0,
  "summary_fg_n": 113364.0,
  "summary_fg_p05": 78.0,
  "summary_fg_p95": 544.0,
  "summary_fg_stdv": 143.9208,
  "tsnr": 24.39572911011055
}
