{
  "aor": 0.0015328085443037974,
  "aqi": 0.006340320838607596,
  "bids_meta": {
    "AcquisitionMatrixPE": 90,
    "AcquisitionNumber": 1,
    "AcquisitionTime": "18:30:2.912500",
    "BandwidthPerPixelPhaseEncode": 22.222,
    "BaseResolution": 90,
    "BodyPartExamined": "HEAD",
    "CoilCombinationMethod": "Sum of Squares",
    "ConsistencyInfo": "N4_VE11C_LATEST_20160120",
    "ConversionSoftware": "dcm2niix",
    "ConversionSoftwareVersion": "v1.0.20220720",
    "DerivedVendorReportedEchoSpacing": 0.000500005,
    "DeviceSerialNumber": "167076",
    "DwellTime": 2.1e-6,
    "EchoTime": 0.03,
    "EchoTrainLength": 90,
    "EffectiveEchoSpacing": 0.000500005,
    "FileSize": 0.6091435039415956,
    "FileSizeUnits": "GB",
    "FlipAngle": 60,
    "ImageOrientationPatientDICOM": [
      0.999048,
      0.0435513,
      -0.0024349,
      -0.0436193,
      0.99749,
      -0.0557684
    ],
    "ImageOrientationText": "Tra>Cor(-3.2)",
    "ImageType": [
      "ORIGINAL",
      "PRIMARY",
      "M",
      "ND",
      "MOSAIC"
    ],
    "ImagingFrequency": 123.249,
    "InPlanePhaseEncodingDirectionDICOM": "COL",
    "InstitutionAddress": "Tian Sheng 2,Chong Qing//759083/,Chong Qing,CN,400715",
    "InstitutionName": "Chong Qing Southwest Normal University Hospital",
    "InstitutionalDepartmentName": "Department",
    "MRAcquisitionType": "2D",
    "MagneticFieldStrength": 3,
    "Manufacturer": "Siemens",
    "ManufacturersModelName": "Prisma_fit",
    "Modality": "MR",
    "MultibandAccelerationFactor": 6,
    "NonlinearGradientCorrection": false,
    "NumberOfVolumes": 1264,
    "PartialFourier": 1,
    "PatientPosition": "HFS",
    "PercentPhaseFOV": 100,
    "PercentSampling": 100,
    "PhaseEncodingDirection": "j",
    "PhaseEncodingSteps": 90,
    "PhaseResolution": 1,
    "PixelBandwidth": 2645,
    "ProcedureStepDescription": "SWU-fMRI^HeQingHua",
    "ProtocolName": "BOLD_PA_RUN2",
    "PulseSequenceDetails": "%SiemensSeq%\\ep2d_bold",
    "ReceiveCoilActiveElements": "HC1-7",
    "ReceiveCoilName": "HeadNeck_64",
    "ReconMatrixPE": 90,
    "RefLinesPE": 32,
    "RepetitionTime": 0.75,
    "SAR": 0.0839568,
    "ScanOptions": "FS",
    "ScanningSequence": "EP",
    "SequenceName": "*epfid2d1_90",
    "SequenceVariant": "SK",
    "SeriesDescription": "BOLD_PA_RUN2",
    "SeriesNumber": 7,
    "ShimSetting": [
      2936,
      4334,
      -6561,
      320,
      32,
      -76,
      30,
      18
    ],
    "SliceThickness": 2.4,
    "SliceTiming": [
      0.51,
      0,
      0.365,
      0.0725,
      0.4375,
      0.22,
      0.585,
      0.2925,
      0.6575,
      0.145,
      0.51,
      0,
      0.365,
      0.0725,
      0.4375,
      0.22,
      0.585,
      0.2925,
      0.6575,
      0.145,
      0.51,
      0,
      0.365,
      0.0725,
      0.4375,
      0.22,
      0.585,
      0.2925,
      0.6575,
      0.145,
      0.51,
      0,
      0.365,
      0.0725,
      0.4375,
      0.22,
      0.585,
      0.2925,
      0.6575,
      0.145,
      0.51,
      0,
      0.365,
      0.0725,
      0.4375,
      0.22,
      0.585,
      0.2925,
      0.6575,
      0.145,
      0.51,
      0,
      0.365,
      0.0725,
      0.4375,
      0.22,
      0.585,
      0.2925,
      0.6575,
      0.145
    ],
    "SoftwareVersions": "syngo MR E11",
    "SpacingBetweenSlices": 2.4,
    "StationName": "MRC35409",
    "TaskName": "run2",
    "TotalReadoutTime": 0.0445004,
    "TxRefAmp": 250.82,
    "acquisition": "multiband",
    "dataset": "<unset>",
    "datatype": "func",
    "extension": ".nii.gz",
    "modality": "bold",
    "subject": "29",
    "suffix": "bold",
    "task": "run2"
  },
  "dummy_trs": 0,
  "dvars_nstd": 35.211794545764064,
  "dvars_std": 1.0827977555502766,
  "dvars_vstd": 1.0322570435787801,
  "efc": 0.552,
  "fber": 317.4066,
  "fd_mean": 0.08304619878233975,
  "fd_num": 36,
  "fd_perc": 2.848101265822785,
  "fwhm_avg": 3.4615956957818788,
  "fwhm_x": 3.418716530819077,
  "fwhm_y": 3.527054026514132,
  "fwhm_z": 3.439016530012428,
  "gcor": 0.0151675,
  "gsr_x": 0.0067087821662425995,
  "gsr_y": 0.06354772299528122,
  "provenance": {
    "md5sum": "4682347f60ee6c5081167dc954df3da8",
    "settings": {
      "fd_thres": 0.2,
      "testing": false
    },
    "software": "mriqc",
    "version": "24.1.0.dev0+gd5b13cb5.d20240826"
  },
  "size_t": 1264,
  "size_x": 90,
  "size_y": 90,
  "size_z": 60,
  "snr": 1.803556385566866,
  "spacing_tr": 0.75,
  "spacing_x": 2.4000000953674316,
  "spacing_y": 2.4000000953674316,
  "spacing_z": 2.4000000953674316,
  "summary_bg_k": 18.0406,
  "summary_bg_mad": 11.1629,
  "summary_bg_mean": 37.8691,
  "summary_bg_median": 15.0,
  "summary_bg_n": 372219.0,
  "summary_bg_p05": 6.0,
  "summary_bg_p95": 167.0,
  "summary_bg_stdv": 61.2504,
  "summary_fg_k": 1.2503,
  "summary_fg_mad": 133.4166,
  "summary_fg_mean": 282.1388,
  "summary_fg_median": 262.0,
  "summary_fg_n": 113781.0,
  "summary_fg_p05": 71.0,
  "summary_fg_p95": 546.0,
  "summary_fg_stdv": 145.2679,
  "tsnr": 38.686707466840744
}
