{
  "bids_meta": {
    "AcquisitionMatrixPE": 280,
    "AcquisitionNumber": 1,
    "AcquisitionTime": "19:32:19.592500",
    "BaseResolution": 320,
    "BodyPartExamined": "HEAD",
    "CoilCombinationMethod": "Adaptive Combine",
    "ConsistencyInfo": "N4_VE11C_LATEST_20160120",
    "ConversionSoftware": "dcm2niix",
    "ConversionSoftwareVersion": "v1.0.20220720",
    "DeviceSerialNumber": "167076",
    "DwellTime": 6.5e-6,
    "EchoTime": 0.00207,
    "FileSize": 0.020756779238581657,
    "FileSizeUnits": "GB",
    "FlipAngle": 7,
    "ImageOrientationPatientDICOM": [
      0,
      1,
      0,
      0,
      0,
      -1
    ],
    "ImageOrientationText": "Sag",
    "ImageType": [
      "ORIGINAL",
      "PRIMARY",
      "M",
      "NORM",
      "DIS3D",
      "DIS2D"
    ],
    "ImagingFrequency": 123.249,
    "InPlanePhaseEncodingDirectionDICOM": "ROW",
    "InstitutionAddress": "Tian Sheng 2,Chong Qing//77D79B/,Chong Qing,CN,400715",
    "InstitutionName": "Chong Qing Southwest Normal University Hospital",
    "InstitutionalDepartmentName": "Department",
    "InversionTime": 1.1,
    "MRAcquisitionType": "3D",
    "MagneticFieldStrength": 3,
    "Manufacturer": "Siemens",
    "ManufacturersModelName": "Prisma_fit",
    "MatrixCoilMode": "GRAPPA",
    "Modality": "MR",
    "NonlinearGradientCorrection": true,
    "NumberOfVolumes": 1,
    "ParallelReductionFactorInPlane": 2,
    "PartialFourier": 1,
    "PatientPosition": "HFS",
    "PercentPhaseFOV": 87.5,
    "PercentSampling": 100,
    "PhaseEncodingSteps": 279,
    "PhaseResolution": 1,
    "PixelBandwidth": 240,
    "ProcedureStepDescription": "SWU-fMRI^HeQingHua",
    "ProtocolName": "T1ISO_MPR",
    "PulseSequenceDetails": "%SiemensSeq%\\tfl",
    "ReceiveCoilActiveElements": "HC1-7;NC1,2",
    "ReceiveCoilName": "HeadNeck_64",
    "ReconMatrixPE": 280,
    "RefLinesPE": 32,
    "RepetitionTime": 2.3,
    "SAR": 0.0513276,
    "ScanOptions": "IR\\WE",
    "ScanningSequence": "GR\\IR",
    "SequenceName": "*tfl3d1_16ns",
    "SequenceVariant": "SK\\SP\\MP",
    "SeriesDescription": "T1ISO_MPR",
    "SeriesNumber": 6,
    "ShimSetting": [
      2944,
      4292,
      -6629,
      143,
      -26,
      -406,
      80,
      -5
    ],
    "SliceThickness": 0.8,
    "SoftwareVersions": "syngo MR E11",
    "SpoilingState": true,
    "StationName": "MRC35409",
    "TxRefAmp": 247.249,
    "acquisition": "defaced",
    "dataset": "<unset>",
    "datatype": "anat",
    "extension": ".nii.gz",
    "modality": "T1w",
    "subject": "37",
    "suffix": "T1w"
  },
  "cjv": 0.6515527363184079,
  "cnr": 1.4240641681666204,
  "efc": 0.5805,
  "fber": 12382.5105,
  "fwhm_avg": 4.439049933853002,
  "fwhm_x": 4.495112433017605,
  "fwhm_y": 4.300212435921842,
  "fwhm_z": 4.521824932619558,
  "icvs_csf": 0.26447809921027216,
  "icvs_gm": 0.37981260875072176,
  "icvs_wm": 0.355709292039006,
  "inu_med": 0.5315626859664917,
  "inu_range": 0.25769810378551483,
  "provenance": {
    "md5sum": "95a1c9aa1dcd3584b4b4220a06f3d798",
    "settings": {
      "testing": false
    },
    "software": "mriqc",
    "version": "24.1.0.dev0+gd5b13cb5.d20240826",
    "warnings": {
      "large_rot_frame": true,
      "small_air_mask": false
    }
  },
  "qi_1": 0.0,
  "qi_2": 0.0009673624073191126,
  "rpve_csf": 6.129659983659506,
  "rpve_gm": 6.009890425825665,
  "rpve_wm": 6.087425253216196,
  "size_x": 240,
  "size_y": 280,
  "size_z": 320,
  "snr_csf": 2.1160640481668063,
  "snr_gm": 6.78396949587446,
  "snr_total": 6.528752140562896,
  "snr_wm": 10.686222877647424,
  "snrd_csf": 12.069715386760642,
  "snrd_gm": 20.319199756610804,
  "snrd_total": 19.424121474870905,
  "snrd_wm": 25.88344928124128,
  "spacing_x": 0.800000011920929,
  "spacing_y": 0.800000011920929,
  "spacing_z": 0.800000011920929,
  "summary_bg_k": 1371.2073,
  "summary_bg_mad": 0.0,
  "summary_bg_mean": 4.8806,
  "summary_bg_median": 0.0,
  "summary_bg_n": 5502011.0,
  "summary_bg_p05": 0.0,
  "summary_bg_p95": 15.0,
  "summary_bg_stdv": 23.6658,
  "summary_csf_k": -0.3589,
  "summary_csf_mad": 158.2307,
  "summary_csf_mean": 448.3243,
  "summary_csf_median": 436.0,
  "summary_csf_n": 913906.9812827129,
  "summary_csf_p05": 105.0,
  "summary_csf_p95": 777.0,
  "summary_csf_stdv": 206.0428,
  "summary_gm_k": -0.378,
  "summary_gm_mad": 68.0684,
  "summary_gm_mean": 740.0551,
  "summary_gm_median": 734.0,
  "summary_gm_n": 1312446.6477676597,
  "summary_gm_p05": 568.0,
  "summary_gm_p95": 945.0,
  "summary_gm_stdv": 108.1962,
  "summary_wm_k": -0.3121,
  "summary_wm_mad": 62.8937,
  "summary_wm_mean": 915.2304,
  "summary_wm_median": 935.0,
  "summary_wm_n": 1229157.3717153848,
  "summary_wm_p05": 746.0,
  "summary_wm_p95": 1030.0,
  "summary_wm_stdv": 87.4958,
  "tpm_overlap_csf": 0.1951590382271879,
  "tpm_overlap_gm": 0.5206603403156106,
  "tpm_overlap_wm": 0.5321753663532623,
  "wm2max": 0.8147293680840971
}
