{
  "aor": 0.0003862048192771084,
  "aqi": 0.0046748855020080325,
  "bids_meta": {
    "AcquisitionMatrixPE": 90,
    "AcquisitionNumber": 1,
    "AcquisitionTime": "13:10:53.757500",
    "BandwidthPerPixelPhaseEncode": 22.222,
    "BaseResolution": 90,
    "BodyPartExamined": "HEAD",
    "CoilCombinationMethod": "Sum of Squares",
    "ConsistencyInfo": "N4_VE11C_LATEST_20160120",
    "ConversionSoftware": "dcm2niix",
    "ConversionSoftwareVersion": "v1.0.20220720",
    "DerivedVendorReportedEchoSpacing": 0.000500005,
    "DeviceSerialNumber": "167076",
    "DwellTime": 2.1e-6,
    "EchoTime": 0.03,
    "EchoTrainLength": 90,
    "EffectiveEchoSpacing": 0.000500005,
    "FileSize": 0.2438669167459011,
    "FileSizeUnits": "GB",
    "FlipAngle": 60,
    "ImageOrientationPatientDICOM": [
      0.999042,
      0.0433772,
      -0.00576428,
      -0.0436191,
      0.997687,
      -0.0521391
    ],
    "ImageOrientationText": "Tra>Cor(-3.0)>Sag(-0.2)",
    "ImageType": [
      "ORIGINAL",
      "PRIMARY",
      "M",
      "ND",
      "MOSAIC"
    ],
    "ImagingFrequency": 123.249,
    "InPlanePhaseEncodingDirectionDICOM": "COL",
    "InstitutionAddress": "Tian Sheng 2,Chong Qing//77D79B/,Chong Qing,CN,400715",
    "InstitutionName": "Chong Qing Southwest Normal University Hospital",
    "InstitutionalDepartmentName": "Department",
    "MRAcquisitionType": "2D",
    "MagneticFieldStrength": 3,
    "Manufacturer": "Siemens",
    "ManufacturersModelName": "Prisma_fit",
    "Modality": "MR",
    "MultibandAccelerationFactor": 6,
    "NonlinearGradientCorrection": false,
    "NumberOfVolumes": 500,
    "PartialFourier": 1,
    "PatientPosition": "HFS",
    "PercentPhaseFOV": 100,
    "PercentSampling": 100,
    "PhaseEncodingDirection": "j",
    "PhaseEncodingSteps": 90,
    "PhaseResolution": 1,
    "PixelBandwidth": 2645,
    "ProcedureStepDescription": "SWU-fMRI^HeQingHua",
    "ProtocolName": "BOLD_PA_REST1",
    "PulseSequenceDetails": "%SiemensSeq%\\ep2d_bold",
    "ReceiveCoilActiveElements": "HC1-7",
    "ReceiveCoilName": "HeadNeck_64",
    "ReconMatrixPE": 90,
    "RefLinesPE": 32,
    "RepetitionTime": 0.75,
    "SAR": 0.0946673,
    "ScanOptions": "FS",
    "ScanningSequence": "EP",
    "SequenceName": "*epfid2d1_90",
    "SequenceVariant": "SK",
    "SeriesDescription": "BOLD_PA_REST1",
    "SeriesNumber": 3,
    "ShimSetting": [
      2927,
      4351,
      -6589,
      408,
      -25,
      -161,
      -65,
      14
    ],
    "SliceThickness": 2.4,
    "SliceTiming": [
      0.51,
      0,
      0.365,
      0.0725,
      0.4375,
      0.2175,
      0.5825,
      0.2925,
      0.6575,
      0.145,
      0.51,
      0,
      0.365,
      0.0725,
      0.4375,
      0.2175,
      0.5825,
      0.2925,
      0.6575,
      0.145,
      0.51,
      0,
      0.365,
      0.0725,
      0.4375,
      0.2175,
      0.5825,
      0.2925,
      0.6575,
      0.145,
      0.51,
      0,
      0.365,
      0.0725,
      0.4375,
      0.2175,
      0.5825,
      0.2925,
      0.6575,
      0.145,
      0.51,
      0,
      0.365,
      0.0725,
      0.4375,
      0.2175,
      0.5825,
      0.2925,
      0.6575,
      0.145,
      0.51,
      0,
      0.365,
      0.0725,
      0.4375,
      0.2175,
      0.5825,
      0.2925,
      0.6575,
      0.145
    ],
    "SoftwareVersions": "syngo MR E11",
    "SpacingBetweenSlices": 2.4,
    "StationName": "MRC35409",
    "TaskName": "rest",
    "TotalReadoutTime": 0.0445004,
    "TxRefAmp": 247.241,
    "acquisition": "multiband",
    "dataset": "<unset>",
    "datatype": "func",
    "extension": ".nii.gz",
    "modality": "bold",
    "subject": "32",
    "suffix": "bold",
    "task": "rest"
  },
  "dummy_trs": 2,
  "dvars_nstd": 32.216430936599586,
  "dvars_std": 1.0627392789939643,
  "dvars_vstd": 1.004240234446681,
  "efc": 0.5531,
  "fber": 372.6185,
  "fd_mean": 0.048967304744565655,
  "fd_num": 0,
  "fd_perc": 0.0,
  "fwhm_avg": 3.837731791946684,
  "fwhm_x": 3.640633188667568,
  "fwhm_y": 3.781691516395747,
  "fwhm_z": 4.090870670776738,
  "gcor": 0.00817123,
  "gsr_x": -0.001494920114055276,
  "gsr_y": 0.05583201348781586,
  "provenance": {
    "md5sum": "67cf996ca914c737d0516eb918c2afeb",
    "settings": {
      "fd_thres": 0.2,
      "testing": false
    },
    "software": "mriqc",
    "version": "24.1.0.dev0+gd5b13cb5.d20240826"
  },
  "size_t": 498,
  "size_x": 90,
  "size_y": 90,
  "size_z": 60,
  "snr": 1.770549187431553,
  "spacing_tr": 0.75,
  "spacing_x": 2.4000000953674316,
  "spacing_y": 2.4000000953674316,
  "spacing_z": 2.4000000953674316,
  "summary_bg_k": 24.4867,
  "summary_bg_mad": 10.021,
  "summary_bg_mean": 42.409,
  "summary_bg_median": 14.0,
  "summary_bg_n": 362419.0,
  "summary_bg_p05": 6.0,
  "summary_bg_p95": 198.0,
  "summary_bg_stdv": 80.2195,
  "summary_fg_k": 1.6663,
  "summary_fg_mad": 138.9121,
  "summary_fg_mean": 304.0226,
  "summary_fg_median": 277.0,
  "summary_fg_n": 123581.0,
  "summary_fg_p05": 93.0,
  "summary_fg_p95": 595.0,
  "summary_fg_stdv": 156.448,
  "tsnr": 43.16774526494555
}
