{
  "aor": 0.0006798675762439808,
  "aqi": 0.018465465276886032,
  "bids_meta": {
    "AcquisitionMatrixPE": 90,
    "AcquisitionNumber": 1,
    "AcquisitionTime": "15:47:50.772500",
    "BandwidthPerPixelPhaseEncode": 22.222,
    "BaseResolution": 90,
    "BodyPartExamined": "HEAD",
    "CoilCombinationMethod": "Sum of Squares",
    "ConsistencyInfo": "N4_VE11C_LATEST_20160120",
    "ConversionSoftware": "dcm2niix",
    "ConversionSoftwareVersion": "v1.0.20220720",
    "DerivedVendorReportedEchoSpacing": 0.000500005,
    "DeviceSerialNumber": "167076",
    "DwellTime": 2.1e-6,
    "EchoTime": 0.03,
    "EchoTrainLength": 90,
    "EffectiveEchoSpacing": 0.000500005,
    "FileSize": 1.144631895236671,
    "FileSizeUnits": "GB",
    "FlipAngle": 60,
    "ImageOrientationPatientDICOM": [
      0.999048,
      0.0436194,
      -0.0000761302,
      -0.0436195,
      0.999047,
      -0.00174367
    ],
    "ImageOrientationText": "Tra>Cor(-0.1)",
    "ImageType": [
      "ORIGINAL",
      "PRIMARY",
      "M",
      "ND",
      "MOSAIC"
    ],
    "ImagingFrequency": 123.249,
    "InPlanePhaseEncodingDirectionDICOM": "COL",
    "InstitutionAddress": "Tian Sheng 2,Chong Qing//759083/,Chong Qing,CN,400715",
    "InstitutionName": "Chong Qing Southwest Normal University Hospital",
    "InstitutionalDepartmentName": "Department",
    "MRAcquisitionType": "2D",
    "MagneticFieldStrength": 3,
    "Manufacturer": "Siemens",
    "ManufacturersModelName": "Prisma_fit",
    "Modality": "MR",
    "MultibandAccelerationFactor": 6,
    "NonlinearGradientCorrection": false,
    "NumberOfVolumes": 2492,
    "PartialFourier": 1,
    "PatientPosition": "HFS",
    "PercentPhaseFOV": 100,
    "PercentSampling": 100,
    "PhaseEncodingDirection": "j",
    "PhaseEncodingSteps": 90,
    "PhaseResolution": 1,
    "PixelBandwidth": 2645,
    "ProcedureStepDescription": "SWU-fMRI^HeQingHua",
    "ProtocolName": "BOLD_PA_RUN1",
    "PulseSequenceDetails": "%SiemensSeq%\\ep2d_bold",
    "ReceiveCoilActiveElements": "HC1-7",
    "ReceiveCoilName": "HeadNeck_64",
    "ReconMatrixPE": 90,
    "RefLinesPE": 32,
    "RepetitionTime": 0.75,
    "SAR": 0.0818477,
    "ScanOptions": "FS",
    "ScanningSequence": "EP",
    "SequenceName": "*epfid2d1_90",
    "SequenceVariant": "SK",
    "SeriesDescription": "BOLD_PA_RUN1",
    "SeriesNumber": 4,
    "ShimSetting": [
      2968,
      4345,
      -6627,
      391,
      137,
      -105,
      3,
      -68
    ],
    "SliceThickness": 2.4,
    "SliceTiming": [
      0.51,
      0,
      0.365,
      0.0725,
      0.4375,
      0.22,
      0.585,
      0.2925,
      0.6575,
      0.145,
      0.51,
      0,
      0.365,
      0.0725,
      0.4375,
      0.22,
      0.585,
      0.2925,
      0.6575,
      0.145,
      0.51,
      0,
      0.365,
      0.0725,
      0.4375,
      0.22,
      0.585,
      0.2925,
      0.6575,
      0.145,
      0.51,
      0,
      0.365,
      0.0725,
      0.4375,
      0.22,
      0.585,
      0.2925,
      0.6575,
      0.145,
      0.51,
      0,
      0.365,
      0.0725,
      0.4375,
      0.22,
      0.585,
      0.2925,
      0.6575,
      0.145,
      0.51,
      0,
      0.365,
      0.0725,
      0.4375,
      0.22,
      0.585,
      0.2925,
      0.6575,
      0.145
    ],
    "SoftwareVersions": "syngo MR E11",
    "SpacingBetweenSlices": 2.4,
    "StationName": "MRC35409",
    "TaskName": "run1",
    "TotalReadoutTime": 0.0445004,
    "TxRefAmp": 239.43,
    "acquisition": "multiband",
    "dataset": "<unset>",
    "datatype": "func",
    "extension": ".nii.gz",
    "modality": "bold",
    "subject": "19",
    "suffix": "bold",
    "task": "run1"
  },
  "dummy_trs": 0,
  "dvars_nstd": 33.67976421724608,
  "dvars_std": 0.9868481087515084,
  "dvars_vstd": 0.9656577861260526,
  "efc": 0.5363,
  "fber": 406.077,
  "fd_mean": 0.06360974052660144,
  "fd_num": 25,
  "fd_perc": 1.0032102728731942,
  "fwhm_avg": 3.2705207033745167,
  "fwhm_x": 3.0424332124378997,
  "fwhm_y": 3.2135873723035107,
  "fwhm_z": 3.5555415253821403,
  "gcor": 0.00657821,
  "gsr_x": 0.0031085291411727667,
  "gsr_y": 0.03907362371683121,
  "provenance": {
    "md5sum": "8701db8f191297cde085868096666e57",
    "settings": {
      "fd_thres": 0.2,
      "testing": false
    },
    "software": "mriqc",
    "version": "24.1.0.dev0+gd5b13cb5.d20240826"
  },
  "size_t": 2492,
  "size_x": 90,
  "size_y": 90,
  "size_z": 60,
  "snr": 1.964679624263541,
  "spacing_tr": 0.75,
  "spacing_x": 2.4000000953674316,
  "spacing_y": 2.4000000953674316,
  "spacing_z": 2.4000000953674316,
  "summary_bg_k": 17.3522,
  "summary_bg_mad": 9.1163,
  "summary_bg_mean": 36.0085,
  "summary_bg_median": 13.0,
  "summary_bg_n": 386743.0,
  "summary_bg_p05": 6.0,
  "summary_bg_p95": 167.0,
  "summary_bg_stdv": 62.9525,
  "summary_fg_k": 0.8958,
  "summary_fg_mad": 120.1711,
  "summary_fg_mean": 271.1903,
  "summary_fg_median": 255.0,
  "summary_fg_n": 99257.0,
  "summary_fg_p05": 76.0,
  "summary_fg_p95": 508.0,
  "summary_fg_stdv": 129.7915,
  "tsnr": 29.625210080761462
}
