{
  "bids_meta": {
    "AcquisitionMatrixPE": 280,
    "AcquisitionNumber": 1,
    "AcquisitionTime": "13:49:39.405000",
    "BaseResolution": 320,
    "BodyPartExamined": "HEAD",
    "CoilCombinationMethod": "Adaptive Combine",
    "ConsistencyInfo": "N4_VE11C_LATEST_20160120",
    "ConversionSoftware": "dcm2niix",
    "ConversionSoftwareVersion": "v1.0.20220720",
    "DeviceSerialNumber": "167076",
    "DwellTime": 6.5e-6,
    "EchoTime": 0.00207,
    "FileSize": 0.019127613864839077,
    "FileSizeUnits": "GB",
    "FlipAngle": 7,
    "ImageOrientationPatientDICOM": [
      0,
      1,
      0,
      0,
      0,
      -1
    ],
    "ImageOrientationText": "Sag",
    "ImageType": [
      "ORIGINAL",
      "PRIMARY",
      "M",
      "NORM",
      "DIS3D",
      "DIS2D"
    ],
    "ImagingFrequency": 123.249,
    "InPlanePhaseEncodingDirectionDICOM": "ROW",
    "InstitutionAddress": "Tian Sheng 2,Chong Qing//77D79B/,Chong Qing,CN,400715",
    "InstitutionName": "Chong Qing Southwest Normal University Hospital",
    "InstitutionalDepartmentName": "Department",
    "InversionTime": 1.1,
    "MRAcquisitionType": "3D",
    "MagneticFieldStrength": 3,
    "Manufacturer": "Siemens",
    "ManufacturersModelName": "Prisma_fit",
    "MatrixCoilMode": "GRAPPA",
    "Modality": "MR",
    "NonlinearGradientCorrection": true,
    "NumberOfVolumes": 1,
    "ParallelReductionFactorInPlane": 2,
    "PartialFourier": 1,
    "PatientPosition": "HFS",
    "PercentPhaseFOV": 87.5,
    "PercentSampling": 100,
    "PhaseEncodingSteps": 279,
    "PhaseResolution": 1,
    "PixelBandwidth": 240,
    "ProcedureStepDescription": "SWU-fMRI^HeQingHua",
    "ProtocolName": "T1ISO_MPR",
    "PulseSequenceDetails": "%SiemensSeq%\\tfl",
    "ReceiveCoilActiveElements": "HC1-7;NC1,2",
    "ReceiveCoilName": "HeadNeck_64",
    "ReconMatrixPE": 280,
    "RefLinesPE": 32,
    "RepetitionTime": 2.3,
    "SAR": 0.0496592,
    "ScanOptions": "IR\\WE",
    "ScanningSequence": "GR\\IR",
    "SequenceName": "*tfl3d1_16ns",
    "SequenceVariant": "SK\\SP\\MP",
    "SeriesDescription": "T1ISO_MPR",
    "SeriesNumber": 6,
    "ShimSetting": [
      2930,
      4315,
      -6648,
      192,
      -15,
      -455,
      -29,
      56
    ],
    "SliceThickness": 0.8,
    "SoftwareVersions": "syngo MR E11",
    "SpoilingState": true,
    "StationName": "MRC35409",
    "TxRefAmp": 247.241,
    "acquisition": "defaced",
    "dataset": "<unset>",
    "datatype": "anat",
    "extension": ".nii.gz",
    "modality": "T1w",
    "subject": "32",
    "suffix": "T1w"
  },
  "cjv": 0.6054444933920705,
  "cnr": 1.6704911329476086,
  "efc": 0.5641,
  "fber": 14840.5605,
  "fwhm_avg": 4.6644582638274885,
  "fwhm_x": 4.662099930529298,
  "fwhm_y": 4.509262432806754,
  "fwhm_z": 4.822012428146416,
  "icvs_csf": 0.26283234734387,
  "icvs_gm": 0.38077655159273327,
  "icvs_wm": 0.3563911010633967,
  "inu_med": 0.614749014377594,
  "inu_range": 0.33432166278362274,
  "provenance": {
    "md5sum": "7b1496dd7d65b528c68fa6aac03a8671",
    "settings": {
      "testing": false
    },
    "software": "mriqc",
    "version": "24.1.0.dev0+gd5b13cb5.d20240826",
    "warnings": {
      "large_rot_frame": true,
      "small_air_mask": false
    }
  },
  "qi_1": 0.0,
  "qi_2": 0.00031448314921184444,
  "rpve_csf": 5.948925604128047,
  "rpve_gm": 5.857380804652193,
  "rpve_wm": 5.941575349418513,
  "size_x": 240,
  "size_y": 280,
  "size_z": 320,
  "snr_csf": 2.0771001188240783,
  "snr_gm": 6.571211276364494,
  "snr_total": 6.82396148902631,
  "snr_wm": 11.823573071890358,
  "snrd_csf": 47.83388324564953,
  "snrd_gm": 79.53902063941725,
  "snrd_total": 77.32960339943342,
  "snrd_wm": 104.61590631323351,
  "spacing_x": 0.800000011920929,
  "spacing_y": 0.800000011920929,
  "spacing_z": 0.800000011920929,
  "summary_bg_k": 9.0807,
  "summary_bg_mad": 5.9304,
  "summary_bg_mean": 4.75,
  "summary_bg_median": 4.0,
  "summary_bg_n": 5685093.0,
  "summary_bg_p05": 0.0,
  "summary_bg_p95": 19.0,
  "summary_bg_stdv": 6.7227,
  "summary_csf_k": 0.8444,
  "summary_csf_mad": 161.8153,
  "summary_csf_mean": 444.6779,
  "summary_csf_median": 433.0,
  "summary_csf_n": 934521.1754388823,
  "summary_csf_p05": 120.0,
  "summary_csf_p95": 774.0,
  "summary_csf_stdv": 208.4636,
  "summary_gm_k": -0.3722,
  "summary_gm_mad": 76.1275,
  "summary_gm_mean": 727.4306,
  "summary_gm_median": 720.0,
  "summary_gm_n": 1353881.1115530091,
  "summary_gm_p05": 556.0,
  "summary_gm_p95": 935.0,
  "summary_gm_stdv": 109.5688,
  "summary_wm_k": 0.266,
  "summary_wm_mad": 61.3084,
  "summary_wm_mean": 933.1057,
  "summary_wm_median": 947.0,
  "summary_wm_n": 1267176.715680201,
  "summary_wm_p05": 776.0,
  "summary_wm_p95": 1041.0,
  "summary_wm_stdv": 80.0942,
  "tpm_overlap_csf": 0.20248952842138374,
  "tpm_overlap_gm": 0.5191425986331794,
  "tpm_overlap_wm": 0.5346973055829644,
  "wm2max": 0.6969810511059239
}
