{
  "bids_meta": {
    "AcquisitionMatrixPE": 280,
    "AcquisitionNumber": 1,
    "AcquisitionTime": "12:03:19.645000",
    "BaseResolution": 320,
    "BodyPartExamined": "HEAD",
    "CoilCombinationMethod": "Adaptive Combine",
    "ConsistencyInfo": "N4_VE11C_LATEST_20160120",
    "ConversionSoftware": "dcm2niix",
    "ConversionSoftwareVersion": "v1.0.20220720",
    "DeviceSerialNumber": "167076",
    "DwellTime": 6.5e-6,
    "EchoTime": 0.00207,
    "FileSize": 0.018304801546037197,
    "FileSizeUnits": "GB",
    "FlipAngle": 7,
    "ImageOrientationPatientDICOM": [
      -4.88881e-6,
      1,
      4.66907e-8,
      0.029666,
      1.91702e-7,
      -0.99956
    ],
    "ImageOrientationText": "Sag>Tra(-1.7)>Cor(-0.0)",
    "ImageType": [
      "ORIGINAL",
      "PRIMARY",
      "M",
      "NORM",
      "DIS3D",
      "DIS2D"
    ],
    "ImagingFrequency": 123.249,
    "InPlanePhaseEncodingDirectionDICOM": "ROW",
    "InstitutionAddress": "Tian Sheng 2,Chong Qing//759083/,Chong Qing,CN,400715",
    "InstitutionName": "Chong Qing Southwest Normal University Hospital",
    "InstitutionalDepartmentName": "Department",
    "InversionTime": 1.1,
    "MRAcquisitionType": "3D",
    "MagneticFieldStrength": 3,
    "Manufacturer": "Siemens",
    "ManufacturersModelName": "Prisma_fit",
    "MatrixCoilMode": "GRAPPA",
    "Modality": "MR",
    "NonlinearGradientCorrection": true,
    "NumberOfVolumes": 1,
    "ParallelReductionFactorInPlane": 2,
    "PartialFourier": 1,
    "PatientPosition": "HFS",
    "PercentPhaseFOV": 87.5,
    "PercentSampling": 100,
    "PhaseEncodingSteps": 279,
    "PhaseResolution": 1,
    "PixelBandwidth": 240,
    "ProcedureStepDescription": "SWU-fMRI^HeQingHua",
    "ProtocolName": "T1ISO_MPR",
    "PulseSequenceDetails": "%SiemensSeq%\\tfl",
    "ReceiveCoilActiveElements": "HC1-7;NC1,2",
    "ReceiveCoilName": "HeadNeck_64",
    "ReconMatrixPE": 280,
    "RefLinesPE": 32,
    "RepetitionTime": 2.3,
    "SAR": 0.0458017,
    "ScanOptions": "IR\\WE",
    "ScanningSequence": "GR\\IR",
    "SequenceName": "*tfl3d1_16ns",
    "SequenceVariant": "SK\\SP\\MP",
    "SeriesDescription": "T1ISO_MPR",
    "SeriesNumber": 8,
    "ShimSetting": [
      2956,
      4343,
      -6655,
      171,
      -72,
      -334,
      37,
      7
    ],
    "SliceThickness": 0.8,
    "SoftwareVersions": "syngo MR E11",
    "SpoilingState": true,
    "StationName": "MRC35409",
    "TxRefAmp": 220.371,
    "acquisition": "defaced",
    "dataset": "<unset>",
    "datatype": "anat",
    "extension": ".nii.gz",
    "modality": "T1w",
    "subject": "25",
    "suffix": "T1w"
  },
  "cjv": 0.7360903553299492,
  "cnr": 1.4479378385881143,
  "efc": 0.5298,
  "fber": 5916.0387,
  "fwhm_avg": 4.596241598177329,
  "fwhm_x": 4.4819124332143,
  "fwhm_y": 4.550899932186306,
  "fwhm_z": 4.755912429131382,
  "icvs_csf": 0.2554962484061876,
  "icvs_gm": 0.381078711028862,
  "icvs_wm": 0.36342504056495045,
  "inu_med": 0.5567536950111389,
  "inu_range": 0.26812502741813654,
  "provenance": {
    "md5sum": "5e410c071da441391e215dc60327c6ca",
    "settings": {
      "testing": false
    },
    "software": "mriqc",
    "version": "24.1.0.dev0+gd5b13cb5.d20240826",
    "warnings": {
      "large_rot_frame": true,
      "small_air_mask": false
    }
  },
  "qi_1": 0.0,
  "qi_2": 0.0004156093970655449,
  "rpve_csf": 7.267364957695833,
  "rpve_gm": 7.1570292979684105,
  "rpve_wm": 7.244230082657622,
  "size_x": 240,
  "size_y": 280,
  "size_z": 320,
  "snr_csf": 2.35567619400143,
  "snr_gm": 6.782219502458225,
  "snr_total": 6.755345448537052,
  "snr_wm": 11.1281406491515,
  "snrd_csf": 42.24405762849048,
  "snrd_gm": 64.24985333872925,
  "snrd_total": 62.71799071900714,
  "snrd_wm": 81.6600611898017,
  "spacing_x": 0.800000011920929,
  "spacing_y": 0.800000011920929,
  "spacing_z": 0.800000011920929,
  "summary_bg_k": 1008.8057,
  "summary_bg_mad": 7.413,
  "summary_bg_mean": 7.6304,
  "summary_bg_median": 5.0,
  "summary_bg_n": 5336038.0,
  "summary_bg_p05": 0.0,
  "summary_bg_p95": 27.0,
  "summary_bg_stdv": 11.25,
  "summary_csf_k": -0.4702,
  "summary_csf_mad": 136.352,
  "summary_csf_mean": 474.2591,
  "summary_csf_median": 478.0,
  "summary_csf_n": 745081.4812678872,
  "summary_csf_p05": 134.0,
  "summary_csf_p95": 794.0,
  "summary_csf_stdv": 202.914,
  "summary_gm_k": -0.7062,
  "summary_gm_mad": 77.9717,
  "summary_gm_mean": 731.294,
  "summary_gm_median": 727.0,
  "summary_gm_n": 1111306.6914455926,
  "summary_gm_p05": 560.0,
  "summary_gm_p95": 922.0,
  "summary_gm_stdv": 107.192,
  "summary_wm_k": -0.2711,
  "summary_wm_mad": 67.0381,
  "summary_wm_mean": 913.5905,
  "summary_wm_median": 924.0,
  "summary_wm_n": 1059824.8281261944,
  "summary_wm_p05": 762.0,
  "summary_wm_p95": 1035.0,
  "summary_wm_stdv": 83.0327,
  "tpm_overlap_csf": 0.2228074608947728,
  "tpm_overlap_gm": 0.5471328222230931,
  "tpm_overlap_wm": 0.5547391979606356,
  "wm2max": 0.7762226112684356
}
