{
  "bids_meta": {
    "AcquisitionMatrixPE": 280,
    "AcquisitionNumber": 1,
    "AcquisitionTime": "18:22:36.675000",
    "BaseResolution": 320,
    "BodyPartExamined": "HEAD",
    "CoilCombinationMethod": "Adaptive Combine",
    "ConsistencyInfo": "N4_VE11C_LATEST_20160120",
    "ConversionSoftware": "dcm2niix",
    "ConversionSoftwareVersion": "v1.0.20220720",
    "DeviceSerialNumber": "167076",
    "DwellTime": 6.5e-6,
    "EchoTime": 0.00207,
    "FileSize": 0.01892521046102047,
    "FileSizeUnits": "GB",
    "FlipAngle": 7,
    "ImageOrientationPatientDICOM": [
      0,
      1,
      0,
      0,
      0,
      -1
    ],
    "ImageOrientationText": "Sag",
    "ImageType": [
      "ORIGINAL",
      "PRIMARY",
      "M",
      "NORM",
      "DIS3D",
      "DIS2D"
    ],
    "ImagingFrequency": 123.249,
    "InPlanePhaseEncodingDirectionDICOM": "ROW",
    "InstitutionAddress": "Tian Sheng 2,Chong Qing//759083/,Chong Qing,CN,400715",
    "InstitutionName": "Chong Qing Southwest Normal University Hospital",
    "InstitutionalDepartmentName": "Department",
    "InversionTime": 1.1,
    "MRAcquisitionType": "3D",
    "MagneticFieldStrength": 3,
    "Manufacturer": "Siemens",
    "ManufacturersModelName": "Prisma_fit",
    "MatrixCoilMode": "GRAPPA",
    "Modality": "MR",
    "NonlinearGradientCorrection": true,
    "NumberOfVolumes": 1,
    "ParallelReductionFactorInPlane": 2,
    "PartialFourier": 1,
    "PatientPosition": "HFS",
    "PercentPhaseFOV": 87.5,
    "PercentSampling": 100,
    "PhaseEncodingSteps": 279,
    "PhaseResolution": 1,
    "PixelBandwidth": 240,
    "ProcedureStepDescription": "SWU-fMRI^HeQingHua",
    "ProtocolName": "T1ISO_MPR",
    "PulseSequenceDetails": "%SiemensSeq%\\tfl",
    "ReceiveCoilActiveElements": "HC1-7;NC1,2",
    "ReceiveCoilName": "HeadNeck_64",
    "ReconMatrixPE": 280,
    "RefLinesPE": 32,
    "RepetitionTime": 2.3,
    "SAR": 0.0438577,
    "ScanOptions": "IR\\WE",
    "ScanningSequence": "GR\\IR",
    "SequenceName": "*tfl3d1_16ns",
    "SequenceVariant": "SK\\SP\\MP",
    "SeriesDescription": "T1ISO_MPR",
    "SeriesNumber": 6,
    "ShimSetting": [
      2925,
      4318,
      -6604,
      110,
      2,
      -380,
      72,
      31
    ],
    "SliceThickness": 0.8,
    "SoftwareVersions": "syngo MR E11",
    "SpoilingState": true,
    "StationName": "MRC35409",
    "TxRefAmp": 250.82,
    "acquisition": "defaced",
    "dataset": "<unset>",
    "datatype": "anat",
    "extension": ".nii.gz",
    "modality": "T1w",
    "subject": "29",
    "suffix": "T1w"
  },
  "cjv": 0.6539009433962265,
  "cnr": 1.422695861694878,
  "efc": 0.5835,
  "fber": 15955.7764,
  "fwhm_avg": 4.497362432984077,
  "fwhm_x": 4.561924932022022,
  "fwhm_y": 4.331199935460091,
  "fwhm_z": 4.598962431470119,
  "icvs_csf": 0.271789398966142,
  "icvs_gm": 0.3731334344453032,
  "icvs_wm": 0.3550771665885546,
  "inu_med": 0.5969120264053345,
  "inu_range": 0.31437378823757167,
  "provenance": {
    "md5sum": "66f7e16657661b96eac9ce24653c673b",
    "settings": {
      "testing": false
    },
    "software": "mriqc",
    "version": "24.1.0.dev0+gd5b13cb5.d20240826",
    "warnings": {
      "large_rot_frame": true,
      "small_air_mask": false
    }
  },
  "qi_1": 0.0,
  "qi_2": 0.0004016608664201865,
  "rpve_csf": 6.523932945515292,
  "rpve_gm": 6.400014194354028,
  "rpve_wm": 6.472820193149848,
  "size_x": 240,
  "size_y": 280,
  "size_z": 320,
  "snr_csf": 2.0081868190695062,
  "snr_gm": 6.13036437050759,
  "snr_total": 6.263020678067993,
  "snr_wm": 10.650510844626883,
  "snrd_csf": 42.12070322808078,
  "snrd_gm": 80.61220748350708,
  "snrd_total": 75.55332406707963,
  "snrd_wm": 103.92706148965101,
  "spacing_x": 0.800000011920929,
  "spacing_y": 0.800000011920929,
  "spacing_z": 0.800000011920929,
  "summary_bg_k": 16.3945,
  "summary_bg_mad": 0.0,
  "summary_bg_mean": 3.98,
  "summary_bg_median": 0.0,
  "summary_bg_n": 5525502.0,
  "summary_bg_p05": 0.0,
  "summary_bg_p95": 16.0,
  "summary_bg_stdv": 5.9571,
  "summary_csf_k": -0.433,
  "summary_csf_mad": 155.209,
  "summary_csf_mean": 409.0486,
  "summary_csf_median": 383.0,
  "summary_csf_n": 884868.0083634092,
  "summary_csf_p05": 115.0,
  "summary_csf_p95": 740.0,
  "summary_csf_stdv": 190.7192,
  "summary_gm_k": -0.3235,
  "summary_gm_mad": 72.2521,
  "summary_gm_mean": 740.99,
  "summary_gm_median": 733.0,
  "summary_gm_n": 1214815.0010536113,
  "summary_gm_p05": 547.0,
  "summary_gm_p95": 964.0,
  "summary_gm_stdv": 119.5687,
  "summary_wm_k": -0.4622,
  "summary_wm_mad": 66.3749,
  "summary_wm_mean": 925.3424,
  "summary_wm_median": 945.0,
  "summary_wm_n": 1156028.9930722339,
  "summary_wm_p05": 752.0,
  "summary_wm_p95": 1041.0,
  "summary_wm_stdv": 88.7281,
  "tpm_overlap_csf": 0.18271372989291879,
  "tpm_overlap_gm": 0.5144819682133852,
  "tpm_overlap_wm": 0.5333231988079812,
  "wm2max": 0.7501281823925225
}
