{
  "aor": 0.00047221694378463976,
  "aqi": 0.005250771939825811,
  "bids_meta": {
    "AcquisitionMatrixPE": 90,
    "AcquisitionNumber": 1,
    "AcquisitionTime": "15:03:40.582500",
    "BandwidthPerPixelPhaseEncode": 22.222,
    "BaseResolution": 90,
    "BodyPartExamined": "HEAD",
    "CoilCombinationMethod": "Sum of Squares",
    "ConsistencyInfo": "N4_VE11C_LATEST_20160120",
    "ConversionSoftware": "dcm2niix",
    "ConversionSoftwareVersion": "v1.0.20220720",
    "DerivedVendorReportedEchoSpacing": 0.000500005,
    "DeviceSerialNumber": "167076",
    "DwellTime": 2.1e-6,
    "EchoTime": 0.03,
    "EchoTrainLength": 90,
    "EffectiveEchoSpacing": 0.000500005,
    "FileSize": 0.5682952078059316,
    "FileSizeUnits": "GB",
    "FlipAngle": 60,
    "ImageOrientationPatientDICOM": [
      0.998021,
      0.0423332,
      -0.0465062,
      -0.0435745,
      0.998712,
      -0.026009
    ],
    "ImageOrientationText": "Tra>Sag(-2.6)>Cor(-1.6)",
    "ImageType": [
      "ORIGINAL",
      "PRIMARY",
      "M",
      "ND",
      "MOSAIC"
    ],
    "ImagingFrequency": 123.249,
    "InPlanePhaseEncodingDirectionDICOM": "COL",
    "InstitutionAddress": "Tian Sheng 2,Chong Qing//759083/,Chong Qing,CN,400715",
    "InstitutionName": "Chong Qing Southwest Normal University Hospital",
    "InstitutionalDepartmentName": "Department",
    "MRAcquisitionType": "2D",
    "MagneticFieldStrength": 3,
    "Manufacturer": "Siemens",
    "ManufacturersModelName": "Prisma_fit",
    "Modality": "MR",
    "MultibandAccelerationFactor": 6,
    "NonlinearGradientCorrection": false,
    "NumberOfVolumes": 1264,
    "PartialFourier": 1,
    "PatientPosition": "HFS",
    "PercentPhaseFOV": 100,
    "PercentSampling": 100,
    "PhaseEncodingDirection": "j",
    "PhaseEncodingSteps": 90,
    "PhaseResolution": 1,
    "PixelBandwidth": 2645,
    "ProcedureStepDescription": "SWU-fMRI^HeQingHua",
    "ProtocolName": "BOLD_PA_RUN2",
    "PulseSequenceDetails": "%SiemensSeq%\\ep2d_bold",
    "ReceiveCoilActiveElements": "HC1-7",
    "ReceiveCoilName": "HeadNeck_64",
    "ReconMatrixPE": 90,
    "RefLinesPE": 32,
    "RepetitionTime": 0.75,
    "SAR": 0.0837739,
    "ScanOptions": "FS",
    "ScanningSequence": "EP",
    "SequenceName": "*epfid2d1_90",
    "SequenceVariant": "SK",
    "SeriesDescription": "BOLD_PA_RUN2",
    "SeriesNumber": 7,
    "ShimSetting": [
      2928,
      4314,
      -6553,
      452,
      15,
      -102,
      -27,
      52
    ],
    "SliceThickness": 2.4,
    "SliceTiming": [
      0.51,
      0,
      0.365,
      0.0725,
      0.4375,
      0.22,
      0.585,
      0.2925,
      0.6575,
      0.145,
      0.51,
      0,
      0.365,
      0.0725,
      0.4375,
      0.22,
      0.585,
      0.2925,
      0.6575,
      0.145,
      0.51,
      0,
      0.365,
      0.0725,
      0.4375,
      0.22,
      0.585,
      0.2925,
      0.6575,
      0.145,
      0.51,
      0,
      0.365,
      0.0725,
      0.4375,
      0.22,
      0.585,
      0.2925,
      0.6575,
      0.145,
      0.51,
      0,
      0.365,
      0.0725,
      0.4375,
      0.22,
      0.585,
      0.2925,
      0.6575,
      0.145,
      0.51,
      0,
      0.365,
      0.0725,
      0.4375,
      0.22,
      0.585,
      0.2925,
      0.6575,
      0.145
    ],
    "SoftwareVersions": "syngo MR E11",
    "SpacingBetweenSlices": 2.4,
    "StationName": "MRC35409",
    "TaskName": "run2",
    "TotalReadoutTime": 0.0445004,
    "TxRefAmp": 216.022,
    "acquisition": "multiband",
    "dataset": "<unset>",
    "datatype": "func",
    "extension": ".nii.gz",
    "modality": "bold",
    "subject": "26",
    "suffix": "bold",
    "task": "run2"
  },
  "dummy_trs": 1,
  "dvars_nstd": 28.528118426774935,
  "dvars_std": 1.0191167750316943,
  "dvars_vstd": 0.9997186714817768,
  "efc": 0.5095,
  "fber": 641.6277,
  "fd_mean": 0.0877492066329964,
  "fd_num": 0,
  "fd_perc": 0.0,
  "fwhm_avg": 3.516919304694627,
  "fwhm_x": 3.4806623616909045,
  "fwhm_y": 3.446770696370971,
  "fwhm_z": 3.6233248560220064,
  "gcor": 0.00534403,
  "gsr_x": -0.00289405626244843,
  "gsr_y": 0.04075314849615097,
  "provenance": {
    "md5sum": "7059beda3df9fd3e76b39e79d17bda10",
    "settings": {
      "fd_thres": 0.2,
      "testing": false
    },
    "software": "mriqc",
    "version": "24.1.0.dev0+gd5b13cb5.d20240826"
  },
  "size_t": 1263,
  "size_x": 90,
  "size_y": 90,
  "size_z": 60,
  "snr": 2.030934252818775,
  "spacing_tr": 0.75,
  "spacing_x": 2.4000000953674316,
  "spacing_y": 2.4000000953674316,
  "spacing_z": 2.4000000953674316,
  "summary_bg_k": 21.3053,
  "summary_bg_mad": 8.1373,
  "summary_bg_mean": 26.7257,
  "summary_bg_median": 12.0,
  "summary_bg_n": 379864.0,
  "summary_bg_p05": 6.0,
  "summary_bg_p95": 110.0,
  "summary_bg_stdv": 43.4731,
  "summary_fg_k": 0.8553,
  "summary_fg_mad": 132.0584,
  "summary_fg_mean": 312.5461,
  "summary_fg_median": 293.0,
  "summary_fg_n": 106136.0,
  "summary_fg_p05": 111.0,
  "summary_fg_p95": 584.0,
  "summary_fg_stdv": 144.2679,
  "tsnr": 42.128771517425776
}
