{
  "bids_meta": {
    "AcquisitionMatrixPE": 280,
    "AcquisitionNumber": 1,
    "AcquisitionTime": "09:43:13.362500",
    "BaseResolution": 320,
    "BodyPartExamined": "HEAD",
    "CoilCombinationMethod": "Adaptive Combine",
    "ConsistencyInfo": "N4_VE11C_LATEST_20160120",
    "ConversionSoftware": "dcm2niix",
    "ConversionSoftwareVersion": "v1.0.20220720",
    "DeviceSerialNumber": "167076",
    "DwellTime": 6.5e-6,
    "EchoTime": 0.00207,
    "FileSize": 0.018023760057985783,
    "FileSizeUnits": "GB",
    "FlipAngle": 7,
    "ImageOrientationPatientDICOM": [
      0.0872824,
      0.992667,
      0.0836338,
      0.0397397,
      0.0804178,
      -0.995969
    ],
    "ImageOrientationText": "Sag>Cor(5.2)>Tra(-1.9)",
    "ImageType": [
      "ORIGINAL",
      "PRIMARY",
      "M",
      "NORM",
      "DIS3D",
      "DIS2D"
    ],
    "ImagingFrequency": 123.249,
    "InPlanePhaseEncodingDirectionDICOM": "ROW",
    "InstitutionAddress": "Tian Sheng 2,Chong Qing//759083/,Chong Qing,CN,400715",
    "InstitutionName": "Chong Qing Southwest Normal University Hospital",
    "InstitutionalDepartmentName": "Department",
    "InversionTime": 1.1,
    "MRAcquisitionType": "3D",
    "MagneticFieldStrength": 3,
    "Manufacturer": "Siemens",
    "ManufacturersModelName": "Prisma_fit",
    "MatrixCoilMode": "GRAPPA",
    "Modality": "MR",
    "NonlinearGradientCorrection": true,
    "NumberOfVolumes": 1,
    "ParallelReductionFactorInPlane": 2,
    "PartialFourier": 1,
    "PatientPosition": "HFS",
    "PercentPhaseFOV": 87.5,
    "PercentSampling": 100,
    "PhaseEncodingSteps": 279,
    "PhaseResolution": 1,
    "PixelBandwidth": 240,
    "ProcedureStepDescription": "SWU-fMRI^HeQingHua",
    "ProtocolName": "T1ISO_MPR",
    "PulseSequenceDetails": "%SiemensSeq%\\tfl",
    "ReceiveCoilActiveElements": "HC1-7;NC1,2",
    "ReceiveCoilName": "HeadNeck_64",
    "ReconMatrixPE": 280,
    "RefLinesPE": 32,
    "RepetitionTime": 2.3,
    "SAR": 0.0552781,
    "ScanOptions": "IR\\WE",
    "ScanningSequence": "GR\\IR",
    "SequenceName": "*tfl3d1_16ns",
    "SequenceVariant": "SK\\SP\\MP",
    "SeriesDescription": "T1ISO_MPR",
    "SeriesNumber": 6,
    "ShimSetting": [
      2938,
      4366,
      -6675,
      67,
      37,
      -473,
      -79,
      -21
    ],
    "SliceThickness": 0.8,
    "SoftwareVersions": "syngo MR E11",
    "SpoilingState": true,
    "StationName": "MRC35409",
    "TxRefAmp": 242.472,
    "acquisition": "defaced",
    "dataset": "<unset>",
    "datatype": "anat",
    "extension": ".nii.gz",
    "modality": "T1w",
    "subject": "23",
    "suffix": "T1w"
  },
  "cjv": 0.719279792746114,
  "cnr": 1.4286961500138848,
  "efc": 0.5231,
  "fber": 19006.3822,
  "fwhm_avg": 4.430112433986181,
  "fwhm_x": 4.395449934502692,
  "fwhm_y": 4.319124935640023,
  "fwhm_z": 4.575762431815827,
  "icvs_csf": 0.2600054339069595,
  "icvs_gm": 0.3842503058696785,
  "icvs_wm": 0.355744260223362,
  "inu_med": 0.5793670415878296,
  "inu_range": 0.30899081379175186,
  "provenance": {
    "md5sum": "4aa2bd553d287e28b3729f7fba087b05",
    "settings": {
      "testing": false
    },
    "software": "mriqc",
    "version": "24.1.0.dev0+gd5b13cb5.d20240826",
    "warnings": {
      "large_rot_frame": true,
      "small_air_mask": false
    }
  },
  "qi_1": 0.0,
  "qi_2": 0.0005199256033490123,
  "rpve_csf": 7.487923548134411,
  "rpve_gm": 7.37011101685872,
  "rpve_wm": 7.449966287812607,
  "size_x": 240,
  "size_y": 280,
  "size_z": 320,
  "snr_csf": 2.2327168847864574,
  "snr_gm": 7.302528990434002,
  "snr_total": 6.5901202907091205,
  "snr_wm": 10.235114996906905,
  "snrd_csf": 52.81709247893477,
  "snrd_gm": 83.14432622490376,
  "snrd_total": 80.34255931204272,
  "snrd_wm": 105.06625923228961,
  "spacing_x": 0.800000011920929,
  "spacing_y": 0.800000011920929,
  "spacing_z": 0.800000011920929,
  "summary_bg_k": 14.6993,
  "summary_bg_mad": 0.0,
  "summary_bg_mean": 3.6544,
  "summary_bg_median": 0.0,
  "summary_bg_n": 5391954.0,
  "summary_bg_p05": 0.0,
  "summary_bg_p95": 15.0,
  "summary_bg_stdv": 5.7678,
  "summary_csf_k": 0.0058,
  "summary_csf_mad": 144.5301,
  "summary_csf_mean": 461.767,
  "summary_csf_median": 465.0,
  "summary_csf_n": 737023.8832881732,
  "summary_csf_p05": 100.0,
  "summary_csf_p95": 786.0,
  "summary_csf_stdv": 208.2663,
  "summary_gm_k": -0.0148,
  "summary_gm_mad": 69.4425,
  "summary_gm_mean": 733.9923,
  "summary_gm_median": 732.0,
  "summary_gm_n": 1089214.361143236,
  "summary_gm_p05": 569.0,
  "summary_gm_p95": 915.0,
  "summary_gm_stdv": 100.2392,
  "summary_wm_k": 0.1085,
  "summary_wm_mad": 69.3785,
  "summary_wm_mean": 907.9618,
  "summary_wm_median": 925.0,
  "summary_wm_n": 1008409.7558558087,
  "summary_wm_p05": 742.0,
  "summary_wm_p95": 1031.0,
  "summary_wm_stdv": 90.3751,
  "tpm_overlap_csf": 0.21706616296124387,
  "tpm_overlap_gm": 0.5444546573376704,
  "tpm_overlap_wm": 0.5622817383577579,
  "wm2max": 0.7450339746078458
}
