{
  "aor": 0.0003305823293172691,
  "aqi": 0.00954441062248996,
  "bids_meta": {
    "AcquisitionMatrixPE": 90,
    "AcquisitionNumber": 1,
    "AcquisitionTime": "16:37:54.340000",
    "BandwidthPerPixelPhaseEncode": 22.222,
    "BaseResolution": 90,
    "BodyPartExamined": "HEAD",
    "CoilCombinationMethod": "Sum of Squares",
    "ConsistencyInfo": "N4_VE11C_LATEST_20160120",
    "ConversionSoftware": "dcm2niix",
    "ConversionSoftwareVersion": "v1.0.20220720",
    "DerivedVendorReportedEchoSpacing": 0.000500005,
    "DeviceSerialNumber": "167076",
    "DwellTime": 2.1e-6,
    "EchoTime": 0.03,
    "EchoTrainLength": 90,
    "EffectiveEchoSpacing": 0.000500005,
    "FileSize": 0.2261567171663046,
    "FileSizeUnits": "GB",
    "FlipAngle": 60,
    "ImageOrientationPatientDICOM": [
      0.998707,
      0.0443647,
      0.0248198,
      -0.0436044,
      0.998587,
      -0.0303767
    ],
    "ImageOrientationText": "Tra>Cor(-1.7)>Sag(1.5)",
    "ImageType": [
      "ORIGINAL",
      "PRIMARY",
      "M",
      "ND",
      "MOSAIC"
    ],
    "ImagingFrequency": 123.249,
    "InPlanePhaseEncodingDirectionDICOM": "COL",
    "InstitutionAddress": "Tian Sheng 2,Chong Qing//77D79B/,Chong Qing,CN,400715",
    "InstitutionName": "Chong Qing Southwest Normal University Hospital",
    "InstitutionalDepartmentName": "Department",
    "MRAcquisitionType": "2D",
    "MagneticFieldStrength": 3,
    "Manufacturer": "Siemens",
    "ManufacturersModelName": "Prisma_fit",
    "Modality": "MR",
    "MultibandAccelerationFactor": 6,
    "NonlinearGradientCorrection": false,
    "NumberOfVolumes": 500,
    "PartialFourier": 1,
    "PatientPosition": "HFS",
    "PercentPhaseFOV": 100,
    "PercentSampling": 100,
    "PhaseEncodingDirection": "j",
    "PhaseEncodingSteps": 90,
    "PhaseResolution": 1,
    "PixelBandwidth": 2645,
    "ProcedureStepDescription": "SWU-fMRI^HeQingHua",
    "ProtocolName": "BOLD_PA_REST1",
    "PulseSequenceDetails": "%SiemensSeq%\\ep2d_bold",
    "ReceiveCoilActiveElements": "HC1-7",
    "ReceiveCoilName": "HeadNeck_64",
    "ReconMatrixPE": 90,
    "RefLinesPE": 32,
    "RepetitionTime": 0.75,
    "SAR": 0.0832289,
    "ScanOptions": "FS",
    "ScanningSequence": "EP",
    "SequenceName": "*epfid2d1_90",
    "SequenceVariant": "SK",
    "SeriesDescription": "BOLD_PA_REST1",
    "SeriesNumber": 3,
    "ShimSetting": [
      2947,
      4345,
      -6622,
      487,
      13,
      -251,
      33,
      -10
    ],
    "SliceThickness": 2.4,
    "SliceTiming": [
      0.51,
      0,
      0.365,
      0.0725,
      0.4375,
      0.2175,
      0.5825,
      0.29,
      0.655,
      0.145,
      0.51,
      0,
      0.365,
      0.0725,
      0.4375,
      0.2175,
      0.5825,
      0.29,
      0.655,
      0.145,
      0.51,
      0,
      0.365,
      0.0725,
      0.4375,
      0.2175,
      0.5825,
      0.29,
      0.655,
      0.145,
      0.51,
      0,
      0.365,
      0.0725,
      0.4375,
      0.2175,
      0.5825,
      0.29,
      0.655,
      0.145,
      0.51,
      0,
      0.365,
      0.0725,
      0.4375,
      0.2175,
      0.5825,
      0.29,
      0.655,
      0.145,
      0.51,
      0,
      0.365,
      0.0725,
      0.4375,
      0.2175,
      0.5825,
      0.29,
      0.655,
      0.145
    ],
    "SoftwareVersions": "syngo MR E11",
    "SpacingBetweenSlices": 2.4,
    "StationName": "MRC35409",
    "TaskName": "rest",
    "TotalReadoutTime": 0.0445004,
    "TxRefAmp": 229.023,
    "acquisition": "multiband",
    "dataset": "<unset>",
    "datatype": "func",
    "extension": ".nii.gz",
    "modality": "bold",
    "subject": "35",
    "suffix": "bold",
    "task": "rest"
  },
  "dummy_trs": 2,
  "dvars_nstd": 34.49225855939639,
  "dvars_std": 1.0362280737022134,
  "dvars_vstd": 0.9526574347082487,
  "efc": 0.516,
  "fber": 578.7179,
  "fd_mean": 0.06694675368033452,
  "fd_num": 1,
  "fd_perc": 0.20080321285140562,
  "fwhm_avg": 3.4260554194163446,
  "fwhm_x": 3.3380457006913145,
  "fwhm_y": 3.355587366660938,
  "fwhm_z": 3.584533190896782,
  "gcor": 0.00326829,
  "gsr_x": -0.00004811771577806212,
  "gsr_y": 0.048343509435653687,
  "provenance": {
    "md5sum": "93d20ec417c2ada6f7395b51d4a12682",
    "settings": {
      "fd_thres": 0.2,
      "testing": false
    },
    "software": "mriqc",
    "version": "24.1.0.dev0+gd5b13cb5.d20240826"
  },
  "size_t": 498,
  "size_x": 90,
  "size_y": 90,
  "size_z": 60,
  "snr": 1.981119310767428,
  "spacing_tr": 0.75,
  "spacing_x": 2.4000000953674316,
  "spacing_y": 2.4000000953674316,
  "spacing_z": 2.4000000953674316,
  "summary_bg_k": 20.0206,
  "summary_bg_mad": 8.0769,
  "summary_bg_mean": 31.3387,
  "summary_bg_median": 12.0,
  "summary_bg_n": 382533.0,
  "summary_bg_p05": 6.0,
  "summary_bg_p95": 144.0,
  "summary_bg_stdv": 56.1318,
  "summary_fg_k": 0.4342,
  "summary_fg_mad": 135.2443,
  "summary_fg_mean": 302.3962,
  "summary_fg_median": 287.0,
  "summary_fg_n": 103467.0,
  "summary_fg_p05": 75.0,
  "summary_fg_p95": 563.0,
  "summary_fg_stdv": 144.8669,
  "tsnr": 35.94585100002587
}
