{
  "aor": 0.0026629509493670887,
  "aqi": 0.03654836126582279,
  "bids_meta": {
    "AcquisitionMatrixPE": 90,
    "AcquisitionNumber": 1,
    "AcquisitionTime": "12:11:10.912500",
    "BandwidthPerPixelPhaseEncode": 22.222,
    "BaseResolution": 90,
    "BodyPartExamined": "HEAD",
    "CoilCombinationMethod": "Sum of Squares",
    "ConsistencyInfo": "N4_VE11C_LATEST_20160120",
    "ConversionSoftware": "dcm2niix",
    "ConversionSoftwareVersion": "v1.0.20220720",
    "DerivedVendorReportedEchoSpacing": 0.000500005,
    "DeviceSerialNumber": "167076",
    "DwellTime": 2.1e-6,
    "EchoTime": 0.03,
    "EchoTrainLength": 90,
    "EffectiveEchoSpacing": 0.000500005,
    "FileSize": 0.5477904425933957,
    "FileSizeUnits": "GB",
    "FlipAngle": 60,
    "ImageOrientationPatientDICOM": [
      0.997865,
      0.0462764,
      0.0460937,
      -0.0435678,
      0.997358,
      -0.0581296
    ],
    "ImageOrientationText": "Tra>Cor(-3.2)>Sag(2.8)",
    "ImageType": [
      "ORIGINAL",
      "PRIMARY",
      "M",
      "ND",
      "MOSAIC"
    ],
    "ImagingFrequency": 123.249,
    "InPlanePhaseEncodingDirectionDICOM": "COL",
    "InstitutionAddress": "Tian Sheng 2,Chong Qing//759083/,Chong Qing,CN,400715",
    "InstitutionName": "Chong Qing Southwest Normal University Hospital",
    "InstitutionalDepartmentName": "Department",
    "MRAcquisitionType": "2D",
    "MagneticFieldStrength": 3,
    "Manufacturer": "Siemens",
    "ManufacturersModelName": "Prisma_fit",
    "Modality": "MR",
    "MultibandAccelerationFactor": 6,
    "NonlinearGradientCorrection": false,
    "NumberOfVolumes": 1264,
    "PartialFourier": 1,
    "PatientPosition": "HFS",
    "PercentPhaseFOV": 100,
    "PercentSampling": 100,
    "PhaseEncodingDirection": "j",
    "PhaseEncodingSteps": 90,
    "PhaseResolution": 1,
    "PixelBandwidth": 2645,
    "ProcedureStepDescription": "SWU-fMRI^HeQingHua",
    "ProtocolName": "BOLD_PA_RUN2",
    "PulseSequenceDetails": "%SiemensSeq%\\ep2d_bold",
    "ReceiveCoilActiveElements": "HC1-7",
    "ReceiveCoilName": "HeadNeck_64",
    "ReconMatrixPE": 90,
    "RefLinesPE": 32,
    "RepetitionTime": 0.75,
    "SAR": 0.0876782,
    "ScanOptions": "FS",
    "ScanningSequence": "EP",
    "SequenceName": "*epfid2d1_90",
    "SequenceVariant": "SK",
    "SeriesDescription": "BOLD_PA_RUN2",
    "SeriesNumber": 9,
    "ShimSetting": [
      2960,
      4324,
      -6623,
      578,
      -36,
      -68,
      49,
      13
    ],
    "SliceThickness": 2.4,
    "SliceTiming": [
      0.51,
      0,
      0.365,
      0.0725,
      0.4375,
      0.2175,
      0.5825,
      0.2925,
      0.6575,
      0.145,
      0.51,
      0,
      0.365,
      0.0725,
      0.4375,
      0.2175,
      0.5825,
      0.2925,
      0.6575,
      0.145,
      0.51,
      0,
      0.365,
      0.0725,
      0.4375,
      0.2175,
      0.5825,
      0.2925,
      0.6575,
      0.145,
      0.51,
      0,
      0.365,
      0.0725,
      0.4375,
      0.2175,
      0.5825,
      0.2925,
      0.6575,
      0.145,
      0.51,
      0,
      0.365,
      0.0725,
      0.4375,
      0.2175,
      0.5825,
      0.2925,
      0.6575,
      0.145,
      0.51,
      0,
      0.365,
      0.0725,
      0.4375,
      0.2175,
      0.5825,
      0.2925,
      0.6575,
      0.145
    ],
    "SoftwareVersions": "syngo MR E11",
    "SpacingBetweenSlices": 2.4,
    "StationName": "MRC35409",
    "TaskName": "run2",
    "TotalReadoutTime": 0.0445004,
    "TxRefAmp": 220.371,
    "acquisition": "multiband",
    "dataset": "<unset>",
    "datatype": "func",
    "extension": ".nii.gz",
    "modality": "bold",
    "subject": "25",
    "suffix": "bold",
    "task": "run2"
  },
  "dummy_trs": 0,
  "dvars_nstd": 40.593592612802844,
  "dvars_std": 1.0279454888202695,
  "dvars_vstd": 0.9630987119477433,
  "efc": 0.5056,
  "fber": 668.848,
  "fd_mean": 0.15396733268995091,
  "fd_num": 231,
  "fd_perc": 18.275316455696203,
  "fwhm_avg": 3.733851240518971,
  "fwhm_x": 3.531966526318927,
  "fwhm_y": 3.459712362523382,
  "fwhm_z": 4.209874832714604,
  "gcor": 0.00601116,
  "gsr_x": -0.0055777872912585735,
  "gsr_y": 0.054580312222242355,
  "provenance": {
    "md5sum": "13d9737ec574d27437816c9a0488cd2c",
    "settings": {
      "fd_thres": 0.2,
      "testing": false
    },
    "software": "mriqc",
    "version": "24.1.0.dev0+gd5b13cb5.d20240826"
  },
  "size_t": 1264,
  "size_x": 90,
  "size_y": 90,
  "size_z": 60,
  "snr": 1.981975344986233,
  "spacing_tr": 0.75,
  "spacing_x": 2.4000000953674316,
  "spacing_y": 2.4000000953674316,
  "spacing_z": 2.4000000953674316,
  "summary_bg_k": 21.909,
  "summary_bg_mad": 5.9386,
  "summary_bg_mean": 25.559,
  "summary_bg_median": 10.0,
  "summary_bg_n": 384588.0,
  "summary_bg_p05": 6.0,
  "summary_bg_p95": 109.0,
  "summary_bg_stdv": 44.2244,
  "summary_fg_k": 2.3559,
  "summary_fg_mad": 109.2094,
  "summary_fg_mean": 281.591,
  "summary_fg_median": 262.0,
  "summary_fg_n": 101412.0,
  "summary_fg_p05": 99.0,
  "summary_fg_p95": 528.0,
  "summary_fg_stdv": 132.1907,
  "tsnr": 22.8018122962676
}
