{
  "bids_meta": {
    "AcquisitionMatrixPE": 280,
    "AcquisitionNumber": 1,
    "AcquisitionTime": "17:35:44.955000",
    "BaseResolution": 320,
    "BodyPartExamined": "HEAD",
    "CoilString": "HC1-7;NC1_2",
    "ConsistencyInfo": "N4_VE11C_LATEST_20160120",
    "ConversionSoftware": "dcm2niix",
    "ConversionSoftwareVersion": "v1.0.20190902",
    "DeviceSerialNumber": "167076",
    "DwellTime": 6.5e-6,
    "EchoTime": 0.00207,
    "FileSize": 0.01829975377768278,
    "FileSizeUnits": "GB",
    "FlipAngle": 7,
    "ImageOrientationPatientDICOM": [
      0,
      1,
      0,
      0,
      0,
      -1
    ],
    "ImageType": [
      "ORIGINAL",
      "PRIMARY",
      "M",
      "NORM",
      "DIS3D",
      "DIS2D"
    ],
    "ImagingFrequency": 123.249,
    "InPlanePhaseEncodingDirectionDICOM": "ROW",
    "InstitutionAddress": "Tian_Sheng_2_Chong_Qing_759083_Chong_Qing_CN_400715",
    "InstitutionName": "Chong_Qing_Southwest_Normal_University_Hospital",
    "InstitutionalDepartmentName": "Department",
    "InversionTime": 1.1,
    "MRAcquisitionType": "3D",
    "MagneticFieldStrength": 3,
    "Manufacturer": "Siemens",
    "ManufacturersModelName": "Prisma_fit",
    "Modality": "MR",
    "NumberOfVolumes": 1,
    "ParallelReductionFactorInPlane": 2,
    "PartialFourier": 1,
    "PatientPosition": "HFS",
    "PercentPhaseFOV": 87.5,
    "PhaseEncodingSteps": 279,
    "PhaseResolution": 1,
    "PixelBandwidth": 240,
    "ProcedureStepDescription": "SWU-fMRI_HeQingHua",
    "ProtocolName": "T1ISO_MPR",
    "PulseSequenceDetails": "%SiemensSeq%_tfl",
    "ReceiveCoilActiveElements": "HC1-7;NC1,2",
    "ReceiveCoilName": "HeadNeck_64",
    "ReconMatrixPE": 280,
    "RefLinesPE": 32,
    "RepetitionTime": 2.3,
    "SAR": 0.0456291,
    "ScanOptions": "IR_WE",
    "ScanningSequence": "GR_IR",
    "SequenceName": "_tfl3d1_16ns",
    "SequenceVariant": "SK_SP_MP",
    "SeriesDescription": "T1ISO_MPR",
    "SeriesNumber": 6,
    "ShimSetting": [
      2941,
      4334,
      -6675,
      202,
      -6,
      -325,
      -29,
      6
    ],
    "SliceThickness": 0.8,
    "SoftwareVersions": "syngo_MR_E11",
    "StationName": "MRC35409",
    "TxRefAmp": 213.291,
    "acquisition": "defaced",
    "dataset": "<unset>",
    "datatype": "anat",
    "extension": ".nii.gz",
    "modality": "T1w",
    "subject": "20",
    "suffix": "T1w"
  },
  "cjv": 0.7305754010695186,
  "cnr": 1.3597260758721759,
  "efc": 0.5339,
  "fber": 6685.9948,
  "fwhm_avg": 4.6388707642087725,
  "fwhm_x": 4.557212432092244,
  "fwhm_y": 4.671837430384198,
  "fwhm_z": 4.687562430149876,
  "icvs_csf": 0.2686524185376438,
  "icvs_gm": 0.37588346518890353,
  "icvs_wm": 0.35546411627345265,
  "inu_med": 0.5885955691337585,
  "inu_range": 0.3107686579227448,
  "provenance": {
    "md5sum": "95fa96300710f863e9737777cfeef7a7",
    "settings": {
      "testing": false
    },
    "software": "mriqc",
    "version": "24.1.0.dev0+gd5b13cb5.d20240826",
    "warnings": {
      "large_rot_frame": true,
      "small_air_mask": false
    }
  },
  "qi_1": 0.0,
  "qi_2": 0.0002396187869384912,
  "rpve_csf": 6.796952967733244,
  "rpve_gm": 6.669854497298423,
  "rpve_wm": 6.74397834846374,
  "size_x": 240,
  "size_y": 280,
  "size_z": 320,
  "snr_csf": 2.2672775504368747,
  "snr_gm": 6.920386320233877,
  "snr_total": 6.626585191283305,
  "snr_wm": 10.692091703179164,
  "snrd_csf": 48.16529583164711,
  "snrd_gm": 81.52749615540267,
  "snrd_total": 77.29277977876704,
  "snrd_wm": 102.18554734925132,
  "spacing_x": 0.800000011920929,
  "spacing_y": 0.800000011920929,
  "spacing_z": 0.800000011920929,
  "summary_bg_k": 5.8044,
  "summary_bg_mad": 5.9304,
  "summary_bg_mean": 6.2273,
  "summary_bg_median": 4.0,
  "summary_bg_n": 5517186.0,
  "summary_bg_p05": 0.0,
  "summary_bg_p95": 21.0,
  "summary_bg_stdv": 7.5543,
  "summary_csf_k": -0.6341,
  "summary_csf_mad": 161.3224,
  "summary_csf_mean": 446.2072,
  "summary_csf_median": 436.0,
  "summary_csf_n": 839193.0526183621,
  "summary_csf_p05": 164.0,
  "summary_csf_p95": 766.0,
  "summary_csf_stdv": 192.301,
  "summary_gm_k": -0.5069,
  "summary_gm_mad": 69.7807,
  "summary_gm_mean": 742.757,
  "summary_gm_median": 738.0,
  "summary_gm_n": 1174152.0671865614,
  "summary_gm_p05": 571.0,
  "summary_gm_p95": 938.0,
  "summary_gm_stdv": 106.6414,
  "summary_wm_k": -0.3511,
  "summary_wm_mad": 66.8369,
  "summary_wm_mean": 909.1626,
  "summary_wm_median": 925.0,
  "summary_wm_n": 1110367.8815011622,
  "summary_wm_p05": 749.0,
  "summary_wm_p95": 1029.0,
  "summary_wm_stdv": 86.5125,
  "tpm_overlap_csf": 0.19853925670921377,
  "tpm_overlap_gm": 0.5244351681064298,
  "tpm_overlap_wm": 0.5413035541657737,
  "wm2max": 0.7657907359126472
}
