{
  "aor": 0.0007993373493975905,
  "aqi": 0.02900423215261044,
  "bids_meta": {
    "AcquisitionMatrixPE": 90,
    "AcquisitionNumber": 1,
    "AcquisitionTime": "18:30:34.607500",
    "BandwidthPerPixelPhaseEncode": 22.222,
    "BaseResolution": 90,
    "BodyPartExamined": "HEAD",
    "CoilCombinationMethod": "Sum of Squares",
    "ConsistencyInfo": "N4_VE11C_LATEST_20160120",
    "ConversionSoftware": "dcm2niix",
    "ConversionSoftwareVersion": "v1.0.20220720",
    "DerivedVendorReportedEchoSpacing": 0.000500005,
    "DeviceSerialNumber": "167076",
    "DwellTime": 2.1e-6,
    "EchoTime": 0.03,
    "EchoTrainLength": 90,
    "EffectiveEchoSpacing": 0.000500005,
    "FileSize": 1.080812619999051,
    "FileSizeUnits": "GB",
    "FlipAngle": 60,
    "ImageOrientationPatientDICOM": [
      0.999035,
      0.043457,
      -0.0064232,
      -0.0436188,
      0.998665,
      -0.0276763
    ],
    "ImageOrientationText": "Tra>Cor(-1.6)>Sag(-0.3)",
    "ImageType": [
      "ORIGINAL",
      "PRIMARY",
      "M",
      "ND",
      "MOSAIC"
    ],
    "ImagingFrequency": 123.249,
    "InPlanePhaseEncodingDirectionDICOM": "COL",
    "InstitutionAddress": "Tian Sheng 2,Chong Qing//464ed4/,Chong Qing,CN,400715",
    "InstitutionName": "Chong Qing Southwest Normal University Hospital",
    "InstitutionalDepartmentName": "Department",
    "MRAcquisitionType": "2D",
    "MagneticFieldStrength": 3,
    "Manufacturer": "Siemens",
    "ManufacturersModelName": "Prisma_fit",
    "Modality": "MR",
    "MultibandAccelerationFactor": 6,
    "NonlinearGradientCorrection": false,
    "NumberOfVolumes": 2490,
    "PartialFourier": 1,
    "PatientPosition": "HFS",
    "PercentPhaseFOV": 100,
    "PercentSampling": 100,
    "PhaseEncodingDirection": "j",
    "PhaseEncodingSteps": 90,
    "PhaseResolution": 1,
    "PixelBandwidth": 2645,
    "ProcedureStepDescription": "SWU-fMRI^HeQingHua",
    "ProtocolName": "CCBD_BOLD_PA_RUN1",
    "PulseSequenceDetails": "%SiemensSeq%\\ep2d_bold",
    "ReceiveCoilActiveElements": "HC1-7",
    "ReceiveCoilName": "HeadNeck_64",
    "ReconMatrixPE": 90,
    "RefLinesPE": 32,
    "RepetitionTime": 0.75,
    "SAR": 0.0788915,
    "ScanOptions": "FS",
    "ScanningSequence": "EP",
    "SequenceName": "*epfid2d1_90",
    "SequenceVariant": "SK",
    "SeriesDescription": "CCBD_BOLD_PA_RUN1",
    "SeriesNumber": 4,
    "ShimSetting": [
      2964,
      4340,
      -6610,
      551,
      183,
      -55,
      -19,
      -51
    ],
    "SliceThickness": 2.4,
    "SliceTiming": [
      0.5125,
      0,
      0.365,
      0.075,
      0.44,
      0.22,
      0.585,
      0.2925,
      0.6575,
      0.1475,
      0.5125,
      0,
      0.365,
      0.075,
      0.44,
      0.22,
      0.585,
      0.2925,
      0.6575,
      0.1475,
      0.5125,
      0,
      0.365,
      0.075,
      0.44,
      0.22,
      0.585,
      0.2925,
      0.6575,
      0.1475,
      0.5125,
      0,
      0.365,
      0.075,
      0.44,
      0.22,
      0.585,
      0.2925,
      0.6575,
      0.1475,
      0.5125,
      0,
      0.365,
      0.075,
      0.44,
      0.22,
      0.585,
      0.2925,
      0.6575,
      0.1475,
      0.5125,
      0,
      0.365,
      0.075,
      0.44,
      0.22,
      0.585,
      0.2925,
      0.6575,
      0.1475
    ],
    "SoftwareVersions": "syngo MR E11",
    "SpacingBetweenSlices": 2.4,
    "StationName": "MRC35409",
    "TaskName": "run1",
    "TotalReadoutTime": 0.0445004,
    "TxRefAmp": 214.537,
    "acquisition": "multiband",
    "dataset": "<unset>",
    "datatype": "func",
    "extension": ".nii.gz",
    "modality": "bold",
    "subject": "02",
    "suffix": "bold",
    "task": "run1"
  },
  "dummy_trs": 0,
  "dvars_nstd": 29.751402003937304,
  "dvars_std": 0.9334615505343522,
  "dvars_vstd": 0.9136563581960616,
  "efc": 0.493,
  "fber": 756.7219,
  "fd_mean": 0.06805997091924494,
  "fd_num": 29,
  "fd_perc": 1.1646586345381527,
  "fwhm_avg": 4.050281783500707,
  "fwhm_x": 3.9813706751278763,
  "fwhm_y": 3.9730581754581857,
  "fwhm_z": 4.196416499916057,
  "gcor": 0.00555633,
  "gsr_x": -0.013544854708015919,
  "gsr_y": 0.04584506154060364,
  "provenance": {
    "md5sum": "d7567e4de6db49ec4d8e0d4bc15f00ad",
    "settings": {
      "fd_thres": 0.2,
      "testing": false
    },
    "software": "mriqc",
    "version": "24.1.0.dev0+gd5b13cb5.d20240826"
  },
  "size_t": 2490,
  "size_x": 90,
  "size_y": 90,
  "size_z": 60,
  "snr": 2.0434572873499675,
  "spacing_tr": 0.75,
  "spacing_x": 2.4000000953674316,
  "spacing_y": 2.4000000953674316,
  "spacing_z": 2.4000000953674316,
  "summary_bg_k": 55.151,
  "summary_bg_mad": 7.07,
  "summary_bg_mean": 25.7132,
  "summary_bg_median": 11.0,
  "summary_bg_n": 386682.0,
  "summary_bg_p05": 6.0,
  "summary_bg_p95": 103.0,
  "summary_bg_stdv": 48.799,
  "summary_fg_k": 1.3367,
  "summary_fg_mad": 123.1736,
  "summary_fg_mean": 309.2574,
  "summary_fg_median": 291.0,
  "summary_fg_n": 99318.0,
  "summary_fg_p05": 101.0,
  "summary_fg_p95": 576.0,
  "summary_fg_stdv": 142.405,
  "tsnr": 27.526396349072456
}
