{
  "aor": 0.010773209191759113,
  "aqi": 0.016307175332805072,
  "bids_meta": {
    "AcquisitionMatrixPE": 90,
    "AcquisitionNumber": 1,
    "AcquisitionTime": "15:46:8.535000",
    "BandwidthPerPixelPhaseEncode": 22.222,
    "BaseResolution": 90,
    "BodyPartExamined": "HEAD",
    "CoilCombinationMethod": "Sum of Squares",
    "ConsistencyInfo": "N4_VE11C_LATEST_20160120",
    "ConversionSoftware": "dcm2niix",
    "ConversionSoftwareVersion": "v1.0.20220720",
    "DerivedVendorReportedEchoSpacing": 0.000500005,
    "DeviceSerialNumber": "167076",
    "DwellTime": 2.1e-6,
    "EchoTime": 0.03,
    "EchoTrainLength": 90,
    "EffectiveEchoSpacing": 0.000500005,
    "FileSize": 0.5934115629643202,
    "FileSizeUnits": "GB",
    "FlipAngle": 60,
    "ImageOrientationPatientDICOM": [
      0.999048,
      0.0436194,
      0.0000761302,
      -0.0436195,
      0.999047,
      0.00174367
    ],
    "ImageOrientationText": "Tra>Cor(0.1)",
    "ImageType": [
      "ORIGINAL",
      "PRIMARY",
      "M",
      "ND",
      "MOSAIC"
    ],
    "ImagingFrequency": 123.249,
    "InPlanePhaseEncodingDirectionDICOM": "COL",
    "InstitutionAddress": "Tian Sheng 2,Chong Qing//759083/,Chong Qing,CN,400715",
    "InstitutionName": "Chong Qing Southwest Normal University Hospital",
    "InstitutionalDepartmentName": "Department",
    "MRAcquisitionType": "2D",
    "MagneticFieldStrength": 3,
    "Manufacturer": "Siemens",
    "ManufacturersModelName": "Prisma_fit",
    "Modality": "MR",
    "MultibandAccelerationFactor": 6,
    "NonlinearGradientCorrection": false,
    "NumberOfVolumes": 1262,
    "PartialFourier": 1,
    "PatientPosition": "HFS",
    "PercentPhaseFOV": 100,
    "PercentSampling": 100,
    "PhaseEncodingDirection": "j",
    "PhaseEncodingSteps": 90,
    "PhaseResolution": 1,
    "PixelBandwidth": 2645,
    "ProcedureStepDescription": "SWU-fMRI^HeQingHua",
    "ProtocolName": "CCBD_BOLD_PA_RUN2",
    "PulseSequenceDetails": "%SiemensSeq%\\ep2d_bold",
    "ReceiveCoilActiveElements": "HC1-7",
    "ReceiveCoilName": "HeadNeck_64",
    "ReconMatrixPE": 90,
    "RefLinesPE": 32,
    "RepetitionTime": 0.75,
    "SAR": 0.0750669,
    "ScanOptions": "FS",
    "ScanningSequence": "EP",
    "SequenceName": "*epfid2d1_90",
    "SequenceVariant": "SK",
    "SeriesDescription": "CCBD_BOLD_PA_RUN2",
    "SeriesNumber": 7,
    "ShimSetting": [
      2978,
      4343,
      -6568,
      461,
      86,
      -59,
      -5,
      -7
    ],
    "SliceThickness": 2.4,
    "SliceTiming": [
      0.5125,
      0,
      0.365,
      0.075,
      0.44,
      0.22,
      0.585,
      0.2925,
      0.6575,
      0.1475,
      0.5125,
      0,
      0.365,
      0.075,
      0.44,
      0.22,
      0.585,
      0.2925,
      0.6575,
      0.1475,
      0.5125,
      0,
      0.365,
      0.075,
      0.44,
      0.22,
      0.585,
      0.2925,
      0.6575,
      0.1475,
      0.5125,
      0,
      0.365,
      0.075,
      0.44,
      0.22,
      0.585,
      0.2925,
      0.6575,
      0.1475,
      0.5125,
      0,
      0.365,
      0.075,
      0.44,
      0.22,
      0.585,
      0.2925,
      0.6575,
      0.1475,
      0.5125,
      0,
      0.365,
      0.075,
      0.44,
      0.22,
      0.585,
      0.2925,
      0.6575,
      0.1475
    ],
    "SoftwareVersions": "syngo MR E11",
    "SpacingBetweenSlices": 2.4,
    "StationName": "MRC35409",
    "TaskName": "run2",
    "TotalReadoutTime": 0.0445004,
    "TxRefAmp": 219.241,
    "acquisition": "multiband",
    "dataset": "<unset>",
    "datatype": "func",
    "extension": ".nii.gz",
    "modality": "bold",
    "subject": "08",
    "suffix": "bold",
    "task": "run2"
  },
  "dummy_trs": 0,
  "dvars_nstd": 33.170550678414,
  "dvars_std": 1.1711877032751796,
  "dvars_vstd": 1.1752345681522591,
  "efc": 0.548,
  "fber": 482.1467,
  "fd_mean": 0.08775180676760028,
  "fd_num": 74,
  "fd_perc": 5.863708399366086,
  "fwhm_avg": 3.681301370484197,
  "fwhm_x": 3.599737356959289,
  "fwhm_y": 3.5824081909812215,
  "fwhm_z": 3.8617585635120806,
  "gcor": 0.0031419,
  "gsr_x": -0.016325147822499275,
  "gsr_y": 0.056900013238191605,
  "provenance": {
    "md5sum": "ab2c0d884ec111188a2b1414ed1a349f",
    "settings": {
      "fd_thres": 0.2,
      "testing": false
    },
    "software": "mriqc",
    "version": "24.1.0.dev0+gd5b13cb5.d20240826"
  },
  "size_t": 1262,
  "size_x": 90,
  "size_y": 90,
  "size_z": 60,
  "snr": 2.0596212887260825,
  "spacing_tr": 0.75,
  "spacing_x": 2.4000000953674316,
  "spacing_y": 2.4000000953674316,
  "spacing_z": 2.3999998569488525,
  "summary_bg_k": 21.9688,
  "summary_bg_mad": 9.0777,
  "summary_bg_mean": 37.4559,
  "summary_bg_median": 13.0,
  "summary_bg_n": 371719.0,
  "summary_bg_p05": 6.0,
  "summary_bg_p95": 176.0,
  "summary_bg_stdv": 67.3534,
  "summary_fg_k": 1.093,
  "summary_fg_mad": 126.074,
  "summary_fg_mean": 303.6044,
  "summary_fg_median": 283.0,
  "summary_fg_n": 114281.0,
  "summary_fg_p05": 115.0,
  "summary_fg_p95": 557.0,
  "summary_fg_stdv": 137.4033,
  "tsnr": 31.184758758172393
}
