{
  "bids_meta": {
    "AcquisitionMatrixPE": 280,
    "AcquisitionNumber": 1,
    "AcquisitionTime": "16:19:21.955000",
    "BaseResolution": 320,
    "BodyPartExamined": "HEAD",
    "CoilString": "HC1-7;NC1_2",
    "ConsistencyInfo": "N4_VE11C_LATEST_20160120",
    "ConversionSoftware": "dcm2niix",
    "ConversionSoftwareVersion": "v1.0.20190902",
    "DeviceSerialNumber": "167076",
    "DwellTime": 6.5e-6,
    "EchoTime": 0.00207,
    "FileSize": 0.01866952423006296,
    "FileSizeUnits": "GB",
    "FlipAngle": 7,
    "ImageOrientationPatientDICOM": [
      0,
      1,
      0,
      0,
      0,
      -1
    ],
    "ImageType": [
      "ORIGINAL",
      "PRIMARY",
      "M",
      "NORM",
      "DIS3D",
      "DIS2D"
    ],
    "ImagingFrequency": 123.249,
    "InPlanePhaseEncodingDirectionDICOM": "ROW",
    "InstitutionAddress": "Tian_Sheng_2_Chong_Qing_759083_Chong_Qing_CN_400715",
    "InstitutionName": "Chong_Qing_Southwest_Normal_University_Hospital",
    "InstitutionalDepartmentName": "Department",
    "InversionTime": 1.1,
    "MRAcquisitionType": "3D",
    "MagneticFieldStrength": 3,
    "Manufacturer": "Siemens",
    "ManufacturersModelName": "Prisma_fit",
    "Modality": "MR",
    "NumberOfVolumes": 1,
    "ParallelReductionFactorInPlane": 2,
    "PartialFourier": 1,
    "PatientPosition": "HFS",
    "PercentPhaseFOV": 87.5,
    "PhaseEncodingSteps": 279,
    "PhaseResolution": 1,
    "PixelBandwidth": 240,
    "ProcedureStepDescription": "SWU-fMRI_HeQingHua",
    "ProtocolName": "T1ISO_MPR",
    "PulseSequenceDetails": "%SiemensSeq%_tfl",
    "ReceiveCoilActiveElements": "HC1-7;NC1,2",
    "ReceiveCoilName": "HeadNeck_64",
    "ReconMatrixPE": 280,
    "RefLinesPE": 32,
    "RepetitionTime": 2.3,
    "SAR": 0.0426977,
    "ScanOptions": "IR_WE",
    "ScanningSequence": "GR_IR",
    "SequenceName": "_tfl3d1_16ns",
    "SequenceVariant": "SK_SP_MP",
    "SeriesDescription": "T1ISO_MPR",
    "SeriesNumber": 6,
    "ShimSetting": [
      2962,
      4350,
      -6670,
      200,
      51,
      -285,
      4,
      -48
    ],
    "SliceThickness": 0.8,
    "SoftwareVersions": "syngo_MR_E11",
    "StationName": "MRC35409",
    "TxRefAmp": 239.43,
    "acquisition": "defaced",
    "dataset": "<unset>",
    "datatype": "anat",
    "extension": ".nii.gz",
    "modality": "T1w",
    "subject": "19",
    "suffix": "T1w"
  },
  "cjv": 0.706609756097561,
  "cnr": 1.3980649888307954,
  "efc": 0.5399,
  "fber": 6839.1782,
  "fwhm_avg": 4.272241603005306,
  "fwhm_x": 4.270512436364406,
  "fwhm_y": 4.13483743838612,
  "fwhm_z": 4.411374934265391,
  "icvs_csf": 0.2711715965346497,
  "icvs_gm": 0.3758750419751206,
  "icvs_wm": 0.3529533614902298,
  "inu_med": 0.5859707593917847,
  "inu_range": 0.273976731300354,
  "provenance": {
    "md5sum": "30c62b88b4c0830244cee3403b4d5a88",
    "settings": {
      "testing": false
    },
    "software": "mriqc",
    "version": "24.1.0.dev0+gd5b13cb5.d20240826",
    "warnings": {
      "large_rot_frame": true,
      "small_air_mask": false
    }
  },
  "qi_1": 0.0,
  "qi_2": 0.00023927608086368954,
  "rpve_csf": 7.615437236757461,
  "rpve_gm": 7.492081952738329,
  "rpve_wm": 7.572545502622163,
  "size_x": 240,
  "size_y": 280,
  "size_z": 320,
  "snr_csf": 2.195602853026002,
  "snr_gm": 6.409507368509272,
  "snr_total": 6.115286497161823,
  "snr_wm": 9.740749269950197,
  "snrd_csf": 36.32281942533387,
  "snrd_gm": 63.27770975313637,
  "snrd_total": 60.331820099824625,
  "snrd_wm": 81.39493112100364,
  "spacing_x": 0.800000011920929,
  "spacing_y": 0.800000011920929,
  "spacing_z": 0.800000011920929,
  "summary_bg_k": 7.1538,
  "summary_bg_mad": 7.413,
  "summary_bg_mean": 7.2807,
  "summary_bg_median": 5.0,
  "summary_bg_n": 5250906.0,
  "summary_bg_p05": 0.0,
  "summary_bg_p95": 26.0,
  "summary_bg_stdv": 9.0493,
  "summary_csf_k": -0.2905,
  "summary_csf_mad": 145.1137,
  "summary_csf_mean": 428.2436,
  "summary_csf_median": 411.0,
  "summary_csf_n": 756583.6689936282,
  "summary_csf_p05": 132.0,
  "summary_csf_p95": 741.0,
  "summary_csf_stdv": 187.1922,
  "summary_gm_k": -0.4899,
  "summary_gm_mad": 71.8728,
  "summary_gm_mean": 719.4217,
  "summary_gm_median": 716.0,
  "summary_gm_n": 1048712.0405485877,
  "summary_gm_p05": 537.0,
  "summary_gm_p95": 925.0,
  "summary_gm_stdv": 111.709,
  "summary_wm_k": -0.4647,
  "summary_wm_mad": 72.9822,
  "summary_wm_mean": 901.911,
  "summary_wm_median": 921.0,
  "summary_wm_n": 984759.291284369,
  "summary_wm_p05": 725.0,
  "summary_wm_p95": 1030.0,
  "summary_wm_stdv": 94.5512,
  "tpm_overlap_csf": 0.19555495193722172,
  "tpm_overlap_gm": 0.5273103371060965,
  "tpm_overlap_wm": 0.556198359276671,
  "wm2max": 0.7502981013693505
}
