{
  "bids_meta": {
    "AcquisitionMatrixPE": 280,
    "AcquisitionNumber": 1,
    "AcquisitionTime": "20:14:17.680000",
    "BaseResolution": 320,
    "BodyPartExamined": "HEAD",
    "CoilString": "HC1-7;NC1_2",
    "ConsistencyInfo": "N4_VE11C_LATEST_20160120",
    "ConversionSoftware": "dcm2niix",
    "ConversionSoftwareVersion": "v1.0.20190902",
    "DeviceSerialNumber": "167076",
    "DwellTime": 6.5e-6,
    "EchoTime": 0.00207,
    "FileSize": 0.01880893763154745,
    "FileSizeUnits": "GB",
    "FlipAngle": 7,
    "ImageOrientationPatientDICOM": [
      0,
      1,
      0,
      0,
      0,
      -1
    ],
    "ImageType": [
      "ORIGINAL",
      "PRIMARY",
      "M",
      "NORM",
      "DIS3D",
      "DIS2D"
    ],
    "ImagingFrequency": 123.249,
    "InPlanePhaseEncodingDirectionDICOM": "ROW",
    "InstitutionAddress": "Tian_Sheng_2_Chong_Qing_759083_Chong_Qing_CN_400715",
    "InstitutionName": "Chong_Qing_Southwest_Normal_University_Hospital",
    "InstitutionalDepartmentName": "Department",
    "InversionTime": 1.1,
    "MRAcquisitionType": "3D",
    "MagneticFieldStrength": 3,
    "Manufacturer": "Siemens",
    "ManufacturersModelName": "Prisma_fit",
    "Modality": "MR",
    "NumberOfVolumes": 1,
    "ParallelReductionFactorInPlane": 2,
    "PartialFourier": 1,
    "PatientPosition": "HFS",
    "PercentPhaseFOV": 87.5,
    "PhaseEncodingSteps": 279,
    "PhaseResolution": 1,
    "PixelBandwidth": 240,
    "ProcedureStepDescription": "SWU-fMRI_HeQingHua",
    "ProtocolName": "T1ISO_MPR",
    "PulseSequenceDetails": "%SiemensSeq%_tfl",
    "ReceiveCoilActiveElements": "HC1-7;NC1,2",
    "ReceiveCoilName": "HeadNeck_64",
    "ReconMatrixPE": 280,
    "RefLinesPE": 32,
    "RepetitionTime": 2.3,
    "SAR": 0.0419727,
    "ScanOptions": "IR_WE",
    "ScanningSequence": "GR_IR",
    "SequenceName": "_tfl3d1_16ns",
    "SequenceVariant": "SK_SP_MP",
    "SeriesDescription": "T1ISO_MPR",
    "SeriesNumber": 6,
    "ShimSetting": [
      2952,
      4360,
      -6646,
      25,
      60,
      -166,
      -20,
      -14
    ],
    "SliceThickness": 0.8,
    "SoftwareVersions": "syngo_MR_E11",
    "StationName": "MRC35409",
    "TxRefAmp": 213.321,
    "acquisition": "defaced",
    "dataset": "<unset>",
    "datatype": "anat",
    "extension": ".nii.gz",
    "modality": "T1w",
    "subject": "14",
    "suffix": "T1w"
  },
  "cjv": 0.5789746543778801,
  "cnr": 1.8086264229238778,
  "efc": 0.5296,
  "fber": 14169.3521,
  "fwhm_avg": 4.792566595251858,
  "fwhm_x": 4.863462427528762,
  "fwhm_y": 4.624924931083248,
  "fwhm_z": 4.889312427143567,
  "icvs_csf": 0.25475782738239244,
  "icvs_gm": 0.3913490938984741,
  "icvs_wm": 0.3538930787191335,
  "inu_med": 0.5601362586021423,
  "inu_range": 0.3107602819800377,
  "provenance": {
    "md5sum": "b4bab38fb61744facaa37a2a1ea382f5",
    "settings": {
      "testing": false
    },
    "software": "mriqc",
    "version": "24.1.0.dev0+gd5b13cb5.d20240826",
    "warnings": {
      "large_rot_frame": true,
      "small_air_mask": false
    }
  },
  "qi_1": 0.0,
  "qi_2": 0.00041821646631048416,
  "rpve_csf": 7.182911890353192,
  "rpve_gm": 7.102058133679192,
  "rpve_wm": 7.174752364927384,
  "size_x": 240,
  "size_y": 280,
  "size_z": 320,
  "snr_csf": 2.001627944928044,
  "snr_gm": 8.093601567136686,
  "snr_total": 7.459046420367582,
  "snr_wm": 12.281909749038018,
  "snrd_csf": 50.800384525522716,
  "snrd_gm": 81.85738816558029,
  "snrd_total": 79.52811289257596,
  "snrd_wm": 105.9265659866249,
  "spacing_x": 0.800000011920929,
  "spacing_y": 0.800000011920929,
  "spacing_z": 0.800000011920929,
  "summary_bg_k": 11.0679,
  "summary_bg_mad": 0.0,
  "summary_bg_mean": 3.7494,
  "summary_bg_median": 0.0,
  "summary_bg_n": 5189133.0,
  "summary_bg_p05": 0.0,
  "summary_bg_p95": 16.0,
  "summary_bg_stdv": 5.9065,
  "summary_csf_k": -0.7259,
  "summary_csf_mad": 167.5166,
  "summary_csf_mean": 453.4837,
  "summary_csf_median": 458.0,
  "summary_csf_n": 753140.0557983543,
  "summary_csf_p05": 63.0,
  "summary_csf_p95": 804.0,
  "summary_csf_stdv": 228.8136,
  "summary_gm_k": -0.323,
  "summary_gm_mad": 67.7113,
  "summary_gm_mean": 741.3232,
  "summary_gm_median": 738.0,
  "summary_gm_n": 1156944.5439371145,
  "summary_gm_p05": 594.0,
  "summary_gm_p95": 909.0,
  "summary_gm_stdv": 91.1831,
  "summary_wm_k": -0.2035,
  "summary_wm_mad": 57.9262,
  "summary_wm_mean": 938.8005,
  "summary_wm_median": 955.0,
  "summary_wm_n": 1046213.4011416085,
  "summary_wm_p05": 785.0,
  "summary_wm_p95": 1042.0,
  "summary_wm_stdv": 77.7566,
  "tpm_overlap_csf": 0.19657360659512246,
  "tpm_overlap_gm": 0.526376079026939,
  "tpm_overlap_wm": 0.5468451890663094,
  "wm2max": 0.8265114791414434
}
