{
  "aor": 0.0005980971497390607,
  "aqi": 0.007011826451224408,
  "bids_meta": {
    "AcquisitionMatrixPE": 90,
    "AcquisitionNumber": 1,
    "AcquisitionTime": "18:29:55.827500",
    "BandwidthPerPixelPhaseEncode": 22.222,
    "BaseResolution": 90,
    "BodyPartExamined": "HEAD",
    "CoilCombinationMethod": "Sum of Squares",
    "ConsistencyInfo": "N4_VE11C_LATEST_20160120",
    "ConversionSoftware": "dcm2niix",
    "ConversionSoftwareVersion": "v1.0.20220720",
    "DerivedVendorReportedEchoSpacing": 0.000500005,
    "DeviceSerialNumber": "167076",
    "DwellTime": 2.1e-6,
    "EchoTime": 0.03,
    "EchoTrainLength": 90,
    "EffectiveEchoSpacing": 0.000500005,
    "FileSize": 1.1290475642308593,
    "FileSizeUnits": "GB",
    "FlipAngle": 60,
    "ImageOrientationPatientDICOM": [
      0.998951,
      0.0452011,
      0.00734371,
      -0.0436151,
      0.987987,
      -0.148255
    ],
    "ImageOrientationText": "Tra>Cor(-8.5)>Sag(0.8)",
    "ImageType": [
      "ORIGINAL",
      "PRIMARY",
      "M",
      "ND",
      "MOSAIC"
    ],
    "ImagingFrequency": 123.249,
    "InPlanePhaseEncodingDirectionDICOM": "COL",
    "InstitutionAddress": "Tian Sheng 2,Chong Qing//77D79B/,Chong Qing,CN,400715",
    "InstitutionName": "Chong Qing Southwest Normal University Hospital",
    "InstitutionalDepartmentName": "Department",
    "MRAcquisitionType": "2D",
    "MagneticFieldStrength": 3,
    "Manufacturer": "Siemens",
    "ManufacturersModelName": "Prisma_fit",
    "Modality": "MR",
    "MultibandAccelerationFactor": 6,
    "NonlinearGradientCorrection": false,
    "NumberOfVolumes": 2492,
    "PartialFourier": 1,
    "PatientPosition": "HFS",
    "PercentPhaseFOV": 100,
    "PercentSampling": 100,
    "PhaseEncodingDirection": "j",
    "PhaseEncodingSteps": 90,
    "PhaseResolution": 1,
    "PixelBandwidth": 2645,
    "ProcedureStepDescription": "SWU-fMRI^HeQingHua",
    "ProtocolName": "BOLD_PA_RUN1",
    "PulseSequenceDetails": "%SiemensSeq%\\ep2d_bold",
    "ReceiveCoilActiveElements": "HC1-7",
    "ReceiveCoilName": "HeadNeck_64",
    "ReconMatrixPE": 90,
    "RefLinesPE": 32,
    "RepetitionTime": 0.75,
    "SAR": 0.0909869,
    "ScanOptions": "FS",
    "ScanningSequence": "EP",
    "SequenceName": "*epfid2d1_90",
    "SequenceVariant": "SK",
    "SeriesDescription": "BOLD_PA_RUN1",
    "SeriesNumber": 4,
    "ShimSetting": [
      2934,
      4366,
      -6625,
      323,
      74,
      -205,
      214,
      -69
    ],
    "SliceThickness": 2.4,
    "SliceTiming": [
      0.51,
      0,
      0.365,
      0.0725,
      0.4375,
      0.2175,
      0.5825,
      0.2925,
      0.6575,
      0.145,
      0.51,
      0,
      0.365,
      0.0725,
      0.4375,
      0.2175,
      0.5825,
      0.2925,
      0.6575,
      0.145,
      0.51,
      0,
      0.365,
      0.0725,
      0.4375,
      0.2175,
      0.5825,
      0.2925,
      0.6575,
      0.145,
      0.51,
      0,
      0.365,
      0.0725,
      0.4375,
      0.2175,
      0.5825,
      0.2925,
      0.6575,
      0.145,
      0.51,
      0,
      0.365,
      0.0725,
      0.4375,
      0.2175,
      0.5825,
      0.2925,
      0.6575,
      0.145,
      0.51,
      0,
      0.365,
      0.0725,
      0.4375,
      0.2175,
      0.5825,
      0.2925,
      0.6575,
      0.145
    ],
    "SoftwareVersions": "syngo MR E11",
    "SpacingBetweenSlices": 2.4,
    "StationName": "MRC35409",
    "TaskName": "run1",
    "TotalReadoutTime": 0.0445004,
    "TxRefAmp": 251.745,
    "acquisition": "multiband",
    "dataset": "<unset>",
    "datatype": "func",
    "extension": ".nii.gz",
    "modality": "bold",
    "subject": "43",
    "suffix": "bold",
    "task": "run1"
  },
  "dummy_trs": 1,
  "dvars_nstd": 34.81391373381525,
  "dvars_std": 1.0644916711686756,
  "dvars_vstd": 1.0112952881204806,
  "efc": 0.5274,
  "fber": 468.2059,
  "fd_mean": 0.15709773454570142,
  "fd_num": 855,
  "fd_perc": 34.32356483340024,
  "fwhm_avg": 3.257223481680679,
  "fwhm_x": 3.104929043287872,
  "fwhm_y": 3.327041534461914,
  "fwhm_z": 3.339699867292251,
  "gcor": 0.0057485,
  "gsr_x": -0.011601834557950497,
  "gsr_y": 0.04385321959853172,
  "provenance": {
    "md5sum": "c7fd3a1f5de4cab25e6a8ebc44d56c1a",
    "settings": {
      "fd_thres": 0.2,
      "testing": false
    },
    "software": "mriqc",
    "version": "24.1.0.dev0+gd5b13cb5.d20240826"
  },
  "size_t": 2491,
  "size_x": 90,
  "size_y": 90,
  "size_z": 60,
  "snr": 2.152864476895972,
  "spacing_tr": 0.75,
  "spacing_x": 2.4000000953674316,
  "spacing_y": 2.4000000953674316,
  "spacing_z": 2.4000000953674316,
  "summary_bg_k": 18.0766,
  "summary_bg_mad": 8.0028,
  "summary_bg_mean": 27.7415,
  "summary_bg_median": 12.0,
  "summary_bg_n": 383823.0,
  "summary_bg_p05": 6.0,
  "summary_bg_p95": 112.0,
  "summary_bg_stdv": 40.3595,
  "summary_fg_k": 0.2512,
  "summary_fg_mad": 122.4418,
  "summary_fg_mean": 277.3102,
  "summary_fg_median": 268.0,
  "summary_fg_n": 102177.0,
  "summary_fg_p05": 76.0,
  "summary_fg_p95": 493.0,
  "summary_fg_stdv": 124.4847,
  "tsnr": 38.02071647788398
}
