{
  "bids_meta": {
    "AcquisitionMatrixPE": 280,
    "AcquisitionNumber": 1,
    "AcquisitionTime": "15:33:18.222500",
    "BaseResolution": 320,
    "BodyPartExamined": "HEAD",
    "CoilString": "HC1-7;NC1_2",
    "ConsistencyInfo": "N4_VE11C_LATEST_20160120",
    "ConversionSoftware": "dcm2niix",
    "ConversionSoftwareVersion": "v1.0.20190902",
    "DeviceSerialNumber": "167076",
    "DwellTime": 6.5e-6,
    "EchoTime": 0.00207,
    "FileSize": 0.021471749991178513,
    "FileSizeUnits": "GB",
    "FlipAngle": 7,
    "ImageOrientationPatientDICOM": [
      0,
      1,
      0,
      0,
      0,
      -1
    ],
    "ImageType": [
      "ORIGINAL",
      "PRIMARY",
      "M",
      "NORM",
      "DIS3D",
      "DIS2D"
    ],
    "ImagingFrequency": 123.249,
    "InPlanePhaseEncodingDirectionDICOM": "ROW",
    "InstitutionAddress": "Tian_Sheng_2_Chong_Qing_759083_Chong_Qing_CN_400715",
    "InstitutionName": "Chong_Qing_Southwest_Normal_University_Hospital",
    "InstitutionalDepartmentName": "Department",
    "InversionTime": 1.1,
    "MRAcquisitionType": "3D",
    "MagneticFieldStrength": 3,
    "Manufacturer": "Siemens",
    "ManufacturersModelName": "Prisma_fit",
    "Modality": "MR",
    "NumberOfVolumes": 1,
    "ParallelReductionFactorInPlane": 2,
    "PartialFourier": 1,
    "PatientPosition": "HFS",
    "PercentPhaseFOV": 87.5,
    "PhaseEncodingSteps": 279,
    "PhaseResolution": 1,
    "PixelBandwidth": 240,
    "ProcedureStepDescription": "SWU-fMRI_HeQingHua",
    "ProtocolName": "CCBD_T1ISO_MPR",
    "PulseSequenceDetails": "%SiemensSeq%_tfl",
    "ReceiveCoilActiveElements": "HC1-7;NC1,2",
    "ReceiveCoilName": "HeadNeck_64",
    "ReconMatrixPE": 280,
    "RefLinesPE": 32,
    "RepetitionTime": 2.3,
    "SAR": 0.0523903,
    "ScanOptions": "IR_WE",
    "ScanningSequence": "GR_IR",
    "SequenceName": "_tfl3d1_16ns",
    "SequenceVariant": "SK_SP_MP",
    "SeriesDescription": "CCBD_T1ISO_MPR",
    "SeriesNumber": 6,
    "ShimSetting": [
      2949,
      4305,
      -6603,
      100,
      -127,
      -378,
      83,
      23
    ],
    "SliceThickness": 0.8,
    "SoftwareVersions": "syngo_MR_E11",
    "StationName": "MRC35409",
    "TxRefAmp": 282.827,
    "acquisition": "defaced",
    "dataset": "<unset>",
    "datatype": "anat",
    "extension": ".nii.gz",
    "modality": "T1w",
    "subject": "05",
    "suffix": "T1w"
  },
  "cjv": 0.7143289215686274,
  "cnr": 1.4606039887371631,
  "efc": 0.6209,
  "fber": 3581.8933,
  "fwhm_avg": 4.5564749321032325,
  "fwhm_x": 4.5275499325342485,
  "fwhm_y": 4.503812432887965,
  "fwhm_z": 4.638062430887484,
  "icvs_csf": 0.2537855269414153,
  "icvs_gm": 0.38682037552906595,
  "icvs_wm": 0.35939409752951884,
  "inu_med": 0.7066549360752106,
  "inu_range": 0.4553918287158012,
  "provenance": {
    "md5sum": "fa15c19f75af3aa6fb17f0af71e68bb6",
    "settings": {
      "testing": false
    },
    "software": "mriqc",
    "version": "24.1.0.dev0+gd5b13cb5.d20240826",
    "warnings": {
      "large_rot_frame": true,
      "small_air_mask": false
    }
  },
  "qi_1": 0.0,
  "qi_2": 0.0006598467150306153,
  "rpve_csf": 6.83320053683374,
  "rpve_gm": 6.721859860949167,
  "rpve_wm": 6.8028144061593325,
  "size_x": 240,
  "size_y": 280,
  "size_z": 320,
  "snr_csf": 2.0616201921406425,
  "snr_gm": 6.994213256743939,
  "snr_total": 6.351102651615727,
  "snr_wm": 9.997474505962598,
  "snrd_csf": 28.53304549921952,
  "snrd_gm": 45.45086893680985,
  "snrd_total": 44.10417652386733,
  "snrd_wm": 58.32861513557264,
  "spacing_x": 0.800000011920929,
  "spacing_y": 0.800000011920929,
  "spacing_z": 0.800000011920929,
  "summary_bg_k": 1573.992,
  "summary_bg_mad": 10.3782,
  "summary_bg_mean": 8.1878,
  "summary_bg_median": 7.0,
  "summary_bg_n": 4851948.0,
  "summary_bg_p05": 0.0,
  "summary_bg_p95": 25.0,
  "summary_bg_stdv": 19.1848,
  "summary_csf_k": -0.4387,
  "summary_csf_mad": 155.1341,
  "summary_csf_mean": 446.9294,
  "summary_csf_median": 452.0,
  "summary_csf_n": 787083.3277277648,
  "summary_csf_p05": 84.0,
  "summary_csf_p95": 787.0,
  "summary_csf_stdv": 219.2449,
  "summary_gm_k": -0.6639,
  "summary_gm_mad": 74.3434,
  "summary_gm_mean": 722.929,
  "summary_gm_median": 720.0,
  "summary_gm_n": 1199673.882406239,
  "summary_gm_p05": 558.0,
  "summary_gm_p95": 909.0,
  "summary_gm_stdv": 102.9422,
  "summary_wm_k": -0.3275,
  "summary_wm_mad": 71.3797,
  "summary_wm_mean": 909.1724,
  "summary_wm_median": 924.0,
  "summary_wm_n": 1114614.7917038228,
  "summary_wm_p05": 738.0,
  "summary_wm_p95": 1039.0,
  "summary_wm_stdv": 92.4233,
  "tpm_overlap_csf": 0.2137311455395849,
  "tpm_overlap_gm": 0.5412992907703481,
  "tpm_overlap_wm": 0.5579235829742616,
  "wm2max": 0.5504889876115091
}
