{
  "bids_meta": {
    "AcquisitionMatrixPE": 280,
    "AcquisitionNumber": 1,
    "AcquisitionTime": "18:43:59.497500",
    "BaseResolution": 320,
    "BodyPartExamined": "HEAD",
    "CoilString": "HC1-7;NC1_2",
    "ConsistencyInfo": "N4_VE11C_LATEST_20160120",
    "ConversionSoftware": "dcm2niix",
    "ConversionSoftwareVersion": "v1.0.20190902",
    "DeviceSerialNumber": "167076",
    "DwellTime": 6.5e-6,
    "EchoTime": 0.00207,
    "FileSize": 0.01871485821902752,
    "FileSizeUnits": "GB",
    "FlipAngle": 7,
    "ImageOrientationPatientDICOM": [
      0,
      1,
      0,
      0,
      0,
      -1
    ],
    "ImageType": [
      "ORIGINAL",
      "PRIMARY",
      "M",
      "NORM",
      "DIS3D",
      "DIS2D"
    ],
    "ImagingFrequency": 123.249,
    "InPlanePhaseEncodingDirectionDICOM": "ROW",
    "InstitutionAddress": "Tian_Sheng_2_Chong_Qing_759083_Chong_Qing_CN_400715",
    "InstitutionName": "Chong_Qing_Southwest_Normal_University_Hospital",
    "InstitutionalDepartmentName": "Department",
    "InversionTime": 1.1,
    "MRAcquisitionType": "3D",
    "MagneticFieldStrength": 3,
    "Manufacturer": "Siemens",
    "ManufacturersModelName": "Prisma_fit",
    "Modality": "MR",
    "NumberOfVolumes": 1,
    "ParallelReductionFactorInPlane": 2,
    "PartialFourier": 1,
    "PatientPosition": "HFS",
    "PercentPhaseFOV": 87.5,
    "PhaseEncodingSteps": 279,
    "PhaseResolution": 1,
    "PixelBandwidth": 240,
    "ProcedureStepDescription": "SWU-fMRI_HeQingHua",
    "ProtocolName": "T1ISO_MPR",
    "PulseSequenceDetails": "%SiemensSeq%_tfl",
    "ReceiveCoilActiveElements": "HC1-7;NC1,2",
    "ReceiveCoilName": "HeadNeck_64",
    "ReconMatrixPE": 280,
    "RefLinesPE": 32,
    "RepetitionTime": 2.3,
    "SAR": 0.0380507,
    "ScanOptions": "IR_WE",
    "ScanningSequence": "GR_IR",
    "SequenceName": "_tfl3d1_16ns",
    "SequenceVariant": "SK_SP_MP",
    "SeriesDescription": "T1ISO_MPR",
    "SeriesNumber": 6,
    "ShimSetting": [
      2947,
      4314,
      -6660,
      77,
      63,
      -363,
      -37,
      8
    ],
    "SliceThickness": 0.8,
    "SoftwareVersions": "syngo_MR_E11",
    "StationName": "MRC35409",
    "TxRefAmp": 216.002,
    "acquisition": "defaced",
    "dataset": "<unset>",
    "datatype": "anat",
    "extension": ".nii.gz",
    "modality": "T1w",
    "subject": "21",
    "suffix": "T1w"
  },
  "cjv": 0.7790803108808291,
  "cnr": 1.1438191607978816,
  "efc": 0.5292,
  "fber": 5396.9815,
  "fwhm_avg": 4.52367493259199,
  "fwhm_x": 4.555749932114036,
  "fwhm_y": 4.382262434699201,
  "fwhm_z": 4.633012430962735,
  "icvs_csf": 0.27386907285481427,
  "icvs_gm": 0.3737198133358636,
  "icvs_wm": 0.3524111138093221,
  "inu_med": 0.5692915320396423,
  "inu_range": 0.26355375945568077,
  "provenance": {
    "md5sum": "97e3512803e924f4a2b2721580531ab0",
    "settings": {
      "testing": false
    },
    "software": "mriqc",
    "version": "24.1.0.dev0+gd5b13cb5.d20240826",
    "warnings": {
      "large_rot_frame": true,
      "small_air_mask": false
    }
  },
  "qi_1": 0.0,
  "qi_2": 0.0007815771521795652,
  "rpve_csf": 7.985276643130991,
  "rpve_gm": 7.82152908737911,
  "rpve_wm": 7.89035379396342,
  "size_x": 240,
  "size_y": 280,
  "size_z": 320,
  "snr_csf": 1.860986207318778,
  "snr_gm": 5.637163960444523,
  "snr_total": 5.315527999974835,
  "snr_wm": 8.448433832161204,
  "snrd_csf": 38.00197652772157,
  "snrd_gm": 80.20184581141238,
  "snrd_total": 73.24218150546336,
  "snrd_wm": 101.52272217725617,
  "spacing_x": 0.800000011920929,
  "spacing_y": 0.800000011920929,
  "spacing_z": 0.800000011920929,
  "summary_bg_k": 5.5367,
  "summary_bg_mad": 5.9304,
  "summary_bg_mean": 5.6481,
  "summary_bg_median": 4.0,
  "summary_bg_n": 5833982.0,
  "summary_bg_p05": 0.0,
  "summary_bg_p95": 20.0,
  "summary_bg_stdv": 7.2038,
  "summary_csf_k": -0.5368,
  "summary_csf_mad": 146.4468,
  "summary_csf_mean": 375.5062,
  "summary_csf_median": 344.0,
  "summary_csf_n": 730513.43550572,
  "summary_csf_p05": 89.0,
  "summary_csf_p95": 713.0,
  "summary_csf_stdv": 184.8481,
  "summary_gm_k": 0.0456,
  "summary_gm_mad": 67.3132,
  "summary_gm_mean": 730.5525,
  "summary_gm_median": 726.0,
  "summary_gm_n": 996853.5034303309,
  "summary_gm_p05": 519.0,
  "summary_gm_p95": 967.0,
  "summary_gm_stdv": 128.7881,
  "summary_wm_k": -0.5461,
  "summary_wm_mad": 83.0493,
  "summary_wm_mean": 891.6221,
  "summary_wm_median": 919.0,
  "summary_wm_n": 940015.0618530116,
  "summary_wm_p05": 700.0,
  "summary_wm_p95": 1034.0,
  "summary_wm_stdv": 108.7775,
  "tpm_overlap_csf": 0.17725076994891187,
  "tpm_overlap_gm": 0.5401968129909177,
  "tpm_overlap_wm": 0.5286404324659129,
  "wm2max": 0.8324827595621801
}
