{
  "bids_meta": {
    "AcquisitionMatrixPE": 280,
    "AcquisitionNumber": 1,
    "AcquisitionTime": "15:59:56.862500",
    "BaseResolution": 320,
    "BodyPartExamined": "HEAD",
    "CoilString": "HC1-7;NC1_2",
    "ConsistencyInfo": "N4_VE11C_LATEST_20160120",
    "ConversionSoftware": "dcm2niix",
    "ConversionSoftwareVersion": "v1.0.20190902",
    "DeviceSerialNumber": "167076",
    "DwellTime": 6.5e-6,
    "EchoTime": 0.00207,
    "FileSize": 0.019663375802338123,
    "FileSizeUnits": "GB",
    "FlipAngle": 7,
    "ImageOrientationPatientDICOM": [
      0,
      1,
      0,
      0,
      0,
      -1
    ],
    "ImageType": [
      "ORIGINAL",
      "PRIMARY",
      "M",
      "NORM",
      "DIS3D",
      "DIS2D"
    ],
    "ImagingFrequency": 123.249,
    "InPlanePhaseEncodingDirectionDICOM": "ROW",
    "InstitutionAddress": "Tian_Sheng_2_Chong_Qing_759083_Chong_Qing_CN_400715",
    "InstitutionName": "Chong_Qing_Southwest_Normal_University_Hospital",
    "InstitutionalDepartmentName": "Department",
    "InversionTime": 1.1,
    "MRAcquisitionType": "3D",
    "MagneticFieldStrength": 3,
    "Manufacturer": "Siemens",
    "ManufacturersModelName": "Prisma_fit",
    "Modality": "MR",
    "NumberOfVolumes": 1,
    "ParallelReductionFactorInPlane": 2,
    "PartialFourier": 1,
    "PatientPosition": "HFS",
    "PercentPhaseFOV": 87.5,
    "PhaseEncodingSteps": 279,
    "PhaseResolution": 1,
    "PixelBandwidth": 240,
    "ProcedureStepDescription": "SWU-fMRI_HeQingHua",
    "ProtocolName": "T1ISO_MPR",
    "PulseSequenceDetails": "%SiemensSeq%_tfl",
    "ReceiveCoilActiveElements": "HC1-7;NC1,2",
    "ReceiveCoilName": "HeadNeck_64",
    "ReconMatrixPE": 280,
    "RefLinesPE": 32,
    "RepetitionTime": 2.3,
    "SAR": 0.0467694,
    "ScanOptions": "IR_WE",
    "ScanningSequence": "GR_IR",
    "SequenceName": "_tfl3d1_16ns",
    "SequenceVariant": "SK_SP_MP",
    "SeriesDescription": "T1ISO_MPR",
    "SeriesNumber": 6,
    "ShimSetting": [
      2943,
      4356,
      -6631,
      15,
      -71,
      -328,
      -6,
      7
    ],
    "SliceThickness": 0.8,
    "SoftwareVersions": "syngo_MR_E11",
    "StationName": "MRC35409",
    "TxRefAmp": 233.804,
    "acquisition": "defaced",
    "dataset": "<unset>",
    "datatype": "anat",
    "extension": ".nii.gz",
    "modality": "T1w",
    "subject": "11",
    "suffix": "T1w"
  },
  "cjv": 0.606982062780269,
  "cnr": 1.5188199002667115,
  "efc": 0.5622,
  "fber": 9929.8532,
  "fwhm_avg": 4.767991595618056,
  "fwhm_x": 4.6561874306174005,
  "fwhm_y": 4.773449928870053,
  "fwhm_z": 4.874337427366712,
  "icvs_csf": 0.26495594522314947,
  "icvs_gm": 0.3796071472193468,
  "icvs_wm": 0.3554369075575038,
  "inu_med": 0.6064409911632538,
  "inu_range": 0.3214816004037857,
  "provenance": {
    "md5sum": "3c649b25ac045bb4b82c463c03e8ea06",
    "settings": {
      "testing": false
    },
    "software": "mriqc",
    "version": "24.1.0.dev0+gd5b13cb5.d20240826",
    "warnings": {
      "large_rot_frame": true,
      "small_air_mask": false
    }
  },
  "qi_1": 0.0,
  "qi_2": 0.001595825062519264,
  "rpve_csf": 6.487395812195468,
  "rpve_gm": 6.388323153016468,
  "rpve_wm": 6.4691866585266045,
  "size_x": 240,
  "size_y": 280,
  "size_z": 320,
  "snr_csf": 2.100693403501908,
  "snr_gm": 6.548986135583245,
  "snr_total": 6.7827043709315005,
  "snr_wm": 11.698433573709346,
  "snrd_csf": 5.456210000314277,
  "snrd_gm": 9.368209623181116,
  "snrd_total": 9.020762288255442,
  "snrd_wm": 12.237867241270937,
  "spacing_x": 0.800000011920929,
  "spacing_y": 0.800000011920929,
  "spacing_z": 0.800000011920929,
  "summary_bg_k": 295.8002,
  "summary_bg_mad": 0.0,
  "summary_bg_mean": 7.3195,
  "summary_bg_median": 0.0,
  "summary_bg_n": 5019456.0,
  "summary_bg_p05": 0.0,
  "summary_bg_p95": 17.0,
  "summary_bg_stdv": 50.9104,
  "summary_csf_k": -0.635,
  "summary_csf_mad": 160.0459,
  "summary_csf_mean": 434.3279,
  "summary_csf_median": 424.0,
  "summary_csf_n": 865928.4909473546,
  "summary_csf_p05": 111.0,
  "summary_csf_p95": 761.0,
  "summary_csf_stdv": 201.838,
  "summary_gm_k": -0.4907,
  "summary_gm_mad": 74.7887,
  "summary_gm_mean": 733.3755,
  "summary_gm_median": 728.0,
  "summary_gm_n": 1240631.320303581,
  "summary_gm_p05": 554.0,
  "summary_gm_p95": 945.0,
  "summary_gm_stdv": 111.1622,
  "summary_wm_k": -0.3523,
  "summary_wm_mad": 60.5683,
  "summary_wm_mean": 934.0786,
  "summary_wm_median": 951.0,
  "summary_wm_n": 1161638.1913191066,
  "summary_wm_p05": 772.0,
  "summary_wm_p95": 1041.0,
  "summary_wm_stdv": 81.2929,
  "tpm_overlap_csf": 0.20238279190885017,
  "tpm_overlap_gm": 0.526922789867498,
  "tpm_overlap_wm": 0.5395929285293759,
  "wm2max": 0.8393304047960828
}
