{
  "bids_meta": {
    "AcquisitionMatrixPE": 280,
    "AcquisitionNumber": 1,
    "AcquisitionTime": "16:04:23.820000",
    "BaseResolution": 320,
    "BodyPartExamined": "HEAD",
    "CoilCombinationMethod": "Adaptive Combine",
    "ConsistencyInfo": "N4_VE11C_LATEST_20160120",
    "ConversionSoftware": "dcm2niix",
    "ConversionSoftwareVersion": "v1.0.20220720",
    "DeviceSerialNumber": "167076",
    "DwellTime": 6.5e-6,
    "EchoTime": 0.00207,
    "FileSize": 0.01982985157519579,
    "FileSizeUnits": "GB",
    "FlipAngle": 7,
    "ImageOrientationPatientDICOM": [
      0,
      1,
      0,
      0,
      0,
      -1
    ],
    "ImageOrientationText": "Sag",
    "ImageType": [
      "ORIGINAL",
      "PRIMARY",
      "M",
      "NORM",
      "DIS3D",
      "DIS2D"
    ],
    "ImagingFrequency": 123.249,
    "InPlanePhaseEncodingDirectionDICOM": "ROW",
    "InstitutionAddress": "Tian Sheng 2,Chong Qing//759083/,Chong Qing,CN,400715",
    "InstitutionName": "Chong Qing Southwest Normal University Hospital",
    "InstitutionalDepartmentName": "Department",
    "InversionTime": 1.1,
    "MRAcquisitionType": "3D",
    "MagneticFieldStrength": 3,
    "Manufacturer": "Siemens",
    "ManufacturersModelName": "Prisma_fit",
    "MatrixCoilMode": "GRAPPA",
    "Modality": "MR",
    "NonlinearGradientCorrection": true,
    "NumberOfVolumes": 1,
    "ParallelReductionFactorInPlane": 2,
    "PartialFourier": 1,
    "PatientPosition": "HFS",
    "PercentPhaseFOV": 87.5,
    "PercentSampling": 100,
    "PhaseEncodingSteps": 279,
    "PhaseResolution": 1,
    "PixelBandwidth": 240,
    "ProcedureStepDescription": "SWU-fMRI^HeQingHua",
    "ProtocolName": "T1ISO_MPR",
    "PulseSequenceDetails": "%SiemensSeq%\\tfl",
    "ReceiveCoilActiveElements": "HC1-7;NC1,2",
    "ReceiveCoilName": "HeadNeck_64",
    "ReconMatrixPE": 280,
    "RefLinesPE": 32,
    "RepetitionTime": 2.3,
    "SAR": 0.0408674,
    "ScanOptions": "IR\\WE",
    "ScanningSequence": "GR\\IR",
    "SequenceName": "*tfl3d1_16ns",
    "SequenceVariant": "SK\\SP\\MP",
    "SeriesDescription": "T1ISO_MPR",
    "SeriesNumber": 6,
    "ShimSetting": [
      2935,
      4316,
      -6595,
      -125,
      -52,
      -346,
      127,
      35
    ],
    "SliceThickness": 0.8,
    "SoftwareVersions": "syngo MR E11",
    "SpoilingState": true,
    "StationName": "MRC35409",
    "TxRefAmp": 220.797,
    "acquisition": "defaced",
    "dataset": "<unset>",
    "datatype": "anat",
    "extension": ".nii.gz",
    "modality": "T1w",
    "subject": "27",
    "suffix": "T1w"
  },
  "cjv": 0.6372134615384616,
  "cnr": 1.6115158046176956,
  "efc": 0.5526,
  "fber": 7535.2045,
  "fwhm_avg": 4.4446791004357875,
  "fwhm_x": 4.431687433962711,
  "fwhm_y": 4.328512435500139,
  "fwhm_z": 4.5738374318445105,
  "icvs_csf": 0.2561215272939888,
  "icvs_gm": 0.389459459391049,
  "icvs_wm": 0.3544190133149622,
  "inu_med": 0.6141731142997742,
  "inu_range": 0.31828637719154373,
  "provenance": {
    "md5sum": "a4555fda25e806fc971db56544906cf3",
    "settings": {
      "testing": false
    },
    "software": "mriqc",
    "version": "24.1.0.dev0+gd5b13cb5.d20240826",
    "warnings": {
      "large_rot_frame": true,
      "small_air_mask": false
    }
  },
  "qi_1": 0.0,
  "qi_2": 0.00018669222279571614,
  "rpve_csf": 7.311470174361803,
  "rpve_gm": 7.211507414077156,
  "rpve_wm": 7.285403426954272,
  "size_x": 240,
  "size_y": 280,
  "size_z": 320,
  "snr_csf": 2.014688459580686,
  "snr_gm": 7.8065645322080774,
  "snr_total": 6.811719727158025,
  "snr_wm": 10.613906189685315,
  "snrd_csf": 39.85788700930797,
  "snrd_gm": 64.60336009712665,
  "snrd_total": 62.4823195467422,
  "snrd_wm": 82.98571153379197,
  "spacing_x": 0.800000011920929,
  "spacing_y": 0.800000011920929,
  "spacing_z": 0.800000011920929,
  "summary_bg_k": 5.1539,
  "summary_bg_mad": 7.413,
  "summary_bg_mean": 6.7812,
  "summary_bg_median": 5.0,
  "summary_bg_n": 5212283.0,
  "summary_bg_p05": 0.0,
  "summary_bg_p95": 23.0,
  "summary_bg_stdv": 8.02,
  "summary_csf_k": -0.7538,
  "summary_csf_mad": 164.9532,
  "summary_csf_mean": 447.5584,
  "summary_csf_median": 451.0,
  "summary_csf_n": 743906.0010281126,
  "summary_csf_p05": 66.0,
  "summary_csf_p95": 790.0,
  "summary_csf_stdv": 223.8558,
  "summary_gm_k": -0.4546,
  "summary_gm_mad": 66.7989,
  "summary_gm_mean": 734.0901,
  "summary_gm_median": 731.0,
  "summary_gm_n": 1131186.558424703,
  "summary_gm_p05": 583.0,
  "summary_gm_p95": 906.0,
  "summary_gm_stdv": 93.6391,
  "summary_wm_k": -0.3744,
  "summary_wm_mad": 65.7415,
  "summary_wm_mean": 921.1967,
  "summary_wm_median": 939.0,
  "summary_wm_n": 1029411.4425642459,
  "summary_wm_p05": 750.0,
  "summary_wm_p95": 1039.0,
  "summary_wm_stdv": 88.4688,
  "tpm_overlap_csf": 0.20456264144917022,
  "tpm_overlap_gm": 0.5358768634164377,
  "tpm_overlap_wm": 0.5586120372217347,
  "wm2max": 0.7976911708691172
}
