{
  "bids_meta": {
    "AcquisitionMatrixPE": 280,
    "AcquisitionNumber": 1,
    "AcquisitionTime": "14:01:58.930000",
    "BaseResolution": 320,
    "BodyPartExamined": "HEAD",
    "CoilString": "HC1-7;NC1_2",
    "ConsistencyInfo": "N4_VE11C_LATEST_20160120",
    "ConversionSoftware": "dcm2niix",
    "ConversionSoftwareVersion": "v1.0.20190902",
    "DeviceSerialNumber": "167076",
    "DwellTime": 6.5e-6,
    "EchoTime": 0.00207,
    "FileSize": 0.018243852071464062,
    "FileSizeUnits": "GB",
    "FlipAngle": 7,
    "ImageOrientationPatientDICOM": [
      0,
      1,
      0,
      0,
      0,
      -1
    ],
    "ImageType": [
      "ORIGINAL",
      "PRIMARY",
      "M",
      "NORM",
      "DIS3D",
      "DIS2D"
    ],
    "ImagingFrequency": 123.249,
    "InPlanePhaseEncodingDirectionDICOM": "ROW",
    "InstitutionAddress": "Tian_Sheng_2_Chong_Qing_759083_Chong_Qing_CN_400715",
    "InstitutionName": "Chong_Qing_Southwest_Normal_University_Hospital",
    "InstitutionalDepartmentName": "Department",
    "InversionTime": 1.1,
    "MRAcquisitionType": "3D",
    "MagneticFieldStrength": 3,
    "Manufacturer": "Siemens",
    "ManufacturersModelName": "Prisma_fit",
    "Modality": "MR",
    "NumberOfVolumes": 1,
    "ParallelReductionFactorInPlane": 2,
    "PartialFourier": 1,
    "PatientPosition": "HFS",
    "PercentPhaseFOV": 87.5,
    "PhaseEncodingSteps": 279,
    "PhaseResolution": 1,
    "PixelBandwidth": 240,
    "ProcedureStepDescription": "SWU-fMRI_HeQingHua",
    "ProtocolName": "T1ISO_MPR",
    "PulseSequenceDetails": "%SiemensSeq%_tfl",
    "ReceiveCoilActiveElements": "HC1-7;NC1,2",
    "ReceiveCoilName": "HeadNeck_64",
    "ReconMatrixPE": 280,
    "RefLinesPE": 32,
    "RepetitionTime": 2.3,
    "SAR": 0.0411427,
    "ScanOptions": "IR_WE",
    "ScanningSequence": "GR_IR",
    "SequenceName": "_tfl3d1_16ns",
    "SequenceVariant": "SK_SP_MP",
    "SeriesDescription": "T1ISO_MPR",
    "SeriesNumber": 6,
    "ShimSetting": [
      2948,
      4314,
      -6651,
      95,
      -14,
      -381,
      -62,
      22
    ],
    "SliceThickness": 0.8,
    "SoftwareVersions": "syngo_MR_E11",
    "StationName": "MRC35409",
    "TxRefAmp": 214.935,
    "acquisition": "defaced",
    "dataset": "<unset>",
    "datatype": "anat",
    "extension": ".nii.gz",
    "modality": "T1w",
    "subject": "17",
    "suffix": "T1w"
  },
  "cjv": 0.5989346666666666,
  "cnr": 1.6267593132089533,
  "efc": 0.5328,
  "fber": 16787.3581,
  "fwhm_avg": 4.754720762482473,
  "fwhm_x": 4.759149929083139,
  "fwhm_y": 4.524637432577649,
  "fwhm_z": 4.980374925786631,
  "icvs_csf": 0.27096026111763405,
  "icvs_gm": 0.378674319176445,
  "icvs_wm": 0.3503654197059209,
  "inu_med": 0.5538595914840698,
  "inu_range": 0.28903852552175524,
  "provenance": {
    "md5sum": "4e852840161dd67a66e6a33b9102c85e",
    "settings": {
      "testing": false
    },
    "software": "mriqc",
    "version": "24.1.0.dev0+gd5b13cb5.d20240826",
    "warnings": {
      "large_rot_frame": true,
      "small_air_mask": false
    }
  },
  "qi_1": 0.0,
  "qi_2": 0.0003526466368452199,
  "rpve_csf": 6.464883290856908,
  "rpve_gm": 6.362916775975517,
  "rpve_wm": 6.434532490618872,
  "size_x": 240,
  "size_y": 280,
  "size_z": 320,
  "snr_csf": 1.9440810464299159,
  "snr_gm": 6.627858454582137,
  "snr_total": 6.622112424968674,
  "snr_wm": 11.294397773893971,
  "snrd_csf": 56.70837582625118,
  "snrd_gm": 106.9357944152165,
  "snrd_total": 101.24040775214712,
  "snrd_wm": 140.0770530149737,
  "spacing_x": 0.800000011920929,
  "spacing_y": 0.800000011920929,
  "spacing_z": 0.800000011920929,
  "summary_bg_k": 9.6239,
  "summary_bg_mad": 4.4478,
  "summary_bg_mean": 4.3675,
  "summary_bg_median": 3.0,
  "summary_bg_n": 5542532.0,
  "summary_bg_p05": 0.0,
  "summary_bg_p95": 18.0,
  "summary_bg_stdv": 6.4698,
  "summary_csf_k": -0.6561,
  "summary_csf_mad": 166.5899,
  "summary_csf_mean": 402.7023,
  "summary_csf_median": 385.0,
  "summary_csf_n": 890312.5557258942,
  "summary_csf_p05": 82.0,
  "summary_csf_p95": 737.0,
  "summary_csf_stdv": 198.0369,
  "summary_gm_k": -0.4748,
  "summary_gm_mad": 73.1621,
  "summary_gm_mean": 731.46,
  "summary_gm_median": 726.0,
  "summary_gm_n": 1244235.9610340768,
  "summary_gm_p05": 555.0,
  "summary_gm_p95": 941.0,
  "summary_gm_stdv": 109.5376,
  "summary_wm_k": -0.3872,
  "summary_wm_mad": 61.5982,
  "summary_wm_mean": 931.8014,
  "summary_wm_median": 951.0,
  "summary_wm_n": 1151219.4849890973,
  "summary_wm_p05": 763.0,
  "summary_wm_p95": 1040.0,
  "summary_wm_stdv": 84.201,
  "tpm_overlap_csf": 0.19099477879709967,
  "tpm_overlap_gm": 0.5110129784294812,
  "tpm_overlap_wm": 0.546274105895677,
  "wm2max": 0.8369048059705749
}
