{
	"Modality": "MR",
	"TaskName": "rest",
        "Instructions": "Remain still and focus your eyes on the fixation",
        "TaskDescription": "Resting state fMRI",
        "NumberOfVolumesDiscardedByScanner": 0,
        "NumberOfVolumesDiscardedByUser": 0,
        "DelayTime": 0,
	"MagneticFieldStrength": 3,
	"ImagingFrequency": 123.249,
	"Manufacturer": "Siemens",
	"ManufacturersModelName": "Prisma_fit",
	"InstitutionName": "Chong Qing Southwest Normal University Hospital",
	"InstitutionalDepartmentName": "Department",
	"InstitutionAddress": "Tian Sheng 2,Chong Qing//759083/,Chong Qing,CN,400715",
	"DeviceSerialNumber": "167076",
	"StationName": "MRC35409",
	"BodyPartExamined": "HEAD",
	"PatientPosition": "HFS",
	"ProcedureStepDescription": "SWU-fMRI^HeQingHua",
	"SoftwareVersions": "syngo MR E11",
	"MRAcquisitionType": "2D",
	"SeriesDescription": "BOLD_PA_REST1",
	"ProtocolName": "BOLD_PA_REST1",
	"ScanningSequence": "EP",
	"SequenceVariant": "SK",
	"ScanOptions": "FS",
	"SequenceName": "*epfid2d1_90",
	"ImageType": ["ORIGINAL", "PRIMARY", "M", "ND", "MOSAIC"],
	"NonlinearGradientCorrection": false,
	"SeriesNumber": 3,
	"AcquisitionTime": "15:21:10.295000",
	"AcquisitionNumber": 1,
	"SliceThickness": 2.4,
	"SpacingBetweenSlices": 2.4,
	"SAR": 0.0891584,
	"EchoTime": 0.03,
	"RepetitionTime": 0.75,
	"FlipAngle": 60,
	"PartialFourier": 1,
	"BaseResolution": 90,
	"ShimSetting": [
		2954,
		4359,
		-6574,
		485,
		2,
		-213,
		-77,
		-13	],
	"TxRefAmp": 233.804,
	"PhaseResolution": 1,
	"ReceiveCoilName": "HeadNeck_64",
	"ReceiveCoilActiveElements": "HC1-7",
	"PulseSequenceDetails": "%SiemensSeq%\\ep2d_bold",
	"RefLinesPE": 32,
	"CoilCombinationMethod": "Sum of Squares",
	"ConsistencyInfo": "N4_VE11C_LATEST_20160120",
	"MultibandAccelerationFactor": 6,
	"PercentPhaseFOV": 100,
	"PercentSampling": 100,
	"EchoTrainLength": 90,
	"PhaseEncodingSteps": 90,
	"AcquisitionMatrixPE": 90,
	"ReconMatrixPE": 90,
	"BandwidthPerPixelPhaseEncode": 22.222,
	"EffectiveEchoSpacing": 0.000500005,
	"DerivedVendorReportedEchoSpacing": 0.000500005,
	"TotalReadoutTime": 0.0445004,
	"PixelBandwidth": 2645,
	"DwellTime": 2.1e-06,
	"PhaseEncodingDirection": "j",
	"SliceTiming": [
		0.5125,
		0,
		0.365,
		0.075,
		0.44,
		0.22,
		0.585,
		0.2925,
		0.6575,
		0.1475,
		0.5125,
		0,
		0.365,
		0.075,
		0.44,
		0.22,
		0.585,
		0.2925,
		0.6575,
		0.1475,
		0.5125,
		0,
		0.365,
		0.075,
		0.44,
		0.22,
		0.585,
		0.2925,
		0.6575,
		0.1475,
		0.5125,
		0,
		0.365,
		0.075,
		0.44,
		0.22,
		0.585,
		0.2925,
		0.6575,
		0.1475,
		0.5125,
		0,
		0.365,
		0.075,
		0.44,
		0.22,
		0.585,
		0.2925,
		0.6575,
		0.1475,
		0.5125,
		0,
		0.365,
		0.075,
		0.44,
		0.22,
		0.585,
		0.2925,
		0.6575,
		0.1475	],
	"ImageOrientationPatientDICOM": [
		0.999048,
		0.0436192,
		-0.00015226,
		-0.0436194,
		0.999042,
		-0.00348733	],
	"ImageOrientationText": "Tra>Cor(-0.2)",
	"InPlanePhaseEncodingDirectionDICOM": "COL",
	"ConversionSoftware": "dcm2niix",
	"ConversionSoftwareVersion": "v1.0.20220720"
}
