{
  "bids_meta": {
    "AcquisitionMatrixPE": 280,
    "AcquisitionNumber": 1,
    "AcquisitionTime": "14:51:28.482500",
    "BaseResolution": 320,
    "BodyPartExamined": "HEAD",
    "CoilString": "HC1-7;NC1_2",
    "ConsistencyInfo": "N4_VE11C_LATEST_20160120",
    "ConversionSoftware": "dcm2niix",
    "ConversionSoftwareVersion": "v1.0.20190902",
    "DeviceSerialNumber": "167076",
    "DwellTime": 6.5e-6,
    "EchoTime": 0.00207,
    "FileSize": 0.019357534125447273,
    "FileSizeUnits": "GB",
    "FlipAngle": 7,
    "ImageOrientationPatientDICOM": [
      0,
      1,
      0,
      0,
      0,
      -1
    ],
    "ImageType": [
      "ORIGINAL",
      "PRIMARY",
      "M",
      "NORM",
      "DIS3D",
      "DIS2D"
    ],
    "ImagingFrequency": 123.249,
    "InPlanePhaseEncodingDirectionDICOM": "ROW",
    "InstitutionAddress": "Tian_Sheng_2_Chong_Qing_759083_Chong_Qing_CN_400715",
    "InstitutionName": "Chong_Qing_Southwest_Normal_University_Hospital",
    "InstitutionalDepartmentName": "Department",
    "InversionTime": 1.1,
    "MRAcquisitionType": "3D",
    "MagneticFieldStrength": 3,
    "Manufacturer": "Siemens",
    "ManufacturersModelName": "Prisma_fit",
    "Modality": "MR",
    "NumberOfVolumes": 1,
    "ParallelReductionFactorInPlane": 2,
    "PartialFourier": 1,
    "PatientPosition": "HFS",
    "PercentPhaseFOV": 87.5,
    "PhaseEncodingSteps": 279,
    "PhaseResolution": 1,
    "PixelBandwidth": 240,
    "ProcedureStepDescription": "SWU-fMRI_HeQingHua",
    "ProtocolName": "T1ISO_MPR",
    "PulseSequenceDetails": "%SiemensSeq%_tfl",
    "ReceiveCoilActiveElements": "HC1-7;NC1,2",
    "ReceiveCoilName": "HeadNeck_64",
    "ReconMatrixPE": 280,
    "RefLinesPE": 32,
    "RepetitionTime": 2.3,
    "SAR": 0.0378904,
    "ScanOptions": "IR_WE",
    "ScanningSequence": "GR_IR",
    "SequenceName": "_tfl3d1_16ns",
    "SequenceVariant": "SK_SP_MP",
    "SeriesDescription": "T1ISO_MPR",
    "SeriesNumber": 6,
    "ShimSetting": [
      2916,
      4337,
      -6653,
      63,
      88,
      -282,
      139,
      36
    ],
    "SliceThickness": 0.8,
    "SoftwareVersions": "syngo_MR_E11",
    "StationName": "MRC35409",
    "TxRefAmp": 208.311,
    "acquisition": "defaced",
    "dataset": "<unset>",
    "datatype": "anat",
    "extension": ".nii.gz",
    "modality": "T1w",
    "subject": "10",
    "suffix": "T1w"
  },
  "cjv": 0.90776875,
  "cnr": 1.0669277926438019,
  "efc": 0.5568,
  "fber": 4949.019,
  "fwhm_avg": 4.8799957606157305,
  "fwhm_x": 4.734249929454179,
  "fwhm_y": 4.871724927405642,
  "fwhm_z": 5.0340124249873694,
  "icvs_csf": 0.2620564882610233,
  "icvs_gm": 0.36709667842593474,
  "icvs_wm": 0.370846833313042,
  "inu_med": 0.825973629951477,
  "inu_range": 0.49522972106933594,
  "provenance": {
    "md5sum": "001f38b7273158789a6dcae15572b6af",
    "settings": {
      "testing": false
    },
    "software": "mriqc",
    "version": "24.1.0.dev0+gd5b13cb5.d20240826",
    "warnings": {
      "large_rot_frame": true,
      "small_air_mask": false
    }
  },
  "qi_1": 0.0,
  "qi_2": 0.0009695133461125679,
  "rpve_csf": 7.418364539044497,
  "rpve_gm": 7.2722174256329035,
  "rpve_wm": 7.353134591633163,
  "size_x": 240,
  "size_y": 280,
  "size_z": 320,
  "snr_csf": 2.3163292189451528,
  "snr_gm": 6.09585873213938,
  "snr_total": 6.115681581111407,
  "snr_wm": 9.934856792249692,
  "snrd_csf": 27.77553101693935,
  "snrd_gm": 45.703373764236574,
  "snrd_total": 43.09415721416045,
  "snrd_wm": 55.80356686130542,
  "spacing_x": 0.800000011920929,
  "spacing_y": 0.800000011920929,
  "spacing_z": 0.800000011920929,
  "summary_bg_k": 9.3511,
  "summary_bg_mad": 10.3782,
  "summary_bg_mean": 14.9429,
  "summary_bg_median": 7.0,
  "summary_bg_n": 5350961.0,
  "summary_bg_p05": 0.0,
  "summary_bg_p95": 60.0,
  "summary_bg_stdv": 21.5759,
  "summary_csf_k": -0.5407,
  "summary_csf_mad": 140.9984,
  "summary_csf_mean": 441.8782,
  "summary_csf_median": 440.0,
  "summary_csf_n": 749784.4940602544,
  "summary_csf_p05": 135.0,
  "summary_csf_p95": 754.0,
  "summary_csf_stdv": 189.9556,
  "summary_gm_k": -0.4337,
  "summary_gm_mad": 76.47,
  "summary_gm_mean": 727.0867,
  "summary_gm_median": 724.0,
  "summary_gm_n": 1050320.864525328,
  "summary_gm_p05": 536.0,
  "summary_gm_p95": 927.0,
  "summary_gm_stdv": 118.7691,
  "summary_wm_k": 0.4,
  "summary_wm_mad": 68.773,
  "summary_wm_mean": 881.7604,
  "summary_wm_median": 884.0,
  "summary_wm_n": 1061050.642686274,
  "summary_wm_p05": 732.0,
  "summary_wm_p95": 1026.0,
  "summary_wm_stdv": 88.9796,
  "tpm_overlap_csf": 0.21780728973943486,
  "tpm_overlap_gm": 0.5546037971898761,
  "tpm_overlap_wm": 0.5636388729942623,
  "wm2max": 0.6322944515783268
}
