{
  "bids_meta": {
    "AcquisitionMatrixPE": 280,
    "AcquisitionNumber": 1,
    "AcquisitionTime": "15:10:44.115000",
    "BaseResolution": 320,
    "BodyPartExamined": "HEAD",
    "CoilString": "HC1-7;NC1_2",
    "ConsistencyInfo": "N4_VE11C_LATEST_20160120",
    "ConversionSoftware": "dcm2niix",
    "ConversionSoftwareVersion": "v1.0.20190902",
    "DeviceSerialNumber": "167076",
    "DwellTime": 6.5e-6,
    "EchoTime": 0.00207,
    "FileSize": 0.018833760172128677,
    "FileSizeUnits": "GB",
    "FlipAngle": 7,
    "ImageOrientationPatientDICOM": [
      -1.25195e-6,
      1,
      5.4143e-8,
      0.00872586,
      6.50652e-8,
      -0.999962
    ],
    "ImageType": [
      "ORIGINAL",
      "PRIMARY",
      "M",
      "NORM",
      "DIS3D",
      "DIS2D"
    ],
    "ImagingFrequency": 123.249,
    "InPlanePhaseEncodingDirectionDICOM": "ROW",
    "InstitutionAddress": "Tian_Sheng_2_Chong_Qing_464ed4_Chong_Qing_CN_400715",
    "InstitutionName": "Chong_Qing_Southwest_Normal_University_Hospital",
    "InstitutionalDepartmentName": "Department",
    "InversionTime": 1.1,
    "MRAcquisitionType": "3D",
    "MagneticFieldStrength": 3,
    "Manufacturer": "Siemens",
    "ManufacturersModelName": "Prisma_fit",
    "Modality": "MR",
    "NumberOfVolumes": 1,
    "ParallelReductionFactorInPlane": 2,
    "PartialFourier": 1,
    "PatientPosition": "HFS",
    "PercentPhaseFOV": 87.5,
    "PhaseEncodingSteps": 279,
    "PhaseResolution": 1,
    "PixelBandwidth": 240,
    "ProcedureStepDescription": "SWU-fMRI_HeQingHua",
    "ProtocolName": "CCBD_T1ISO_MPR",
    "PulseSequenceDetails": "%SiemensSeq%_tfl",
    "ReceiveCoilActiveElements": "HC1-7;NC1,2",
    "ReceiveCoilName": "HeadNeck_64",
    "ReconMatrixPE": 280,
    "RefLinesPE": 32,
    "RepetitionTime": 2.3,
    "SAR": 0.0549161,
    "ScanOptions": "IR_WE",
    "ScanningSequence": "GR_IR",
    "SequenceName": "_tfl3d1_16ns",
    "SequenceVariant": "SK_SP_MP",
    "SeriesDescription": "CCBD_T1ISO_MPR",
    "SeriesNumber": 6,
    "ShimSetting": [
      2941,
      4322,
      -6613,
      171,
      9,
      -385,
      47,
      29
    ],
    "SliceThickness": 0.8,
    "SoftwareVersions": "syngo_MR_E11",
    "StationName": "MRC35409",
    "TxRefAmp": 246.265,
    "acquisition": "defaced",
    "dataset": "<unset>",
    "datatype": "anat",
    "extension": ".nii.gz",
    "modality": "T1w",
    "subject": "01",
    "suffix": "T1w"
  },
  "cjv": 0.6373488372093024,
  "cnr": 1.4964732612033531,
  "efc": 0.5641,
  "fber": 8498.1417,
  "fwhm_avg": 4.496470766330698,
  "fwhm_x": 4.50004993294403,
  "fwhm_y": 4.428224934014307,
  "fwhm_z": 4.561137432033756,
  "icvs_csf": 0.27139085517918965,
  "icvs_gm": 0.37520295475119786,
  "icvs_wm": 0.35340619006961255,
  "inu_med": 0.5834043622016907,
  "inu_range": 0.3036146998405457,
  "provenance": {
    "md5sum": "1cc649cd41c2bde9597e37980770f0e5",
    "settings": {
      "testing": false
    },
    "software": "mriqc",
    "version": "24.1.0.dev0+gd5b13cb5.d20240826",
    "warnings": {
      "large_rot_frame": true,
      "small_air_mask": false
    }
  },
  "qi_1": 0.0,
  "qi_2": 0.0007106455297587348,
  "rpve_csf": 6.4281033606520035,
  "rpve_gm": 6.315177024462463,
  "rpve_wm": 6.393578791596,
  "size_x": 240,
  "size_y": 280,
  "size_z": 320,
  "snr_csf": 2.2829791069708008,
  "snr_gm": 6.434873013586273,
  "snr_total": 6.534051361867706,
  "snr_wm": 10.884301965046042,
  "snrd_csf": 45.73493686766491,
  "snrd_gm": 80.42278753541076,
  "snrd_total": 76.77724908943748,
  "snrd_wm": 104.17402286523675,
  "spacing_x": 0.800000011920929,
  "spacing_y": 0.800000011920929,
  "spacing_z": 0.800000011920929,
  "summary_bg_k": 2199.0471,
  "summary_bg_mad": 5.9304,
  "summary_bg_mean": 5.4845,
  "summary_bg_median": 4.0,
  "summary_bg_n": 5170829.0,
  "summary_bg_p05": 0.0,
  "summary_bg_p95": 18.0,
  "summary_bg_stdv": 18.3296,
  "summary_csf_k": -0.5355,
  "summary_csf_mad": 149.0137,
  "summary_csf_mean": 431.9503,
  "summary_csf_median": 414.0,
  "summary_csf_n": 895787.666485957,
  "summary_csf_p05": 160.0,
  "summary_csf_p95": 740.0,
  "summary_csf_stdv": 181.3419,
  "summary_gm_k": -0.4456,
  "summary_gm_mad": 71.8451,
  "summary_gm_mean": 732.9423,
  "summary_gm_median": 728.0,
  "summary_gm_n": 1238443.2742705918,
  "summary_gm_p05": 549.0,
  "summary_gm_p95": 945.0,
  "summary_gm_stdv": 113.1335,
  "summary_wm_k": -0.4398,
  "summary_wm_mad": 65.1849,
  "summary_wm_mean": 923.7661,
  "summary_wm_median": 943.0,
  "summary_wm_n": 1166498.0609428657,
  "summary_wm_p05": 754.0,
  "summary_wm_p95": 1037.0,
  "summary_wm_stdv": 86.6385,
  "tpm_overlap_csf": 0.1926486794547046,
  "tpm_overlap_gm": 0.5269679232001012,
  "tpm_overlap_wm": 0.5461788801655691,
  "wm2max": 0.8235351392673891
}
