{
  "bids_meta": {
    "AcquisitionMatrixPE": 280,
    "AcquisitionNumber": 1,
    "AcquisitionTime": "17:16:31.645000",
    "BaseResolution": 320,
    "BodyPartExamined": "HEAD",
    "CoilCombinationMethod": "Adaptive Combine",
    "ConsistencyInfo": "N4_VE11C_LATEST_20160120",
    "ConversionSoftware": "dcm2niix",
    "ConversionSoftwareVersion": "v1.0.20220720",
    "DeviceSerialNumber": "167076",
    "DwellTime": 6.5e-6,
    "EchoTime": 0.00207,
    "FileSize": 0.018472827970981598,
    "FileSizeUnits": "GB",
    "FlipAngle": 7,
    "ImageOrientationPatientDICOM": [
      0.05233,
      0.99863,
      -1.01458e-8,
      0.0348442,
      -0.00182591,
      -0.999391
    ],
    "ImageOrientationText": "Sag>Cor(3.0)>Tra(-2.0)",
    "ImageType": [
      "ORIGINAL",
      "PRIMARY",
      "M",
      "NORM",
      "DIS3D",
      "DIS2D"
    ],
    "ImagingFrequency": 123.249,
    "InPlanePhaseEncodingDirectionDICOM": "ROW",
    "InstitutionAddress": "Tian Sheng 2,Chong Qing//77D79B/,Chong Qing,CN,400715",
    "InstitutionName": "Chong Qing Southwest Normal University Hospital",
    "InstitutionalDepartmentName": "Department",
    "InversionTime": 1.1,
    "MRAcquisitionType": "3D",
    "MagneticFieldStrength": 3,
    "Manufacturer": "Siemens",
    "ManufacturersModelName": "Prisma_fit",
    "MatrixCoilMode": "GRAPPA",
    "Modality": "MR",
    "NonlinearGradientCorrection": true,
    "NumberOfVolumes": 1,
    "ParallelReductionFactorInPlane": 2,
    "PartialFourier": 1,
    "PatientPosition": "HFS",
    "PercentPhaseFOV": 87.5,
    "PercentSampling": 100,
    "PhaseEncodingSteps": 279,
    "PhaseResolution": 1,
    "PixelBandwidth": 240,
    "ProcedureStepDescription": "SWU-fMRI^HeQingHua",
    "ProtocolName": "T1ISO_MPR",
    "PulseSequenceDetails": "%SiemensSeq%\\tfl",
    "ReceiveCoilActiveElements": "HC1-7;NC1,2",
    "ReceiveCoilName": "HeadNeck_64",
    "ReconMatrixPE": 280,
    "RefLinesPE": 32,
    "RepetitionTime": 2.3,
    "SAR": 0.043659,
    "ScanOptions": "IR\\WE",
    "ScanningSequence": "GR\\IR",
    "SequenceName": "*tfl3d1_16ns",
    "SequenceVariant": "SK\\SP\\MP",
    "SeriesDescription": "T1ISO_MPR",
    "SeriesNumber": 6,
    "ShimSetting": [
      2944,
      4334,
      -6682,
      30,
      3,
      -447,
      49,
      14
    ],
    "SliceThickness": 0.8,
    "SoftwareVersions": "syngo MR E11",
    "SpoilingState": true,
    "StationName": "MRC35409",
    "TxRefAmp": 229.023,
    "acquisition": "defaced",
    "dataset": "<unset>",
    "datatype": "anat",
    "extension": ".nii.gz",
    "modality": "T1w",
    "subject": "35",
    "suffix": "T1w"
  },
  "cjv": 0.6141606796116504,
  "cnr": 1.5859507186914175,
  "efc": 0.5339,
  "fber": 15738.9892,
  "fwhm_avg": 4.560729098706507,
  "fwhm_x": 4.6333499309577055,
  "fwhm_y": 4.352824935137854,
  "fwhm_z": 4.696012430023962,
  "icvs_csf": 0.2721789927991299,
  "icvs_gm": 0.3753160256082743,
  "icvs_wm": 0.35250498159259586,
  "inu_med": 0.5818173289299011,
  "inu_range": 0.30538138002157217,
  "provenance": {
    "md5sum": "f6ef3ed446c33f8e6ce585a23eedaacb",
    "settings": {
      "testing": false
    },
    "software": "mriqc",
    "version": "24.1.0.dev0+gd5b13cb5.d20240826",
    "warnings": {
      "large_rot_frame": true,
      "small_air_mask": false
    }
  },
  "qi_1": 0.0,
  "qi_2": 0.00032159219887524954,
  "rpve_csf": 7.191417953092681,
  "rpve_gm": 7.092425875564439,
  "rpve_wm": 7.166201692866269,
  "size_x": 240,
  "size_y": 280,
  "size_z": 320,
  "snr_csf": 2.0977479857345966,
  "snr_gm": 7.077987117051683,
  "snr_total": 7.209453089315621,
  "snr_wm": 12.452624165160582,
  "snrd_csf": 47.72341238365034,
  "snrd_gm": 82.07985046539862,
  "snrd_total": 78.21337029542696,
  "snrd_wm": 104.83684803723189,
  "spacing_x": 0.800000011920929,
  "spacing_y": 0.800000011920929,
  "spacing_z": 0.800000011920929,
  "summary_bg_k": 7.4385,
  "summary_bg_mad": 5.9304,
  "summary_bg_mean": 4.7517,
  "summary_bg_median": 4.0,
  "summary_bg_n": 5528042.0,
  "summary_bg_p05": 0.0,
  "summary_bg_p95": 18.0,
  "summary_bg_stdv": 6.6617,
  "summary_csf_k": -0.4786,
  "summary_csf_mad": 162.2208,
  "summary_csf_mean": 437.9777,
  "summary_csf_median": 432.0,
  "summary_csf_n": 804296.5451541748,
  "summary_csf_p05": 88.0,
  "summary_csf_p95": 770.0,
  "summary_csf_stdv": 205.935,
  "summary_gm_k": -0.2601,
  "summary_gm_mad": 68.3299,
  "summary_gm_mean": 747.9408,
  "summary_gm_median": 743.0,
  "summary_gm_n": 1109069.3651016252,
  "summary_gm_p05": 576.0,
  "summary_gm_p95": 945.0,
  "summary_gm_stdv": 104.9733,
  "summary_wm_k": -0.187,
  "summary_wm_mad": 58.1872,
  "summary_wm_mean": 934.2505,
  "summary_wm_median": 949.0,
  "summary_wm_n": 1041662.0912907837,
  "summary_wm_p05": 784.0,
  "summary_wm_p95": 1036.0,
  "summary_wm_stdv": 76.2088,
  "tpm_overlap_csf": 0.19111912041619394,
  "tpm_overlap_gm": 0.5160321912942321,
  "tpm_overlap_wm": 0.549050611256871,
  "wm2max": 0.828422388917496
}
