{
  "bids_meta": {
    "AcquisitionMatrixPE": 280,
    "AcquisitionNumber": 1,
    "AcquisitionTime": "14:56:14.030000",
    "BaseResolution": 320,
    "BodyPartExamined": "HEAD",
    "CoilCombinationMethod": "Adaptive Combine",
    "ConsistencyInfo": "N4_VE11C_LATEST_20160120",
    "ConversionSoftware": "dcm2niix",
    "ConversionSoftwareVersion": "v1.0.20220720",
    "DeviceSerialNumber": "167076",
    "DwellTime": 6.5e-6,
    "EchoTime": 0.00207,
    "FileSize": 0.018239714205265045,
    "FileSizeUnits": "GB",
    "FlipAngle": 7,
    "ImageOrientationPatientDICOM": [
      0.0558538,
      0.998439,
      -2.3692e-8,
      -0.033053,
      0.001849,
      -0.999452
    ],
    "ImageOrientationText": "Sag>Cor(3.2)>Tra(1.9)",
    "ImageType": [
      "ORIGINAL",
      "PRIMARY",
      "M",
      "NORM",
      "DIS3D",
      "DIS2D"
    ],
    "ImagingFrequency": 123.249,
    "InPlanePhaseEncodingDirectionDICOM": "ROW",
    "InstitutionAddress": "Tian Sheng 2,Chong Qing//759083/,Chong Qing,CN,400715",
    "InstitutionName": "Chong Qing Southwest Normal University Hospital",
    "InstitutionalDepartmentName": "Department",
    "InversionTime": 1.1,
    "MRAcquisitionType": "3D",
    "MagneticFieldStrength": 3,
    "Manufacturer": "Siemens",
    "ManufacturersModelName": "Prisma_fit",
    "MatrixCoilMode": "GRAPPA",
    "Modality": "MR",
    "NonlinearGradientCorrection": true,
    "NumberOfVolumes": 1,
    "ParallelReductionFactorInPlane": 2,
    "PartialFourier": 1,
    "PatientPosition": "HFS",
    "PercentPhaseFOV": 87.5,
    "PercentSampling": 100,
    "PhaseEncodingSteps": 279,
    "PhaseResolution": 1,
    "PixelBandwidth": 240,
    "ProcedureStepDescription": "SWU-fMRI^HeQingHua",
    "ProtocolName": "T1ISO_MPR",
    "PulseSequenceDetails": "%SiemensSeq%\\tfl",
    "ReceiveCoilActiveElements": "HC1-7;NC1,2",
    "ReceiveCoilName": "HeadNeck_64",
    "ReconMatrixPE": 280,
    "RefLinesPE": 32,
    "RepetitionTime": 2.3,
    "SAR": 0.0437622,
    "ScanOptions": "IR\\WE",
    "ScanningSequence": "GR\\IR",
    "SequenceName": "*tfl3d1_16ns",
    "SequenceVariant": "SK\\SP\\MP",
    "SeriesDescription": "T1ISO_MPR",
    "SeriesNumber": 6,
    "ShimSetting": [
      2933,
      4304,
      -6627,
      65,
      49,
      -344,
      0,
      51
    ],
    "SliceThickness": 0.8,
    "SoftwareVersions": "syngo MR E11",
    "SpoilingState": true,
    "StationName": "MRC35409",
    "TxRefAmp": 216.022,
    "acquisition": "defaced",
    "dataset": "<unset>",
    "datatype": "anat",
    "extension": ".nii.gz",
    "modality": "T1w",
    "subject": "26",
    "suffix": "T1w"
  },
  "cjv": 0.5693686363636363,
  "cnr": 1.8104761541855714,
  "efc": 0.5351,
  "fber": 17370.8148,
  "fwhm_avg": 4.908812426852995,
  "fwhm_x": 4.952549926201256,
  "fwhm_y": 4.724849929594249,
  "fwhm_z": 5.04903742476348,
  "icvs_csf": 0.25204681695469805,
  "icvs_gm": 0.3915665681893749,
  "icvs_wm": 0.3563866148559271,
  "inu_med": 0.5415082573890686,
  "inu_range": 0.311807358264923,
  "provenance": {
    "md5sum": "2eace5d8a1976cd602af79ba00c7ccc2",
    "settings": {
      "testing": false
    },
    "software": "mriqc",
    "version": "24.1.0.dev0+gd5b13cb5.d20240826",
    "warnings": {
      "large_rot_frame": true,
      "small_air_mask": false
    }
  },
  "qi_1": 0.0,
  "qi_2": 0.0003332720278700247,
  "rpve_csf": 6.820319101245965,
  "rpve_gm": 6.739744123015261,
  "rpve_wm": 6.817116541538003,
  "size_x": 240,
  "size_y": 280,
  "size_z": 320,
  "snr_csf": 2.1033068932706964,
  "snr_gm": 7.832675441970069,
  "snr_total": 7.463519509619673,
  "snr_wm": 12.454576193618257,
  "snrd_csf": 69.22840685282611,
  "snrd_gm": 108.40873924187238,
  "snrd_total": 106.15022384100003,
  "snrd_wm": 140.81352542830163,
  "spacing_x": 0.800000011920929,
  "spacing_y": 0.800000011920929,
  "spacing_z": 0.800000011920929,
  "summary_bg_k": 8.2864,
  "summary_bg_mad": 4.4478,
  "summary_bg_mean": 4.4938,
  "summary_bg_median": 3.0,
  "summary_bg_n": 5429681.0,
  "summary_bg_p05": 0.0,
  "summary_bg_p95": 19.0,
  "summary_bg_stdv": 6.6699,
  "summary_csf_k": -0.6266,
  "summary_csf_mad": 160.5509,
  "summary_csf_mean": 467.8458,
  "summary_csf_median": 470.0,
  "summary_csf_n": 783602.7160103312,
  "summary_csf_p05": 82.0,
  "summary_csf_p95": 809.0,
  "summary_csf_stdv": 223.4575,
  "summary_gm_k": -0.5307,
  "summary_gm_mad": 68.3223,
  "summary_gm_mean": 740.5391,
  "summary_gm_median": 736.0,
  "summary_gm_n": 1217363.6233112505,
  "summary_gm_p05": 592.0,
  "summary_gm_p95": 917.0,
  "summary_gm_stdv": 93.9653,
  "summary_wm_k": -0.3098,
  "summary_wm_mad": 56.9388,
  "summary_wm_mean": 940.7928,
  "summary_wm_median": 956.0,
  "summary_wm_n": 1107990.6611200192,
  "summary_wm_p05": 787.0,
  "summary_wm_p95": 1042.0,
  "summary_wm_stdv": 76.7589,
  "tpm_overlap_csf": 0.20479385037822856,
  "tpm_overlap_gm": 0.5230560949210545,
  "tpm_overlap_wm": 0.5386507888763489,
  "wm2max": 0.8443045028067354
}
