{
  "aor": 0.000824989939637827,
  "aqi": 0.008818108651911469,
  "bids_meta": {
    "AcquisitionMatrixPE": 90,
    "AcquisitionNumber": 1,
    "AcquisitionTime": "13:08:37.850000",
    "BandwidthPerPixelPhaseEncode": 22.222,
    "BaseResolution": 90,
    "BodyPartExamined": "HEAD",
    "CoilCombinationMethod": "Sum of Squares",
    "ConsistencyInfo": "N4_VE11C_LATEST_20160120",
    "ConversionSoftware": "dcm2niix",
    "ConversionSoftwareVersion": "v1.0.20220720",
    "DerivedVendorReportedEchoSpacing": 0.000500005,
    "DeviceSerialNumber": "167076",
    "DwellTime": 2.1e-6,
    "EchoTime": 0.03,
    "EchoTrainLength": 90,
    "EffectiveEchoSpacing": 0.000500005,
    "FileSize": 0.22054387349635363,
    "FileSizeUnits": "GB",
    "FlipAngle": 60,
    "ImageOrientationPatientDICOM": [
      0.998974,
      0.0432786,
      -0.0133096,
      -0.0436162,
      0.998704,
      -0.0262142
    ],
    "ImageOrientationText": "Tra>Cor(-1.5)>Sag(-0.7)",
    "ImageType": [
      "ORIGINAL",
      "PRIMARY",
      "M",
      "ND",
      "MOSAIC"
    ],
    "ImagingFrequency": 123.249,
    "InPlanePhaseEncodingDirectionDICOM": "COL",
    "InstitutionAddress": "Tian Sheng 2,Chong Qing//759083/,Chong Qing,CN,400715",
    "InstitutionName": "Chong Qing Southwest Normal University Hospital",
    "InstitutionalDepartmentName": "Department",
    "MRAcquisitionType": "2D",
    "MagneticFieldStrength": 3,
    "Manufacturer": "Siemens",
    "ManufacturersModelName": "Prisma_fit",
    "Modality": "MR",
    "MultibandAccelerationFactor": 6,
    "NonlinearGradientCorrection": false,
    "NumberOfVolumes": 500,
    "PartialFourier": 1,
    "PatientPosition": "HFS",
    "PercentPhaseFOV": 100,
    "PercentSampling": 100,
    "PhaseEncodingDirection": "j",
    "PhaseEncodingSteps": 90,
    "PhaseResolution": 1,
    "PixelBandwidth": 2645,
    "ProcedureStepDescription": "SWU-fMRI^HeQingHua",
    "ProtocolName": "BOLD_PA_REST1",
    "PulseSequenceDetails": "%SiemensSeq%\\ep2d_bold",
    "ReceiveCoilActiveElements": "HC1-7",
    "ReceiveCoilName": "HeadNeck_64",
    "ReconMatrixPE": 90,
    "RefLinesPE": 32,
    "RepetitionTime": 0.75,
    "SAR": 0.0796046,
    "ScanOptions": "FS",
    "ScanningSequence": "EP",
    "SequenceName": "*epfid2d1_90",
    "SequenceVariant": "SK",
    "SeriesDescription": "BOLD_PA_REST1",
    "SeriesNumber": 3,
    "ShimSetting": [
      2942,
      4344,
      -6605,
      370,
      43,
      -282,
      -57,
      14
    ],
    "SliceThickness": 2.4,
    "SliceTiming": [
      0.5125,
      0,
      0.365,
      0.075,
      0.44,
      0.22,
      0.585,
      0.2925,
      0.6575,
      0.1475,
      0.5125,
      0,
      0.365,
      0.075,
      0.44,
      0.22,
      0.585,
      0.2925,
      0.6575,
      0.1475,
      0.5125,
      0,
      0.365,
      0.075,
      0.44,
      0.22,
      0.585,
      0.2925,
      0.6575,
      0.1475,
      0.5125,
      0,
      0.365,
      0.075,
      0.44,
      0.22,
      0.585,
      0.2925,
      0.6575,
      0.1475,
      0.5125,
      0,
      0.365,
      0.075,
      0.44,
      0.22,
      0.585,
      0.2925,
      0.6575,
      0.1475,
      0.5125,
      0,
      0.365,
      0.075,
      0.44,
      0.22,
      0.585,
      0.2925,
      0.6575,
      0.1475
    ],
    "SoftwareVersions": "syngo MR E11",
    "SpacingBetweenSlices": 2.4,
    "StationName": "MRC35409",
    "TaskName": "rest",
    "TotalReadoutTime": 0.0445004,
    "TxRefAmp": 217.001,
    "acquisition": "multiband",
    "dataset": "<unset>",
    "datatype": "func",
    "extension": ".nii.gz",
    "modality": "bold",
    "subject": "04",
    "suffix": "bold",
    "task": "rest"
  },
  "dummy_trs": 3,
  "dvars_nstd": 28.63135815816535,
  "dvars_std": 0.9886251409677419,
  "dvars_vstd": 0.9658516617540308,
  "efc": 0.4931,
  "fber": 744.814,
  "fd_mean": 0.06429783811980155,
  "fd_num": 0,
  "fd_perc": 0.0,
  "fwhm_avg": 3.3478429225242308,
  "fwhm_x": 3.1685165407611318,
  "fwhm_y": 3.496599861057605,
  "fwhm_z": 3.378412365753954,
  "gcor": 0.00707418,
  "gsr_x": -0.015437286347150803,
  "gsr_y": 0.04683931916952133,
  "provenance": {
    "md5sum": "e5c6e5109fb3f8cb9d4a31e6aba4edf0",
    "settings": {
      "fd_thres": 0.2,
      "testing": false
    },
    "software": "mriqc",
    "version": "24.1.0.dev0+gd5b13cb5.d20240826"
  },
  "size_t": 497,
  "size_x": 90,
  "size_y": 90,
  "size_z": 60,
  "snr": 1.986550641010921,
  "spacing_tr": 0.75,
  "spacing_x": 2.4000000953674316,
  "spacing_y": 2.4000000953674316,
  "spacing_z": 2.4000000953674316,
  "summary_bg_k": 22.3203,
  "summary_bg_mad": 7.0521,
  "summary_bg_mean": 26.7951,
  "summary_bg_median": 11.0,
  "summary_bg_n": 389636.0,
  "summary_bg_p05": 6.0,
  "summary_bg_p95": 112.0,
  "summary_bg_stdv": 45.1889,
  "summary_fg_k": 0.6898,
  "summary_fg_mad": 139.2945,
  "summary_fg_mean": 316.3151,
  "summary_fg_median": 297.0,
  "summary_fg_n": 96364.0,
  "summary_fg_p05": 91.0,
  "summary_fg_p95": 584.0,
  "summary_fg_stdv": 149.5046,
  "tsnr": 36.99182688212022
}
