{
  "aor": 0.00056684,
  "aqi": 0.0069296308,
  "bids_meta": {
    "AcquisitionMatrixPE": 90,
    "AcquisitionNumber": 1,
    "AcquisitionTime": "10:13:15.542500",
    "BandwidthPerPixelPhaseEncode": 22.222,
    "BaseResolution": 90,
    "BodyPartExamined": "HEAD",
    "CoilCombinationMethod": "Sum of Squares",
    "ConsistencyInfo": "N4_VE11C_LATEST_20160120",
    "ConversionSoftware": "dcm2niix",
    "ConversionSoftwareVersion": "v1.0.20220720",
    "DerivedVendorReportedEchoSpacing": 0.000500005,
    "DeviceSerialNumber": "167076",
    "DwellTime": 2.1e-6,
    "EchoTime": 0.03,
    "EchoTrainLength": 90,
    "EffectiveEchoSpacing": 0.000500005,
    "FileSize": 0.22928585670888424,
    "FileSizeUnits": "GB",
    "FlipAngle": 60,
    "ImageOrientationPatientDICOM": [
      0.99883,
      0.0431555,
      0.0218292,
      -0.0436099,
      0.998832,
      0.0207837
    ],
    "ImageOrientationText": "Tra>Cor(1.2)>Sag(1.2)",
    "ImageType": [
      "ORIGINAL",
      "PRIMARY",
      "M",
      "ND",
      "MOSAIC"
    ],
    "ImagingFrequency": 123.249,
    "InPlanePhaseEncodingDirectionDICOM": "COL",
    "InstitutionAddress": "Tian Sheng 2,Chong Qing//759083/,Chong Qing,CN,400715",
    "InstitutionName": "Chong Qing Southwest Normal University Hospital",
    "InstitutionalDepartmentName": "Department",
    "MRAcquisitionType": "2D",
    "MagneticFieldStrength": 3,
    "Manufacturer": "Siemens",
    "ManufacturersModelName": "Prisma_fit",
    "Modality": "MR",
    "MultibandAccelerationFactor": 6,
    "NonlinearGradientCorrection": false,
    "NumberOfVolumes": 500,
    "PartialFourier": 1,
    "PatientPosition": "HFS",
    "PercentPhaseFOV": 100,
    "PercentSampling": 100,
    "PhaseEncodingDirection": "j",
    "PhaseEncodingSteps": 90,
    "PhaseResolution": 1,
    "PixelBandwidth": 2645,
    "ProcedureStepDescription": "SWU-fMRI^HeQingHua",
    "ProtocolName": "BOLD_PA_REST1",
    "PulseSequenceDetails": "%SiemensSeq%\\ep2d_bold",
    "ReceiveCoilActiveElements": "HC1-7",
    "ReceiveCoilName": "HeadNeck_64",
    "ReconMatrixPE": 90,
    "RefLinesPE": 32,
    "RepetitionTime": 0.75,
    "SAR": 0.114868,
    "ScanOptions": "FS",
    "ScanningSequence": "EP",
    "SequenceName": "*epfid2d1_90",
    "SequenceVariant": "SK",
    "SeriesDescription": "BOLD_PA_REST1",
    "SeriesNumber": 3,
    "ShimSetting": [
      2955,
      4323,
      -6605,
      483,
      76,
      -211,
      80,
      12
    ],
    "SliceThickness": 2.4,
    "SliceTiming": [
      0.51,
      0,
      0.365,
      0.0725,
      0.4375,
      0.2175,
      0.5825,
      0.2925,
      0.6575,
      0.145,
      0.51,
      0,
      0.365,
      0.0725,
      0.4375,
      0.2175,
      0.5825,
      0.2925,
      0.6575,
      0.145,
      0.51,
      0,
      0.365,
      0.0725,
      0.4375,
      0.2175,
      0.5825,
      0.2925,
      0.6575,
      0.145,
      0.51,
      0,
      0.365,
      0.0725,
      0.4375,
      0.2175,
      0.5825,
      0.2925,
      0.6575,
      0.145,
      0.51,
      0,
      0.365,
      0.0725,
      0.4375,
      0.2175,
      0.5825,
      0.2925,
      0.6575,
      0.145,
      0.51,
      0,
      0.365,
      0.0725,
      0.4375,
      0.2175,
      0.5825,
      0.2925,
      0.6575,
      0.145
    ],
    "SoftwareVersions": "syngo MR E11",
    "SpacingBetweenSlices": 2.4,
    "StationName": "MRC35409",
    "TaskName": "rest",
    "TotalReadoutTime": 0.0445004,
    "TxRefAmp": 258.46,
    "acquisition": "multiband",
    "dataset": "<unset>",
    "datatype": "func",
    "extension": ".nii.gz",
    "modality": "bold",
    "subject": "24",
    "suffix": "bold",
    "task": "rest"
  },
  "dummy_trs": 0,
  "dvars_nstd": 32.025230438276544,
  "dvars_std": 1.0438975608617247,
  "dvars_vstd": 0.9761588372545084,
  "efc": 0.5243,
  "fber": 610.7369,
  "fd_mean": 0.06517597694797489,
  "fd_num": 0,
  "fd_perc": 0.0,
  "fwhm_avg": 3.6577179102109043,
  "fwhm_x": 3.5590956919075767,
  "fwhm_y": 3.61024985654156,
  "fwhm_z": 3.8038081821835763,
  "gcor": 0.00694938,
  "gsr_x": -0.01581008918583393,
  "gsr_y": 0.058561768382787704,
  "provenance": {
    "md5sum": "fdbee74d2f86c9005754ffe319181eaf",
    "settings": {
      "fd_thres": 0.2,
      "testing": false
    },
    "software": "mriqc",
    "version": "24.1.0.dev0+gd5b13cb5.d20240826"
  },
  "size_t": 500,
  "size_x": 90,
  "size_y": 90,
  "size_z": 60,
  "snr": 2.0073687599168637,
  "spacing_tr": 0.75,
  "spacing_x": 2.4000000953674316,
  "spacing_y": 2.4000000953674316,
  "spacing_z": 2.4000000953674316,
  "summary_bg_k": 31.0278,
  "summary_bg_mad": 8.1128,
  "summary_bg_mean": 31.1243,
  "summary_bg_median": 12.0,
  "summary_bg_n": 374984.0,
  "summary_bg_p05": 6.0,
  "summary_bg_p95": 137.0,
  "summary_bg_stdv": 55.4828,
  "summary_fg_k": 0.377,
  "summary_fg_mad": 138.266,
  "summary_fg_mean": 310.4035,
  "summary_fg_median": 292.0,
  "summary_fg_n": 111016.0,
  "summary_fg_p05": 96.0,
  "summary_fg_p95": 575.0,
  "summary_fg_stdv": 145.4634,
  "tsnr": 39.39479445829056
}
