{
  "bids_meta": {
    "AcquisitionMatrixPE": 280,
    "AcquisitionNumber": 1,
    "AcquisitionTime": "10:52:0.750000",
    "BaseResolution": 320,
    "BodyPartExamined": "HEAD",
    "CoilCombinationMethod": "Adaptive Combine",
    "ConsistencyInfo": "N4_VE11C_LATEST_20160120",
    "ConversionSoftware": "dcm2niix",
    "ConversionSoftwareVersion": "v1.0.20220720",
    "DeviceSerialNumber": "167076",
    "DwellTime": 6.5e-6,
    "EchoTime": 0.00207,
    "FileSize": 0.018917628563940525,
    "FileSizeUnits": "GB",
    "FlipAngle": 7,
    "ImageOrientationPatientDICOM": [
      -0.0139621,
      0.995627,
      0.0923706,
      0.000022668,
      0.0923799,
      -0.995724
    ],
    "ImageOrientationText": "Sag>Cor(-0.8)>Tra(-0.1)",
    "ImageType": [
      "ORIGINAL",
      "PRIMARY",
      "M",
      "NORM",
      "DIS3D",
      "DIS2D"
    ],
    "ImagingFrequency": 123.249,
    "InPlanePhaseEncodingDirectionDICOM": "ROW",
    "InstitutionAddress": "Tian Sheng 2,Chong Qing//759083/,Chong Qing,CN,400715",
    "InstitutionName": "Chong Qing Southwest Normal University Hospital",
    "InstitutionalDepartmentName": "Department",
    "InversionTime": 1.1,
    "MRAcquisitionType": "3D",
    "MagneticFieldStrength": 3,
    "Manufacturer": "Siemens",
    "ManufacturersModelName": "Prisma_fit",
    "MatrixCoilMode": "GRAPPA",
    "Modality": "MR",
    "NonlinearGradientCorrection": true,
    "NumberOfVolumes": 1,
    "ParallelReductionFactorInPlane": 2,
    "PartialFourier": 1,
    "PatientPosition": "HFS",
    "PercentPhaseFOV": 87.5,
    "PercentSampling": 100,
    "PhaseEncodingSteps": 279,
    "PhaseResolution": 1,
    "PixelBandwidth": 240,
    "ProcedureStepDescription": "SWU-fMRI^HeQingHua",
    "ProtocolName": "T1ISO_MPR",
    "PulseSequenceDetails": "%SiemensSeq%\\tfl",
    "ReceiveCoilActiveElements": "HC1-7;NC1,2",
    "ReceiveCoilName": "HeadNeck_64",
    "ReconMatrixPE": 280,
    "RefLinesPE": 32,
    "RepetitionTime": 2.3,
    "SAR": 0.0602558,
    "ScanOptions": "IR\\WE",
    "ScanningSequence": "GR\\IR",
    "SequenceName": "*tfl3d1_16ns",
    "SequenceVariant": "SK\\SP\\MP",
    "SeriesDescription": "T1ISO_MPR",
    "SeriesNumber": 6,
    "ShimSetting": [
      2945,
      4294,
      -6662,
      241,
      13,
      -480,
      44,
      12
    ],
    "SliceThickness": 0.8,
    "SoftwareVersions": "syngo MR E11",
    "SpoilingState": true,
    "StationName": "MRC35409",
    "TxRefAmp": 258.46,
    "acquisition": "defaced",
    "dataset": "<unset>",
    "datatype": "anat",
    "extension": ".nii.gz",
    "modality": "T1w",
    "subject": "24",
    "suffix": "T1w"
  },
  "cjv": 0.6099859090909091,
  "cnr": 1.5667533320796436,
  "efc": 0.5325,
  "fber": 16338.1813,
  "fwhm_avg": 4.679216596940906,
  "fwhm_x": 4.6957749300275005,
  "fwhm_y": 4.577274931793289,
  "fwhm_z": 4.764599929001928,
  "icvs_csf": 0.27334141350595537,
  "icvs_gm": 0.37611920908455765,
  "icvs_wm": 0.350539377409487,
  "inu_med": 0.5727384686470032,
  "inu_range": 0.3016877695918084,
  "provenance": {
    "md5sum": "6ea83d3aecb4631b9cc112f7f132c6a3",
    "settings": {
      "testing": false
    },
    "software": "mriqc",
    "version": "24.1.0.dev0+gd5b13cb5.d20240826",
    "warnings": {
      "large_rot_frame": true,
      "small_air_mask": false
    }
  },
  "qi_1": 0.0,
  "qi_2": 0.00033790747710650364,
  "rpve_csf": 6.508717948600543,
  "rpve_gm": 6.4008976856493005,
  "rpve_wm": 6.47620181310201,
  "size_x": 240,
  "size_y": 280,
  "size_z": 320,
  "snr_csf": 2.118387046382828,
  "snr_gm": 6.606155916933413,
  "snr_total": 6.54726082765326,
  "snr_wm": 10.91723951964354,
  "snrd_csf": 46.607326481384376,
  "snrd_gm": 83.36642181436811,
  "snrd_total": 79.51110651983919,
  "snrd_wm": 108.55957126376506,
  "spacing_x": 0.800000011920929,
  "spacing_y": 0.800000011920929,
  "spacing_z": 0.800000011920929,
  "summary_bg_k": 10.6507,
  "summary_bg_mad": 0.0,
  "summary_bg_mean": 3.7907,
  "summary_bg_median": 0.0,
  "summary_bg_n": 5457726.0,
  "summary_bg_p05": 0.0,
  "summary_bg_p95": 16.0,
  "summary_bg_stdv": 5.721,
  "summary_csf_k": -0.4225,
  "summary_csf_mad": 160.6365,
  "summary_csf_mean": 423.116,
  "summary_csf_median": 407.0,
  "summary_csf_n": 891518.8743622494,
  "summary_csf_p05": 121.0,
  "summary_csf_p95": 745.0,
  "summary_csf_stdv": 192.1272,
  "summary_gm_k": -0.4047,
  "summary_gm_mad": 71.5169,
  "summary_gm_mean": 733.0596,
  "summary_gm_median": 728.0,
  "summary_gm_n": 1226734.6159083892,
  "summary_gm_p05": 556.0,
  "summary_gm_p95": 944.0,
  "summary_gm_stdv": 110.2002,
  "summary_wm_k": -0.3609,
  "summary_wm_mad": 62.68,
  "summary_wm_mean": 926.9424,
  "summary_wm_median": 948.0,
  "summary_wm_n": 1143304.511231485,
  "summary_wm_p05": 755.0,
  "summary_wm_p95": 1038.0,
  "summary_wm_stdv": 86.8351,
  "tpm_overlap_csf": 0.20279278766758188,
  "tpm_overlap_gm": 0.5230294513643184,
  "tpm_overlap_wm": 0.5460600019782271,
  "wm2max": 0.8162231039935776
}
