{
  "bids_meta": {
    "AcquisitionMatrixPE": 280,
    "AcquisitionNumber": 1,
    "AcquisitionTime": "16:43:10.617500",
    "BaseResolution": 320,
    "BodyPartExamined": "HEAD",
    "CoilString": "HC1-7;NC1_2",
    "ConsistencyInfo": "N4_VE11C_LATEST_20160120",
    "ConversionSoftware": "dcm2niix",
    "ConversionSoftwareVersion": "v1.0.20190902",
    "DeviceSerialNumber": "167076",
    "DwellTime": 6.5e-6,
    "EchoTime": 0.00207,
    "FileSize": 0.018979468382894993,
    "FileSizeUnits": "GB",
    "FlipAngle": 7,
    "ImageOrientationPatientDICOM": [
      0,
      1,
      0,
      0,
      0,
      -1
    ],
    "ImageType": [
      "ORIGINAL",
      "PRIMARY",
      "M",
      "NORM",
      "DIS3D",
      "DIS2D"
    ],
    "ImagingFrequency": 123.249,
    "InPlanePhaseEncodingDirectionDICOM": "ROW",
    "InstitutionAddress": "Tian_Sheng_2_Chong_Qing_759083_Chong_Qing_CN_400715",
    "InstitutionName": "Chong_Qing_Southwest_Normal_University_Hospital",
    "InstitutionalDepartmentName": "Department",
    "InversionTime": 1.1,
    "MRAcquisitionType": "3D",
    "MagneticFieldStrength": 3,
    "Manufacturer": "Siemens",
    "ManufacturersModelName": "Prisma_fit",
    "Modality": "MR",
    "NumberOfVolumes": 1,
    "ParallelReductionFactorInPlane": 2,
    "PartialFourier": 1,
    "PatientPosition": "HFS",
    "PercentPhaseFOV": 87.5,
    "PhaseEncodingSteps": 279,
    "PhaseResolution": 1,
    "PixelBandwidth": 240,
    "ProcedureStepDescription": "SWU-fMRI_HeQingHua",
    "ProtocolName": "CCBD_T1ISO_MPR",
    "PulseSequenceDetails": "%SiemensSeq%_tfl",
    "ReceiveCoilActiveElements": "HC1-7;NC1,2",
    "ReceiveCoilName": "HeadNeck_64",
    "ReconMatrixPE": 280,
    "RefLinesPE": 32,
    "RepetitionTime": 2.3,
    "SAR": 0.0478366,
    "ScanOptions": "IR_WE",
    "ScanningSequence": "GR_IR",
    "SequenceName": "_tfl3d1_16ns",
    "SequenceVariant": "SK_SP_MP",
    "SeriesDescription": "CCBD_T1ISO_MPR",
    "SeriesNumber": 6,
    "ShimSetting": [
      2941,
      4317,
      -6620,
      23,
      3,
      -238,
      72,
      4
    ],
    "SliceThickness": 0.8,
    "SoftwareVersions": "syngo_MR_E11",
    "StationName": "MRC35409",
    "TxRefAmp": 226.383,
    "acquisition": "defaced",
    "dataset": "<unset>",
    "datatype": "anat",
    "extension": ".nii.gz",
    "modality": "T1w",
    "subject": "06",
    "suffix": "T1w"
  },
  "cjv": 0.5777182608695652,
  "cnr": 1.6859779063169416,
  "efc": 0.5272,
  "fber": 11140.6195,
  "fwhm_avg": 4.61649993120879,
  "fwhm_x": 4.587337431643346,
  "fwhm_y": 4.541124932331965,
  "fwhm_z": 4.72103742965106,
  "icvs_csf": 0.2676769787217768,
  "icvs_gm": 0.3804099009478549,
  "icvs_wm": 0.3519131203303683,
  "inu_med": 0.5813238620758057,
  "inu_range": 0.2793286517262459,
  "provenance": {
    "md5sum": "86fb3a14899aad44f84eeb4fa78cabd2",
    "settings": {
      "testing": false
    },
    "software": "mriqc",
    "version": "24.1.0.dev0+gd5b13cb5.d20240826",
    "warnings": {
      "large_rot_frame": true,
      "small_air_mask": false
    }
  },
  "qi_1": 0.0,
  "qi_2": 0.00022297170291893446,
  "rpve_csf": 7.354814347630344,
  "rpve_gm": 7.260898639670348,
  "rpve_wm": 7.336983406437439,
  "size_x": 240,
  "size_y": 280,
  "size_z": 320,
  "snr_csf": 1.952467142566925,
  "snr_gm": 6.634308762372367,
  "snr_total": 6.7489480487180025,
  "snr_wm": 11.660068241214715,
  "snrd_csf": 44.077873937677055,
  "snrd_gm": 79.87043322541481,
  "snrd_total": 76.40901288277351,
  "snrd_wm": 105.27873148522866,
  "spacing_x": 0.800000011920929,
  "spacing_y": 0.800000011920929,
  "spacing_z": 0.800000011920929,
  "summary_bg_k": 5.2308,
  "summary_bg_mad": 5.9304,
  "summary_bg_mean": 5.7177,
  "summary_bg_median": 4.0,
  "summary_bg_n": 5229887.0,
  "summary_bg_p05": 0.0,
  "summary_bg_p95": 21.0,
  "summary_bg_stdv": 7.3303,
  "summary_csf_k": -0.6859,
  "summary_csf_mad": 169.0815,
  "summary_csf_mean": 411.94,
  "summary_csf_median": 399.0,
  "summary_csf_n": 773596.1053947611,
  "summary_csf_p05": 82.0,
  "summary_csf_p95": 747.0,
  "summary_csf_stdv": 204.3567,
  "summary_gm_k": -0.292,
  "summary_gm_mad": 72.7117,
  "summary_gm_mean": 728.1637,
  "summary_gm_median": 723.0,
  "summary_gm_n": 1099398.3092313122,
  "summary_gm_p05": 552.0,
  "summary_gm_p95": 936.0,
  "summary_gm_stdv": 108.9789,
  "summary_wm_k": -0.3612,
  "summary_wm_mad": 60.1635,
  "summary_wm_mean": 935.0317,
  "summary_wm_median": 953.0,
  "summary_wm_n": 1017041.5873075712,
  "summary_wm_p05": 770.0,
  "summary_wm_p95": 1041.0,
  "summary_wm_stdv": 81.7319,
  "tpm_overlap_csf": 0.1957312814247969,
  "tpm_overlap_gm": 0.5228980320325987,
  "tpm_overlap_wm": 0.5452813246132144,
  "wm2max": 0.8653863341893726
}
