{
  "bids_meta": {
    "AcquisitionMatrixPE": 280,
    "AcquisitionNumber": 1,
    "AcquisitionTime": "19:31:20.932500",
    "BaseResolution": 320,
    "BodyPartExamined": "HEAD",
    "CoilCombinationMethod": "Adaptive Combine",
    "ConsistencyInfo": "N4_VE11C_LATEST_20160120",
    "ConversionSoftware": "dcm2niix",
    "ConversionSoftwareVersion": "v1.0.20220720",
    "DeviceSerialNumber": "167076",
    "DwellTime": 6.5e-6,
    "EchoTime": 0.00207,
    "FileSize": 0.019914713688194752,
    "FileSizeUnits": "GB",
    "FlipAngle": 7,
    "ImageOrientationPatientDICOM": [
      0.036513,
      0.999035,
      -0.0244079,
      0.0436787,
      -0.0259963,
      -0.998707
    ],
    "ImageOrientationText": "Sag>Tra(-2.6)>Cor(2.0)",
    "ImageType": [
      "ORIGINAL",
      "PRIMARY",
      "M",
      "NORM",
      "DIS3D",
      "DIS2D"
    ],
    "ImagingFrequency": 123.249,
    "InPlanePhaseEncodingDirectionDICOM": "ROW",
    "InstitutionAddress": "Tian Sheng 2,Chong Qing//759083/,Chong Qing,CN,400715",
    "InstitutionName": "Chong Qing Southwest Normal University Hospital",
    "InstitutionalDepartmentName": "Department",
    "InversionTime": 1.1,
    "MRAcquisitionType": "3D",
    "MagneticFieldStrength": 3,
    "Manufacturer": "Siemens",
    "ManufacturersModelName": "Prisma_fit",
    "MatrixCoilMode": "GRAPPA",
    "Modality": "MR",
    "NonlinearGradientCorrection": true,
    "NumberOfVolumes": 1,
    "ParallelReductionFactorInPlane": 2,
    "PartialFourier": 1,
    "PatientPosition": "HFS",
    "PercentPhaseFOV": 87.5,
    "PercentSampling": 100,
    "PhaseEncodingSteps": 279,
    "PhaseResolution": 1,
    "PixelBandwidth": 240,
    "ProcedureStepDescription": "SWU-fMRI^HeQingHua",
    "ProtocolName": "T1ISO_MPR",
    "PulseSequenceDetails": "%SiemensSeq%\\tfl",
    "ReceiveCoilActiveElements": "HC1-7;NC1,2",
    "ReceiveCoilName": "HeadNeck_64",
    "ReconMatrixPE": 280,
    "RefLinesPE": 32,
    "RepetitionTime": 2.3,
    "SAR": 0.0420366,
    "ScanOptions": "IR\\WE",
    "ScanningSequence": "GR\\IR",
    "SequenceName": "*tfl3d1_16ns",
    "SequenceVariant": "SK\\SP\\MP",
    "SeriesDescription": "T1ISO_MPR",
    "SeriesNumber": 6,
    "ShimSetting": [
      2932,
      4345,
      -6634,
      -17,
      86,
      -296,
      239,
      24
    ],
    "SliceThickness": 0.8,
    "SoftwareVersions": "syngo MR E11",
    "SpoilingState": true,
    "StationName": "MRC35409",
    "TxRefAmp": 251.97,
    "acquisition": "defaced",
    "dataset": "<unset>",
    "datatype": "anat",
    "extension": ".nii.gz",
    "modality": "T1w",
    "subject": "30",
    "suffix": "T1w"
  },
  "cjv": 0.6312374407582939,
  "cnr": 1.6363847863516239,
  "efc": 0.595,
  "fber": 13860.4553,
  "fwhm_avg": 4.676987430307456,
  "fwhm_x": 4.714774929744379,
  "fwhm_y": 4.527624932533131,
  "fwhm_z": 4.788562428644859,
  "icvs_csf": 0.25892747780034997,
  "icvs_gm": 0.38388898978769354,
  "icvs_wm": 0.3571835324119564,
  "inu_med": 0.6281816959381104,
  "inu_range": 0.3719084858894346,
  "provenance": {
    "md5sum": "e0dec2461b0d1b7c82d5b370195594e8",
    "settings": {
      "testing": false
    },
    "software": "mriqc",
    "version": "24.1.0.dev0+gd5b13cb5.d20240826",
    "warnings": {
      "large_rot_frame": true,
      "small_air_mask": false
    }
  },
  "qi_1": 0.0,
  "qi_2": 0.0005217101636113362,
  "rpve_csf": 6.408173832874984,
  "rpve_gm": 6.310130826037381,
  "rpve_wm": 6.387299452899529,
  "size_x": 240,
  "size_y": 280,
  "size_z": 320,
  "snr_csf": 2.1573349284859478,
  "snr_gm": 7.3353775284787215,
  "snr_total": 7.012878781637298,
  "snr_wm": 11.545923887947223,
  "snrd_csf": 46.45835627075679,
  "snrd_gm": 76.83497383240545,
  "snrd_total": 74.10212934589036,
  "snrd_wm": 99.01305793450882,
  "spacing_x": 0.800000011920929,
  "spacing_y": 0.800000011920929,
  "spacing_z": 0.800000011920929,
  "summary_bg_k": 12.8735,
  "summary_bg_mad": 0.0,
  "summary_bg_mean": 4.027,
  "summary_bg_median": 0.0,
  "summary_bg_n": 5225408.0,
  "summary_bg_p05": 0.0,
  "summary_bg_p95": 17.0,
  "summary_bg_stdv": 6.2329,
  "summary_csf_k": -0.4323,
  "summary_csf_mad": 163.7847,
  "summary_csf_mean": 451.6144,
  "summary_csf_median": 442.0,
  "summary_csf_n": 856650.9448031634,
  "summary_csf_p05": 127.0,
  "summary_csf_p95": 776.0,
  "summary_csf_stdv": 204.8823,
  "summary_gm_k": -0.5976,
  "summary_gm_mad": 70.6342,
  "summary_gm_mean": 736.6647,
  "summary_gm_median": 731.0,
  "summary_gm_n": 1270080.9840457772,
  "summary_gm_p05": 580.0,
  "summary_gm_p95": 923.0,
  "summary_gm_stdv": 99.654,
  "summary_wm_k": -0.3326,
  "summary_wm_mad": 62.5569,
  "summary_wm_mean": 927.0178,
  "summary_wm_median": 942.0,
  "summary_wm_n": 1181727.0731875186,
  "summary_wm_p05": 768.0,
  "summary_wm_p95": 1038.0,
  "summary_wm_stdv": 81.5872,
  "tpm_overlap_csf": 0.20138215416299826,
  "tpm_overlap_gm": 0.5268555279841631,
  "tpm_overlap_wm": 0.5468266418078956,
  "wm2max": 0.6535461541129891
}
