{
  "bids_meta": {
    "AcquisitionMatrixPE": 280,
    "AcquisitionNumber": 1,
    "AcquisitionTime": "18:24:26.130000",
    "BaseResolution": 320,
    "BodyPartExamined": "HEAD",
    "CoilCombinationMethod": "Adaptive Combine",
    "ConsistencyInfo": "N4_VE11C_LATEST_20160120",
    "ConversionSoftware": "dcm2niix",
    "ConversionSoftwareVersion": "v1.0.20220720",
    "DeviceSerialNumber": "167076",
    "DwellTime": 6.5e-6,
    "EchoTime": 0.00207,
    "FileSize": 0.0193035826086998,
    "FileSizeUnits": "GB",
    "FlipAngle": 7,
    "ImageOrientationPatientDICOM": [
      0,
      1,
      0,
      0,
      0,
      -1
    ],
    "ImageOrientationText": "Sag",
    "ImageType": [
      "ORIGINAL",
      "PRIMARY",
      "M",
      "NORM",
      "DIS3D",
      "DIS2D"
    ],
    "ImagingFrequency": 123.249,
    "InPlanePhaseEncodingDirectionDICOM": "ROW",
    "InstitutionAddress": "Tian Sheng 2,Chong Qing//77D79B/,Chong Qing,CN,400715",
    "InstitutionName": "Chong Qing Southwest Normal University Hospital",
    "InstitutionalDepartmentName": "Department",
    "InversionTime": 1.1,
    "MRAcquisitionType": "3D",
    "MagneticFieldStrength": 3,
    "Manufacturer": "Siemens",
    "ManufacturersModelName": "Prisma_fit",
    "MatrixCoilMode": "GRAPPA",
    "Modality": "MR",
    "NonlinearGradientCorrection": true,
    "NumberOfVolumes": 1,
    "ParallelReductionFactorInPlane": 2,
    "PartialFourier": 1,
    "PatientPosition": "HFS",
    "PercentPhaseFOV": 87.5,
    "PercentSampling": 100,
    "PhaseEncodingSteps": 279,
    "PhaseResolution": 1,
    "PixelBandwidth": 240,
    "ProcedureStepDescription": "SWU-fMRI^HeQingHua",
    "ProtocolName": "T1ISO_MPR",
    "PulseSequenceDetails": "%SiemensSeq%\\tfl",
    "ReceiveCoilActiveElements": "HC1-7;NC1,2",
    "ReceiveCoilName": "HeadNeck_64",
    "ReconMatrixPE": 280,
    "RefLinesPE": 32,
    "RepetitionTime": 2.3,
    "SAR": 0.0448398,
    "ScanOptions": "IR\\WE",
    "ScanningSequence": "GR\\IR",
    "SequenceName": "*tfl3d1_16ns",
    "SequenceVariant": "SK\\SP\\MP",
    "SeriesDescription": "T1ISO_MPR",
    "SeriesNumber": 6,
    "ShimSetting": [
      2922,
      4336,
      -6633,
      -202,
      -6,
      -323,
      36,
      20
    ],
    "SliceThickness": 0.8,
    "SoftwareVersions": "syngo MR E11",
    "SpoilingState": true,
    "StationName": "MRC35409",
    "TxRefAmp": 230.371,
    "acquisition": "defaced",
    "dataset": "<unset>",
    "datatype": "anat",
    "extension": ".nii.gz",
    "modality": "T1w",
    "subject": "36",
    "suffix": "T1w"
  },
  "cjv": 0.631704854368932,
  "cnr": 1.5604914306191808,
  "efc": 0.5074,
  "fber": 15417.3611,
  "fwhm_avg": 4.485854099822231,
  "fwhm_x": 4.570662431891822,
  "fwhm_y": 4.277787436255999,
  "fwhm_z": 4.609112431318873,
  "icvs_csf": 0.2596321739535778,
  "icvs_gm": 0.3847256816024285,
  "icvs_wm": 0.3556421444439937,
  "inu_med": 0.6133440136909485,
  "inu_range": 0.3375244140625,
  "provenance": {
    "md5sum": "0e5d4f478dc1dc12c386bb229207a947",
    "settings": {
      "testing": false
    },
    "software": "mriqc",
    "version": "24.1.0.dev0+gd5b13cb5.d20240826",
    "warnings": {
      "large_rot_frame": true,
      "small_air_mask": false
    }
  },
  "qi_1": 0.0,
  "qi_2": 0.00020455453497623114,
  "rpve_csf": 7.693175452761435,
  "rpve_gm": 7.590518531420428,
  "rpve_wm": 7.6684717061292575,
  "size_x": 240,
  "size_y": 280,
  "size_z": 320,
  "snr_csf": 2.0494438010849327,
  "snr_gm": 7.1981410019491845,
  "snr_total": 6.820254851991077,
  "snr_wm": 11.213179752939112,
  "snrd_csf": 44.76588304198955,
  "snrd_gm": 72.11734564786447,
  "snrd_total": 69.75606830059469,
  "snrd_wm": 92.38497621193007,
  "spacing_x": 0.800000011920929,
  "spacing_y": 0.800000011920929,
  "spacing_z": 0.800000011920929,
  "summary_bg_k": 8.5728,
  "summary_bg_mad": 0.0,
  "summary_bg_mean": 4.1103,
  "summary_bg_median": 0.0,
  "summary_bg_n": 5066734.0,
  "summary_bg_p05": 0.0,
  "summary_bg_p95": 18.0,
  "summary_bg_stdv": 6.6588,
  "summary_csf_k": 1.0255,
  "summary_csf_mad": 158.0761,
  "summary_csf_mean": 455.2445,
  "summary_csf_median": 455.0,
  "summary_csf_n": 716661.6515204641,
  "summary_csf_p05": 77.0,
  "summary_csf_p95": 797.0,
  "summary_csf_stdv": 222.0113,
  "summary_gm_k": 1.047,
  "summary_gm_mad": 68.8868,
  "summary_gm_mean": 737.2761,
  "summary_gm_median": 733.0,
  "summary_gm_n": 1061956.7604469198,
  "summary_gm_p05": 573.0,
  "summary_gm_p95": 928.0,
  "summary_gm_stdv": 101.8318,
  "summary_wm_k": 0.7594,
  "summary_wm_mad": 61.2444,
  "summary_wm_mean": 922.0894,
  "summary_wm_median": 939.0,
  "summary_wm_n": 981677.5891307046,
  "summary_wm_p05": 759.0,
  "summary_wm_p95": 1033.0,
  "summary_wm_stdv": 83.7407,
  "tpm_overlap_csf": 0.19835032399464972,
  "tpm_overlap_gm": 0.5349002368551773,
  "tpm_overlap_wm": 0.5465806500066641,
  "wm2max": 0.7473019023214029
}
