{
  "aor": 0.0002205432595573441,
  "aqi": 0.0037204289336016092,
  "bids_meta": {
    "AcquisitionMatrixPE": 90,
    "AcquisitionNumber": 1,
    "AcquisitionTime": "16:57:1.525000",
    "BandwidthPerPixelPhaseEncode": 22.222,
    "BaseResolution": 90,
    "BodyPartExamined": "HEAD",
    "CoilCombinationMethod": "Sum of Squares",
    "ConsistencyInfo": "N4_VE11C_LATEST_20160120",
    "ConversionSoftware": "dcm2niix",
    "ConversionSoftwareVersion": "v1.0.20220720",
    "DerivedVendorReportedEchoSpacing": 0.000500005,
    "DeviceSerialNumber": "167076",
    "DwellTime": 2.1e-6,
    "EchoTime": 0.03,
    "EchoTrainLength": 90,
    "EffectiveEchoSpacing": 0.000500005,
    "FileSize": 0.22046637814491987,
    "FileSizeUnits": "GB",
    "FlipAngle": 60,
    "ImageOrientationPatientDICOM": [
      0.999048,
      0.0436194,
      0.0000761302,
      -0.0436195,
      0.999047,
      0.00174367
    ],
    "ImageOrientationText": "Tra>Cor(0.1)",
    "ImageType": [
      "ORIGINAL",
      "PRIMARY",
      "M",
      "ND",
      "MOSAIC"
    ],
    "ImagingFrequency": 123.249,
    "InPlanePhaseEncodingDirectionDICOM": "COL",
    "InstitutionAddress": "Tian Sheng 2,Chong Qing//759083/,Chong Qing,CN,400715",
    "InstitutionName": "Chong Qing Southwest Normal University Hospital",
    "InstitutionalDepartmentName": "Department",
    "MRAcquisitionType": "2D",
    "MagneticFieldStrength": 3,
    "Manufacturer": "Siemens",
    "ManufacturersModelName": "Prisma_fit",
    "Modality": "MR",
    "MultibandAccelerationFactor": 6,
    "NonlinearGradientCorrection": false,
    "NumberOfVolumes": 500,
    "PartialFourier": 1,
    "PatientPosition": "HFS",
    "PercentPhaseFOV": 100,
    "PercentSampling": 100,
    "PhaseEncodingDirection": "j",
    "PhaseEncodingSteps": 90,
    "PhaseResolution": 1,
    "PixelBandwidth": 2645,
    "ProcedureStepDescription": "SWU-fMRI^HeQingHua",
    "ProtocolName": "BOLD_PA_REST1",
    "PulseSequenceDetails": "%SiemensSeq%\\ep2d_bold",
    "ReceiveCoilActiveElements": "HC1-7",
    "ReceiveCoilName": "HeadNeck_64",
    "ReconMatrixPE": 90,
    "RefLinesPE": 32,
    "RepetitionTime": 0.75,
    "SAR": 0.0869846,
    "ScanOptions": "FS",
    "ScanningSequence": "EP",
    "SequenceName": "*epfid2d1_90",
    "SequenceVariant": "SK",
    "SeriesDescription": "BOLD_PA_REST1",
    "SeriesNumber": 3,
    "ShimSetting": [
      2953,
      4365,
      -6593,
      596,
      48,
      -8,
      -111,
      -12
    ],
    "SliceThickness": 2.4,
    "SliceTiming": [
      0.51,
      0,
      0.365,
      0.0725,
      0.4375,
      0.2175,
      0.5825,
      0.2925,
      0.6575,
      0.145,
      0.51,
      0,
      0.365,
      0.0725,
      0.4375,
      0.2175,
      0.5825,
      0.2925,
      0.6575,
      0.145,
      0.51,
      0,
      0.365,
      0.0725,
      0.4375,
      0.2175,
      0.5825,
      0.2925,
      0.6575,
      0.145,
      0.51,
      0,
      0.365,
      0.0725,
      0.4375,
      0.2175,
      0.5825,
      0.2925,
      0.6575,
      0.145,
      0.51,
      0,
      0.365,
      0.0725,
      0.4375,
      0.2175,
      0.5825,
      0.2925,
      0.6575,
      0.145,
      0.51,
      0,
      0.365,
      0.0725,
      0.4375,
      0.2175,
      0.5825,
      0.2925,
      0.6575,
      0.145
    ],
    "SoftwareVersions": "syngo MR E11",
    "SpacingBetweenSlices": 2.4,
    "StationName": "MRC35409",
    "TaskName": "rest",
    "TotalReadoutTime": 0.0445004,
    "TxRefAmp": 213.291,
    "acquisition": "multiband",
    "dataset": "<unset>",
    "datatype": "func",
    "extension": ".nii.gz",
    "modality": "bold",
    "subject": "20",
    "suffix": "bold",
    "task": "rest"
  },
  "dummy_trs": 3,
  "dvars_nstd": 32.716062407399214,
  "dvars_std": 1.072324300806452,
  "dvars_vstd": 0.9910045685080647,
  "efc": 0.506,
  "fber": 833.498,
  "fd_mean": 0.07197926852902367,
  "fd_num": 0,
  "fd_perc": 0.0,
  "fwhm_avg": 3.7273694320925768,
  "fwhm_x": 3.699908186312191,
  "fwhm_y": 3.3823706989299973,
  "fwhm_z": 4.099829411035542,
  "gcor": 0.00787105,
  "gsr_x": -0.0011361585929989815,
  "gsr_y": 0.05542206019163132,
  "provenance": {
    "md5sum": "d71956ea67658fb74b975404892bf077",
    "settings": {
      "fd_thres": 0.2,
      "testing": false
    },
    "software": "mriqc",
    "version": "24.1.0.dev0+gd5b13cb5.d20240826"
  },
  "size_t": 497,
  "size_x": 90,
  "size_y": 90,
  "size_z": 60,
  "snr": 1.9743164751819833,
  "spacing_tr": 0.75,
  "spacing_x": 2.4000000953674316,
  "spacing_y": 2.4000000953674316,
  "spacing_z": 2.3999998569488525,
  "summary_bg_k": 46.5316,
  "summary_bg_mad": 6.178,
  "summary_bg_mean": 27.9429,
  "summary_bg_median": 10.0,
  "summary_bg_n": 377787.0,
  "summary_bg_p05": 6.0,
  "summary_bg_p95": 121.0,
  "summary_bg_stdv": 55.5566,
  "summary_fg_k": 1.5498,
  "summary_fg_mad": 129.2698,
  "summary_fg_mean": 315.4148,
  "summary_fg_median": 290.0,
  "summary_fg_n": 108213.0,
  "summary_fg_p05": 126.0,
  "summary_fg_p95": 598.0,
  "summary_fg_stdv": 146.8856,
  "tsnr": 45.13036444783211
}
