{
  "bids_meta": {
    "AcquisitionMatrixPE": 280,
    "AcquisitionNumber": 1,
    "AcquisitionTime": "17:45:10.705000",
    "BaseResolution": 320,
    "BodyPartExamined": "HEAD",
    "CoilCombinationMethod": "Adaptive Combine",
    "ConsistencyInfo": "N4_VE11C_LATEST_20160120",
    "ConversionSoftware": "dcm2niix",
    "ConversionSoftwareVersion": "v1.0.20220720",
    "DeviceSerialNumber": "167076",
    "DwellTime": 6.5e-6,
    "EchoTime": 0.00207,
    "FileSize": 0.019197985529899597,
    "FileSizeUnits": "GB",
    "FlipAngle": 7,
    "ImageOrientationPatientDICOM": [
      0.000195448,
      0.998724,
      -0.050504,
      0.059306,
      -0.0504267,
      -0.996965
    ],
    "ImageOrientationText": "Sag>Tra(-3.4)>Cor(-0.2)",
    "ImageType": [
      "ORIGINAL",
      "PRIMARY",
      "M",
      "NORM",
      "DIS3D",
      "DIS2D"
    ],
    "ImagingFrequency": 123.249,
    "InPlanePhaseEncodingDirectionDICOM": "ROW",
    "InstitutionAddress": "Tian Sheng 2,Chong Qing//77D79B/,Chong Qing,CN,400715",
    "InstitutionName": "Chong Qing Southwest Normal University Hospital",
    "InstitutionalDepartmentName": "Department",
    "InversionTime": 1.1,
    "MRAcquisitionType": "3D",
    "MagneticFieldStrength": 3,
    "Manufacturer": "Siemens",
    "ManufacturersModelName": "Prisma_fit",
    "MatrixCoilMode": "GRAPPA",
    "Modality": "MR",
    "NonlinearGradientCorrection": true,
    "NumberOfVolumes": 1,
    "ParallelReductionFactorInPlane": 2,
    "PartialFourier": 1,
    "PatientPosition": "HFS",
    "PercentPhaseFOV": 87.5,
    "PercentSampling": 100,
    "PhaseEncodingSteps": 279,
    "PhaseResolution": 1,
    "PixelBandwidth": 240,
    "ProcedureStepDescription": "SWU-fMRI^HeQingHua",
    "ProtocolName": "T1ISO_MPR",
    "PulseSequenceDetails": "%SiemensSeq%\\tfl",
    "ReceiveCoilActiveElements": "HC1-7;NC1,2",
    "ReceiveCoilName": "HeadNeck_64",
    "ReconMatrixPE": 280,
    "RefLinesPE": 32,
    "RepetitionTime": 2.3,
    "SAR": 0.0522369,
    "ScanOptions": "IR\\WE",
    "ScanningSequence": "GR\\IR",
    "SequenceName": "*tfl3d1_16ns",
    "SequenceVariant": "SK\\SP\\MP",
    "SeriesDescription": "T1ISO_MPR",
    "SeriesNumber": 6,
    "ShimSetting": [
      2954,
      4371,
      -6629,
      153,
      15,
      -361,
      0,
      -21
    ],
    "SliceThickness": 0.8,
    "SoftwareVersions": "syngo MR E11",
    "SpoilingState": true,
    "StationName": "MRC35409",
    "TxRefAmp": 248.274,
    "acquisition": "defaced",
    "dataset": "<unset>",
    "datatype": "anat",
    "extension": ".nii.gz",
    "modality": "T1w",
    "subject": "42",
    "suffix": "T1w"
  },
  "cjv": 0.7123989795918367,
  "cnr": 1.3568404834783605,
  "efc": 0.5827,
  "fber": 10539.0111,
  "fwhm_avg": 4.637083264235408,
  "fwhm_x": 4.668674930431322,
  "fwhm_y": 4.460512433533185,
  "fwhm_z": 4.782062428741717,
  "icvs_csf": 0.2604135193747542,
  "icvs_gm": 0.3800651183201038,
  "icvs_wm": 0.35952136230514203,
  "inu_med": 0.6406294703483582,
  "inu_range": 0.3476993769407273,
  "provenance": {
    "md5sum": "b8ae9f1c7313f5eacb4a2a1efc79e0bb",
    "settings": {
      "testing": false
    },
    "software": "mriqc",
    "version": "24.1.0.dev0+gd5b13cb5.d20240826",
    "warnings": {
      "large_rot_frame": true,
      "small_air_mask": false
    }
  },
  "qi_1": 0.0,
  "qi_2": 0.0006029769602281012,
  "rpve_csf": 6.348806893831541,
  "rpve_gm": 6.215700836390287,
  "rpve_wm": 6.283456977115892,
  "size_x": 240,
  "size_y": 280,
  "size_z": 320,
  "snr_csf": 1.92378443221766,
  "snr_gm": 6.744210109123207,
  "snr_total": 6.150929485161811,
  "snr_wm": 9.784793914144565,
  "snrd_csf": 43.08363617968433,
  "snrd_gm": 80.42278753541076,
  "snrd_total": 75.19383340078241,
  "snrd_wm": 102.07507648725212,
  "spacing_x": 0.800000011920929,
  "spacing_y": 0.800000011920929,
  "spacing_z": 0.800000011920929,
  "summary_bg_k": 3542.2922,
  "summary_bg_mad": 5.9304,
  "summary_bg_mean": 5.6305,
  "summary_bg_median": 4.0,
  "summary_bg_n": 4753377.0,
  "summary_bg_p05": 0.0,
  "summary_bg_p95": 19.0,
  "summary_bg_stdv": 17.2425,
  "summary_csf_k": -0.6386,
  "summary_csf_mad": 164.7514,
  "summary_csf_mean": 407.464,
  "summary_csf_median": 390.0,
  "summary_csf_n": 871145.2011565362,
  "summary_csf_p05": 76.0,
  "summary_csf_p95": 747.0,
  "summary_csf_stdv": 202.7253,
  "summary_gm_k": -0.3263,
  "summary_gm_mad": 68.9272,
  "summary_gm_mean": 733.6824,
  "summary_gm_median": 728.0,
  "summary_gm_n": 1271408.2769070216,
  "summary_gm_p05": 560.0,
  "summary_gm_p95": 936.0,
  "summary_gm_stdv": 107.9444,
  "summary_wm_k": -0.2771,
  "summary_wm_mad": 70.703,
  "summary_wm_mean": 903.7832,
  "summary_wm_median": 924.0,
  "summary_wm_n": 1202684.5235890914,
  "summary_wm_p05": 728.0,
  "summary_wm_p95": 1030.0,
  "summary_wm_stdv": 94.4322,
  "tpm_overlap_csf": 0.20049761227851207,
  "tpm_overlap_gm": 0.5325234937021486,
  "tpm_overlap_wm": 0.5525842028996317,
  "wm2max": 0.7064995881708402
}
