{
  "bids_meta": {
    "AcquisitionMatrixPE": 280,
    "AcquisitionNumber": 1,
    "AcquisitionTime": "10:18:58.727500",
    "BaseResolution": 320,
    "BodyPartExamined": "HEAD",
    "CoilString": "HC1-7;NC1_2",
    "ConsistencyInfo": "N4_VE11C_LATEST_20160120",
    "ConversionSoftware": "dcm2niix",
    "ConversionSoftwareVersion": "v1.0.20190902",
    "DeviceSerialNumber": "167076",
    "DwellTime": 6.5e-6,
    "EchoTime": 0.00207,
    "FileSize": 0.01885642297565937,
    "FileSizeUnits": "GB",
    "FlipAngle": 7,
    "ImageOrientationPatientDICOM": [
      0,
      1,
      0,
      0,
      0,
      -1
    ],
    "ImageType": [
      "ORIGINAL",
      "PRIMARY",
      "M",
      "NORM",
      "DIS3D",
      "DIS2D"
    ],
    "ImagingFrequency": 123.249,
    "InPlanePhaseEncodingDirectionDICOM": "ROW",
    "InstitutionAddress": "Tian_Sheng_2_Chong_Qing_759083_Chong_Qing_CN_400715",
    "InstitutionName": "Chong_Qing_Southwest_Normal_University_Hospital",
    "InstitutionalDepartmentName": "Department",
    "InversionTime": 1.1,
    "MRAcquisitionType": "3D",
    "MagneticFieldStrength": 3,
    "Manufacturer": "Siemens",
    "ManufacturersModelName": "Prisma_fit",
    "Modality": "MR",
    "NumberOfVolumes": 1,
    "ParallelReductionFactorInPlane": 2,
    "PartialFourier": 1,
    "PatientPosition": "HFS",
    "PercentPhaseFOV": 87.5,
    "PhaseEncodingSteps": 279,
    "PhaseResolution": 1,
    "PixelBandwidth": 240,
    "ProcedureStepDescription": "SWU-fMRI_HeQingHua",
    "ProtocolName": "T1ISO_MPR",
    "PulseSequenceDetails": "%SiemensSeq%_tfl",
    "ReceiveCoilActiveElements": "HC1-7;NC1,2",
    "ReceiveCoilName": "HeadNeck_64",
    "ReconMatrixPE": 280,
    "RefLinesPE": 32,
    "RepetitionTime": 2.3,
    "SAR": 0.0417858,
    "ScanOptions": "IR_WE",
    "ScanningSequence": "GR_IR",
    "SequenceName": "_tfl3d1_16ns",
    "SequenceVariant": "SK_SP_MP",
    "SeriesDescription": "T1ISO_MPR",
    "SeriesNumber": 6,
    "ShimSetting": [
      2941,
      4325,
      -6633,
      95,
      67,
      -338,
      -2,
      -7
    ],
    "SliceThickness": 0.8,
    "SoftwareVersions": "syngo_MR_E11",
    "StationName": "MRC35409",
    "TxRefAmp": 211.208,
    "acquisition": "defaced",
    "dataset": "<unset>",
    "datatype": "anat",
    "extension": ".nii.gz",
    "modality": "T1w",
    "subject": "15",
    "suffix": "T1w"
  },
  "cjv": 0.64242009569378,
  "cnr": 1.6075276753852779,
  "efc": 0.5446,
  "fber": 13774.3549,
  "fwhm_avg": 4.901866593623162,
  "fwhm_x": 4.841162427861058,
  "fwhm_y": 4.863537427527644,
  "fwhm_z": 5.000899925480785,
  "icvs_csf": 0.2615978772785641,
  "icvs_gm": 0.3819594487388216,
  "icvs_wm": 0.3564426739826143,
  "inu_med": 0.5952094793319702,
  "inu_range": 0.32576886415481565,
  "provenance": {
    "md5sum": "f0c8aca696373ed21693cea52357fc74",
    "settings": {
      "testing": false
    },
    "software": "mriqc",
    "version": "24.1.0.dev0+gd5b13cb5.d20240826",
    "warnings": {
      "large_rot_frame": true,
      "small_air_mask": false
    }
  },
  "qi_1": 0.0,
  "qi_2": 0.0002975117202565496,
  "rpve_csf": 6.393645574136029,
  "rpve_gm": 6.298608764634351,
  "rpve_wm": 6.378190246060616,
  "size_x": 240,
  "size_y": 280,
  "size_z": 320,
  "snr_csf": 2.120780600779899,
  "snr_gm": 7.058516931395348,
  "snr_total": 7.163120149897318,
  "snr_wm": 12.310062917516706,
  "snrd_csf": 49.71188789963578,
  "snrd_gm": 81.52749615540267,
  "snrd_total": 78.61843012275732,
  "snrd_wm": 104.61590631323351,
  "spacing_x": 0.800000011920929,
  "spacing_y": 0.800000011920929,
  "spacing_z": 0.800000011920929,
  "summary_bg_k": 6.1365,
  "summary_bg_mad": 5.9304,
  "summary_bg_mean": 5.3179,
  "summary_bg_median": 4.0,
  "summary_bg_n": 4975141.0,
  "summary_bg_p05": 0.0,
  "summary_bg_p95": 21.0,
  "summary_bg_stdv": 7.3323,
  "summary_csf_k": -0.275,
  "summary_csf_mad": 156.9086,
  "summary_csf_mean": 452.2917,
  "summary_csf_median": 450.0,
  "summary_csf_n": 866982.1917445415,
  "summary_csf_p05": 96.0,
  "summary_csf_p95": 787.0,
  "summary_csf_stdv": 212.1859,
  "summary_gm_k": -0.4287,
  "summary_gm_mad": 73.983,
  "summary_gm_mean": 741.6732,
  "summary_gm_median": 738.0,
  "summary_gm_n": 1265881.984479909,
  "summary_gm_p05": 572.0,
  "summary_gm_p95": 935.0,
  "summary_gm_stdv": 104.5545,
  "summary_wm_k": -0.0442,
  "summary_wm_mad": 60.2828,
  "summary_wm_mean": 933.7794,
  "summary_wm_median": 947.0,
  "summary_wm_n": 1181314.8253938626,
  "summary_wm_p05": 786.0,
  "summary_wm_p95": 1039.0,
  "summary_wm_stdv": 76.9289,
  "tpm_overlap_csf": 0.20208540915733916,
  "tpm_overlap_gm": 0.5327804098022876,
  "tpm_overlap_wm": 0.5473100982929525,
  "wm2max": 0.7889864218301513
}
