{
  "bids_meta": {
    "AcquisitionMatrixPE": 280,
    "AcquisitionNumber": 1,
    "AcquisitionTime": "19:02:3.987500",
    "BaseResolution": 320,
    "BodyPartExamined": "HEAD",
    "CoilString": "HC1-7;NC1_2",
    "ConsistencyInfo": "N4_VE11C_LATEST_20160120",
    "ConversionSoftware": "dcm2niix",
    "ConversionSoftwareVersion": "v1.0.20190902",
    "DeviceSerialNumber": "167076",
    "DwellTime": 6.5e-6,
    "EchoTime": 0.00207,
    "FileSize": 0.018237117677927017,
    "FileSizeUnits": "GB",
    "FlipAngle": 7,
    "ImageOrientationPatientDICOM": [
      0,
      0.997564,
      0.0697565,
      0,
      0.0697565,
      -0.997564
    ],
    "ImageType": [
      "ORIGINAL",
      "PRIMARY",
      "M",
      "NORM",
      "DIS3D",
      "DIS2D"
    ],
    "ImagingFrequency": 123.249,
    "InPlanePhaseEncodingDirectionDICOM": "ROW",
    "InstitutionAddress": "Tian_Sheng_2_Chong_Qing_464ed4_Chong_Qing_CN_400715",
    "InstitutionName": "Chong_Qing_Southwest_Normal_University_Hospital",
    "InstitutionalDepartmentName": "Department",
    "InversionTime": 1.1,
    "MRAcquisitionType": "3D",
    "MagneticFieldStrength": 3,
    "Manufacturer": "Siemens",
    "ManufacturersModelName": "Prisma_fit",
    "Modality": "MR",
    "NumberOfVolumes": 1,
    "ParallelReductionFactorInPlane": 2,
    "PartialFourier": 1,
    "PatientPosition": "HFS",
    "PercentPhaseFOV": 87.5,
    "PhaseEncodingSteps": 279,
    "PhaseResolution": 1,
    "PixelBandwidth": 240,
    "ProcedureStepDescription": "SWU-fMRI_HeQingHua",
    "ProtocolName": "CCBD_T1ISO_MPR",
    "PulseSequenceDetails": "%SiemensSeq%_tfl",
    "ReceiveCoilActiveElements": "HC1-7;NC1,2",
    "ReceiveCoilName": "HeadNeck_64",
    "ReconMatrixPE": 280,
    "RefLinesPE": 32,
    "RepetitionTime": 2.3,
    "SAR": 0.0411556,
    "ScanOptions": "IR_WE",
    "ScanningSequence": "GR_IR",
    "SequenceName": "_tfl3d1_16ns",
    "SequenceVariant": "SK_SP_MP",
    "SeriesDescription": "CCBD_T1ISO_MPR",
    "SeriesNumber": 6,
    "ShimSetting": [
      2959,
      4334,
      -6667,
      249,
      84,
      -365,
      -41,
      -67
    ],
    "SliceThickness": 0.8,
    "SoftwareVersions": "syngo_MR_E11",
    "StationName": "MRC35409",
    "TxRefAmp": 214.537,
    "acquisition": "defaced",
    "dataset": "<unset>",
    "datatype": "anat",
    "extension": ".nii.gz",
    "modality": "T1w",
    "subject": "02",
    "suffix": "T1w"
  },
  "cjv": 0.668302358490566,
  "cnr": 1.5439988146671613,
  "efc": 0.5017,
  "fber": 6009.3962,
  "fwhm_avg": 4.507004099507072,
  "fwhm_x": 4.490512433086151,
  "fwhm_y": 4.444337433774212,
  "fwhm_z": 4.5861624316608545,
  "icvs_csf": 0.26073076963205116,
  "icvs_gm": 0.3828202967085795,
  "icvs_wm": 0.35644893365936936,
  "inu_med": 0.5339395403862,
  "inu_range": 0.253698205947876,
  "provenance": {
    "md5sum": "111206ed2f950419041f205f4c78570e",
    "settings": {
      "testing": false
    },
    "software": "mriqc",
    "version": "24.1.0.dev0+gd5b13cb5.d20240826",
    "warnings": {
      "large_rot_frame": true,
      "small_air_mask": false
    }
  },
  "qi_1": 0.0,
  "qi_2": 0.00019750006441876633,
  "rpve_csf": 7.1801456997505815,
  "rpve_gm": 7.077319720692925,
  "rpve_wm": 7.162757757549133,
  "size_x": 240,
  "size_y": 280,
  "size_z": 320,
  "snr_csf": 2.1449739209583325,
  "snr_gm": 6.697699449741869,
  "snr_total": 6.726931916049551,
  "snr_wm": 11.338122377448455,
  "snrd_csf": 40.9184072845002,
  "snrd_gm": 64.51498340752731,
  "snrd_total": 62.894744098205855,
  "snrd_wm": 83.25084160259004,
  "spacing_x": 0.800000011920929,
  "spacing_y": 0.800000011920929,
  "spacing_z": 0.800000011920929,
  "summary_bg_k": 6.0986,
  "summary_bg_mad": 7.413,
  "summary_bg_mean": 7.1328,
  "summary_bg_median": 5.0,
  "summary_bg_n": 5420158.0,
  "summary_bg_p05": 0.0,
  "summary_bg_p95": 24.0,
  "summary_bg_stdv": 8.414,
  "summary_csf_k": -0.5715,
  "summary_csf_mad": 145.9984,
  "summary_csf_mean": 457.4484,
  "summary_csf_median": 463.0,
  "summary_csf_n": 769749.7152811885,
  "summary_csf_p05": 84.0,
  "summary_csf_p95": 794.0,
  "summary_csf_stdv": 215.8533,
  "summary_gm_k": -0.5507,
  "summary_gm_mad": 77.1382,
  "summary_gm_mean": 732.6508,
  "summary_gm_median": 730.0,
  "summary_gm_n": 1130191.940180831,
  "summary_gm_p05": 555.0,
  "summary_gm_p95": 933.0,
  "summary_gm_stdv": 108.9926,
  "summary_wm_k": -0.3754,
  "summary_wm_mad": 64.5419,
  "summary_wm_mean": 925.4177,
  "summary_wm_median": 942.0,
  "summary_wm_n": 1052336.3452030949,
  "summary_wm_p05": 767.0,
  "summary_wm_p95": 1037.0,
  "summary_wm_stdv": 83.0825,
  "tpm_overlap_csf": 0.208922234279935,
  "tpm_overlap_gm": 0.530362443325287,
  "tpm_overlap_wm": 0.5402983473261554,
  "wm2max": 0.8497768618186288
}
