{
  "aor": 0.00789868780096308,
  "aqi": 0.0475960429775281,
  "bids_meta": {
    "AcquisitionMatrixPE": 90,
    "AcquisitionNumber": 1,
    "AcquisitionTime": "19:20:19.402500",
    "BandwidthPerPixelPhaseEncode": 22.222,
    "BaseResolution": 90,
    "BodyPartExamined": "HEAD",
    "CoilCombinationMethod": "Sum of Squares",
    "ConsistencyInfo": "N4_VE11C_LATEST_20160120",
    "ConversionSoftware": "dcm2niix",
    "ConversionSoftwareVersion": "v1.0.20220720",
    "DerivedVendorReportedEchoSpacing": 0.000500005,
    "DeviceSerialNumber": "167076",
    "DwellTime": 2.1e-6,
    "EchoTime": 0.03,
    "EchoTrainLength": 90,
    "EffectiveEchoSpacing": 0.000500005,
    "FileSize": 1.1183422040194273,
    "FileSizeUnits": "GB",
    "FlipAngle": 60,
    "ImageOrientationPatientDICOM": [
      0.999048,
      0.0436192,
      -0.00015226,
      -0.0436194,
      0.999042,
      -0.00348733
    ],
    "ImageOrientationText": "Tra>Cor(-0.2)",
    "ImageType": [
      "ORIGINAL",
      "PRIMARY",
      "M",
      "ND",
      "MOSAIC"
    ],
    "ImagingFrequency": 123.249,
    "InPlanePhaseEncodingDirectionDICOM": "COL",
    "InstitutionAddress": "Tian Sheng 2,Chong Qing//759083/,Chong Qing,CN,400715",
    "InstitutionName": "Chong Qing Southwest Normal University Hospital",
    "InstitutionalDepartmentName": "Department",
    "MRAcquisitionType": "2D",
    "MagneticFieldStrength": 3,
    "Manufacturer": "Siemens",
    "ManufacturersModelName": "Prisma_fit",
    "Modality": "MR",
    "MultibandAccelerationFactor": 6,
    "NonlinearGradientCorrection": false,
    "NumberOfVolumes": 2492,
    "PartialFourier": 1,
    "PatientPosition": "HFS",
    "PercentPhaseFOV": 100,
    "PercentSampling": 100,
    "PhaseEncodingDirection": "j",
    "PhaseEncodingSteps": 90,
    "PhaseResolution": 1,
    "PixelBandwidth": 2645,
    "ProcedureStepDescription": "SWU-fMRI^HeQingHua",
    "ProtocolName": "BOLD_PA_RUN1",
    "PulseSequenceDetails": "%SiemensSeq%\\ep2d_bold",
    "ReceiveCoilActiveElements": "HC1-7",
    "ReceiveCoilName": "HeadNeck_64",
    "ReconMatrixPE": 90,
    "RefLinesPE": 32,
    "RepetitionTime": 0.75,
    "SAR": 0.0810017,
    "ScanOptions": "FS",
    "ScanningSequence": "EP",
    "SequenceName": "*epfid2d1_90",
    "SequenceVariant": "SK",
    "SeriesDescription": "BOLD_PA_RUN1",
    "SeriesNumber": 4,
    "ShimSetting": [
      2978,
      4335,
      -6563,
      472,
      62,
      -101,
      4,
      -35
    ],
    "SliceThickness": 2.4,
    "SliceTiming": [
      0.51,
      0,
      0.365,
      0.0725,
      0.4375,
      0.22,
      0.585,
      0.2925,
      0.6575,
      0.145,
      0.51,
      0,
      0.365,
      0.0725,
      0.4375,
      0.22,
      0.585,
      0.2925,
      0.6575,
      0.145,
      0.51,
      0,
      0.365,
      0.0725,
      0.4375,
      0.22,
      0.585,
      0.2925,
      0.6575,
      0.145,
      0.51,
      0,
      0.365,
      0.0725,
      0.4375,
      0.22,
      0.585,
      0.2925,
      0.6575,
      0.145,
      0.51,
      0,
      0.365,
      0.0725,
      0.4375,
      0.22,
      0.585,
      0.2925,
      0.6575,
      0.145,
      0.51,
      0,
      0.365,
      0.0725,
      0.4375,
      0.22,
      0.585,
      0.2925,
      0.6575,
      0.145
    ],
    "SoftwareVersions": "syngo MR E11",
    "SpacingBetweenSlices": 2.4,
    "StationName": "MRC35409",
    "TaskName": "run1",
    "TotalReadoutTime": 0.0445004,
    "TxRefAmp": 220.375,
    "acquisition": "multiband",
    "dataset": "<unset>",
    "datatype": "func",
    "extension": ".nii.gz",
    "modality": "bold",
    "subject": "22",
    "suffix": "bold",
    "task": "run1"
  },
  "dummy_trs": 0,
  "dvars_nstd": 36.54682926421109,
  "dvars_std": 1.0467484927900432,
  "dvars_vstd": 1.0776549835808904,
  "efc": 0.5197,
  "fber": 524.9175,
  "fd_mean": 0.15451410645335126,
  "fd_num": 445,
  "fd_perc": 17.857142857142858,
  "fwhm_avg": 3.7987831823832523,
  "fwhm_x": 3.6144790230401744,
  "fwhm_y": 3.6379665221068653,
  "fwhm_z": 4.143904002002716,
  "gcor": 0.00562372,
  "gsr_x": -0.01239364966750145,
  "gsr_y": 0.043689846992492676,
  "provenance": {
    "md5sum": "dc95ca48a72db485573d274c71411efa",
    "settings": {
      "fd_thres": 0.2,
      "testing": false
    },
    "software": "mriqc",
    "version": "24.1.0.dev0+gd5b13cb5.d20240826"
  },
  "size_t": 2492,
  "size_x": 90,
  "size_y": 90,
  "size_z": 60,
  "snr": 2.0900582830039576,
  "spacing_tr": 0.75,
  "spacing_x": 2.4000000953674316,
  "spacing_y": 2.4000000953674316,
  "spacing_z": 2.4000000953674316,
  "summary_bg_k": 20.2274,
  "summary_bg_mad": 8.2703,
  "summary_bg_mean": 29.5946,
  "summary_bg_median": 12.0,
  "summary_bg_n": 383885.0,
  "summary_bg_p05": 6.0,
  "summary_bg_p95": 130.0,
  "summary_bg_stdv": 49.8372,
  "summary_fg_k": 1.0194,
  "summary_fg_mad": 122.2617,
  "summary_fg_mean": 297.1685,
  "summary_fg_median": 280.0,
  "summary_fg_n": 102115.0,
  "summary_fg_p05": 105.0,
  "summary_fg_p95": 546.0,
  "summary_fg_stdv": 133.9669,
  "tsnr": 20.41359317873139
}
