{
  "aor": 0.0001549518459069021,
  "aqi": 0.008069488366773677,
  "bids_meta": {
    "AcquisitionMatrixPE": 90,
    "AcquisitionNumber": 1,
    "AcquisitionTime": "14:27:0.585000",
    "BandwidthPerPixelPhaseEncode": 22.222,
    "BaseResolution": 90,
    "BodyPartExamined": "HEAD",
    "CoilCombinationMethod": "Sum of Squares",
    "ConsistencyInfo": "N4_VE11C_LATEST_20160120",
    "ConversionSoftware": "dcm2niix",
    "ConversionSoftwareVersion": "v1.0.20220720",
    "DerivedVendorReportedEchoSpacing": 0.000500005,
    "DeviceSerialNumber": "167076",
    "DwellTime": 2.1e-6,
    "EchoTime": 0.03,
    "EchoTrainLength": 90,
    "EffectiveEchoSpacing": 0.000500005,
    "FileSize": 1.0571102164685726,
    "FileSizeUnits": "GB",
    "FlipAngle": 60,
    "ImageOrientationPatientDICOM": [
      0.998101,
      0.0425033,
      -0.0445764,
      -0.043578,
      0.998775,
      -0.0234215
    ],
    "ImageOrientationText": "Tra>Sag(-2.5)>Cor(-1.5)",
    "ImageType": [
      "ORIGINAL",
      "PRIMARY",
      "M",
      "ND",
      "MOSAIC"
    ],
    "ImagingFrequency": 123.249,
    "InPlanePhaseEncodingDirectionDICOM": "COL",
    "InstitutionAddress": "Tian Sheng 2,Chong Qing//77D79B/,Chong Qing,CN,400715",
    "InstitutionName": "Chong Qing Southwest Normal University Hospital",
    "InstitutionalDepartmentName": "Department",
    "MRAcquisitionType": "2D",
    "MagneticFieldStrength": 3,
    "Manufacturer": "Siemens",
    "ManufacturersModelName": "Prisma_fit",
    "Modality": "MR",
    "MultibandAccelerationFactor": 6,
    "NonlinearGradientCorrection": false,
    "NumberOfVolumes": 2492,
    "PartialFourier": 1,
    "PatientPosition": "HFS",
    "PercentPhaseFOV": 100,
    "PercentSampling": 100,
    "PhaseEncodingDirection": "j",
    "PhaseEncodingSteps": 90,
    "PhaseResolution": 1,
    "PixelBandwidth": 2645,
    "ProcedureStepDescription": "SWU-fMRI^HeQingHua",
    "ProtocolName": "BOLD_PA_RUN1",
    "PulseSequenceDetails": "%SiemensSeq%\\ep2d_bold",
    "ReceiveCoilActiveElements": "HC1-7",
    "ReceiveCoilName": "HeadNeck_64",
    "ReconMatrixPE": 90,
    "RefLinesPE": 32,
    "RepetitionTime": 0.75,
    "SAR": 0.0946622,
    "ScanOptions": "FS",
    "ScanningSequence": "EP",
    "SequenceName": "*epfid2d1_90",
    "SequenceVariant": "SK",
    "SeriesDescription": "BOLD_PA_RUN1",
    "SeriesNumber": 4,
    "ShimSetting": [
      2937,
      4336,
      -6576,
      773,
      -12,
      -18,
      -97,
      10
    ],
    "SliceThickness": 2.4,
    "SliceTiming": [
      0.5125,
      0,
      0.365,
      0.075,
      0.44,
      0.22,
      0.585,
      0.2925,
      0.6575,
      0.1475,
      0.5125,
      0,
      0.365,
      0.075,
      0.44,
      0.22,
      0.585,
      0.2925,
      0.6575,
      0.1475,
      0.5125,
      0,
      0.365,
      0.075,
      0.44,
      0.22,
      0.585,
      0.2925,
      0.6575,
      0.1475,
      0.5125,
      0,
      0.365,
      0.075,
      0.44,
      0.22,
      0.585,
      0.2925,
      0.6575,
      0.1475,
      0.5125,
      0,
      0.365,
      0.075,
      0.44,
      0.22,
      0.585,
      0.2925,
      0.6575,
      0.1475,
      0.5125,
      0,
      0.365,
      0.075,
      0.44,
      0.22,
      0.585,
      0.2925,
      0.6575,
      0.1475
    ],
    "SoftwareVersions": "syngo MR E11",
    "SpacingBetweenSlices": 2.4,
    "StationName": "MRC35409",
    "TaskName": "run1",
    "TotalReadoutTime": 0.0445004,
    "TxRefAmp": 221.862,
    "acquisition": "multiband",
    "dataset": "<unset>",
    "datatype": "func",
    "extension": ".nii.gz",
    "modality": "bold",
    "subject": "33",
    "suffix": "bold",
    "task": "run1"
  },
  "dummy_trs": 0,
  "dvars_nstd": 37.55572437321553,
  "dvars_std": 1.0899737240586138,
  "dvars_vstd": 0.9769950236651952,
  "efc": 0.4856,
  "fber": 756.8999,
  "fd_mean": 0.10227188512275602,
  "fd_num": 45,
  "fd_perc": 1.8057784911717496,
  "fwhm_avg": 3.4553318071418944,
  "fwhm_x": 3.4693123621419124,
  "fwhm_y": 3.327129034458437,
  "fwhm_z": 3.5695540248253335,
  "gcor": 0.00442329,
  "gsr_x": -0.006530976388603449,
  "gsr_y": 0.03327011317014694,
  "provenance": {
    "md5sum": "3466ec7ab64ee505e7b291a7f8c20175",
    "settings": {
      "fd_thres": 0.2,
      "testing": false
    },
    "software": "mriqc",
    "version": "24.1.0.dev0+gd5b13cb5.d20240826"
  },
  "size_t": 2492,
  "size_x": 90,
  "size_y": 90,
  "size_z": 60,
  "snr": 2.0154064676902625,
  "spacing_tr": 0.75,
  "spacing_x": 2.4000000953674316,
  "spacing_y": 2.4000000953674316,
  "spacing_z": 2.4000000953674316,
  "summary_bg_k": 23.4167,
  "summary_bg_mad": 5.8685,
  "summary_bg_mean": 23.339,
  "summary_bg_median": 10.0,
  "summary_bg_n": 392158.0,
  "summary_bg_p05": 6.0,
  "summary_bg_p95": 97.0,
  "summary_bg_stdv": 39.923,
  "summary_fg_k": 0.9435,
  "summary_fg_mad": 114.9525,
  "summary_fg_mean": 288.063,
  "summary_fg_median": 274.0,
  "summary_fg_n": 93842.0,
  "summary_fg_p05": 78.0,
  "summary_fg_p95": 546.0,
  "summary_fg_stdv": 135.952,
  "tsnr": 38.997568951919675
}
