{
  "aor": 0.0018833962264150946,
  "aqi": 0.016609492998795664,
  "bids_meta": {
    "AcquisitionMatrixPE": 90,
    "AcquisitionNumber": 1,
    "AcquisitionTime": "17:13:39.460000",
    "BandwidthPerPixelPhaseEncode": 22.222,
    "BaseResolution": 90,
    "BodyPartExamined": "HEAD",
    "CoilCombinationMethod": "Sum of Squares",
    "ConsistencyInfo": "N4_VE11C_LATEST_20160120",
    "ConversionSoftware": "dcm2niix",
    "ConversionSoftwareVersion": "v1.0.20220720",
    "DerivedVendorReportedEchoSpacing": 0.000500005,
    "DeviceSerialNumber": "167076",
    "DwellTime": 2.1e-6,
    "EchoTime": 0.03,
    "EchoTrainLength": 90,
    "EffectiveEchoSpacing": 0.000500005,
    "FileSize": 1.233677601441741,
    "FileSizeUnits": "GB",
    "FlipAngle": 60,
    "ImageOrientationPatientDICOM": [
      0.999013,
      0.0443855,
      0.00179591,
      -0.0436178,
      0.987787,
      -0.149581
    ],
    "ImageOrientationText": "Tra>Cor(-8.6)>Sag(0.5)",
    "ImageType": [
      "ORIGINAL",
      "PRIMARY",
      "M",
      "ND",
      "MOSAIC"
    ],
    "ImagingFrequency": 123.249,
    "InPlanePhaseEncodingDirectionDICOM": "COL",
    "InstitutionAddress": "Tian Sheng 2,Chong Qing//77D79B/,Chong Qing,CN,400715",
    "InstitutionName": "Chong Qing Southwest Normal University Hospital",
    "InstitutionalDepartmentName": "Department",
    "MRAcquisitionType": "2D",
    "MagneticFieldStrength": 3,
    "Manufacturer": "Siemens",
    "ManufacturersModelName": "Prisma_fit",
    "Modality": "MR",
    "MultibandAccelerationFactor": 6,
    "NonlinearGradientCorrection": false,
    "NumberOfVolumes": 2492,
    "PartialFourier": 1,
    "PatientPosition": "HFS",
    "PercentPhaseFOV": 100,
    "PercentSampling": 100,
    "PhaseEncodingDirection": "j",
    "PhaseEncodingSteps": 90,
    "PhaseResolution": 1,
    "PixelBandwidth": 2645,
    "ProcedureStepDescription": "SWU-fMRI^HeQingHua",
    "ProtocolName": "BOLD_PA_RUN1",
    "PulseSequenceDetails": "%SiemensSeq%\\ep2d_bold",
    "ReceiveCoilActiveElements": "HC1-7",
    "ReceiveCoilName": "HeadNeck_64",
    "ReconMatrixPE": 90,
    "RefLinesPE": 32,
    "RepetitionTime": 0.75,
    "SAR": 0.100133,
    "ScanOptions": "FS",
    "ScanningSequence": "EP",
    "SequenceName": "*epfid2d1_90",
    "SequenceVariant": "SK",
    "SeriesDescription": "BOLD_PA_RUN1",
    "SeriesNumber": 4,
    "ShimSetting": [
      2961,
      4371,
      -6592,
      359,
      95,
      26,
      -20,
      9
    ],
    "SliceThickness": 2.4,
    "SliceTiming": [
      0.5125,
      0,
      0.365,
      0.0725,
      0.4375,
      0.22,
      0.585,
      0.2925,
      0.6575,
      0.1475,
      0.5125,
      0,
      0.365,
      0.0725,
      0.4375,
      0.22,
      0.585,
      0.2925,
      0.6575,
      0.1475,
      0.5125,
      0,
      0.365,
      0.0725,
      0.4375,
      0.22,
      0.585,
      0.2925,
      0.6575,
      0.1475,
      0.5125,
      0,
      0.365,
      0.0725,
      0.4375,
      0.22,
      0.585,
      0.2925,
      0.6575,
      0.1475,
      0.5125,
      0,
      0.365,
      0.0725,
      0.4375,
      0.22,
      0.585,
      0.2925,
      0.6575,
      0.1475,
      0.5125,
      0,
      0.365,
      0.0725,
      0.4375,
      0.22,
      0.585,
      0.2925,
      0.6575,
      0.1475
    ],
    "SoftwareVersions": "syngo MR E11",
    "SpacingBetweenSlices": 2.4,
    "StationName": "MRC35409",
    "TaskName": "run1",
    "TotalReadoutTime": 0.0445004,
    "TxRefAmp": 248.274,
    "acquisition": "multiband",
    "dataset": "<unset>",
    "datatype": "func",
    "extension": ".nii.gz",
    "modality": "bold",
    "subject": "42",
    "suffix": "bold",
    "task": "run1"
  },
  "dummy_trs": 1,
  "dvars_nstd": 33.50526887752605,
  "dvars_std": 1.0010038524337344,
  "dvars_vstd": 0.9946343394016096,
  "efc": 0.5745,
  "fber": 249.7742,
  "fd_mean": 0.10097276269685493,
  "fd_num": 37,
  "fd_perc": 1.4853472501003613,
  "fwhm_avg": 3.688026370729266,
  "fwhm_x": 3.5286456931175514,
  "fwhm_y": 3.658204021302699,
  "fwhm_z": 3.877229397767548,
  "gcor": 0.00869248,
  "gsr_x": 0.05842776224017143,
  "gsr_y": 0.0567900724709034,
  "provenance": {
    "md5sum": "3ffffc24150b618d2c39253d0ba6e3bc",
    "settings": {
      "fd_thres": 0.2,
      "testing": false
    },
    "software": "mriqc",
    "version": "24.1.0.dev0+gd5b13cb5.d20240826"
  },
  "size_t": 2491,
  "size_x": 90,
  "size_y": 90,
  "size_z": 60,
  "snr": 1.9436670842287267,
  "spacing_tr": 0.75,
  "spacing_x": 2.4000000953674316,
  "spacing_y": 2.4000000953674316,
  "spacing_z": 2.3999998569488525,
  "summary_bg_k": 12.5503,
  "summary_bg_mad": 13.13,
  "summary_bg_mean": 47.5395,
  "summary_bg_median": 17.0,
  "summary_bg_n": 372264.0,
  "summary_bg_p05": 6.0,
  "summary_bg_p95": 222.0,
  "summary_bg_stdv": 79.7767,
  "summary_fg_k": 0.6737,
  "summary_fg_mad": 129.9342,
  "summary_fg_mean": 285.6616,
  "summary_fg_median": 267.0,
  "summary_fg_n": 113736.0,
  "summary_fg_p05": 86.0,
  "summary_fg_p95": 539.0,
  "summary_fg_stdv": 137.3686,
  "tsnr": 31.969142687972635
}
