{
  "bids_meta": {
    "AcquisitionMatrixPE": 280,
    "AcquisitionNumber": 1,
    "AcquisitionTime": "11:27:18.720000",
    "BaseResolution": 320,
    "BodyPartExamined": "HEAD",
    "CoilString": "HC1-7;NC1_2",
    "ConsistencyInfo": "N4_VE11C_LATEST_20160120",
    "ConversionSoftware": "dcm2niix",
    "ConversionSoftwareVersion": "v1.0.20190902",
    "DeviceSerialNumber": "167076",
    "DwellTime": 6.5e-6,
    "EchoTime": 0.00207,
    "FileSize": 0.018964442424476147,
    "FileSizeUnits": "GB",
    "FlipAngle": 7,
    "ImageOrientationPatientDICOM": [
      0,
      1,
      0,
      0,
      0,
      -1
    ],
    "ImageType": [
      "ORIGINAL",
      "PRIMARY",
      "M",
      "NORM",
      "DIS3D",
      "DIS2D"
    ],
    "ImagingFrequency": 123.249,
    "InPlanePhaseEncodingDirectionDICOM": "ROW",
    "InstitutionAddress": "Tian_Sheng_2_Chong_Qing_759083_Chong_Qing_CN_400715",
    "InstitutionName": "Chong_Qing_Southwest_Normal_University_Hospital",
    "InstitutionalDepartmentName": "Department",
    "InversionTime": 1.1,
    "MRAcquisitionType": "3D",
    "MagneticFieldStrength": 3,
    "Manufacturer": "Siemens",
    "ManufacturersModelName": "Prisma_fit",
    "Modality": "MR",
    "NumberOfVolumes": 1,
    "ParallelReductionFactorInPlane": 2,
    "PartialFourier": 1,
    "PatientPosition": "HFS",
    "PercentPhaseFOV": 87.5,
    "PhaseEncodingSteps": 279,
    "PhaseResolution": 1,
    "PixelBandwidth": 240,
    "ProcedureStepDescription": "SWU-fMRI_HeQingHua",
    "ProtocolName": "T1ISO_MPR",
    "PulseSequenceDetails": "%SiemensSeq%_tfl",
    "ReceiveCoilActiveElements": "HC1-7;NC1,2",
    "ReceiveCoilName": "HeadNeck_64",
    "ReconMatrixPE": 280,
    "RefLinesPE": 32,
    "RepetitionTime": 2.3,
    "SAR": 0.0392713,
    "ScanOptions": "IR_WE",
    "ScanningSequence": "GR_IR",
    "SequenceName": "_tfl3d1_16ns",
    "SequenceVariant": "SK_SP_MP",
    "SeriesDescription": "T1ISO_MPR",
    "SeriesNumber": 6,
    "ShimSetting": [
      2945,
      4292,
      -6667,
      83,
      19,
      -481,
      -39,
      -41
    ],
    "SliceThickness": 0.8,
    "SoftwareVersions": "syngo_MR_E11",
    "StationName": "MRC35409",
    "TxRefAmp": 219.631,
    "acquisition": "defaced",
    "dataset": "<unset>",
    "datatype": "anat",
    "extension": ".nii.gz",
    "modality": "T1w",
    "subject": "16",
    "suffix": "T1w"
  },
  "cjv": 0.6172522123893806,
  "cnr": 1.6401726753270731,
  "efc": 0.5506,
  "fber": 6228.1775,
  "fwhm_avg": 4.629216597685964,
  "fwhm_x": 4.620299931152166,
  "fwhm_y": 4.478787433260867,
  "fwhm_z": 4.788562428644859,
  "icvs_csf": 0.26682182963077966,
  "icvs_gm": 0.3821888065097106,
  "icvs_wm": 0.3509893638595097,
  "inu_med": 0.5709973573684692,
  "inu_range": 0.30019816011190414,
  "provenance": {
    "md5sum": "f21dbbadba115f82da924fbba58a3222",
    "settings": {
      "testing": false
    },
    "software": "mriqc",
    "version": "24.1.0.dev0+gd5b13cb5.d20240826",
    "warnings": {
      "large_rot_frame": true,
      "small_air_mask": false
    }
  },
  "qi_1": 0.0,
  "qi_2": 0.0017665458936566994,
  "rpve_csf": 6.940992311779396,
  "rpve_gm": 6.845853099542934,
  "rpve_wm": 6.92932363731738,
  "size_x": 240,
  "size_y": 280,
  "size_z": 320,
  "snr_csf": 2.0737573017240707,
  "snr_gm": 6.695600693472827,
  "snr_total": 6.607394892338648,
  "snr_wm": 11.052826681819045,
  "snrd_csf": 48.386237555645494,
  "snrd_gm": 79.64949150141643,
  "snrd_total": 77.5505451234318,
  "snrd_wm": 104.61590631323351,
  "spacing_x": 0.800000011920929,
  "spacing_y": 0.800000011920929,
  "spacing_z": 0.800000011920929,
  "summary_bg_k": 8.4784,
  "summary_bg_mad": 5.9304,
  "summary_bg_mean": 5.1468,
  "summary_bg_median": 4.0,
  "summary_bg_n": 4979716.0,
  "summary_bg_p05": 0.0,
  "summary_bg_p95": 19.0,
  "summary_bg_stdv": 7.0487,
  "summary_csf_k": -0.5846,
  "summary_csf_mad": 151.7054,
  "summary_csf_mean": 437.9719,
  "summary_csf_median": 438.0,
  "summary_csf_n": 815118.2767483564,
  "summary_csf_p05": 78.0,
  "summary_csf_p95": 770.0,
  "summary_csf_stdv": 211.2107,
  "summary_gm_k": -0.3755,
  "summary_gm_mad": 74.1738,
  "summary_gm_mean": 724.0455,
  "summary_gm_median": 721.0,
  "summary_gm_n": 1167554.7003998559,
  "summary_gm_p05": 548.0,
  "summary_gm_p95": 923.0,
  "summary_gm_stdv": 107.6826,
  "summary_wm_k": -0.3804,
  "summary_wm_mad": 65.3252,
  "summary_wm_mean": 929.1773,
  "summary_wm_median": 947.0,
  "summary_wm_n": 1072243.0238262713,
  "summary_wm_p05": 761.0,
  "summary_wm_p95": 1043.0,
  "summary_wm_stdv": 85.6794,
  "tpm_overlap_csf": 0.1931976951273006,
  "tpm_overlap_gm": 0.5300295974215952,
  "tpm_overlap_wm": 0.545943639634488,
  "wm2max": 0.8365958437192308
}
