{
  "bids_meta": {
    "AcquisitionMatrixPE": 280,
    "AcquisitionNumber": 1,
    "AcquisitionTime": "16:08:17.490000",
    "BaseResolution": 320,
    "BodyPartExamined": "HEAD",
    "CoilCombinationMethod": "Adaptive Combine",
    "ConsistencyInfo": "N4_VE11C_LATEST_20160120",
    "ConversionSoftware": "dcm2niix",
    "ConversionSoftwareVersion": "v1.0.20220720",
    "DeviceSerialNumber": "167076",
    "DwellTime": 6.5e-6,
    "EchoTime": 0.00207,
    "FileSize": 0.01906647626310587,
    "FileSizeUnits": "GB",
    "FlipAngle": 7,
    "ImageOrientationPatientDICOM": [
      0,
      1,
      0,
      0,
      0,
      -1
    ],
    "ImageOrientationText": "Sag",
    "ImageType": [
      "ORIGINAL",
      "PRIMARY",
      "M",
      "NORM",
      "DIS3D",
      "DIS2D"
    ],
    "ImagingFrequency": 123.249,
    "InPlanePhaseEncodingDirectionDICOM": "ROW",
    "InstitutionAddress": "Tian Sheng 2,Chong Qing//77D79B/,Chong Qing,CN,400715",
    "InstitutionName": "Chong Qing Southwest Normal University Hospital",
    "InstitutionalDepartmentName": "Department",
    "InversionTime": 1.1,
    "MRAcquisitionType": "3D",
    "MagneticFieldStrength": 3,
    "Manufacturer": "Siemens",
    "ManufacturersModelName": "Prisma_fit",
    "MatrixCoilMode": "GRAPPA",
    "Modality": "MR",
    "NonlinearGradientCorrection": true,
    "NumberOfVolumes": 1,
    "ParallelReductionFactorInPlane": 2,
    "PartialFourier": 1,
    "PatientPosition": "HFS",
    "PercentPhaseFOV": 87.5,
    "PercentSampling": 100,
    "PhaseEncodingSteps": 279,
    "PhaseResolution": 1,
    "PixelBandwidth": 240,
    "ProcedureStepDescription": "SWU-fMRI^HeQingHua",
    "ProtocolName": "T1ISO_MPR",
    "PulseSequenceDetails": "%SiemensSeq%\\tfl",
    "ReceiveCoilActiveElements": "HC1-7;NC1,2",
    "ReceiveCoilName": "HeadNeck_64",
    "ReconMatrixPE": 280,
    "RefLinesPE": 32,
    "RepetitionTime": 2.3,
    "SAR": 0.0420798,
    "ScanOptions": "IR\\WE",
    "ScanningSequence": "GR\\IR",
    "SequenceName": "*tfl3d1_16ns",
    "SequenceVariant": "SK\\SP\\MP",
    "SeriesDescription": "T1ISO_MPR",
    "SeriesNumber": 6,
    "ShimSetting": [
      2954,
      4304,
      -6651,
      92,
      7,
      -417,
      34,
      -3
    ],
    "SliceThickness": 0.8,
    "SoftwareVersions": "syngo MR E11",
    "SpoilingState": true,
    "StationName": "MRC35409",
    "TxRefAmp": 219.105,
    "acquisition": "defaced",
    "dataset": "<unset>",
    "datatype": "anat",
    "extension": ".nii.gz",
    "modality": "T1w",
    "subject": "34",
    "suffix": "T1w"
  },
  "cjv": 0.5885155555555556,
  "cnr": 1.6995475702325937,
  "efc": 0.5453,
  "fber": 12795.8516,
  "fwhm_avg": 4.794591595221685,
  "fwhm_x": 4.795387428543159,
  "fwhm_y": 4.650299930705131,
  "fwhm_z": 4.938087426416764,
  "icvs_csf": 0.2656957701560008,
  "icvs_gm": 0.3831328075228121,
  "icvs_wm": 0.35117142232118714,
  "inu_med": 0.5531726479530334,
  "inu_range": 0.2661052942276001,
  "provenance": {
    "md5sum": "a48a06371aca9906bf4b3f5925056256",
    "settings": {
      "testing": false
    },
    "software": "mriqc",
    "version": "24.1.0.dev0+gd5b13cb5.d20240826",
    "warnings": {
      "large_rot_frame": true,
      "small_air_mask": false
    }
  },
  "qi_1": 0.0,
  "qi_2": 0.0010493004021581854,
  "rpve_csf": 7.106944892830148,
  "rpve_gm": 7.013829057980846,
  "rpve_wm": 7.079874265249209,
  "size_x": 240,
  "size_y": 280,
  "size_z": 320,
  "snr_csf": 1.7430259891527886,
  "snr_gm": 7.073280212602636,
  "snr_total": 6.764854569176136,
  "snr_wm": 11.478257505772982,
  "snrd_csf": 55.67731444759207,
  "snrd_gm": 107.23038338054768,
  "snrd_total": 101.09311326948153,
  "snrd_wm": 140.37164198030487,
  "spacing_x": 0.800000011920929,
  "spacing_y": 0.800000011920929,
  "spacing_z": 0.800000011920929,
  "summary_bg_k": 666.8754,
  "summary_bg_mad": 4.4478,
  "summary_bg_mean": 4.2836,
  "summary_bg_median": 3.0,
  "summary_bg_n": 5331156.0,
  "summary_bg_p05": 0.0,
  "summary_bg_p95": 17.0,
  "summary_bg_stdv": 6.3394,
  "summary_csf_k": -0.9332,
  "summary_csf_mad": 184.2732,
  "summary_csf_mean": 384.4408,
  "summary_csf_median": 378.0,
  "summary_csf_n": 795502.4359763748,
  "summary_csf_p05": 41.0,
  "summary_csf_p95": 745.0,
  "summary_csf_stdv": 216.8641,
  "summary_gm_k": -0.3027,
  "summary_gm_mad": 70.5004,
  "summary_gm_mean": 731.4313,
  "summary_gm_median": 728.0,
  "summary_gm_n": 1147113.0364925042,
  "summary_gm_p05": 560.0,
  "summary_gm_p95": 923.0,
  "summary_gm_stdv": 102.9225,
  "summary_wm_k": -0.3749,
  "summary_wm_mad": 61.9156,
  "summary_wm_mean": 935.0506,
  "summary_wm_median": 953.0,
  "summary_wm_n": 1051419.5304568468,
  "summary_wm_p05": 769.0,
  "summary_wm_p95": 1044.0,
  "summary_wm_stdv": 83.0265,
  "tpm_overlap_csf": 0.19046530428687194,
  "tpm_overlap_gm": 0.529206791439138,
  "tpm_overlap_wm": 0.5594867066572841,
  "wm2max": 0.8535474657483931
}
