{
  "bids_meta": {
    "AcquisitionMatrixPE": 280,
    "AcquisitionNumber": 1,
    "AcquisitionTime": "19:04:33.522500",
    "BaseResolution": 320,
    "BodyPartExamined": "HEAD",
    "CoilString": "HC1-7;NC1_2",
    "ConsistencyInfo": "N4_VE11C_LATEST_20160120",
    "ConversionSoftware": "dcm2niix",
    "ConversionSoftwareVersion": "v1.0.20190902",
    "DeviceSerialNumber": "167076",
    "DwellTime": 6.5e-6,
    "EchoTime": 0.00207,
    "FileSize": 0.020665687508881092,
    "FileSizeUnits": "GB",
    "FlipAngle": 7,
    "ImageOrientationPatientDICOM": [
      0,
      1,
      0,
      0,
      0,
      -1
    ],
    "ImageType": [
      "ORIGINAL",
      "PRIMARY",
      "M",
      "NORM",
      "DIS3D",
      "DIS2D"
    ],
    "ImagingFrequency": 123.249,
    "InPlanePhaseEncodingDirectionDICOM": "ROW",
    "InstitutionAddress": "Tian_Sheng_2_Chong_Qing_759083_Chong_Qing_CN_400715",
    "InstitutionName": "Chong_Qing_Southwest_Normal_University_Hospital",
    "InstitutionalDepartmentName": "Department",
    "InversionTime": 1.1,
    "MRAcquisitionType": "3D",
    "MagneticFieldStrength": 3,
    "Manufacturer": "Siemens",
    "ManufacturersModelName": "Prisma_fit",
    "Modality": "MR",
    "NumberOfVolumes": 1,
    "ParallelReductionFactorInPlane": 2,
    "PartialFourier": 1,
    "PatientPosition": "HFS",
    "PercentPhaseFOV": 87.5,
    "PhaseEncodingSteps": 279,
    "PhaseResolution": 1,
    "PixelBandwidth": 240,
    "ProcedureStepDescription": "SWU-fMRI_HeQingHua",
    "ProtocolName": "T1ISO_MPR",
    "PulseSequenceDetails": "%SiemensSeq%_tfl",
    "ReceiveCoilActiveElements": "HC1-7;NC1,2",
    "ReceiveCoilName": "HeadNeck_64",
    "ReconMatrixPE": 280,
    "RefLinesPE": 32,
    "RepetitionTime": 2.3,
    "SAR": 0.0467922,
    "ScanOptions": "IR_WE",
    "ScanningSequence": "GR_IR",
    "SequenceName": "_tfl3d1_16ns",
    "SequenceVariant": "SK_SP_MP",
    "SeriesDescription": "T1ISO_MPR",
    "SeriesNumber": 6,
    "ShimSetting": [
      2951,
      4298,
      -6628,
      119,
      12,
      -387,
      23,
      24
    ],
    "SliceThickness": 0.8,
    "SoftwareVersions": "syngo_MR_E11",
    "StationName": "MRC35409",
    "TxRefAmp": 232.261,
    "acquisition": "defaced",
    "dataset": "<unset>",
    "datatype": "anat",
    "extension": ".nii.gz",
    "modality": "T1w",
    "subject": "13",
    "suffix": "T1w"
  },
  "cjv": 0.589675,
  "cnr": 1.6561770314657847,
  "efc": 0.5442,
  "fber": 5070.9114,
  "fwhm_avg": 4.6077290980061525,
  "fwhm_x": 4.683612430208736,
  "fwhm_y": 4.389999934583903,
  "fwhm_z": 4.749574929225818,
  "icvs_csf": 0.2706154264487547,
  "icvs_gm": 0.3773927821006627,
  "icvs_wm": 0.35199179145058274,
  "inu_med": 0.5616087317466736,
  "inu_range": 0.28895629197359085,
  "provenance": {
    "md5sum": "b17f6452c2417caaea9a70c83f2feb1f",
    "settings": {
      "testing": false
    },
    "software": "mriqc",
    "version": "24.1.0.dev0+gd5b13cb5.d20240826",
    "warnings": {
      "large_rot_frame": true,
      "small_air_mask": false
    }
  },
  "qi_1": 0.0,
  "qi_2": 0.0002473124754209074,
  "rpve_csf": 6.811833501503507,
  "rpve_gm": 6.717142171590811,
  "rpve_wm": 6.795890566978776,
  "size_x": 240,
  "size_y": 280,
  "size_z": 320,
  "snr_csf": 1.9607221890986617,
  "snr_gm": 6.34896817618087,
  "snr_total": 6.632230193493501,
  "snr_wm": 11.58700021520097,
  "snrd_csf": 43.19410704168353,
  "snrd_gm": 79.42854977741804,
  "snrd_total": 75.89348219344394,
  "snrd_wm": 105.05778976123027,
  "spacing_x": 0.800000011920929,
  "spacing_y": 0.800000011920929,
  "spacing_z": 0.800000011920929,
  "summary_bg_k": 6.2417,
  "summary_bg_mad": 5.9304,
  "summary_bg_mean": 6.1778,
  "summary_bg_median": 4.0,
  "summary_bg_n": 5408158.0,
  "summary_bg_p05": 0.0,
  "summary_bg_p95": 22.0,
  "summary_bg_stdv": 7.861,
  "summary_csf_k": -0.5613,
  "summary_csf_mad": 162.0464,
  "summary_csf_mean": 408.8961,
  "summary_csf_median": 391.0,
  "summary_csf_n": 843420.6053491785,
  "summary_csf_p05": 88.0,
  "summary_csf_p95": 740.0,
  "summary_csf_stdv": 199.4162,
  "summary_gm_k": -0.4038,
  "summary_gm_mad": 74.712,
  "summary_gm_mean": 724.0849,
  "summary_gm_median": 719.0,
  "summary_gm_n": 1176211.0272528268,
  "summary_gm_p05": 540.0,
  "summary_gm_p95": 939.0,
  "summary_gm_stdv": 113.2467,
  "summary_wm_k": -0.3908,
  "summary_wm_mad": 62.0926,
  "summary_wm_mean": 933.7097,
  "summary_wm_median": 951.0,
  "summary_wm_n": 1097044.3692699487,
  "summary_wm_p05": 770.0,
  "summary_wm_p95": 1041.0,
  "summary_wm_stdv": 82.0747,
  "tpm_overlap_csf": 0.19752991369982692,
  "tpm_overlap_gm": 0.5187322820915641,
  "tpm_overlap_wm": 0.5506547771164949,
  "wm2max": 0.8343374837071701
}
